{
  "bids_meta": {
    "AcquisitionMatrixPE": 256,
    "AcquisitionNumber": 1,
    "AcquisitionTime": "13:07:6.137500",
    "BaseResolution": 256,
    "BodyPartExamined": "HEAD",
    "ConsistencyInfo": "N4_VE11C_LATEST_20160120",
    "ConversionSoftware": "dcm2niix",
    "ConversionSoftwareVersion": "v1.0.20200427",
    "DeviceSerialNumber": "45250",
    "DwellTime": 9.2e-06,
    "EchoTime": 0.00218,
    "FlipAngle": 8,
    "ImageOrientationPatientDICOM": [
      -0.0271903,
      0.988226,
      0.150564,
      0.00521608,
      0.150758,
      -0.988557
    ],
    "ImageType": [
      "ORIGINAL",
      "PRIMARY",
      "M",
      "NORM",
      "DIS3D",
      "DIS2D"
    ],
    "ImagingFrequency": 123.24,
    "InPlanePhaseEncodingDirectionDICOM": "ROW",
    "InstitutionAddress": "Kopernikusstr._26_Graz_Graz_AT_8010",
    "InstitutionName": "KFU",
    "InstitutionalDepartmentName": "Department",
    "InversionTime": 1,
    "MRAcquisitionType": "3D",
    "MagneticFieldStrength": 3,
    "Manufacturer": "Siemens",
    "ManufacturersModelName": "Skyra",
    "Modality": "MR",
    "ParallelReductionFactorInPlane": 2,
    "PartialFourier": 1,
    "PatientPosition": "HFS",
    "PercentPhaseFOV": 100,
    "PercentSampling": 100,
    "PhaseEncodingSteps": 294,
    "PhaseOversampling": 0.15,
    "PhaseResolution": 1,
    "PixelBandwidth": 210,
    "ProcedureStepDescription": "KFU_BioPsy",
    "ProtocolName": "T1_Pat4_088mm_Pat2_224Sl",
    "PulseSequenceDetails": "%SiemensSeq%_tfl",
    "ReceiveCoilActiveElements": "HEA;HEP",
    "ReceiveCoilName": "Head_32",
    "ReconMatrixPE": 256,
    "RefLinesPE": 24,
    "RepetitionTime": 2.2,
    "SAR": 0.0615579,
    "ScanOptions": "IR_WE",
    "ScanningSequence": "GR_IR",
    "SequenceName": "_tfl3d1_16ns",
    "SequenceVariant": "SK_SP_MP_OSP",
    "SeriesDescription": "T1_Pat4_088mm_Pat2_224Sl",
    "SeriesNumber": 9,
    "ShimSetting": [
      -1133,
      -3258,
      -4297,
      424,
      853,
      -65,
      404,
      -846
    ],
    "SliceThickness": 0.88,
    "SoftwareVersions": "syngo_MR_E11",
    "StationName": "FBMTMR1",
    "TxRefAmp": 337.966,
    "acq_id": "MPrageHiRes",
    "dataset": "<unset>",
    "modality": "T1w",
    "session_id": "1",
    "subject_id": "season116"
  },
  "cjv": 0.46765147313501965,
  "cnr": 2.7560341688591836,
  "efc": 0.6053768524009585,
  "fber": 3905.92431640625,
  "fwhm_avg": 4.281718557372777,
  "fwhm_x": 4.201761386404045,
  "fwhm_y": 4.416971428571428,
  "fwhm_z": 4.226422857142857,
  "icvs_csf": 0.19978868774362118,
  "icvs_gm": 0.4184538480618134,
  "icvs_wm": 0.3817574641945654,
  "inu_med": 1.3730559349060059,
  "inu_range": 0.5394419491291043,
  "provenance": {
    "md5sum": "05140335eed058834412c2807cbf2b13",
    "settings": {
      "testing": false
    },
    "software": "mriqc",
    "version": "0.15.2",
    "warnings": {
      "large_rot_frame": true,
      "small_air_mask": false
    },
    "webapi_port": null,
    "webapi_url": "https://mriqc.nimh.nih.gov/api/v1"
  },
  "qi_1": 2.0910521786224567e-06,
  "qi_2": 0.0020862263834584656,
  "rpve_csf": 21.54639320341607,
  "rpve_gm": 11.036544944507666,
  "rpve_wm": 14.454599136771757,
  "size_x": 224,
  "size_y": 256,
  "size_z": 256,
  "snr_csf": 3.2481323714038948,
  "snr_gm": 10.941918370226698,
  "snr_total": 12.124940190856995,
  "snr_wm": 22.184769830940386,
  "snrd_csf": 59.02285970072751,
  "snrd_gm": 127.86013000600725,
  "snrd_total": 117.69644496039938,
  "snrd_wm": 166.20634517446334,
  "spacing_x": 0.8799999952316284,
  "spacing_y": 0.875,
  "spacing_z": 0.875,
  "summary_bg_k": 16.291442307945694,
  "summary_bg_mad": 3.941876509845063,
  "summary_bg_mean": 8.447869300842285,
  "summary_bg_median": 7.089245796203613,
  "summary_bg_n": 3082725.0,
  "summary_bg_p05": 2.6533398628234863,
  "summary_bg_p95": 18.834320068359357,
  "summary_bg_stdv": 5.7518768310546875,
  "summary_csf_k": 1.4240319313999397,
  "summary_csf_mad": 104.85334082771391,
  "summary_csf_mean": 374.97467041015625,
  "summary_csf_median": 355.1334228515625,
  "summary_csf_n": 39474.0,
  "summary_csf_p05": 230.47736587524412,
  "summary_csf_p95": 579.7011260986328,
  "summary_csf_stdv": 109.33326721191406,
  "summary_gm_k": 0.21313103081752693,
  "summary_gm_mad": 67.49396384922368,
  "summary_gm_mean": 774.2125244140625,
  "summary_gm_median": 769.3189697265625,
  "summary_gm_n": 45738.0,
  "summary_gm_p05": 667.0705383300782,
  "summary_gm_p95": 900.0098114013672,
  "summary_gm_stdv": 70.30856323242188,
  "summary_wm_k": 1.1763529742379886,
  "summary_wm_mad": 40.4047110703163,
  "summary_wm_mean": 999.1550903320312,
  "summary_wm_median": 1000.0435180664062,
  "summary_wm_n": 367496.0,
  "summary_wm_p05": 922.2978820800781,
  "summary_wm_p95": 1069.3611145019531,
  "summary_wm_stdv": 45.0778694152832,
  "tpm_overlap_csf": 0.17752864956855774,
  "tpm_overlap_gm": 0.4517328143119812,
  "tpm_overlap_wm": 0.5241302847862244,
  "wm2max": 0.5518362206323646
}