{
  "bids_meta": {
    "AcquisitionMatrixPE": 256,
    "AcquisitionNumber": 1,
    "AcquisitionTime": "14:36:40.100000",
    "BaseResolution": 256,
    "BodyPartExamined": "HEAD",
    "ConsistencyInfo": "N4_VE11C_LATEST_20160120",
    "ConversionSoftware": "dcm2niix",
    "ConversionSoftwareVersion": "v1.0.20200427",
    "DeviceSerialNumber": "45250",
    "DwellTime": 9.2e-06,
    "EchoTime": 0.00218,
    "FlipAngle": 8,
    "ImageOrientationPatientDICOM": [
      0.0527685,
      0.988376,
      0.142581,
      -0.0186484,
      0.14373,
      -0.989441
    ],
    "ImageType": [
      "ORIGINAL",
      "PRIMARY",
      "M",
      "NORM",
      "DIS3D",
      "DIS2D"
    ],
    "ImagingFrequency": 123.24,
    "InPlanePhaseEncodingDirectionDICOM": "ROW",
    "InstitutionAddress": "Kopernikusstr._26_Graz_Graz_AT_8010",
    "InstitutionName": "KFU",
    "InstitutionalDepartmentName": "Department",
    "InversionTime": 1,
    "MRAcquisitionType": "3D",
    "MagneticFieldStrength": 3,
    "Manufacturer": "Siemens",
    "ManufacturersModelName": "Skyra",
    "Modality": "MR",
    "ParallelReductionFactorInPlane": 2,
    "PartialFourier": 1,
    "PatientPosition": "HFS",
    "PercentPhaseFOV": 100,
    "PercentSampling": 100,
    "PhaseEncodingSteps": 294,
    "PhaseOversampling": 0.15,
    "PhaseResolution": 1,
    "PixelBandwidth": 210,
    "ProcedureStepDescription": "KFU_BioPsy",
    "ProtocolName": "T1_Pat4_088mm_Pat2_224Sl",
    "PulseSequenceDetails": "%SiemensSeq%_tfl",
    "ReceiveCoilActiveElements": "HEA;HEP",
    "ReceiveCoilName": "Head_32",
    "ReconMatrixPE": 256,
    "RefLinesPE": 24,
    "RepetitionTime": 2.2,
    "SAR": 0.0595661,
    "ScanOptions": "IR_WE",
    "ScanningSequence": "GR_IR",
    "SequenceName": "_tfl3d1_16ns",
    "SequenceVariant": "SK_SP_MP_OSP",
    "SeriesDescription": "T1_Pat4_088mm_Pat2_224Sl",
    "SeriesNumber": 9,
    "ShimSetting": [
      -1129,
      -3235,
      -4267,
      392,
      945,
      210,
      361,
      -694
    ],
    "SliceThickness": 0.88,
    "SoftwareVersions": "syngo_MR_E11",
    "StationName": "FBMTMR1",
    "TxRefAmp": 322.36,
    "acq_id": "MPrageHiRes",
    "dataset": "<unset>",
    "modality": "T1w",
    "session_id": "1",
    "subject_id": "season118"
  },
  "cjv": 0.5469466874301939,
  "cnr": 2.4718112389670157,
  "efc": 0.577747890845179,
  "fber": 3043.2490234375,
  "fwhm_avg": 4.039946608869771,
  "fwhm_x": 3.952034112323599,
  "fwhm_y": 4.122022857142857,
  "fwhm_z": 4.045782857142857,
  "icvs_csf": 0.17206763389466537,
  "icvs_gm": 0.4553357052343591,
  "icvs_wm": 0.3725966608709755,
  "inu_med": 1.3871722221374512,
  "inu_range": 0.5636213421821592,
  "provenance": {
    "md5sum": "deced6bf2450e27436256be336277ffc",
    "settings": {
      "testing": false
    },
    "software": "mriqc",
    "version": "0.15.2",
    "warnings": {
      "large_rot_frame": true,
      "small_air_mask": false
    },
    "webapi_port": null,
    "webapi_url": "https://mriqc.nimh.nih.gov/api/v1"
  },
  "qi_1": 7.996582383713546e-05,
  "qi_2": 0.0028204451562093536,
  "rpve_csf": 24.09719530902237,
  "rpve_gm": 10.440334978774603,
  "rpve_wm": 14.34934146507384,
  "size_x": 224,
  "size_y": 256,
  "size_z": 256,
  "snr_csf": 1.486092088805519,
  "snr_gm": 11.991547142946754,
  "snr_total": 11.471309467005085,
  "snr_wm": 20.93628916926298,
  "snrd_csf": 57.554394067650534,
  "snrd_gm": 120.33595645875297,
  "snrd_total": 109.61105006643265,
  "snrd_wm": 150.94279967289444,
  "spacing_x": 0.8799999952316284,
  "spacing_y": 0.875,
  "spacing_z": 0.875,
  "summary_bg_k": 9.66866699412531,
  "summary_bg_mad": 4.340418043630096,
  "summary_bg_mean": 9.046862602233887,
  "summary_bg_median": 7.79708194732666,
  "summary_bg_n": 2986723.0,
  "summary_bg_p05": 2.9161322116851807,
  "summary_bg_p95": 18.752000617980958,
  "summary_bg_stdv": 5.312809944152832,
  "summary_csf_k": 23.34180688641416,
  "summary_csf_mad": 139.75575527350426,
  "summary_csf_mean": 444.4274597167969,
  "summary_csf_median": 381.31011962890625,
  "summary_csf_n": 32761.0,
  "summary_csf_p05": 242.1995849609375,
  "summary_csf_p95": 696.6234130859375,
  "summary_csf_stdv": 256.5818786621094,
  "summary_gm_k": 0.12679082669322028,
  "summary_gm_mad": 66.76591965067712,
  "summary_gm_mean": 797.2545776367188,
  "summary_gm_median": 797.2513427734375,
  "summary_gm_n": 70248.0,
  "summary_gm_p05": 690.7760589599609,
  "summary_gm_p95": 907.7666320800781,
  "summary_gm_stdv": 66.48397064208984,
  "summary_wm_k": 0.7084418918657143,
  "summary_wm_mad": 44.14220973546691,
  "summary_wm_mean": 1000.7998657226562,
  "summary_wm_median": 1000.0281982421875,
  "summary_wm_n": 355330.0,
  "summary_wm_p05": 922.5084991455078,
  "summary_wm_p95": 1079.3466796875,
  "summary_wm_stdv": 47.765235900878906,
  "tpm_overlap_csf": 0.1588699072599411,
  "tpm_overlap_gm": 0.4554542005062103,
  "tpm_overlap_wm": 0.4867546558380127,
  "wm2max": 0.46844539966463844
}