{
  "bids_meta": {
    "AcquisitionMatrixPE": 256,
    "AcquisitionNumber": 1,
    "AcquisitionTime": "11:37:10.832500",
    "BaseResolution": 256,
    "BodyPartExamined": "HEAD",
    "ConsistencyInfo": "N4_VE11C_LATEST_20160120",
    "ConversionSoftware": "dcm2niix",
    "ConversionSoftwareVersion": "v1.0.20200427",
    "DeviceSerialNumber": "45250",
    "DwellTime": 9.2e-06,
    "EchoTime": 0.00218,
    "FlipAngle": 8,
    "ImageOrientationPatientDICOM": [
      0.00982899,
      0.994257,
      0.106564,
      -0.0289021,
      0.106807,
      -0.99386
    ],
    "ImageType": [
      "ORIGINAL",
      "PRIMARY",
      "M",
      "NORM",
      "DIS3D",
      "DIS2D"
    ],
    "ImagingFrequency": 123.239,
    "InPlanePhaseEncodingDirectionDICOM": "ROW",
    "InstitutionAddress": "Kopernikusstr._26_Graz_Graz_AT_8010",
    "InstitutionName": "KFU",
    "InstitutionalDepartmentName": "Department",
    "InversionTime": 1,
    "MRAcquisitionType": "3D",
    "MagneticFieldStrength": 3,
    "Manufacturer": "Siemens",
    "ManufacturersModelName": "Skyra",
    "Modality": "MR",
    "ParallelReductionFactorInPlane": 2,
    "PartialFourier": 1,
    "PatientPosition": "HFS",
    "PercentPhaseFOV": 100,
    "PercentSampling": 100,
    "PhaseEncodingSteps": 294,
    "PhaseOversampling": 0.15,
    "PhaseResolution": 1,
    "PixelBandwidth": 210,
    "ProcedureStepDescription": "BioPsy_2018",
    "ProtocolName": "anat-T1w",
    "PulseSequenceDetails": "%SiemensSeq%_tfl",
    "ReceiveCoilActiveElements": "HEA;HEP",
    "ReceiveCoilName": "Head_32",
    "ReconMatrixPE": 256,
    "RefLinesPE": 24,
    "RepetitionTime": 2.2,
    "SAR": 0.059111,
    "ScanOptions": "IR_WE",
    "ScanningSequence": "GR_IR",
    "SequenceName": "_tfl3d1_16ns",
    "SequenceVariant": "SK_SP_MP_OSP",
    "SeriesDescription": "anat-T1w",
    "SeriesNumber": 9,
    "ShimSetting": [
      -1122,
      -3067,
      -4317,
      324,
      908,
      585,
      -2,
      -850
    ],
    "SliceThickness": 0.88,
    "SoftwareVersions": "syngo_MR_E11",
    "StationName": "FBMTMR1",
    "TxRefAmp": 329.878,
    "acq_id": "MPrageHiRes",
    "dataset": "<unset>",
    "modality": "T1w",
    "session_id": "3",
    "subject_id": "season207"
  },
  "cjv": 0.4247652778365199,
  "cnr": 2.8977736946255237,
  "efc": 0.5973884810083672,
  "fber": 4172.80712890625,
  "fwhm_avg": 4.257724141797516,
  "fwhm_x": 4.206829568249689,
  "fwhm_y": 4.257874285714285,
  "fwhm_z": 4.3084685714285715,
  "icvs_csf": 0.19702950012868123,
  "icvs_gm": 0.41961565620456,
  "icvs_wm": 0.3833548436667588,
  "inu_med": 1.3549878597259521,
  "inu_range": 0.5102887749671936,
  "provenance": {
    "md5sum": "982c810da4f4e4995fe06ea4c8cea0e0",
    "settings": {
      "testing": false
    },
    "software": "mriqc",
    "version": "0.15.2",
    "warnings": {
      "large_rot_frame": true,
      "small_air_mask": false
    },
    "webapi_port": null,
    "webapi_url": "https://mriqc.nimh.nih.gov/api/v1"
  },
  "qi_1": 0.0,
  "qi_2": 0.00143355174285018,
  "rpve_csf": 21.28711015791183,
  "rpve_gm": 10.761071164421963,
  "rpve_wm": 13.942775834515091,
  "size_x": 224,
  "size_y": 256,
  "size_z": 256,
  "snr_csf": 2.949692679188148,
  "snr_gm": 11.760400527251067,
  "snr_total": 13.122071126046778,
  "snr_wm": 24.656120171701126,
  "snrd_csf": 64.21509307018691,
  "snrd_gm": 132.56206779138148,
  "snrd_total": 122.59720587787433,
  "snrd_wm": 171.0144567720546,
  "spacing_x": 0.8799999952316284,
  "spacing_y": 0.875,
  "spacing_z": 0.875,
  "summary_bg_k": 15.623912427007628,
  "summary_bg_mad": 3.830960875373379,
  "summary_bg_mean": 8.028059959411621,
  "summary_bg_median": 6.902709484100342,
  "summary_bg_n": 3118187.0,
  "summary_bg_p05": 2.583423614501953,
  "summary_bg_p95": 18.25075740814209,
  "summary_bg_stdv": 5.617142677307129,
  "summary_csf_k": 19.863491473802714,
  "summary_csf_mad": 121.82426782143926,
  "summary_csf_mean": 405.2269592285156,
  "summary_csf_median": 375.50274658203125,
  "summary_csf_n": 39955.0,
  "summary_csf_p05": 247.99486389160157,
  "summary_csf_p95": 619.8641540527343,
  "summary_csf_stdv": 127.30073547363281,
  "summary_gm_k": 0.6326802430427363,
  "summary_gm_mad": 59.346574198084696,
  "summary_gm_mean": 778.3402709960938,
  "summary_gm_median": 775.1669921875,
  "summary_gm_n": 40710.0,
  "summary_gm_p05": 677.0124298095703,
  "summary_gm_p95": 896.4434204101562,
  "summary_gm_stdv": 65.91250610351562,
  "summary_wm_k": 1.261546613558056,
  "summary_wm_mad": 36.163314062041394,
  "summary_wm_mean": 999.941162109375,
  "summary_wm_median": 1000.0203247070312,
  "summary_wm_n": 397363.0,
  "summary_wm_p05": 933.4670959472656,
  "summary_wm_p95": 1064.8340454101562,
  "summary_wm_stdv": 40.55865478515625,
  "tpm_overlap_csf": 0.1628004014492035,
  "tpm_overlap_gm": 0.44511938095092773,
  "tpm_overlap_wm": 0.5181811451911926,
  "wm2max": 0.4567810621789738
}