{
  "bids_meta": {
    "AcquisitionMatrixPE": 256,
    "AcquisitionNumber": 1,
    "AcquisitionTime": "10:33:43.885000",
    "BaseResolution": 256,
    "BodyPartExamined": "HEAD",
    "ConsistencyInfo": "N4_VE11C_LATEST_20160120",
    "ConversionSoftware": "dcm2niix",
    "ConversionSoftwareVersion": "v1.0.20200427",
    "DeviceSerialNumber": "45250",
    "DwellTime": 9.2e-06,
    "EchoTime": 0.00218,
    "FlipAngle": 8,
    "ImageOrientationPatientDICOM": [
      0.028315,
      0.999599,
      2.48259e-08,
      -0.00826059,
      0.000234017,
      -0.999966
    ],
    "ImageType": [
      "ORIGINAL",
      "PRIMARY",
      "M",
      "NORM",
      "DIS3D",
      "DIS2D"
    ],
    "ImagingFrequency": 123.239,
    "InPlanePhaseEncodingDirectionDICOM": "ROW",
    "InstitutionAddress": "Kopernikusstr._26_Graz_Graz_AT_8010",
    "InstitutionName": "KFU",
    "InstitutionalDepartmentName": "Department",
    "InversionTime": 1,
    "MRAcquisitionType": "3D",
    "MagneticFieldStrength": 3,
    "Manufacturer": "Siemens",
    "ManufacturersModelName": "Skyra",
    "Modality": "MR",
    "ParallelReductionFactorInPlane": 2,
    "PartialFourier": 1,
    "PatientPosition": "HFS",
    "PercentPhaseFOV": 100,
    "PercentSampling": 100,
    "PhaseEncodingSteps": 294,
    "PhaseOversampling": 0.15,
    "PhaseResolution": 1,
    "PixelBandwidth": 210,
    "ProcedureStepDescription": "BioPsy_2018",
    "ProtocolName": "anat-T1w",
    "PulseSequenceDetails": "%SiemensSeq%_tfl",
    "ReceiveCoilActiveElements": "HEA;HEP",
    "ReceiveCoilName": "Head_32",
    "ReconMatrixPE": 256,
    "RefLinesPE": 24,
    "RepetitionTime": 2.2,
    "SAR": 0.0705854,
    "ScanOptions": "IR_WE",
    "ScanningSequence": "GR_IR",
    "SequenceName": "_tfl3d1_16ns",
    "SequenceVariant": "SK_SP_MP_OSP",
    "SeriesDescription": "anat-T1w",
    "SeriesNumber": 9,
    "ShimSetting": [
      -1128,
      -3135,
      -4328,
      384,
      819,
      411,
      296,
      -729
    ],
    "SliceThickness": 0.88,
    "SoftwareVersions": "syngo_MR_E11",
    "StationName": "FBMTMR1",
    "TxRefAmp": 330.244,
    "acq_id": "MPrageHiRes",
    "dataset": "<unset>",
    "modality": "T1w",
    "session_id": "1",
    "subject_id": "season208"
  },
  "cjv": 0.5118276672474735,
  "cnr": 2.6564992507877614,
  "efc": 0.5833816886007797,
  "fber": 2416.5,
  "fwhm_avg": 4.110163383779956,
  "fwhm_x": 3.9622272941970134,
  "fwhm_y": 4.233737142857143,
  "fwhm_z": 4.134525714285714,
  "icvs_csf": 0.18625922461446162,
  "icvs_gm": 0.4626433257018211,
  "icvs_wm": 0.35109744968371726,
  "inu_med": 1.479071021080017,
  "inu_range": 0.5950809955596921,
  "provenance": {
    "md5sum": "97e4afc3b1ea4723b2525a7dd0de8554",
    "settings": {
      "testing": false
    },
    "software": "mriqc",
    "version": "0.15.2",
    "warnings": {
      "large_rot_frame": true,
      "small_air_mask": false
    },
    "webapi_port": null,
    "webapi_url": "https://mriqc.nimh.nih.gov/api/v1"
  },
  "qi_1": 0.0,
  "qi_2": 0.00350793923675735,
  "rpve_csf": 25.816585771983277,
  "rpve_gm": 11.72582586306246,
  "rpve_wm": 17.10075352440769,
  "size_x": 224,
  "size_y": 256,
  "size_z": 256,
  "snr_csf": 2.6268229852546447,
  "snr_gm": 12.424277787283248,
  "snr_total": 11.058619632438399,
  "snr_wm": 18.124758124777305,
  "snrd_csf": 44.94631345065419,
  "snrd_gm": 98.77710359898472,
  "snrd_total": 90.24348197105428,
  "snrd_wm": 127.00702886352389,
  "spacing_x": 0.8799999952316284,
  "spacing_y": 0.875,
  "spacing_z": 0.875,
  "summary_bg_k": 3.384267917820244,
  "summary_bg_mad": 5.158394601975132,
  "summary_bg_mean": 11.583718299865723,
  "summary_bg_median": 10.4266939163208,
  "summary_bg_n": 3249300.0,
  "summary_bg_p05": 3.482583487033844,
  "summary_bg_p95": 23.11794290542602,
  "summary_bg_stdv": 6.187979221343994,
  "summary_csf_k": 28.94728374496341,
  "summary_csf_mad": 117.95107811462306,
  "summary_csf_mean": 384.2984313964844,
  "summary_csf_median": 353.89703369140625,
  "summary_csf_n": 30794.0,
  "summary_csf_p05": 229.14654159545898,
  "summary_csf_p95": 609.7895446777343,
  "summary_csf_stdv": 134.72216796875,
  "summary_gm_k": 0.09430654858153709,
  "summary_gm_mad": 61.5907022326202,
  "summary_gm_mean": 778.2720947265625,
  "summary_gm_median": 777.7484130859375,
  "summary_gm_n": 65975.0,
  "summary_gm_p05": 677.1730529785157,
  "summary_gm_p95": 883.6546752929687,
  "summary_gm_stdv": 62.598609924316406,
  "summary_wm_k": 0.3565570237772979,
  "summary_wm_mad": 52.17630483231092,
  "summary_wm_mean": 998.9959716796875,
  "summary_wm_median": 1000.0244140625,
  "summary_wm_n": 285166.0,
  "summary_wm_p05": 904.7271728515625,
  "summary_wm_p95": 1087.1386413574219,
  "summary_wm_stdv": 55.174400329589844,
  "tpm_overlap_csf": 0.17049457132816315,
  "tpm_overlap_gm": 0.471143901348114,
  "tpm_overlap_wm": 0.49524155259132385,
  "wm2max": 0.49025789860889324
}