{
  "bids_meta": {
    "AcquisitionMatrixPE": 256,
    "AcquisitionNumber": 1,
    "AcquisitionTime": "13:07:3.117500",
    "BaseResolution": 256,
    "BodyPartExamined": "HEAD",
    "ConsistencyInfo": "N4_VE11C_LATEST_20160120",
    "ConversionSoftware": "dcm2niix",
    "ConversionSoftwareVersion": "v1.0.20200427",
    "DeviceSerialNumber": "45250",
    "DwellTime": 9.2e-06,
    "EchoTime": 0.00218,
    "FlipAngle": 8,
    "ImageOrientationPatientDICOM": [
      0.00539732,
      0.998427,
      -0.0558116,
      -0.0192019,
      -0.0556986,
      -0.998263
    ],
    "ImageType": [
      "ORIGINAL",
      "PRIMARY",
      "M",
      "NORM",
      "DIS3D",
      "DIS2D"
    ],
    "ImagingFrequency": 123.239,
    "InPlanePhaseEncodingDirectionDICOM": "ROW",
    "InstitutionAddress": "Kopernikusstr._26_Graz_Graz_AT_8010",
    "InstitutionName": "KFU",
    "InstitutionalDepartmentName": "Department",
    "InversionTime": 1,
    "MRAcquisitionType": "3D",
    "MagneticFieldStrength": 3,
    "Manufacturer": "Siemens",
    "ManufacturersModelName": "Skyra",
    "Modality": "MR",
    "ParallelReductionFactorInPlane": 2,
    "PartialFourier": 1,
    "PatientPosition": "HFS",
    "PercentPhaseFOV": 100,
    "PercentSampling": 100,
    "PhaseEncodingSteps": 294,
    "PhaseOversampling": 0.15,
    "PhaseResolution": 1,
    "PixelBandwidth": 210,
    "ProcedureStepDescription": "BioPsy_2018",
    "ProtocolName": "anat-T1w",
    "PulseSequenceDetails": "%SiemensSeq%_tfl",
    "ReceiveCoilActiveElements": "HEA;HEP",
    "ReceiveCoilName": "Head_32",
    "ReconMatrixPE": 256,
    "RefLinesPE": 24,
    "RepetitionTime": 2.2,
    "SAR": 0.0593236,
    "ScanOptions": "IR_WE",
    "ScanningSequence": "GR_IR",
    "SequenceName": "_tfl3d1_16ns",
    "SequenceVariant": "SK_SP_MP_OSP",
    "SeriesDescription": "anat-T1w",
    "SeriesNumber": 9,
    "ShimSetting": [
      -1087,
      -3136,
      -4338,
      315,
      1062,
      211,
      160,
      -891
    ],
    "SliceThickness": 0.88,
    "SoftwareVersions": "syngo_MR_E11",
    "StationName": "FBMTMR1",
    "TxRefAmp": 346.503,
    "acq_id": "MPrageHiRes",
    "dataset": "<unset>",
    "modality": "T1w",
    "session_id": "3",
    "subject_id": "season213"
  },
  "cjv": 0.5036731525587269,
  "cnr": 2.534083317603138,
  "efc": 0.6436971522425797,
  "fber": 2178.59912109375,
  "fwhm_avg": 4.310344055247313,
  "fwhm_x": 4.223375022884797,
  "fwhm_y": 4.350308571428571,
  "fwhm_z": 4.357348571428571,
  "icvs_csf": 0.1866759939445745,
  "icvs_gm": 0.4384213040940515,
  "icvs_wm": 0.374902701961374,
  "inu_med": 1.3968241214752197,
  "inu_range": 0.5856094360351562,
  "provenance": {
    "md5sum": "37d9018b4407a7fd024dced515ad35a5",
    "settings": {
      "testing": false
    },
    "software": "mriqc",
    "version": "0.15.2",
    "warnings": {
      "large_rot_frame": true,
      "small_air_mask": false
    },
    "webapi_port": null,
    "webapi_url": "https://mriqc.nimh.nih.gov/api/v1"
  },
  "qi_1": 0.0014331711890325902,
  "qi_2": 0.0010579176903360774,
  "rpve_csf": 20.87868355389912,
  "rpve_gm": 9.86143336255323,
  "rpve_wm": 13.31099416264256,
  "size_x": 224,
  "size_y": 256,
  "size_z": 256,
  "snr_csf": 2.995711330718117,
  "snr_gm": 10.504542732142427,
  "snr_total": 11.553631032257629,
  "snr_wm": 21.160639033912346,
  "snrd_csf": 39.58795792358472,
  "snrd_gm": 82.19458948365026,
  "snrd_total": 75.91873461272205,
  "snrd_wm": 105.97365643093113,
  "spacing_x": 0.8799999952316284,
  "spacing_y": 0.875,
  "spacing_z": 0.875,
  "summary_bg_k": 173.04969179058608,
  "summary_bg_mad": 6.182235034574376,
  "summary_bg_mean": 12.317801475524902,
  "summary_bg_median": 9.492814064025879,
  "summary_bg_n": 2850639.0,
  "summary_bg_p05": 3.166641688346863,
  "summary_bg_p95": 28.949942779541022,
  "summary_bg_stdv": 12.479369163513184,
  "summary_csf_k": 10.040324906247292,
  "summary_csf_mad": 119.50256649882918,
  "summary_csf_mean": 396.0118408203125,
  "summary_csf_median": 373.57421875,
  "summary_csf_n": 33650.0,
  "summary_csf_p05": 235.98017578125,
  "summary_csf_p95": 617.2350280761718,
  "summary_csf_stdv": 124.70115661621094,
  "summary_gm_k": 0.305103637340308,
  "summary_gm_mad": 69.42105716253516,
  "summary_gm_mean": 781.1066284179688,
  "summary_gm_median": 775.6343383789062,
  "summary_gm_n": 53037.0,
  "summary_gm_p05": 670.1599365234375,
  "summary_gm_p95": 916.9216674804686,
  "summary_gm_stdv": 73.83729553222656,
  "summary_wm_k": 0.7587215705469439,
  "summary_wm_mad": 43.59949081423356,
  "summary_wm_mean": 1000.0810546875,
  "summary_wm_median": 1000.0269775390625,
  "summary_wm_n": 389014.0,
  "summary_wm_p05": 922.2424621582031,
  "summary_wm_p95": 1076.455120849609,
  "summary_wm_stdv": 47.258766174316406,
  "tpm_overlap_csf": 0.17334997653961182,
  "tpm_overlap_gm": 0.4547346830368042,
  "tpm_overlap_wm": 0.5122218132019043,
  "wm2max": 0.513603408597425
}