{
  "bids_meta": {
    "AcquisitionMatrixPE": 256,
    "AcquisitionNumber": 1,
    "AcquisitionTime": "09:28:44.182500",
    "BaseResolution": 256,
    "BodyPartExamined": "HEAD",
    "ConsistencyInfo": "N4_VE11C_LATEST_20160120",
    "ConversionSoftware": "dcm2niix",
    "ConversionSoftwareVersion": "v1.0.20200427",
    "DeviceSerialNumber": "45250",
    "DwellTime": 9.2e-06,
    "EchoTime": 0.00218,
    "FlipAngle": 8,
    "ImageOrientationPatientDICOM": [
      -0.0380507,
      0.990626,
      0.131197,
      0.0131338,
      0.131777,
      -0.991192
    ],
    "ImageType": [
      "ORIGINAL",
      "PRIMARY",
      "M",
      "NORM",
      "DIS3D",
      "DIS2D"
    ],
    "ImagingFrequency": 123.24,
    "InPlanePhaseEncodingDirectionDICOM": "ROW",
    "InstitutionAddress": "Kopernikusstr._26_Graz_Graz_AT_8010",
    "InstitutionName": "KFU",
    "InstitutionalDepartmentName": "Department",
    "InversionTime": 1,
    "MRAcquisitionType": "3D",
    "MagneticFieldStrength": 3,
    "Manufacturer": "Siemens",
    "ManufacturersModelName": "Skyra",
    "Modality": "MR",
    "ParallelReductionFactorInPlane": 2,
    "PartialFourier": 1,
    "PatientPosition": "HFS",
    "PercentPhaseFOV": 100,
    "PercentSampling": 100,
    "PhaseEncodingSteps": 294,
    "PhaseOversampling": 0.15,
    "PhaseResolution": 1,
    "PixelBandwidth": 210,
    "ProcedureStepDescription": "KFU_BioPsy",
    "ProtocolName": "T1_Pat4_088mm_Pat2_224Sl",
    "PulseSequenceDetails": "%SiemensSeq%_tfl",
    "ReceiveCoilActiveElements": "HEA;HEP",
    "ReceiveCoilName": "Head_32",
    "ReconMatrixPE": 256,
    "RefLinesPE": 24,
    "RepetitionTime": 2.2,
    "SAR": 0.0641655,
    "ScanOptions": "IR_WE",
    "ScanningSequence": "GR_IR",
    "SequenceName": "_tfl3d1_16ns",
    "SequenceVariant": "SK_SP_MP_OSP",
    "SeriesDescription": "T1_Pat4_088mm_Pat2_224Sl",
    "SeriesNumber": 9,
    "ShimSetting": [
      -1138,
      -3170,
      -4233,
      448,
      809,
      214,
      147,
      -879
    ],
    "SliceThickness": 0.88,
    "SoftwareVersions": "syngo_MR_E11",
    "StationName": "FBMTMR1",
    "TxRefAmp": 322.636,
    "acq_id": "MPrageHiRes",
    "dataset": "<unset>",
    "modality": "T1w",
    "session_id": "1",
    "subject_id": "season102"
  },
  "cjv": 0.44197711585578425,
  "cnr": 2.899227401509881,
  "efc": 0.6421105131663466,
  "fber": 4537.6591796875,
  "fwhm_avg": 4.333804964372582,
  "fwhm_x": 4.242397750260601,
  "fwhm_y": 4.443314285714286,
  "fwhm_z": 4.315702857142857,
  "icvs_csf": 0.189097906682057,
  "icvs_gm": 0.422942830804443,
  "icvs_wm": 0.3879592625135,
  "inu_med": 1.23837149143219,
  "inu_range": 0.49826654195785514,
  "provenance": {
    "md5sum": "1b522a26b326ecc21c83071d20a20abf",
    "settings": {
      "testing": false
    },
    "software": "mriqc",
    "version": "0.15.2",
    "warnings": {
      "large_rot_frame": true,
      "small_air_mask": false
    },
    "webapi_port": null,
    "webapi_url": "https://mriqc.nimh.nih.gov/api/v1"
  },
  "qi_1": 0.0014818146888207896,
  "qi_2": 0.0017996872564466956,
  "rpve_csf": 20.691436078378906,
  "rpve_gm": 10.177125814796824,
  "rpve_wm": 13.160803433935888,
  "size_x": 224,
  "size_y": 256,
  "size_z": 256,
  "snr_csf": 2.7941612418265267,
  "snr_gm": 11.483347766897149,
  "snr_total": 12.660309064106443,
  "snr_wm": 23.703418183595655,
  "snrd_csf": 57.028853836946574,
  "snrd_gm": 122.82687861593371,
  "snrd_total": 113.15276485124797,
  "snrd_wm": 159.6025621008636,
  "spacing_x": 0.8799999952316284,
  "spacing_y": 0.875,
  "spacing_z": 0.875,
  "summary_bg_k": 203.49791566788545,
  "summary_bg_mad": 4.104920887719629,
  "summary_bg_mean": 8.57206916809082,
  "summary_bg_median": 7.548855781555176,
  "summary_bg_n": 2412468.0,
  "summary_bg_p05": 2.817164993286133,
  "summary_bg_p95": 17.74557943344115,
  "summary_bg_stdv": 6.744394779205322,
  "summary_csf_k": 14.453230672810513,
  "summary_csf_mad": 114.85316883426233,
  "summary_csf_mean": 385.13299560546875,
  "summary_csf_median": 357.32855224609375,
  "summary_csf_n": 35313.0,
  "summary_csf_p05": 231.5957061767578,
  "summary_csf_p95": 608.3745849609375,
  "summary_csf_stdv": 127.8822021484375,
  "summary_gm_k": 0.3613468043876611,
  "summary_gm_mad": 64.33574241196392,
  "summary_gm_mean": 772.25830078125,
  "summary_gm_median": 769.6025390625,
  "summary_gm_n": 58565.0,
  "summary_gm_p05": 668.0025268554688,
  "summary_gm_p95": 887.798828125,
  "summary_gm_stdv": 67.0184326171875,
  "summary_wm_k": 1.0298619823584252,
  "summary_wm_mad": 37.50782723114273,
  "summary_wm_mean": 998.879638671875,
  "summary_wm_median": 1000.02978515625,
  "summary_wm_n": 406073.0,
  "summary_wm_p05": 926.160205078125,
  "summary_wm_p95": 1064.8152587890625,
  "summary_wm_stdv": 42.189212799072266,
  "tpm_overlap_csf": 0.16541698575019836,
  "tpm_overlap_gm": 0.44179290533065796,
  "tpm_overlap_wm": 0.5023872256278992,
  "wm2max": 0.6407371876498208
}