{
  "bids_meta": {
    "AcquisitionMatrixPE": 256,
    "AcquisitionNumber": 1,
    "AcquisitionTime": "10:15:6.862500",
    "BaseResolution": 256,
    "BodyPartExamined": "HEAD",
    "ConsistencyInfo": "N4_VE11C_LATEST_20160120",
    "ConversionSoftware": "dcm2niix",
    "ConversionSoftwareVersion": "v1.0.20200427",
    "DeviceSerialNumber": "45250",
    "DwellTime": 9.2e-06,
    "EchoTime": 0.00218,
    "FlipAngle": 8,
    "ImageOrientationPatientDICOM": [
      -0.0176155,
      0.996651,
      0.0798489,
      -0.00860524,
      0.0797072,
      -0.996781
    ],
    "ImageType": [
      "ORIGINAL",
      "PRIMARY",
      "M",
      "NORM",
      "DIS3D",
      "DIS2D"
    ],
    "ImagingFrequency": 123.239,
    "InPlanePhaseEncodingDirectionDICOM": "ROW",
    "InstitutionAddress": "Kopernikusstr._26_Graz_Graz_AT_8010",
    "InstitutionName": "KFU",
    "InstitutionalDepartmentName": "Department",
    "InversionTime": 1,
    "MRAcquisitionType": "3D",
    "MagneticFieldStrength": 3,
    "Manufacturer": "Siemens",
    "ManufacturersModelName": "Skyra",
    "Modality": "MR",
    "ParallelReductionFactorInPlane": 2,
    "PartialFourier": 1,
    "PatientPosition": "HFS",
    "PercentPhaseFOV": 100,
    "PercentSampling": 100,
    "PhaseEncodingSteps": 294,
    "PhaseOversampling": 0.15,
    "PhaseResolution": 1,
    "PixelBandwidth": 210,
    "ProcedureStepDescription": "BioPsy_2018",
    "ProtocolName": "anat-T1w",
    "PulseSequenceDetails": "%SiemensSeq%_tfl",
    "ReceiveCoilActiveElements": "HEA;HEP",
    "ReceiveCoilName": "Head_32",
    "ReconMatrixPE": 256,
    "RefLinesPE": 24,
    "RepetitionTime": 2.2,
    "SAR": 0.05541,
    "ScanOptions": "IR_WE",
    "ScanningSequence": "GR_IR",
    "SequenceName": "_tfl3d1_16ns",
    "SequenceVariant": "SK_SP_MP_OSP",
    "SeriesDescription": "anat-T1w",
    "SeriesNumber": 9,
    "ShimSetting": [
      -1134,
      -3175,
      -4382,
      426,
      918,
      31,
      195,
      -948
    ],
    "SliceThickness": 0.88,
    "SoftwareVersions": "syngo_MR_E11",
    "StationName": "FBMTMR1",
    "TxRefAmp": 326.153,
    "acq_id": "MPrageHiRes",
    "dataset": "<unset>",
    "modality": "T1w",
    "session_id": "3",
    "subject_id": "season204"
  },
  "cjv": 0.4704909552722903,
  "cnr": 2.8395468548751777,
  "efc": 0.5794979488702247,
  "fber": 3245.759765625,
  "fwhm_avg": 3.9698479940929476,
  "fwhm_x": 3.9198068394216996,
  "fwhm_y": 4.004891428571429,
  "fwhm_z": 3.9848457142857145,
  "icvs_csf": 0.1713801765841084,
  "icvs_gm": 0.4542940202504547,
  "icvs_wm": 0.37432580316543695,
  "inu_med": 1.4653944969177246,
  "inu_range": 0.5530360877513889,
  "provenance": {
    "md5sum": "f566a0969bd7b4a928a91a487da999ae",
    "settings": {
      "testing": false
    },
    "software": "mriqc",
    "version": "0.15.2",
    "warnings": {
      "large_rot_frame": true,
      "small_air_mask": false
    },
    "webapi_port": null,
    "webapi_url": "https://mriqc.nimh.nih.gov/api/v1"
  },
  "qi_1": 0.0,
  "qi_2": 0.00288608541523374,
  "rpve_csf": 27.05084157524624,
  "rpve_gm": 11.62758969379438,
  "rpve_wm": 15.987139449190948,
  "size_x": 224,
  "size_y": 256,
  "size_z": 256,
  "snr_csf": 1.9987771363958222,
  "snr_gm": 11.323533567563926,
  "snr_total": 11.240970586931267,
  "snr_wm": 20.40060105683405,
  "snrd_csf": 54.64957004292446,
  "snrd_gm": 110.55966322042379,
  "snrd_total": 103.37675729681588,
  "snrd_wm": 144.9210386270994,
  "spacing_x": 0.8799999952316284,
  "spacing_y": 0.875,
  "spacing_z": 0.875,
  "summary_bg_k": 8.386532754913093,
  "summary_bg_mad": 4.520738045356682,
  "summary_bg_mean": 9.346426010131836,
  "summary_bg_median": 8.136951446533203,
  "summary_bg_n": 2944690.0,
  "summary_bg_p05": 3.0440316200256348,
  "summary_bg_p95": 19.39861478805542,
  "summary_bg_stdv": 5.532037734985352,
  "summary_csf_k": 28.846075035266338,
  "summary_csf_mad": 124.24996576267836,
  "summary_csf_mean": 419.384521484375,
  "summary_csf_median": 377.1068115234375,
  "summary_csf_n": 25856.0,
  "summary_csf_p05": 244.41409301757812,
  "summary_csf_p95": 634.5157470703125,
  "summary_csf_stdv": 188.6651153564453,
  "summary_gm_k": 0.005837624008401487,
  "summary_gm_mad": 68.35462240026169,
  "summary_gm_mean": 766.158447265625,
  "summary_gm_median": 762.9118041992188,
  "summary_gm_n": 59229.0,
  "summary_gm_p05": 662.5303100585937,
  "summary_gm_p95": 883.1408081054688,
  "summary_gm_stdv": 67.3734359741211,
  "summary_wm_k": 0.9463085701340384,
  "summary_wm_mad": 43.20305036505918,
  "summary_wm_mean": 998.1321411132812,
  "summary_wm_median": 1000.0208740234375,
  "summary_wm_n": 310324.0,
  "summary_wm_p05": 911.496157836914,
  "summary_wm_p95": 1074.0386352539062,
  "summary_wm_stdv": 49.019107818603516,
  "tpm_overlap_csf": 0.16413664817810059,
  "tpm_overlap_gm": 0.4558252990245819,
  "tpm_overlap_wm": 0.49175506830215454,
  "wm2max": 0.5344202170752216
}