{
  "bids_meta": {
    "AcquisitionMatrixPE": 256,
    "AcquisitionNumber": 1,
    "AcquisitionTime": "11:36:46.142500",
    "BaseResolution": 256,
    "BodyPartExamined": "HEAD",
    "ConsistencyInfo": "N4_VE11C_LATEST_20160120",
    "ConversionSoftware": "dcm2niix",
    "ConversionSoftwareVersion": "v1.0.20200427",
    "DeviceSerialNumber": "45250",
    "DwellTime": 9.2e-06,
    "EchoTime": 0.00218,
    "FlipAngle": 8,
    "ImageOrientationPatientDICOM": [
      0.0798956,
      0.99668,
      0.0157043,
      -0.0180414,
      0.017198,
      -0.999689
    ],
    "ImageType": [
      "ORIGINAL",
      "PRIMARY",
      "M",
      "NORM",
      "DIS3D",
      "DIS2D"
    ],
    "ImagingFrequency": 123.239,
    "InPlanePhaseEncodingDirectionDICOM": "ROW",
    "InstitutionAddress": "Kopernikusstr._26_Graz_Graz_AT_8010",
    "InstitutionName": "KFU",
    "InstitutionalDepartmentName": "Department",
    "InversionTime": 1,
    "MRAcquisitionType": "3D",
    "MagneticFieldStrength": 3,
    "Manufacturer": "Siemens",
    "ManufacturersModelName": "Skyra",
    "Modality": "MR",
    "ParallelReductionFactorInPlane": 2,
    "PartialFourier": 1,
    "PatientPosition": "HFS",
    "PercentPhaseFOV": 100,
    "PercentSampling": 100,
    "PhaseEncodingSteps": 294,
    "PhaseOversampling": 0.15,
    "PhaseResolution": 1,
    "PixelBandwidth": 210,
    "ProcedureStepDescription": "BioPsy_2018",
    "ProtocolName": "anat-T1w",
    "PulseSequenceDetails": "%SiemensSeq%_tfl",
    "ReceiveCoilActiveElements": "HEA;HEP",
    "ReceiveCoilName": "Head_32",
    "ReconMatrixPE": 256,
    "RefLinesPE": 24,
    "RepetitionTime": 2.2,
    "SAR": 0.0664403,
    "ScanOptions": "IR_WE",
    "ScanningSequence": "GR_IR",
    "SequenceName": "_tfl3d1_16ns",
    "SequenceVariant": "SK_SP_MP_OSP",
    "SeriesDescription": "anat-T1w",
    "SeriesNumber": 9,
    "ShimSetting": [
      -1137,
      -3161,
      -4364,
      380,
      752,
      248,
      250,
      -778
    ],
    "SliceThickness": 0.88,
    "SoftwareVersions": "syngo_MR_E11",
    "StationName": "FBMTMR1",
    "TxRefAmp": 322.751,
    "acq_id": "MPrageHiRes",
    "dataset": "<unset>",
    "modality": "T1w",
    "session_id": "2",
    "subject_id": "season208"
  },
  "cjv": 0.451198859142965,
  "cnr": 2.9221893423426772,
  "efc": 0.5762159781648605,
  "fber": 3474.817138671875,
  "fwhm_avg": 3.9721669550389707,
  "fwhm_x": 3.8683522936883423,
  "fwhm_y": 4.02992,
  "fwhm_z": 4.018228571428572,
  "icvs_csf": 0.18348311831682312,
  "icvs_gm": 0.4624653497671699,
  "icvs_wm": 0.35405153191600697,
  "inu_med": 1.4683674573898315,
  "inu_range": 0.5796679854393005,
  "provenance": {
    "md5sum": "a188c264e58f684ea92d1fb1bc9b8ad7",
    "settings": {
      "testing": false
    },
    "software": "mriqc",
    "version": "0.15.2",
    "warnings": {
      "large_rot_frame": true,
      "small_air_mask": false
    },
    "webapi_port": null,
    "webapi_url": "https://mriqc.nimh.nih.gov/api/v1"
  },
  "qi_1": 0.0,
  "qi_2": 0.0031900753220286964,
  "rpve_csf": 26.121527435521998,
  "rpve_gm": 11.759889344985051,
  "rpve_wm": 17.038562587473503,
  "size_x": 224,
  "size_y": 256,
  "size_z": 256,
  "snr_csf": 2.4400163968207402,
  "snr_gm": 12.763470162282987,
  "snr_total": 11.334316152547133,
  "snr_wm": 18.799461898537675,
  "snrd_csf": 49.62991589871651,
  "snrd_gm": 109.458701392048,
  "snrd_total": 100.70924986836944,
  "snrd_wm": 143.03913231434382,
  "spacing_x": 0.8799999952316284,
  "spacing_y": 0.875,
  "spacing_z": 0.875,
  "summary_bg_k": 5.905600785440903,
  "summary_bg_mad": 4.580211040939159,
  "summary_bg_mean": 9.543219566345215,
  "summary_bg_median": 8.247188568115234,
  "summary_bg_n": 3299862.0,
  "summary_bg_p05": 3.082458019256592,
  "summary_bg_p95": 19.618636703491184,
  "summary_bg_stdv": 5.4960503578186035,
  "summary_csf_k": 35.20607861619388,
  "summary_csf_mad": 100.88423081135083,
  "summary_csf_mean": 381.8716125488281,
  "summary_csf_median": 346.97430419921875,
  "summary_csf_n": 25477.0,
  "summary_csf_p05": 235.57572326660156,
  "summary_csf_p95": 611.5232299804686,
  "summary_csf_stdv": 142.19883728027344,
  "summary_gm_k": 0.252859092901474,
  "summary_gm_mad": 58.6196158898349,
  "summary_gm_mean": 765.91748046875,
  "summary_gm_median": 765.2512817382812,
  "summary_gm_n": 59775.0,
  "summary_gm_p05": 670.2914245605468,
  "summary_gm_p95": 866.7326904296875,
  "summary_gm_stdv": 59.95586395263672,
  "summary_wm_k": 0.7409303992944527,
  "summary_wm_mad": 47.30771568680076,
  "summary_wm_mean": 996.7230224609375,
  "summary_wm_median": 1000.0198974609375,
  "summary_wm_n": 286223.0,
  "summary_wm_p05": 900.3147033691406,
  "summary_wm_p95": 1077.440576171875,
  "summary_wm_stdv": 53.19397735595703,
  "tpm_overlap_csf": 0.16951006650924683,
  "tpm_overlap_gm": 0.46421724557876587,
  "tpm_overlap_wm": 0.49241748452186584,
  "wm2max": 0.494442354116416
}