{
  "bids_meta": {
    "AcquisitionMatrixPE": 256,
    "AcquisitionNumber": 1,
    "AcquisitionTime": "09:52:27.112500",
    "BaseResolution": 256,
    "BodyPartExamined": "HEAD",
    "ConsistencyInfo": "N4_VE11C_LATEST_20160120",
    "ConversionSoftware": "dcm2niix",
    "ConversionSoftwareVersion": "v1.0.20200427",
    "DeviceSerialNumber": "45250",
    "DwellTime": 9.2e-06,
    "EchoTime": 0.00218,
    "FlipAngle": 8,
    "ImageOrientationPatientDICOM": [
      -0.0239001,
      0.999416,
      -0.0244321,
      -0.00170064,
      -0.0244797,
      -0.999699
    ],
    "ImageType": [
      "ORIGINAL",
      "PRIMARY",
      "M",
      "NORM",
      "DIS3D",
      "DIS2D"
    ],
    "ImagingFrequency": 123.24,
    "InPlanePhaseEncodingDirectionDICOM": "ROW",
    "InstitutionAddress": "Kopernikusstr._26_Graz_Graz_AT_8010",
    "InstitutionName": "KFU",
    "InstitutionalDepartmentName": "Department",
    "InversionTime": 1,
    "MRAcquisitionType": "3D",
    "MagneticFieldStrength": 3,
    "Manufacturer": "Siemens",
    "ManufacturersModelName": "Skyra",
    "Modality": "MR",
    "ParallelReductionFactorInPlane": 2,
    "PartialFourier": 1,
    "PatientPosition": "HFS",
    "PercentPhaseFOV": 100,
    "PercentSampling": 100,
    "PhaseEncodingSteps": 294,
    "PhaseOversampling": 0.15,
    "PhaseResolution": 1,
    "PixelBandwidth": 210,
    "ProcedureStepDescription": "KFU_BioPsy",
    "ProtocolName": "T1_Pat4_088mm_Pat2_224Sl",
    "PulseSequenceDetails": "%SiemensSeq%_tfl",
    "ReceiveCoilActiveElements": "HEA;HEP",
    "ReceiveCoilName": "Head_32",
    "ReconMatrixPE": 256,
    "RefLinesPE": 24,
    "RepetitionTime": 2.2,
    "SAR": 0.0530798,
    "ScanOptions": "IR_WE",
    "ScanningSequence": "GR_IR",
    "SequenceName": "_tfl3d1_16ns",
    "SequenceVariant": "SK_SP_MP_OSP",
    "SeriesDescription": "T1_Pat4_088mm_Pat2_224Sl",
    "SeriesNumber": 9,
    "ShimSetting": [
      -1118,
      -3112,
      -4365,
      433,
      986,
      142,
      223,
      -905
    ],
    "SliceThickness": 0.88,
    "SoftwareVersions": "syngo_MR_E11",
    "StationName": "FBMTMR1",
    "TxRefAmp": 334.715,
    "acq_id": "MPrageHiRes",
    "dataset": "<unset>",
    "modality": "T1w",
    "session_id": "1",
    "subject_id": "season130"
  },
  "cjv": 0.6114034472695403,
  "cnr": 2.1529064627032293,
  "efc": 0.6166915462887301,
  "fber": 2822.689208984375,
  "fwhm_avg": 4.234642756472288,
  "fwhm_x": 4.182556840845438,
  "fwhm_y": 4.291805714285714,
  "fwhm_z": 4.229565714285714,
  "icvs_csf": 0.1942175819025924,
  "icvs_gm": 0.45053836764569366,
  "icvs_wm": 0.3552440504517139,
  "inu_med": 1.4804301261901855,
  "inu_range": 0.6085738837718964,
  "provenance": {
    "md5sum": "363bf512fe99bebd035fa8c4de042a91",
    "settings": {
      "testing": false
    },
    "software": "mriqc",
    "version": "0.15.2",
    "warnings": {
      "large_rot_frame": true,
      "small_air_mask": false
    },
    "webapi_port": null,
    "webapi_url": "https://mriqc.nimh.nih.gov/api/v1"
  },
  "qi_1": 0.0,
  "qi_2": 0.0029032635064942572,
  "rpve_csf": 22.914214367311487,
  "rpve_gm": 10.905529713889733,
  "rpve_wm": 15.43607913139063,
  "size_x": 224,
  "size_y": 256,
  "size_z": 256,
  "snr_csf": 3.0844719862570957,
  "snr_gm": 11.135714492502236,
  "snr_total": 10.4019260103612,
  "snr_wm": 16.985591552324262,
  "snrd_csf": 54.51053077362587,
  "snrd_gm": 110.86789304765345,
  "snrd_total": 101.33911459577665,
  "snrd_wm": 138.63891996605062,
  "spacing_x": 0.8799999952316284,
  "spacing_y": 0.875,
  "spacing_z": 0.875,
  "summary_bg_k": 4.819454098955839,
  "summary_bg_mad": 4.725726703343059,
  "summary_bg_mean": 10.439498901367188,
  "summary_bg_median": 9.499512672424316,
  "summary_bg_n": 2733661.0,
  "summary_bg_p05": 3.2965145111083984,
  "summary_bg_p95": 21.25594711303711,
  "summary_bg_stdv": 5.816778659820557,
  "summary_csf_k": -0.4770695687145543,
  "summary_csf_mad": 141.48922077327526,
  "summary_csf_mean": 412.57281494140625,
  "summary_csf_median": 393.20343017578125,
  "summary_csf_n": 42932.0,
  "summary_csf_p05": 240.08021774291993,
  "summary_csf_p95": 641.258853149414,
  "summary_csf_stdv": 127.47687530517578,
  "summary_gm_k": 0.30411083460170385,
  "summary_gm_mad": 65.92544056098717,
  "summary_gm_mean": 805.697265625,
  "summary_gm_median": 799.7286987304688,
  "summary_gm_n": 65330.0,
  "summary_gm_p05": 695.8053558349609,
  "summary_gm_p95": 936.5326171875,
  "summary_gm_stdv": 71.81600952148438,
  "summary_wm_k": 0.5845676677397709,
  "summary_wm_mad": 56.55217125566757,
  "summary_wm_mean": 1001.3405151367188,
  "summary_wm_median": 1000.05078125,
  "summary_wm_n": 313539.0,
  "summary_wm_p05": 907.0442321777343,
  "summary_wm_p95": 1097.9887817382812,
  "summary_wm_stdv": 58.87632369995117,
  "tpm_overlap_csf": 0.1602860540151596,
  "tpm_overlap_gm": 0.46078726649284363,
  "tpm_overlap_wm": 0.4857490658760071,
  "wm2max": 0.5164595087412727
}