{
  "bids_meta": {
    "AcquisitionMatrixPE": 256,
    "AcquisitionNumber": 1,
    "AcquisitionTime": "07:50:16.852500",
    "BaseResolution": 256,
    "BodyPartExamined": "BRAIN",
    "ConsistencyInfo": "N4_VE11C_LATEST_20160120",
    "ConversionSoftware": "dcm2niix",
    "ConversionSoftwareVersion": "v1.0.20200427",
    "DeviceSerialNumber": "45250",
    "DwellTime": 9.2e-06,
    "EchoTime": 0.00218,
    "FlipAngle": 8,
    "ImageOrientationPatientDICOM": [
      -0.127872,
      0.970461,
      0.204581,
      0.00255461,
      0.206596,
      -0.978423
    ],
    "ImageType": [
      "ORIGINAL",
      "PRIMARY",
      "M",
      "NORM",
      "DIS3D",
      "DIS2D"
    ],
    "ImagingFrequency": 123.24,
    "InPlanePhaseEncodingDirectionDICOM": "ROW",
    "InstitutionAddress": "Kopernikusstr._26_Graz_Graz_AT_8010",
    "InstitutionName": "KFU",
    "InstitutionalDepartmentName": "Department",
    "InversionTime": 1,
    "MRAcquisitionType": "3D",
    "MagneticFieldStrength": 3,
    "Manufacturer": "Siemens",
    "ManufacturersModelName": "Skyra",
    "Modality": "MR",
    "ParallelReductionFactorInPlane": 2,
    "PartialFourier": 1,
    "PatientPosition": "HFS",
    "PercentPhaseFOV": 100,
    "PercentSampling": 100,
    "PhaseEncodingSteps": 294,
    "PhaseOversampling": 0.15,
    "PhaseResolution": 1,
    "PixelBandwidth": 210,
    "ProcedureStepDescription": "KFU_BioPsy",
    "ProtocolName": "T1_Pat4_088mm_Pat2_224Sl",
    "PulseSequenceDetails": "%SiemensSeq%_tfl",
    "ReceiveCoilActiveElements": "HEA;HEP",
    "ReceiveCoilName": "Head_32",
    "ReconMatrixPE": 256,
    "RefLinesPE": 24,
    "RepetitionTime": 2.2,
    "SAR": 0.0625375,
    "ScanOptions": "IR_WE",
    "ScanningSequence": "GR_IR",
    "SequenceName": "_tfl3d1_16ns",
    "SequenceVariant": "SK_SP_MP_OSP",
    "SeriesDescription": "T1_Pat4_088mm_Pat2_224Sl",
    "SeriesNumber": 9,
    "ShimSetting": [
      -1107,
      -3204,
      -4410,
      352,
      965,
      174,
      307,
      -1001
    ],
    "SliceThickness": 0.88,
    "SoftwareVersions": "syngo_MR_E11",
    "StationName": "FBMTMR1",
    "TxRefAmp": 316.006,
    "acq_id": "MPrageHiRes",
    "dataset": "<unset>",
    "modality": "T1w",
    "session_id": "2",
    "subject_id": "season107"
  },
  "cjv": 0.46393779139624935,
  "cnr": 2.806024259413204,
  "efc": 0.5654057127707502,
  "fber": 3826.476318359375,
  "fwhm_avg": 4.148664812732043,
  "fwhm_x": 4.172977295338984,
  "fwhm_y": 4.06816,
  "fwhm_z": 4.204857142857143,
  "icvs_csf": 0.18693170686021082,
  "icvs_gm": 0.43186616076599427,
  "icvs_wm": 0.3812021323737949,
  "inu_med": 1.4069123268127441,
  "inu_range": 0.5209879159927369,
  "provenance": {
    "md5sum": "4aaac32f64d54ca28d8f9a40d9a16ea1",
    "settings": {
      "testing": false
    },
    "software": "mriqc",
    "version": "0.15.2",
    "warnings": {
      "large_rot_frame": true,
      "small_air_mask": false
    },
    "webapi_port": null,
    "webapi_url": "https://mriqc.nimh.nih.gov/api/v1"
  },
  "qi_1": 0.0,
  "qi_2": 0.0021437770619080194,
  "rpve_csf": 24.31763621579474,
  "rpve_gm": 11.650253607039257,
  "rpve_wm": 15.402419879164619,
  "size_x": 224,
  "size_y": 256,
  "size_z": 256,
  "snr_csf": 1.825957128694448,
  "snr_gm": 12.021615970191604,
  "snr_total": 12.475363828535023,
  "snr_wm": 23.578518386719015,
  "snrd_csf": 60.01921161851666,
  "snrd_gm": 122.67627013896066,
  "snrd_total": 113.21257235561511,
  "snrd_wm": 156.942235309368,
  "spacing_x": 0.8799999952316284,
  "spacing_y": 0.875,
  "spacing_z": 0.875,
  "summary_bg_k": 7.646474946643645,
  "summary_bg_mad": 4.174495985773142,
  "summary_bg_mean": 8.83176040649414,
  "summary_bg_median": 7.47932767868042,
  "summary_bg_n": 3030185.0,
  "summary_bg_p05": 2.7892980575561523,
  "summary_bg_p95": 18.537455749511718,
  "summary_bg_stdv": 5.275732040405273,
  "summary_csf_k": 36.366856358276785,
  "summary_csf_mad": 137.9432686319297,
  "summary_csf_mean": 425.9012451171875,
  "summary_csf_median": 382.43939208984375,
  "summary_csf_n": 31749.0,
  "summary_csf_p05": 242.24422912597657,
  "summary_csf_p95": 632.5431274414062,
  "summary_csf_stdv": 209.44268798828125,
  "summary_gm_k": 0.1193777871478292,
  "summary_gm_mad": 63.4650393756809,
  "summary_gm_mean": 783.1890258789062,
  "summary_gm_median": 781.68701171875,
  "summary_gm_n": 52373.0,
  "summary_gm_p05": 679.92578125,
  "summary_gm_p95": 894.6093505859375,
  "summary_gm_stdv": 65.02283477783203,
  "summary_wm_k": 0.9966042015395602,
  "summary_wm_mad": 37.83160352129245,
  "summary_wm_mean": 999.4224243164062,
  "summary_wm_median": 1000.0280151367188,
  "summary_wm_n": 346825.0,
  "summary_wm_p05": 928.360546875,
  "summary_wm_p95": 1067.2924560546874,
  "summary_wm_stdv": 42.41261291503906,
  "tpm_overlap_csf": 0.15883620083332062,
  "tpm_overlap_gm": 0.4397681653499603,
  "tpm_overlap_wm": 0.49668043851852417,
  "wm2max": 0.5027312932676699
}