{
  "bids_meta": {
    "AcquisitionMatrixPE": 256,
    "AcquisitionNumber": 1,
    "AcquisitionTime": "11:50:15.145000",
    "BaseResolution": 256,
    "BodyPartExamined": "HEAD",
    "ConsistencyInfo": "N4_VE11C_LATEST_20160120",
    "ConversionSoftware": "dcm2niix",
    "ConversionSoftwareVersion": "v1.0.20200427",
    "DeviceSerialNumber": "45250",
    "DwellTime": 9.2e-06,
    "EchoTime": 0.00218,
    "FlipAngle": 8,
    "ImageOrientationPatientDICOM": [
      -0.0940718,
      0.995564,
      -0.00174497,
      0.0210137,
      0.000233249,
      -0.999779
    ],
    "ImageType": [
      "ORIGINAL",
      "PRIMARY",
      "M",
      "NORM",
      "DIS3D",
      "DIS2D"
    ],
    "ImagingFrequency": 123.239,
    "InPlanePhaseEncodingDirectionDICOM": "ROW",
    "InstitutionAddress": "Kopernikusstr._26_Graz_Graz_AT_8010",
    "InstitutionName": "KFU",
    "InstitutionalDepartmentName": "Department",
    "InversionTime": 1,
    "MRAcquisitionType": "3D",
    "MagneticFieldStrength": 3,
    "Manufacturer": "Siemens",
    "ManufacturersModelName": "Skyra",
    "Modality": "MR",
    "ParallelReductionFactorInPlane": 2,
    "PartialFourier": 1,
    "PatientPosition": "HFS",
    "PercentPhaseFOV": 100,
    "PercentSampling": 100,
    "PhaseEncodingSteps": 294,
    "PhaseOversampling": 0.15,
    "PhaseResolution": 1,
    "PixelBandwidth": 210,
    "ProcedureStepDescription": "BioPsy_2018",
    "ProtocolName": "anat-T1w",
    "PulseSequenceDetails": "%SiemensSeq%_tfl",
    "ReceiveCoilActiveElements": "HEA;HEP",
    "ReceiveCoilName": "Head_32",
    "ReconMatrixPE": 256,
    "RefLinesPE": 24,
    "RepetitionTime": 2.2,
    "SAR": 0.0581975,
    "ScanOptions": "IR_WE",
    "ScanningSequence": "GR_IR",
    "SequenceName": "_tfl3d1_16ns",
    "SequenceVariant": "SK_SP_MP_OSP",
    "SeriesDescription": "anat-T1w",
    "SeriesNumber": 9,
    "ShimSetting": [
      -1108,
      -3051,
      -4324,
      387,
      830,
      609,
      97,
      -1042
    ],
    "SliceThickness": 0.88,
    "SoftwareVersions": "syngo_MR_E11",
    "StationName": "FBMTMR1",
    "TxRefAmp": 329.292,
    "acq_id": "MPrageHiRes",
    "dataset": "<unset>",
    "modality": "T1w",
    "session_id": "1",
    "subject_id": "season210"
  },
  "cjv": 0.8613454990127866,
  "cnr": 1.6271514119395392,
  "efc": 0.5943376695811332,
  "fber": 1949.2330322265625,
  "fwhm_avg": 4.324128600823079,
  "fwhm_x": 4.2904886596120955,
  "fwhm_y": 4.434125714285714,
  "fwhm_z": 4.247771428571428,
  "icvs_csf": 0.2316426314378917,
  "icvs_gm": 0.3896927972392648,
  "icvs_wm": 0.3786645713228435,
  "inu_med": 1.5818244218826294,
  "inu_range": 0.6779088616371154,
  "provenance": {
    "md5sum": "8a37685ba73091bd47f7107269492d9d",
    "settings": {
      "testing": false
    },
    "software": "mriqc",
    "version": "0.15.2",
    "warnings": {
      "large_rot_frame": true,
      "small_air_mask": false
    },
    "webapi_port": null,
    "webapi_url": "https://mriqc.nimh.nih.gov/api/v1"
  },
  "qi_1": 5.8304135236134815e-06,
  "qi_2": 0.0008812103978062662,
  "rpve_csf": 21.551497264911195,
  "rpve_gm": 12.449503334819692,
  "rpve_wm": 15.614422557203772,
  "size_x": 224,
  "size_y": 256,
  "size_z": 256,
  "snr_csf": 2.92683950737446,
  "snr_gm": 9.02288507707961,
  "snr_total": 9.623850705608762,
  "snr_wm": 16.921827532372212,
  "snrd_csf": 43.73597382265529,
  "snrd_gm": 82.47600001183908,
  "snrd_total": 75.52375948577246,
  "snrd_wm": 100.359304622823,
  "spacing_x": 0.8799999952316284,
  "spacing_y": 0.875,
  "spacing_z": 0.875,
  "summary_bg_k": 24.69334307963094,
  "summary_bg_mad": 6.528184412788868,
  "summary_bg_mean": 13.69977855682373,
  "summary_bg_median": 9.975013732910156,
  "summary_bg_n": 3006255.0,
  "summary_bg_p05": 3.3365795135498044,
  "summary_bg_p95": 37.66637725830077,
  "summary_bg_stdv": 14.331787109375,
  "summary_csf_k": 25.116626874205615,
  "summary_csf_mad": 136.39343170588322,
  "summary_csf_mean": 445.210693359375,
  "summary_csf_median": 435.81231689453125,
  "summary_csf_n": 54929.0,
  "summary_csf_p05": 248.5343719482422,
  "summary_csf_p95": 644.5749145507812,
  "summary_csf_stdv": 148.90066528320312,
  "summary_gm_k": -0.3515626633419826,
  "summary_gm_mad": 97.77084759426133,
  "summary_gm_mean": 825.9215698242188,
  "summary_gm_median": 821.8419189453125,
  "summary_gm_n": 24150.0,
  "summary_gm_p05": 685.3631774902344,
  "summary_gm_p95": 979.1843231201171,
  "summary_gm_stdv": 91.082275390625,
  "summary_wm_k": 0.8469269054799446,
  "summary_wm_mad": 55.721193706074246,
  "summary_wm_mean": 1005.9967651367188,
  "summary_wm_median": 1000.042236328125,
  "summary_wm_n": 319107.0,
  "summary_wm_p05": 920.5654907226562,
  "summary_wm_p95": 1111.385498046875,
  "summary_wm_stdv": 59.09767532348633,
  "tpm_overlap_csf": 0.17354512214660645,
  "tpm_overlap_gm": 0.4499000310897827,
  "tpm_overlap_wm": 0.51836758852005,
  "wm2max": 0.46936777074889
}