{
  "bids_meta": {
    "AcquisitionMatrixPE": 256,
    "AcquisitionNumber": 1,
    "AcquisitionTime": "11:51:30.105000",
    "BaseResolution": 256,
    "BodyPartExamined": "HEAD",
    "ConsistencyInfo": "N4_VE11C_LATEST_20160120",
    "ConversionSoftware": "dcm2niix",
    "ConversionSoftwareVersion": "v1.0.20200427",
    "DeviceSerialNumber": "45250",
    "DwellTime": 9.2e-06,
    "EchoTime": 0.00218,
    "FlipAngle": 8,
    "ImageOrientationPatientDICOM": [
      0.00739433,
      0.999948,
      -0.00697344,
      0.0473134,
      -0.00731568,
      -0.998853
    ],
    "ImageType": [
      "ORIGINAL",
      "PRIMARY",
      "M",
      "NORM",
      "DIS3D",
      "DIS2D"
    ],
    "ImagingFrequency": 123.24,
    "InPlanePhaseEncodingDirectionDICOM": "ROW",
    "InstitutionAddress": "Kopernikusstr._26_Graz_Graz_AT_8010",
    "InstitutionName": "KFU",
    "InstitutionalDepartmentName": "Department",
    "InversionTime": 1,
    "MRAcquisitionType": "3D",
    "MagneticFieldStrength": 3,
    "Manufacturer": "Siemens",
    "ManufacturersModelName": "Skyra",
    "Modality": "MR",
    "ParallelReductionFactorInPlane": 2,
    "PartialFourier": 1,
    "PatientPosition": "HFS",
    "PercentPhaseFOV": 100,
    "PercentSampling": 100,
    "PhaseEncodingSteps": 294,
    "PhaseOversampling": 0.15,
    "PhaseResolution": 1,
    "PixelBandwidth": 210,
    "ProcedureStepDescription": "KFU_BioPsy",
    "ProtocolName": "T1_Pat4_088mm_Pat2_224Sl",
    "PulseSequenceDetails": "%SiemensSeq%_tfl",
    "ReceiveCoilActiveElements": "HEA;HEP",
    "ReceiveCoilName": "Head_32",
    "ReconMatrixPE": 256,
    "RefLinesPE": 24,
    "RepetitionTime": 2.2,
    "SAR": 0.0557866,
    "ScanOptions": "IR_WE",
    "ScanningSequence": "GR_IR",
    "SequenceName": "_tfl3d1_16ns",
    "SequenceVariant": "SK_SP_MP_OSP",
    "SeriesDescription": "T1_Pat4_088mm_Pat2_224Sl",
    "SeriesNumber": 9,
    "ShimSetting": [
      -1110,
      -3141,
      -4263,
      471,
      941,
      260,
      296,
      -938
    ],
    "SliceThickness": 0.88,
    "SoftwareVersions": "syngo_MR_E11",
    "StationName": "FBMTMR1",
    "TxRefAmp": 336.641,
    "acq_id": "MPrageHiRes",
    "dataset": "<unset>",
    "modality": "T1w",
    "session_id": "2",
    "subject_id": "season130"
  },
  "cjv": 0.6075978523489592,
  "cnr": 2.183085320089646,
  "efc": 0.6140592858268846,
  "fber": 3178.77734375,
  "fwhm_avg": 4.340084661394946,
  "fwhm_x": 4.271556841327693,
  "fwhm_y": 4.448811428571429,
  "fwhm_z": 4.299885714285714,
  "icvs_csf": 0.19634399026584048,
  "icvs_gm": 0.44596307546257374,
  "icvs_wm": 0.35769293427158577,
  "inu_med": 1.4868203401565552,
  "inu_range": 0.6230090379714963,
  "provenance": {
    "md5sum": "c7a35bae4cd5ccc35bc0209e774e5842",
    "settings": {
      "testing": false
    },
    "software": "mriqc",
    "version": "0.15.2",
    "warnings": {
      "large_rot_frame": true,
      "small_air_mask": false
    },
    "webapi_port": null,
    "webapi_url": "https://mriqc.nimh.nih.gov/api/v1"
  },
  "qi_1": 0.0,
  "qi_2": 0.002813049837106012,
  "rpve_csf": 22.7855294933335,
  "rpve_gm": 11.016938109755166,
  "rpve_wm": 15.466649599578492,
  "size_x": 224,
  "size_y": 256,
  "size_z": 256,
  "snr_csf": 3.0158434461175836,
  "snr_gm": 11.06119202203827,
  "snr_total": 10.652719383791128,
  "snr_wm": 17.88112268321753,
  "snrd_csf": 51.37288085260967,
  "snrd_gm": 109.36991993747239,
  "snrd_total": 99.15013158758147,
  "snrd_wm": 136.70759397266232,
  "spacing_x": 0.8799999952316284,
  "spacing_y": 0.875,
  "spacing_z": 0.875,
  "summary_bg_k": 5.174831469979733,
  "summary_bg_mad": 4.792422354014611,
  "summary_bg_mean": 10.075933456420898,
  "summary_bg_median": 8.583467483520508,
  "summary_bg_n": 2975412.0,
  "summary_bg_p05": 3.1921491622924805,
  "summary_bg_p95": 20.561641311645506,
  "summary_bg_stdv": 5.648288249969482,
  "summary_csf_k": -0.12029015601019122,
  "summary_csf_mad": 127.88159012389515,
  "summary_csf_mean": 397.9781188964844,
  "summary_csf_median": 375.8004455566406,
  "summary_csf_n": 38431.0,
  "summary_csf_p05": 232.2537841796875,
  "summary_csf_p95": 629.1361389160156,
  "summary_csf_stdv": 124.60711669921875,
  "summary_gm_k": 0.32204257870705266,
  "summary_gm_mad": 67.43089172115371,
  "summary_gm_mean": 806.148681640625,
  "summary_gm_median": 800.0576171875,
  "summary_gm_n": 62620.0,
  "summary_gm_p05": 696.5152282714844,
  "summary_gm_p95": 936.6265655517577,
  "summary_gm_stdv": 72.3295669555664,
  "summary_wm_k": 0.7352598059903386,
  "summary_wm_mad": 54.07606990648734,
  "summary_wm_mean": 1001.412109375,
  "summary_wm_median": 1000.036865234375,
  "summary_wm_n": 312281.0,
  "summary_wm_p05": 912.7376098632812,
  "summary_wm_p95": 1092.626953125,
  "summary_wm_stdv": 55.92687225341797,
  "tpm_overlap_csf": 0.16242823004722595,
  "tpm_overlap_gm": 0.45857885479927063,
  "tpm_overlap_wm": 0.48997461795806885,
  "wm2max": 0.5659509875017078
}