{
  "bids_meta": {
    "AcquisitionMatrixPE": 256,
    "AcquisitionNumber": 1,
    "AcquisitionTime": "11:50:4.135000",
    "BaseResolution": 256,
    "BodyPartExamined": "HEAD",
    "ConsistencyInfo": "N4_VE11C_LATEST_20160120",
    "ConversionSoftware": "dcm2niix",
    "ConversionSoftwareVersion": "v1.0.20200427",
    "DeviceSerialNumber": "45250",
    "DwellTime": 9.2e-06,
    "EchoTime": 0.00218,
    "FlipAngle": 8,
    "ImageOrientationPatientDICOM": [
      -0.0690515,
      0.997003,
      -0.0348843,
      -0.0270386,
      -0.0368253,
      -0.998956
    ],
    "ImageType": [
      "ORIGINAL",
      "PRIMARY",
      "M",
      "NORM",
      "DIS3D",
      "DIS2D"
    ],
    "ImagingFrequency": 123.24,
    "InPlanePhaseEncodingDirectionDICOM": "ROW",
    "InstitutionAddress": "Kopernikusstr._26_Graz_Graz_AT_8010",
    "InstitutionName": "KFU",
    "InstitutionalDepartmentName": "Department",
    "InversionTime": 1,
    "MRAcquisitionType": "3D",
    "MagneticFieldStrength": 3,
    "Manufacturer": "Siemens",
    "ManufacturersModelName": "Skyra",
    "Modality": "MR",
    "ParallelReductionFactorInPlane": 2,
    "PartialFourier": 1,
    "PatientPosition": "HFS",
    "PercentPhaseFOV": 100,
    "PercentSampling": 100,
    "PhaseEncodingSteps": 294,
    "PhaseOversampling": 0.15,
    "PhaseResolution": 1,
    "PixelBandwidth": 210,
    "ProcedureStepDescription": "KFU_BioPsy",
    "ProtocolName": "T1_Pat4_088mm_Pat2_224Sl",
    "PulseSequenceDetails": "%SiemensSeq%_tfl",
    "ReceiveCoilActiveElements": "HEA;HEP",
    "ReceiveCoilName": "Head_32",
    "ReconMatrixPE": 256,
    "RefLinesPE": 24,
    "RepetitionTime": 2.2,
    "SAR": 0.0545709,
    "ScanOptions": "IR_WE",
    "ScanningSequence": "GR_IR",
    "SequenceName": "_tfl3d1_16ns",
    "SequenceVariant": "SK_SP_MP_OSP",
    "SeriesDescription": "T1_Pat4_088mm_Pat2_224Sl",
    "SeriesNumber": 9,
    "ShimSetting": [
      -1133,
      -3067,
      -4438,
      354,
      928,
      144,
      121,
      -987
    ],
    "SliceThickness": 0.88,
    "SoftwareVersions": "syngo_MR_E11",
    "StationName": "FBMTMR1",
    "TxRefAmp": 315.22,
    "acq_id": "MPrageHiRes",
    "dataset": "<unset>",
    "modality": "T1w",
    "session_id": "3",
    "subject_id": "season132"
  },
  "cjv": 0.4946660742764993,
  "cnr": 2.5897768833096686,
  "efc": 0.5443097122832968,
  "fber": 3066.20654296875,
  "fwhm_avg": 4.058006933451768,
  "fwhm_x": 3.9003636574981626,
  "fwhm_y": 4.1722971428571425,
  "fwhm_z": 4.101360000000001,
  "icvs_csf": 0.20611354413044952,
  "icvs_gm": 0.4459393840267568,
  "icvs_wm": 0.34794707184279366,
  "inu_med": 1.6057467460632324,
  "inu_range": 0.5860102593898773,
  "provenance": {
    "md5sum": "1c7e58dca1964f3bc84b451fc6072cb8",
    "settings": {
      "testing": false
    },
    "software": "mriqc",
    "version": "0.15.2",
    "warnings": {
      "large_rot_frame": true,
      "small_air_mask": false
    },
    "webapi_port": null,
    "webapi_url": "https://mriqc.nimh.nih.gov/api/v1"
  },
  "qi_1": 0.0,
  "qi_2": 0.0030260766464837406,
  "rpve_csf": 26.64008208734298,
  "rpve_gm": 13.422552044248034,
  "rpve_wm": 19.592038852163544,
  "size_x": 224,
  "size_y": 256,
  "size_z": 256,
  "snr_csf": 2.455786346289495,
  "snr_gm": 11.700680375016006,
  "snr_total": 11.455659940025987,
  "snr_wm": 20.210513098772452,
  "snrd_csf": 49.89368366182061,
  "snrd_gm": 102.50580269410145,
  "snrd_total": 94.3918765590718,
  "snrd_wm": 130.77614332129338,
  "spacing_x": 0.8799999952316284,
  "spacing_y": 0.875,
  "spacing_z": 0.875,
  "summary_bg_k": 5.645392222531143,
  "summary_bg_mad": 5.009731554414226,
  "summary_bg_mean": 9.986318588256836,
  "summary_bg_median": 9.064753532409668,
  "summary_bg_n": 3427617.0,
  "summary_bg_p05": 3.397934675216675,
  "summary_bg_p95": 20.395468902587886,
  "summary_bg_stdv": 5.643570423126221,
  "summary_csf_k": 29.482846374476203,
  "summary_csf_mad": 143.80599034412091,
  "summary_csf_mean": 414.5398864746094,
  "summary_csf_median": 381.5296630859375,
  "summary_csf_n": 30822.0,
  "summary_csf_p05": 238.91626892089846,
  "summary_csf_p95": 633.7124084472656,
  "summary_csf_stdv": 155.35694885253906,
  "summary_gm_k": 0.5149759785692991,
  "summary_gm_mad": 63.08760200669977,
  "summary_gm_mean": 786.0377197265625,
  "summary_gm_median": 783.8468017578125,
  "summary_gm_n": 40124.0,
  "summary_gm_p05": 680.6925170898437,
  "summary_gm_p95": 901.8155792236328,
  "summary_gm_stdv": 66.99072265625,
  "summary_wm_k": 0.8451447127721585,
  "summary_wm_mad": 43.84888361905542,
  "summary_wm_mean": 999.0506591796875,
  "summary_wm_median": 1000.0259399414062,
  "summary_wm_n": 253265.0,
  "summary_wm_p05": 914.4429809570312,
  "summary_wm_p95": 1078.3408447265624,
  "summary_wm_stdv": 49.480384826660156,
  "tpm_overlap_csf": 0.16785262525081635,
  "tpm_overlap_gm": 0.45894017815589905,
  "tpm_overlap_wm": 0.5011882781982422,
  "wm2max": 0.5167536335210641
}