{
  "bids_meta": {
    "AcquisitionMatrixPE": 256,
    "AcquisitionNumber": 1,
    "AcquisitionTime": "09:06:21.850000",
    "BaseResolution": 256,
    "BodyPartExamined": "HEAD",
    "ConsistencyInfo": "N4_VE11C_LATEST_20160120",
    "ConversionSoftware": "dcm2niix",
    "ConversionSoftwareVersion": "v1.0.20200427",
    "DeviceSerialNumber": "45250",
    "DwellTime": 9.2e-06,
    "EchoTime": 0.00218,
    "FlipAngle": 8,
    "ImageOrientationPatientDICOM": [
      0.00538105,
      0.993559,
      0.113188,
      0.0168771,
      0.113084,
      -0.993442
    ],
    "ImageType": [
      "ORIGINAL",
      "PRIMARY",
      "M",
      "NORM",
      "DIS3D",
      "DIS2D"
    ],
    "ImagingFrequency": 123.24,
    "InPlanePhaseEncodingDirectionDICOM": "ROW",
    "InstitutionAddress": "Kopernikusstr._26_Graz_Graz_AT_8010",
    "InstitutionName": "KFU",
    "InstitutionalDepartmentName": "Department",
    "InversionTime": 1,
    "MRAcquisitionType": "3D",
    "MagneticFieldStrength": 3,
    "Manufacturer": "Siemens",
    "ManufacturersModelName": "Skyra",
    "Modality": "MR",
    "ParallelReductionFactorInPlane": 2,
    "PartialFourier": 1,
    "PatientPosition": "HFS",
    "PercentPhaseFOV": 100,
    "PercentSampling": 100,
    "PhaseEncodingSteps": 294,
    "PhaseOversampling": 0.15,
    "PhaseResolution": 1,
    "PixelBandwidth": 210,
    "ProcedureStepDescription": "KFU_BioPsy",
    "ProtocolName": "T1_Pat4_088mm_Pat2_224Sl",
    "PulseSequenceDetails": "%SiemensSeq%_tfl",
    "ReceiveCoilActiveElements": "HEA;HEP",
    "ReceiveCoilName": "Head_32",
    "ReconMatrixPE": 256,
    "RefLinesPE": 24,
    "RepetitionTime": 2.2,
    "SAR": 0.0562898,
    "ScanOptions": "IR_WE",
    "ScanningSequence": "GR_IR",
    "SequenceName": "_tfl3d1_16ns",
    "SequenceVariant": "SK_SP_MP_OSP",
    "SeriesDescription": "T1_Pat4_088mm_Pat2_224Sl",
    "SeriesNumber": 9,
    "ShimSetting": [
      -1097,
      -3203,
      -4185,
      615,
      886,
      440,
      161,
      -728
    ],
    "SliceThickness": 0.88,
    "SoftwareVersions": "syngo_MR_E11",
    "StationName": "FBMTMR1",
    "TxRefAmp": 341.862,
    "acq_id": "MPrageHiRes",
    "dataset": "<unset>",
    "modality": "T1w",
    "session_id": "2",
    "subject_id": "season134"
  },
  "cjv": 0.42766789555596446,
  "cnr": 3.0346358629478525,
  "efc": 0.6231201589082864,
  "fber": 4027.40185546875,
  "fwhm_avg": 4.336194271752865,
  "fwhm_x": 4.254011386687167,
  "fwhm_y": 4.417725714285714,
  "fwhm_z": 4.336845714285714,
  "icvs_csf": 0.21137149841729683,
  "icvs_gm": 0.44947246472543506,
  "icvs_wm": 0.33915603685726814,
  "inu_med": 1.355543851852417,
  "inu_range": 0.5893242120742794,
  "provenance": {
    "md5sum": "489f243d2d426322883fc9e599b323b7",
    "settings": {
      "testing": false
    },
    "software": "mriqc",
    "version": "0.15.2",
    "warnings": {
      "large_rot_frame": true,
      "small_air_mask": false
    },
    "webapi_port": null,
    "webapi_url": "https://mriqc.nimh.nih.gov/api/v1"
  },
  "qi_1": 0.0,
  "qi_2": 0.001797443936903293,
  "rpve_csf": 19.9353164331594,
  "rpve_gm": 9.98798610491083,
  "rpve_wm": 14.59304907326994,
  "size_x": 224,
  "size_y": 256,
  "size_z": 256,
  "snr_csf": 2.9171382002556814,
  "snr_gm": 13.026495186505967,
  "snr_total": 12.010118211305217,
  "snr_wm": 20.086721247154,
  "snrd_csf": 60.47033215066302,
  "snrd_gm": 127.69683328802869,
  "snrd_total": 118.31742418246283,
  "snrd_wm": 166.7851071086968,
  "spacing_x": 0.8799999952316284,
  "spacing_y": 0.875,
  "spacing_z": 0.875,
  "summary_bg_k": 9.000058640591297,
  "summary_bg_mad": 3.928087258387872,
  "summary_bg_mean": 8.544447898864746,
  "summary_bg_median": 6.975907802581787,
  "summary_bg_n": 3127166.0,
  "summary_bg_p05": 2.590614080429077,
  "summary_bg_p95": 18.95848321914673,
  "summary_bg_stdv": 5.607234954833984,
  "summary_csf_k": 36.143596892458135,
  "summary_csf_mad": 119.14591940448804,
  "summary_csf_mean": 387.8946228027344,
  "summary_csf_median": 362.5699157714844,
  "summary_csf_n": 74483.0,
  "summary_csf_p05": 242.70250244140624,
  "summary_csf_p95": 593.5783081054688,
  "summary_csf_stdv": 124.28875732421875,
  "summary_gm_k": 0.3845982858036141,
  "summary_gm_mad": 55.1268497503159,
  "summary_gm_mean": 765.1502685546875,
  "summary_gm_median": 765.648681640625,
  "summary_gm_n": 62544.0,
  "summary_gm_p05": 668.300112915039,
  "summary_gm_p95": 863.8189483642577,
  "summary_gm_stdv": 58.77579116821289,
  "summary_wm_k": 0.8032908433663435,
  "summary_wm_mad": 45.10426329296461,
  "summary_wm_mean": 997.9509887695312,
  "summary_wm_median": 1000.015380859375,
  "summary_wm_n": 318883.0,
  "summary_wm_p05": 911.4241455078126,
  "summary_wm_p95": 1075.1834228515625,
  "summary_wm_stdv": 49.784820556640625,
  "tpm_overlap_csf": 0.15369844436645508,
  "tpm_overlap_gm": 0.4432133436203003,
  "tpm_overlap_wm": 0.4827995002269745,
  "wm2max": 0.5483218476387115
}