{
  "bids_meta": {
    "AcquisitionMatrixPE": 256,
    "AcquisitionNumber": 1,
    "AcquisitionTime": "08:29:45.160000",
    "BaseResolution": 256,
    "BodyPartExamined": "BRAIN",
    "ConsistencyInfo": "N4_VE11C_LATEST_20160120",
    "ConversionSoftware": "dcm2niix",
    "ConversionSoftwareVersion": "v1.0.20200427",
    "DeviceSerialNumber": "45250",
    "DwellTime": 9.2e-06,
    "EchoTime": 0.00218,
    "FlipAngle": 8,
    "ImageOrientationPatientDICOM": [
      -0.0786733,
      0.957803,
      0.276448,
      0.0510299,
      0.280813,
      -0.958405
    ],
    "ImageType": [
      "ORIGINAL",
      "PRIMARY",
      "M",
      "NORM",
      "DIS3D",
      "DIS2D"
    ],
    "ImagingFrequency": 123.24,
    "InPlanePhaseEncodingDirectionDICOM": "ROW",
    "InstitutionAddress": "Kopernikusstr._26_Graz_Graz_AT_8010",
    "InstitutionName": "KFU",
    "InstitutionalDepartmentName": "Department",
    "InversionTime": 1,
    "MRAcquisitionType": "3D",
    "MagneticFieldStrength": 3,
    "Manufacturer": "Siemens",
    "ManufacturersModelName": "Skyra",
    "Modality": "MR",
    "ParallelReductionFactorInPlane": 2,
    "PartialFourier": 1,
    "PatientPosition": "HFS",
    "PercentPhaseFOV": 100,
    "PercentSampling": 100,
    "PhaseEncodingSteps": 294,
    "PhaseOversampling": 0.15,
    "PhaseResolution": 1,
    "PixelBandwidth": 210,
    "ProcedureStepDescription": "KFU_BioPsy",
    "ProtocolName": "T1_Pat4_088mm_Pat2_224Sl",
    "PulseSequenceDetails": "%SiemensSeq%_tfl",
    "ReceiveCoilActiveElements": "HEA;HEP",
    "ReceiveCoilName": "Head_32",
    "ReconMatrixPE": 256,
    "RefLinesPE": 24,
    "RepetitionTime": 2.2,
    "SAR": 0.0554647,
    "ScanOptions": "IR_WE",
    "ScanningSequence": "GR_IR",
    "SequenceName": "_tfl3d1_16ns",
    "SequenceVariant": "SK_SP_MP_OSP",
    "SeriesDescription": "T1_Pat4_088mm_Pat2_224Sl",
    "SeriesNumber": 9,
    "ShimSetting": [
      -1115,
      -3188,
      -4526,
      306,
      787,
      206,
      505,
      -860
    ],
    "SliceThickness": 0.88,
    "SoftwareVersions": "syngo_MR_E11",
    "StationName": "FBMTMR1",
    "TxRefAmp": 320.04,
    "acq_id": "MPrageHiRes",
    "dataset": "<unset>",
    "modality": "T1w",
    "session_id": "1",
    "subject_id": "season120"
  },
  "cjv": 0.3805332456559984,
  "cnr": 3.312718649468866,
  "efc": 0.5656904572128929,
  "fber": 4103.73974609375,
  "fwhm_avg": 4.207823059362324,
  "fwhm_x": 4.104897749515543,
  "fwhm_y": 4.290754285714286,
  "fwhm_z": 4.227817142857143,
  "icvs_csf": 0.1906016766399616,
  "icvs_gm": 0.4314986698905368,
  "icvs_wm": 0.3778996534695016,
  "inu_med": 1.3039402961730957,
  "inu_range": 0.41531023979186976,
  "provenance": {
    "md5sum": "f71c4690ddc16390d115168710eba062",
    "settings": {
      "testing": false
    },
    "software": "mriqc",
    "version": "0.15.2",
    "warnings": {
      "large_rot_frame": true,
      "small_air_mask": false
    },
    "webapi_port": null,
    "webapi_url": "https://mriqc.nimh.nih.gov/api/v1"
  },
  "qi_1": 0.0,
  "qi_2": 0.0027341412932860034,
  "rpve_csf": 22.294871519850453,
  "rpve_gm": 10.915072947514977,
  "rpve_wm": 14.72467820961652,
  "size_x": 224,
  "size_y": 256,
  "size_z": 256,
  "snr_csf": 2.6447000595739336,
  "snr_gm": 12.540534169245547,
  "snr_total": 14.2266873036029,
  "snr_wm": 27.494827681989218,
  "snrd_csf": 65.74559732280494,
  "snrd_gm": 133.1009488275149,
  "snrd_total": 124.32421996021885,
  "snrd_wm": 174.12611373033673,
  "spacing_x": 0.8799999952316284,
  "spacing_y": 0.875,
  "spacing_z": 0.875,
  "summary_bg_k": 9.348500376097372,
  "summary_bg_mad": 3.762495350770882,
  "summary_bg_mean": 7.476889610290527,
  "summary_bg_median": 6.782423973083496,
  "summary_bg_n": 3032906.0,
  "summary_bg_p05": 2.542331278324127,
  "summary_bg_p95": 15.59824275970459,
  "summary_bg_stdv": 4.492232322692871,
  "summary_csf_k": 22.14076257312205,
  "summary_csf_mad": 139.8922154874634,
  "summary_csf_mean": 401.2529296875,
  "summary_csf_median": 377.5816955566406,
  "summary_csf_n": 40023.0,
  "summary_csf_p05": 228.6490524291992,
  "summary_csf_p95": 611.5469665527344,
  "summary_csf_stdv": 142.7674102783203,
  "summary_gm_k": 0.37195212300699554,
  "summary_gm_mad": 57.43364270406009,
  "summary_gm_mean": 764.501953125,
  "summary_gm_median": 764.4083251953125,
  "summary_gm_n": 52954.0,
  "summary_gm_p05": 665.3854431152345,
  "summary_gm_p95": 866.4647552490234,
  "summary_gm_stdv": 60.954429626464844,
  "summary_wm_k": 1.453658877480561,
  "summary_wm_mad": 32.22397553798107,
  "summary_wm_mean": 999.2337646484375,
  "summary_wm_median": 1000.018798828125,
  "summary_wm_n": 379041.0,
  "summary_wm_p05": 939.43310546875,
  "summary_wm_p95": 1055.7967529296875,
  "summary_wm_stdv": 36.37111282348633,
  "tpm_overlap_csf": 0.14972355961799622,
  "tpm_overlap_gm": 0.43894538283348083,
  "tpm_overlap_wm": 0.4873758554458618,
  "wm2max": 0.5629405565643434
}