{
  "bids_meta": {
    "AcquisitionMatrixPE": 256,
    "AcquisitionNumber": 1,
    "AcquisitionTime": "11:10:34.110000",
    "BaseResolution": 256,
    "BodyPartExamined": "HEAD",
    "ConsistencyInfo": "N4_VE11C_LATEST_20160120",
    "ConversionSoftware": "dcm2niix",
    "ConversionSoftwareVersion": "v1.0.20200427",
    "DeviceSerialNumber": "45250",
    "DwellTime": 9.2e-06,
    "EchoTime": 0.00218,
    "FlipAngle": 8,
    "ImageOrientationPatientDICOM": [
      0.0287264,
      0.999581,
      -0.00348975,
      0.022272,
      -0.00413038,
      -0.999743
    ],
    "ImageType": [
      "ORIGINAL",
      "PRIMARY",
      "M",
      "NORM",
      "DIS3D",
      "DIS2D"
    ],
    "ImagingFrequency": 123.239,
    "InPlanePhaseEncodingDirectionDICOM": "ROW",
    "InstitutionAddress": "Kopernikusstr._26_Graz_Graz_AT_8010",
    "InstitutionName": "KFU",
    "InstitutionalDepartmentName": "Department",
    "InversionTime": 1,
    "MRAcquisitionType": "3D",
    "MagneticFieldStrength": 3,
    "Manufacturer": "Siemens",
    "ManufacturersModelName": "Skyra",
    "Modality": "MR",
    "ParallelReductionFactorInPlane": 2,
    "PartialFourier": 1,
    "PatientPosition": "HFS",
    "PercentPhaseFOV": 100,
    "PercentSampling": 100,
    "PhaseEncodingSteps": 294,
    "PhaseOversampling": 0.15,
    "PhaseResolution": 1,
    "PixelBandwidth": 210,
    "ProcedureStepDescription": "BioPsy_2018",
    "ProtocolName": "anat-T1w",
    "PulseSequenceDetails": "%SiemensSeq%_tfl",
    "ReceiveCoilActiveElements": "HEA;HEP",
    "ReceiveCoilName": "Head_32",
    "ReconMatrixPE": 256,
    "RefLinesPE": 24,
    "RepetitionTime": 2.2,
    "SAR": 0.0472131,
    "ScanOptions": "IR_WE",
    "ScanningSequence": "GR_IR",
    "SequenceName": "_tfl3d1_16ns",
    "SequenceVariant": "SK_SP_MP_OSP",
    "SeriesDescription": "anat-T1w",
    "SeriesNumber": 9,
    "ShimSetting": [
      -1096,
      -3127,
      -4391,
      491,
      913,
      165,
      279,
      -911
    ],
    "SliceThickness": 0.88,
    "SoftwareVersions": "syngo_MR_E11",
    "StationName": "FBMTMR1",
    "TxRefAmp": 322.307,
    "acq_id": "MPrageHiRes",
    "dataset": "<unset>",
    "modality": "T1w",
    "session_id": "2",
    "subject_id": "season216"
  },
  "cjv": 0.44295823323412714,
  "cnr": 2.87815608695379,
  "efc": 0.5841918445105004,
  "fber": 2745.763916015625,
  "fwhm_avg": 4.336812107282555,
  "fwhm_x": 4.271647750419095,
  "fwhm_y": 4.472354285714286,
  "fwhm_z": 4.266434285714285,
  "icvs_csf": 0.19718050834745768,
  "icvs_gm": 0.4188957612353511,
  "icvs_wm": 0.3839237304171912,
  "inu_med": 1.3754888772964478,
  "inu_range": 0.45245566368102996,
  "provenance": {
    "md5sum": "264d464b2be9a7fb00086c0bf55bc4d6",
    "settings": {
      "testing": false
    },
    "software": "mriqc",
    "version": "0.15.2",
    "warnings": {
      "large_rot_frame": true,
      "small_air_mask": false
    },
    "webapi_port": null,
    "webapi_url": "https://mriqc.nimh.nih.gov/api/v1"
  },
  "qi_1": 0.0,
  "qi_2": 0.0017816501824949114,
  "rpve_csf": 24.110663037936128,
  "rpve_gm": 12.401212444356057,
  "rpve_wm": 16.032548493968285,
  "size_x": 224,
  "size_y": 256,
  "size_z": 256,
  "snr_csf": 2.6067264671371566,
  "snr_gm": 12.140212291708558,
  "snr_total": 13.148019436365923,
  "snr_wm": 24.69711955025205,
  "snrd_csf": 51.42502206620741,
  "snrd_gm": 115.50027263403985,
  "snrd_total": 104.96460036359811,
  "snrd_wm": 147.96850639054708,
  "spacing_x": 0.8799999952316284,
  "spacing_y": 0.875,
  "spacing_z": 0.875,
  "summary_bg_k": 6.532367756195564,
  "summary_bg_mad": 4.427616589771308,
  "summary_bg_mean": 10.137772560119629,
  "summary_bg_median": 8.898406982421875,
  "summary_bg_n": 2718412.0,
  "summary_bg_p05": 2.97095240354538,
  "summary_bg_p95": 21.884455204010006,
  "summary_bg_stdv": 6.236721992492676,
  "summary_csf_k": 30.447184394214382,
  "summary_csf_mad": 97.7127072179558,
  "summary_csf_mean": 379.81573486328125,
  "summary_csf_median": 347.54638671875,
  "summary_csf_n": 36603.0,
  "summary_csf_p05": 237.2810775756836,
  "summary_csf_p95": 594.4436340332031,
  "summary_csf_stdv": 133.32493591308594,
  "summary_gm_k": 0.34740424476677223,
  "summary_gm_mad": 59.92684682541424,
  "summary_gm_mean": 783.6202392578125,
  "summary_gm_median": 780.5869750976562,
  "summary_gm_n": 45799.0,
  "summary_gm_p05": 683.5085388183594,
  "summary_gm_p95": 898.2598144531249,
  "summary_gm_stdv": 64.29693603515625,
  "summary_wm_k": 0.7659741118433359,
  "summary_wm_mad": 37.27169133702711,
  "summary_wm_mean": 999.6847534179688,
  "summary_wm_median": 1000.0174560546875,
  "summary_wm_n": 365712.0,
  "summary_wm_p05": 932.8717437744141,
  "summary_wm_p95": 1065.0326660156252,
  "summary_wm_stdv": 40.49120330810547,
  "tpm_overlap_csf": 0.16272903978824615,
  "tpm_overlap_gm": 0.4353444278240204,
  "tpm_overlap_wm": 0.5022066831588745,
  "wm2max": 0.5187328489782241
}