{
  "bids_meta": {
    "AcquisitionMatrixPE": 256,
    "AcquisitionNumber": 1,
    "AcquisitionTime": "10:57:37.160000",
    "BaseResolution": 256,
    "BodyPartExamined": "HEAD",
    "ConsistencyInfo": "N4_VE11C_LATEST_20160120",
    "ConversionSoftware": "dcm2niix",
    "ConversionSoftwareVersion": "v1.0.20200427",
    "DeviceSerialNumber": "45250",
    "DwellTime": 9.2e-06,
    "EchoTime": 0.00218,
    "FlipAngle": 8,
    "ImageOrientationPatientDICOM": [
      -0.0457335,
      0.998545,
      0.0285838,
      0.0485404,
      0.0308013,
      -0.998346
    ],
    "ImageType": [
      "ORIGINAL",
      "PRIMARY",
      "M",
      "NORM",
      "DIS3D",
      "DIS2D"
    ],
    "ImagingFrequency": 123.24,
    "InPlanePhaseEncodingDirectionDICOM": "ROW",
    "InstitutionAddress": "Kopernikusstr._26_Graz_Graz_AT_8010",
    "InstitutionName": "KFU",
    "InstitutionalDepartmentName": "Department",
    "InversionTime": 1,
    "MRAcquisitionType": "3D",
    "MagneticFieldStrength": 3,
    "Manufacturer": "Siemens",
    "ManufacturersModelName": "Skyra",
    "Modality": "MR",
    "ParallelReductionFactorInPlane": 2,
    "PartialFourier": 1,
    "PatientPosition": "HFS",
    "PercentPhaseFOV": 100,
    "PercentSampling": 100,
    "PhaseEncodingSteps": 294,
    "PhaseOversampling": 0.15,
    "PhaseResolution": 1,
    "PixelBandwidth": 210,
    "ProcedureStepDescription": "KFU_BioPsy",
    "ProtocolName": "T1_Pat4_088mm_Pat2_224Sl",
    "PulseSequenceDetails": "%SiemensSeq%_tfl",
    "ReceiveCoilActiveElements": "HEA;HEP",
    "ReceiveCoilName": "Head_32",
    "ReconMatrixPE": 256,
    "RefLinesPE": 24,
    "RepetitionTime": 2.2,
    "SAR": 0.0632352,
    "ScanOptions": "IR_WE",
    "ScanningSequence": "GR_IR",
    "SequenceName": "_tfl3d1_16ns",
    "SequenceVariant": "SK_SP_MP_OSP",
    "SeriesDescription": "T1_Pat4_088mm_Pat2_224Sl",
    "SeriesNumber": 9,
    "ShimSetting": [
      -1123,
      -3006,
      -4376,
      420,
      818,
      580,
      174,
      -928
    ],
    "SliceThickness": 0.88,
    "SoftwareVersions": "syngo_MR_E11",
    "StationName": "FBMTMR1",
    "TxRefAmp": 314.226,
    "acq_id": "MPrageHiRes",
    "dataset": "<unset>",
    "modality": "T1w",
    "session_id": "2",
    "subject_id": "season133"
  },
  "cjv": 0.5559723313582526,
  "cnr": 2.3951517715281017,
  "efc": 0.5607227825472961,
  "fber": 2956.224365234375,
  "fwhm_avg": 4.067581695550245,
  "fwhm_x": 4.007613658079308,
  "fwhm_y": 4.146388571428571,
  "fwhm_z": 4.048742857142857,
  "icvs_csf": 0.17101409366072412,
  "icvs_gm": 0.4490639413046836,
  "icvs_wm": 0.3799219650345923,
  "inu_med": 1.4205944538116455,
  "inu_range": 0.5317172408103943,
  "provenance": {
    "md5sum": "e89e6d5b972dd68108cef72a9100edc3",
    "settings": {
      "testing": false
    },
    "software": "mriqc",
    "version": "0.15.2",
    "warnings": {
      "large_rot_frame": true,
      "small_air_mask": false
    },
    "webapi_port": null,
    "webapi_url": "https://mriqc.nimh.nih.gov/api/v1"
  },
  "qi_1": 0.0,
  "qi_2": 0.0025949671374806767,
  "rpve_csf": 27.07066996726024,
  "rpve_gm": 11.8444767299098,
  "rpve_wm": 15.915283206591244,
  "size_x": 224,
  "size_y": 256,
  "size_z": 256,
  "snr_csf": 1.750032976474353,
  "snr_gm": 11.450240348819252,
  "snr_total": 11.277693297069169,
  "snr_wm": 20.6328065659139,
  "snrd_csf": 60.41769108117176,
  "snrd_gm": 112.80927695848403,
  "snrd_total": 104.95654844686351,
  "snrd_wm": 141.64267730093474,
  "spacing_x": 0.8799999952316284,
  "spacing_y": 0.875,
  "spacing_z": 0.875,
  "summary_bg_k": 10.792966917978003,
  "summary_bg_mad": 4.625417587180128,
  "summary_bg_mean": 9.68536376953125,
  "summary_bg_median": 8.314485549926758,
  "summary_bg_n": 3078485.0,
  "summary_bg_p05": 3.1092365264892576,
  "summary_bg_p95": 20.659676742553714,
  "summary_bg_stdv": 6.02834939956665,
  "summary_csf_k": 23.452954776037934,
  "summary_csf_mad": 155.11800366072762,
  "summary_csf_mean": 463.71514892578125,
  "summary_csf_median": 426.56317138671875,
  "summary_csf_n": 28210.0,
  "summary_csf_p05": 247.98808898925782,
  "summary_csf_p95": 678.9572296142578,
  "summary_csf_stdv": 243.74147033691406,
  "summary_gm_k": -0.0020497341937546487,
  "summary_gm_mad": 69.05140200734745,
  "summary_gm_mean": 798.5030517578125,
  "summary_gm_median": 796.4601440429688,
  "summary_gm_n": 64483.0,
  "summary_gm_p05": 688.7510192871093,
  "summary_gm_p95": 918.5697631835935,
  "summary_gm_stdv": 69.5578384399414,
  "summary_wm_k": 0.6880979005471648,
  "summary_wm_mad": 44.128228897896165,
  "summary_wm_mean": 999.3442993164062,
  "summary_wm_median": 1000.03076171875,
  "summary_wm_n": 333768.0,
  "summary_wm_p05": 917.1325531005859,
  "summary_wm_p95": 1077.4269104003906,
  "summary_wm_stdv": 48.46792221069336,
  "tpm_overlap_csf": 0.1556258350610733,
  "tpm_overlap_gm": 0.45484602451324463,
  "tpm_overlap_wm": 0.494043231010437,
  "wm2max": 0.4761863985103791
}