{
  "bids_meta": {
    "AcquisitionMatrixPE": 256,
    "AcquisitionNumber": 1,
    "AcquisitionTime": "14:04:16.160000",
    "BaseResolution": 256,
    "BodyPartExamined": "HEAD",
    "ConsistencyInfo": "N4_VE11C_LATEST_20160120",
    "ConversionSoftware": "dcm2niix",
    "ConversionSoftwareVersion": "v1.0.20200427",
    "DeviceSerialNumber": "45250",
    "DwellTime": 9.2e-06,
    "EchoTime": 0.00218,
    "FlipAngle": 8,
    "ImageOrientationPatientDICOM": [
      0.017688,
      0.999404,
      0.0296403,
      -0.0412881,
      0.0303498,
      -0.998686
    ],
    "ImageType": [
      "ORIGINAL",
      "PRIMARY",
      "M",
      "NORM",
      "DIS3D",
      "DIS2D"
    ],
    "ImagingFrequency": 123.24,
    "InPlanePhaseEncodingDirectionDICOM": "ROW",
    "InstitutionAddress": "Kopernikusstr._26_Graz_Graz_AT_8010",
    "InstitutionName": "KFU",
    "InstitutionalDepartmentName": "Department",
    "InversionTime": 1,
    "MRAcquisitionType": "3D",
    "MagneticFieldStrength": 3,
    "Manufacturer": "Siemens",
    "ManufacturersModelName": "Skyra",
    "Modality": "MR",
    "ParallelReductionFactorInPlane": 2,
    "PartialFourier": 1,
    "PatientPosition": "HFS",
    "PercentPhaseFOV": 100,
    "PercentSampling": 100,
    "PhaseEncodingSteps": 294,
    "PhaseOversampling": 0.15,
    "PhaseResolution": 1,
    "PixelBandwidth": 210,
    "ProcedureStepDescription": "KFU_BioPsy",
    "ProtocolName": "T1_Pat4_088mm_Pat2_224Sl",
    "PulseSequenceDetails": "%SiemensSeq%_tfl",
    "ReceiveCoilActiveElements": "HEA;HEP",
    "ReceiveCoilName": "Head_32",
    "ReconMatrixPE": 256,
    "RefLinesPE": 24,
    "RepetitionTime": 2.2,
    "SAR": 0.0586663,
    "ScanOptions": "IR_WE",
    "ScanningSequence": "GR_IR",
    "SequenceName": "_tfl3d1_16ns",
    "SequenceVariant": "SK_SP_MP_OSP",
    "SeriesDescription": "T1_Pat4_088mm_Pat2_224Sl",
    "SeriesNumber": 9,
    "ShimSetting": [
      -1135,
      -3191,
      -4336,
      387,
      986,
      198,
      479,
      -843
    ],
    "SliceThickness": 0.88,
    "SoftwareVersions": "syngo_MR_E11",
    "StationName": "FBMTMR1",
    "TxRefAmp": 318.462,
    "acq_id": "MPrageHiRes",
    "dataset": "<unset>",
    "modality": "T1w",
    "session_id": "1",
    "subject_id": "season138"
  },
  "cjv": 0.38680860281148827,
  "cnr": 3.2614692140643475,
  "efc": 0.5688226286706868,
  "fber": 4158.37353515625,
  "fwhm_avg": 4.251211847448619,
  "fwhm_x": 4.2197841137744305,
  "fwhm_y": 4.2092342857142855,
  "fwhm_z": 4.324617142857143,
  "icvs_csf": 0.1866476795134467,
  "icvs_gm": 0.44514053510545776,
  "icvs_wm": 0.3682117853810955,
  "inu_med": 1.4678722620010376,
  "inu_range": 0.5856969654560089,
  "provenance": {
    "md5sum": "e434e12953ef0ff78eecbb6417cd6daf",
    "settings": {
      "testing": false
    },
    "software": "mriqc",
    "version": "0.15.2",
    "warnings": {
      "large_rot_frame": true,
      "small_air_mask": false
    },
    "webapi_port": null,
    "webapi_url": "https://mriqc.nimh.nih.gov/api/v1"
  },
  "qi_1": 0.0,
  "qi_2": 0.0020384822985351097,
  "rpve_csf": 25.89941046098503,
  "rpve_gm": 12.073362566412895,
  "rpve_wm": 16.63245883863604,
  "size_x": 224,
  "size_y": 256,
  "size_z": 256,
  "snr_csf": 3.135187282708599,
  "snr_gm": 12.358786294299888,
  "snr_total": 12.486978595343343,
  "snr_wm": 21.96696220902154,
  "snrd_csf": 56.35699114261147,
  "snrd_gm": 127.18984343674947,
  "snrd_total": 117.58618476534998,
  "snrd_wm": 169.211719716689,
  "spacing_x": 0.8799999952316284,
  "spacing_y": 0.875,
  "spacing_z": 0.875,
  "summary_bg_k": 10.309019595199086,
  "summary_bg_mad": 3.871746801806,
  "summary_bg_mean": 7.762192249298096,
  "summary_bg_median": 6.291640758514404,
  "summary_bg_n": 3281354.0,
  "summary_bg_p05": 1.7818300306797028,
  "summary_bg_p95": 17.248167705535888,
  "summary_bg_stdv": 5.14570426940918,
  "summary_csf_k": 21.469542440539445,
  "summary_csf_mad": 81.10686559108596,
  "summary_csf_mean": 355.76568603515625,
  "summary_csf_median": 333.0604248046875,
  "summary_csf_n": 33015.0,
  "summary_csf_p05": 232.58337554931643,
  "summary_csf_p95": 554.0658020019531,
  "summary_csf_stdv": 106.23141479492188,
  "summary_gm_k": 0.5975300566022019,
  "summary_gm_mad": 56.323681839058274,
  "summary_gm_mean": 753.00537109375,
  "summary_gm_median": 751.6707763671875,
  "summary_gm_n": 51653.0,
  "summary_gm_p05": 657.33623046875,
  "summary_gm_p95": 858.7628540039062,
  "summary_gm_stdv": 60.82017135620117,
  "summary_wm_k": 1.1642914121438235,
  "summary_wm_mad": 39.73725050124298,
  "summary_wm_mean": 996.4801025390625,
  "summary_wm_median": 1000.0130615234375,
  "summary_wm_n": 312909.0,
  "summary_wm_p05": 913.5334716796875,
  "summary_wm_p95": 1063.8909179687498,
  "summary_wm_stdv": 45.52342987060547,
  "tpm_overlap_csf": 0.16608275473117828,
  "tpm_overlap_gm": 0.450142502784729,
  "tpm_overlap_wm": 0.507847011089325,
  "wm2max": 0.5494178085610886
}