{
  "bids_meta": {
    "AcquisitionMatrixPE": 256,
    "AcquisitionNumber": 1,
    "AcquisitionTime": "10:56:16.105000",
    "BaseResolution": 256,
    "BodyPartExamined": "HEAD",
    "ConsistencyInfo": "N4_VE11C_LATEST_20160120",
    "ConversionSoftware": "dcm2niix",
    "ConversionSoftwareVersion": "v1.0.20200427",
    "DeviceSerialNumber": "45250",
    "DwellTime": 9.2e-06,
    "EchoTime": 0.00218,
    "FlipAngle": 8,
    "ImageOrientationPatientDICOM": [
      0.0172636,
      0.999613,
      -0.0218149,
      -0.00106767,
      -0.0217997,
      -0.999762
    ],
    "ImageType": [
      "ORIGINAL",
      "PRIMARY",
      "M",
      "NORM",
      "DIS3D",
      "DIS2D"
    ],
    "ImagingFrequency": 123.24,
    "InPlanePhaseEncodingDirectionDICOM": "ROW",
    "InstitutionAddress": "Kopernikusstr._26_Graz_Graz_AT_8010",
    "InstitutionName": "KFU",
    "InstitutionalDepartmentName": "Department",
    "InversionTime": 1,
    "MRAcquisitionType": "3D",
    "MagneticFieldStrength": 3,
    "Manufacturer": "Siemens",
    "ManufacturersModelName": "Skyra",
    "Modality": "MR",
    "ParallelReductionFactorInPlane": 2,
    "PartialFourier": 1,
    "PatientPosition": "HFS",
    "PercentPhaseFOV": 100,
    "PercentSampling": 100,
    "PhaseEncodingSteps": 294,
    "PhaseOversampling": 0.15,
    "PhaseResolution": 1,
    "PixelBandwidth": 210,
    "ProcedureStepDescription": "KFU_BioPsy",
    "ProtocolName": "T1_Pat4_088mm_Pat2_224Sl",
    "PulseSequenceDetails": "%SiemensSeq%_tfl",
    "ReceiveCoilActiveElements": "HEA;HEP",
    "ReceiveCoilName": "Head_32",
    "ReconMatrixPE": 256,
    "RefLinesPE": 24,
    "RepetitionTime": 2.2,
    "SAR": 0.0554159,
    "ScanOptions": "IR_WE",
    "ScanningSequence": "GR_IR",
    "SequenceName": "_tfl3d1_16ns",
    "SequenceVariant": "SK_SP_MP_OSP",
    "SeriesDescription": "T1_Pat4_088mm_Pat2_224Sl",
    "SeriesNumber": 9,
    "ShimSetting": [
      -1092,
      -3146,
      -4318,
      427,
      1019,
      182,
      375,
      -891
    ],
    "SliceThickness": 0.88,
    "SoftwareVersions": "syngo_MR_E11",
    "StationName": "FBMTMR1",
    "TxRefAmp": 337.242,
    "acq_id": "MPrageHiRes",
    "dataset": "<unset>",
    "modality": "T1w",
    "session_id": "3",
    "subject_id": "season130"
  },
  "cjv": 0.5434289568763196,
  "cnr": 2.401431276451088,
  "efc": 0.6063344586349525,
  "fber": 3927.723876953125,
  "fwhm_avg": 4.310538276120518,
  "fwhm_x": 4.27540911407584,
  "fwhm_y": 4.348765714285714,
  "fwhm_z": 4.307440000000001,
  "icvs_csf": 0.19771553592027707,
  "icvs_gm": 0.4459618469041356,
  "icvs_wm": 0.35632261717558733,
  "inu_med": 1.469629168510437,
  "inu_range": 0.6020366311073302,
  "provenance": {
    "md5sum": "6e5f91689a6b177afe6cac39e3235992",
    "settings": {
      "testing": false
    },
    "software": "mriqc",
    "version": "0.15.2",
    "warnings": {
      "large_rot_frame": true,
      "small_air_mask": false
    },
    "webapi_port": null,
    "webapi_url": "https://mriqc.nimh.nih.gov/api/v1"
  },
  "qi_1": 0.0,
  "qi_2": 0.002390377843839441,
  "rpve_csf": 22.83108572073583,
  "rpve_gm": 11.036347817053217,
  "rpve_wm": 15.511941942411099,
  "size_x": 224,
  "size_y": 256,
  "size_z": 256,
  "snr_csf": 3.066707348471126,
  "snr_gm": 11.573554485131565,
  "snr_total": 11.079733706527199,
  "snr_wm": 18.5989392859789,
  "snrd_csf": 56.502481324828075,
  "snrd_gm": 118.23068558080074,
  "snrd_total": 108.08052579354812,
  "snrd_wm": 149.50841047501552,
  "spacing_x": 0.8799999952316284,
  "spacing_y": 0.875,
  "spacing_z": 0.875,
  "summary_bg_k": 7.887120305783029,
  "summary_bg_mad": 4.3821120599625765,
  "summary_bg_mean": 9.107817649841309,
  "summary_bg_median": 7.890726089477539,
  "summary_bg_n": 3071066.0,
  "summary_bg_p05": 2.9522932171821594,
  "summary_bg_p95": 19.076127529144287,
  "summary_bg_stdv": 5.459095478057861,
  "summary_csf_k": -0.3758895164454197,
  "summary_csf_mad": 131.29775575206372,
  "summary_csf_mean": 398.69537353515625,
  "summary_csf_median": 377.9368896484375,
  "summary_csf_n": 43418.0,
  "summary_csf_p05": 232.50637969970703,
  "summary_csf_p95": 623.2778472900392,
  "summary_csf_stdv": 123.23723602294922,
  "summary_gm_k": 0.5067799706336813,
  "summary_gm_mad": 62.324130637221515,
  "summary_gm_mean": 796.0737915039062,
  "summary_gm_median": 790.827880859375,
  "summary_gm_n": 61398.0,
  "summary_gm_p05": 693.1158203125,
  "summary_gm_p95": 919.8946685791016,
  "summary_gm_stdv": 68.33003997802734,
  "summary_wm_k": 0.5442183530294624,
  "summary_wm_mad": 51.367814260946275,
  "summary_wm_mean": 1000.005859375,
  "summary_wm_median": 1000.0400390625,
  "summary_wm_n": 312476.0,
  "summary_wm_p05": 911.4074096679688,
  "summary_wm_p95": 1086.4014282226562,
  "summary_wm_stdv": 53.76857376098633,
  "tpm_overlap_csf": 0.1608046591281891,
  "tpm_overlap_gm": 0.4571719467639923,
  "tpm_overlap_wm": 0.49109870195388794,
  "wm2max": 0.5740505900724697
}