{
  "bids_meta": {
    "AcquisitionMatrixPE": 256,
    "AcquisitionNumber": 1,
    "AcquisitionTime": "13:53:23.142500",
    "BaseResolution": 256,
    "BodyPartExamined": "HEAD",
    "ConsistencyInfo": "N4_VE11C_LATEST_20160120",
    "ConversionSoftware": "dcm2niix",
    "ConversionSoftwareVersion": "v1.0.20200427",
    "DeviceSerialNumber": "45250",
    "DwellTime": 9.2e-06,
    "EchoTime": 0.00218,
    "FlipAngle": 8,
    "ImageOrientationPatientDICOM": [
      -0.0297369,
      0.995285,
      0.0923183,
      -0.0365281,
      0.0912154,
      -0.995161
    ],
    "ImageType": [
      "ORIGINAL",
      "PRIMARY",
      "M",
      "NORM",
      "DIS3D",
      "DIS2D"
    ],
    "ImagingFrequency": 123.24,
    "InPlanePhaseEncodingDirectionDICOM": "ROW",
    "InstitutionAddress": "Kopernikusstr._26_Graz_Graz_AT_8010",
    "InstitutionName": "KFU",
    "InstitutionalDepartmentName": "Department",
    "InversionTime": 1,
    "MRAcquisitionType": "3D",
    "MagneticFieldStrength": 3,
    "Manufacturer": "Siemens",
    "ManufacturersModelName": "Skyra",
    "Modality": "MR",
    "ParallelReductionFactorInPlane": 2,
    "PartialFourier": 1,
    "PatientPosition": "HFS",
    "PercentPhaseFOV": 100,
    "PercentSampling": 100,
    "PhaseEncodingSteps": 294,
    "PhaseOversampling": 0.15,
    "PhaseResolution": 1,
    "PixelBandwidth": 210,
    "ProcedureStepDescription": "KFU_BioPsy",
    "ProtocolName": "T1_Pat4_088mm_Pat2_224Sl",
    "PulseSequenceDetails": "%SiemensSeq%_tfl",
    "ReceiveCoilActiveElements": "HEA;HEP",
    "ReceiveCoilName": "Head_32",
    "ReconMatrixPE": 256,
    "RefLinesPE": 24,
    "RepetitionTime": 2.2,
    "SAR": 0.0585177,
    "ScanOptions": "IR_WE",
    "ScanningSequence": "GR_IR",
    "SequenceName": "_tfl3d1_16ns",
    "SequenceVariant": "SK_SP_MP_OSP",
    "SeriesDescription": "T1_Pat4_088mm_Pat2_224Sl",
    "SeriesNumber": 9,
    "ShimSetting": [
      -1126,
      -3180,
      -4373,
      316,
      960,
      -126,
      317,
      -906
    ],
    "SliceThickness": 0.88,
    "SoftwareVersions": "syngo_MR_E11",
    "StationName": "FBMTMR1",
    "TxRefAmp": 317.84,
    "acq_id": "MPrageHiRes",
    "dataset": "<unset>",
    "modality": "T1w",
    "session_id": "3",
    "subject_id": "season137"
  },
  "cjv": 0.3985907693961032,
  "cnr": 3.030897290880042,
  "efc": 0.5582850888228841,
  "fber": 4240.7880859375,
  "fwhm_avg": 4.231416111447011,
  "fwhm_x": 4.180545477198176,
  "fwhm_y": 4.2548,
  "fwhm_z": 4.258902857142857,
  "icvs_csf": 0.18630334281566654,
  "icvs_gm": 0.4292492578618634,
  "icvs_wm": 0.3844473993224701,
  "inu_med": 1.364074945449829,
  "inu_range": 0.45052100419998165,
  "provenance": {
    "md5sum": "adf24f5ec02122fe697fae435e8d5e5f",
    "settings": {
      "testing": false
    },
    "software": "mriqc",
    "version": "0.15.2",
    "warnings": {
      "large_rot_frame": true,
      "small_air_mask": false
    },
    "webapi_port": null,
    "webapi_url": "https://mriqc.nimh.nih.gov/api/v1"
  },
  "qi_1": 0.0,
  "qi_2": 0.0025282377836213944,
  "rpve_csf": 25.398431220764095,
  "rpve_gm": 12.242303620795138,
  "rpve_wm": 16.08226322599718,
  "size_x": 224,
  "size_y": 256,
  "size_z": 256,
  "snr_csf": 3.0558898323305153,
  "snr_gm": 11.518026026795251,
  "snr_total": 13.123621801351874,
  "snr_wm": 24.796949544929852,
  "snrd_csf": 61.60801873283946,
  "snrd_gm": 128.145365082825,
  "snrd_total": 119.14623431572824,
  "snrd_wm": 167.68531913152023,
  "spacing_x": 0.8799999952316284,
  "spacing_y": 0.875,
  "spacing_z": 0.875,
  "summary_bg_k": 7.066852833279167,
  "summary_bg_mad": 3.907029045972832,
  "summary_bg_mean": 7.79273796081543,
  "summary_bg_median": 6.424250602722168,
  "summary_bg_n": 3136929.0,
  "summary_bg_p05": 1.8109193086624145,
  "summary_bg_p95": 16.998108291625982,
  "summary_bg_stdv": 4.925975322723389,
  "summary_csf_k": 0.7924897615718414,
  "summary_csf_mad": 119.04737486005735,
  "summary_csf_mean": 397.72674560546875,
  "summary_csf_median": 367.4110107421875,
  "summary_csf_n": 32481.0,
  "summary_csf_p05": 242.9061279296875,
  "summary_csf_p95": 604.7877807617188,
  "summary_csf_stdv": 120.22859954833984,
  "summary_gm_k": 0.7981410170808712,
  "summary_gm_mad": 58.77806538230336,
  "summary_gm_mean": 768.8353881835938,
  "summary_gm_median": 764.218994140625,
  "summary_gm_n": 45263.0,
  "summary_gm_p05": 669.8421569824219,
  "summary_gm_p95": 890.9647155761718,
  "summary_gm_stdv": 66.34909057617188,
  "summary_wm_k": 1.1278965778704242,
  "summary_wm_mad": 35.21121449893064,
  "summary_wm_mean": 998.7147216796875,
  "summary_wm_median": 1000.02294921875,
  "summary_wm_n": 340496.0,
  "summary_wm_p05": 929.4891967773438,
  "summary_wm_p95": 1062.0883483886719,
  "summary_wm_stdv": 40.328407287597656,
  "tpm_overlap_csf": 0.16764585673809052,
  "tpm_overlap_gm": 0.4469248652458191,
  "tpm_overlap_wm": 0.5045261383056641,
  "wm2max": 0.6021410116137509
}