{
  "bids_meta": {
    "AcquisitionMatrixPE": 256,
    "AcquisitionNumber": 1,
    "AcquisitionTime": "07:52:22.852500",
    "BaseResolution": 256,
    "BodyPartExamined": "BRAIN",
    "ConsistencyInfo": "N4_VE11C_LATEST_20160120",
    "ConversionSoftware": "dcm2niix",
    "ConversionSoftwareVersion": "v1.0.20200427",
    "DeviceSerialNumber": "45250",
    "DwellTime": 9.2e-06,
    "EchoTime": 0.00218,
    "FlipAngle": 8,
    "ImageOrientationPatientDICOM": [
      -0.0227504,
      0.993413,
      0.112308,
      0.0199103,
      0.112765,
      -0.993422
    ],
    "ImageType": [
      "ORIGINAL",
      "PRIMARY",
      "M",
      "NORM",
      "DIS3D",
      "DIS2D"
    ],
    "ImagingFrequency": 123.24,
    "InPlanePhaseEncodingDirectionDICOM": "ROW",
    "InstitutionAddress": "Kopernikusstr._26_Graz_Graz_AT_8010",
    "InstitutionName": "KFU",
    "InstitutionalDepartmentName": "Department",
    "InversionTime": 1,
    "MRAcquisitionType": "3D",
    "MagneticFieldStrength": 3,
    "Manufacturer": "Siemens",
    "ManufacturersModelName": "Skyra",
    "Modality": "MR",
    "ParallelReductionFactorInPlane": 2,
    "PartialFourier": 1,
    "PatientPosition": "HFS",
    "PercentPhaseFOV": 100,
    "PercentSampling": 100,
    "PhaseEncodingSteps": 294,
    "PhaseOversampling": 0.15,
    "PhaseResolution": 1,
    "PixelBandwidth": 210,
    "ProcedureStepDescription": "KFU_BioPsy",
    "ProtocolName": "T1_Pat4_088mm_Pat2_224Sl",
    "PulseSequenceDetails": "%SiemensSeq%_tfl",
    "ReceiveCoilActiveElements": "HEA;HEP",
    "ReceiveCoilName": "Head_32",
    "ReconMatrixPE": 256,
    "RefLinesPE": 24,
    "RepetitionTime": 2.2,
    "SAR": 0.0617699,
    "ScanOptions": "IR_WE",
    "ScanningSequence": "GR_IR",
    "SequenceName": "_tfl3d1_16ns",
    "SequenceVariant": "SK_SP_MP_OSP",
    "SeriesDescription": "T1_Pat4_088mm_Pat2_224Sl",
    "SeriesNumber": 9,
    "ShimSetting": [
      -1160,
      -3117,
      -4471,
      388,
      843,
      -59,
      -31,
      -929
    ],
    "SliceThickness": 0.88,
    "SoftwareVersions": "syngo_MR_E11",
    "StationName": "FBMTMR1",
    "TxRefAmp": 321.127,
    "acq_id": "MPrageHiRes",
    "dataset": "<unset>",
    "modality": "T1w",
    "session_id": "1",
    "subject_id": "season119"
  },
  "cjv": 0.4927737150521067,
  "cnr": 2.6340381484475928,
  "efc": 0.5655864155242233,
  "fber": 2319.500244140625,
  "fwhm_avg": 4.0704925396912905,
  "fwhm_x": 3.9994204762167302,
  "fwhm_y": 4.077565714285714,
  "fwhm_z": 4.134491428571429,
  "icvs_csf": 0.18497797302403493,
  "icvs_gm": 0.44975994764839294,
  "icvs_wm": 0.36526207932757215,
  "inu_med": 1.4334681034088135,
  "inu_range": 0.5078869938850401,
  "provenance": {
    "md5sum": "0d9ff0da9a0dc3bce5cb958254ed2da3",
    "settings": {
      "testing": false
    },
    "software": "mriqc",
    "version": "0.15.2",
    "warnings": {
      "large_rot_frame": true,
      "small_air_mask": false
    },
    "webapi_port": null,
    "webapi_url": "https://mriqc.nimh.nih.gov/api/v1"
  },
  "qi_1": 2.078302110307963e-06,
  "qi_2": 0.0022403083995136096,
  "rpve_csf": 25.332109389940715,
  "rpve_gm": 11.812839023498007,
  "rpve_wm": 16.545611206974844,
  "size_x": 224,
  "size_y": 256,
  "size_z": 256,
  "snr_csf": 1.2640670662764932,
  "snr_gm": 11.920143549560164,
  "snr_total": 11.771277562777058,
  "snr_wm": 22.12962207249452,
  "snrd_csf": 40.21725912863882,
  "snrd_gm": 81.75924862812239,
  "snrd_total": 75.24458564065274,
  "snrd_wm": 103.75724916519698,
  "spacing_x": 0.8799999952316284,
  "spacing_y": 0.875,
  "spacing_z": 0.875,
  "summary_bg_k": 33.62657315102983,
  "summary_bg_mad": 6.314269680006362,
  "summary_bg_mean": 12.416383743286133,
  "summary_bg_median": 11.039297103881836,
  "summary_bg_n": 3109402.0,
  "summary_bg_p05": 3.389979362487793,
  "summary_bg_p95": 26.557679080963126,
  "summary_bg_stdv": 8.17560863494873,
  "summary_csf_k": 20.83484605206695,
  "summary_csf_mad": 158.0422836071798,
  "summary_csf_mean": 466.3849792480469,
  "summary_csf_median": 387.6179504394531,
  "summary_csf_n": 31751.0,
  "summary_csf_p05": 243.4242401123047,
  "summary_csf_p95": 723.7319641113281,
  "summary_csf_stdv": 306.638671875,
  "summary_gm_k": 0.1589627030038412,
  "summary_gm_mad": 64.52111293470614,
  "summary_gm_mean": 788.5369873046875,
  "summary_gm_median": 788.0037841796875,
  "summary_gm_n": 58460.0,
  "summary_gm_p05": 681.8615539550781,
  "summary_gm_p95": 900.698175048828,
  "summary_gm_stdv": 66.10633850097656,
  "summary_wm_k": 0.9047097084430673,
  "summary_wm_mad": 39.956238377755646,
  "summary_wm_mean": 999.2198486328125,
  "summary_wm_median": 1000.022705078125,
  "summary_wm_n": 317370.0,
  "summary_wm_p05": 922.0849822998047,
  "summary_wm_p95": 1071.8422973632812,
  "summary_wm_stdv": 45.18925476074219,
  "tpm_overlap_csf": 0.17083562910556793,
  "tpm_overlap_gm": 0.4610375165939331,
  "tpm_overlap_wm": 0.5192062258720398,
  "wm2max": 0.4722878938751542
}