{
  "bids_meta": {
    "AcquisitionMatrixPE": 256,
    "AcquisitionNumber": 1,
    "AcquisitionTime": "11:03:43.122500",
    "BaseResolution": 256,
    "BodyPartExamined": "HEAD",
    "ConsistencyInfo": "N4_VE11C_LATEST_20160120",
    "ConversionSoftware": "dcm2niix",
    "ConversionSoftwareVersion": "v1.0.20200427",
    "DeviceSerialNumber": "45250",
    "DwellTime": 9.2e-06,
    "EchoTime": 0.00218,
    "FlipAngle": 8,
    "ImageOrientationPatientDICOM": [
      0.0896845,
      0.994856,
      0.0471023,
      0.0174703,
      0.0457142,
      -0.998802
    ],
    "ImageType": [
      "ORIGINAL",
      "PRIMARY",
      "M",
      "NORM",
      "DIS3D",
      "DIS2D"
    ],
    "ImagingFrequency": 123.239,
    "InPlanePhaseEncodingDirectionDICOM": "ROW",
    "InstitutionAddress": "Kopernikusstr._26_Graz_Graz_AT_8010",
    "InstitutionName": "KFU",
    "InstitutionalDepartmentName": "Department",
    "InversionTime": 1,
    "MRAcquisitionType": "3D",
    "MagneticFieldStrength": 3,
    "Manufacturer": "Siemens",
    "ManufacturersModelName": "Skyra",
    "Modality": "MR",
    "ParallelReductionFactorInPlane": 2,
    "PartialFourier": 1,
    "PatientPosition": "HFS",
    "PercentPhaseFOV": 100,
    "PercentSampling": 100,
    "PhaseEncodingSteps": 294,
    "PhaseOversampling": 0.15,
    "PhaseResolution": 1,
    "PixelBandwidth": 210,
    "ProcedureStepDescription": "BioPsy_2018",
    "ProtocolName": "anat-T1w",
    "PulseSequenceDetails": "%SiemensSeq%_tfl",
    "ReceiveCoilActiveElements": "HEA;HEP",
    "ReceiveCoilName": "Head_32",
    "ReconMatrixPE": 256,
    "RefLinesPE": 24,
    "RepetitionTime": 2.2,
    "SAR": 0.0615122,
    "ScanOptions": "IR_WE",
    "ScanningSequence": "GR_IR",
    "SequenceName": "_tfl3d1_16ns",
    "SequenceVariant": "SK_SP_MP_OSP",
    "SeriesDescription": "anat-T1w",
    "SeriesNumber": 9,
    "ShimSetting": [
      -1134,
      -3224,
      -4314,
      401,
      841,
      136,
      420,
      -810
    ],
    "SliceThickness": 0.88,
    "SoftwareVersions": "syngo_MR_E11",
    "StationName": "FBMTMR1",
    "TxRefAmp": 321.675,
    "acq_id": "MPrageHiRes",
    "dataset": "<unset>",
    "modality": "T1w",
    "session_id": "1",
    "subject_id": "season209"
  },
  "cjv": 0.478972000765515,
  "cnr": 2.6651502033265895,
  "efc": 0.5662165161715937,
  "fber": 4134.0927734375,
  "fwhm_avg": 4.149143145918848,
  "fwhm_x": 4.0918522948994,
  "fwhm_y": 4.188628571428572,
  "fwhm_z": 4.166948571428572,
  "icvs_csf": 0.19604658260526198,
  "icvs_gm": 0.4400445543247528,
  "icvs_wm": 0.3639088630699852,
  "inu_med": 1.4698032140731812,
  "inu_range": 0.5901899337768552,
  "provenance": {
    "md5sum": "2f17b98883c7efd097bfa107ab842d48",
    "settings": {
      "testing": false
    },
    "software": "mriqc",
    "version": "0.15.2",
    "warnings": {
      "large_rot_frame": true,
      "small_air_mask": false
    },
    "webapi_port": null,
    "webapi_url": "https://mriqc.nimh.nih.gov/api/v1"
  },
  "qi_1": 0.0,
  "qi_2": 0.0025360960297412635,
  "rpve_csf": 23.931600072949408,
  "rpve_gm": 11.627140500149222,
  "rpve_wm": 15.99787903118626,
  "size_x": 224,
  "size_y": 256,
  "size_z": 256,
  "snr_csf": 2.838476427013382,
  "snr_gm": 11.681997211244044,
  "snr_total": 11.6265183892475,
  "snr_wm": 20.359081529485078,
  "snrd_csf": 67.53175027920152,
  "snrd_gm": 144.51968762353422,
  "snrd_total": 132.5274470268988,
  "snrd_wm": 185.5309031779607,
  "spacing_x": 0.8799999952316284,
  "spacing_y": 0.875,
  "spacing_z": 0.875,
  "summary_bg_k": 9.548761577830367,
  "summary_bg_mad": 3.5312332377137507,
  "summary_bg_mean": 7.386099815368652,
  "summary_bg_median": 6.673276424407959,
  "summary_bg_n": 2800847.0,
  "summary_bg_p05": 2.558880710601807,
  "summary_bg_p95": 15.592264938354491,
  "summary_bg_stdv": 4.5164408683776855,
  "summary_csf_k": 17.792410505235473,
  "summary_csf_mad": 112.98052839479033,
  "summary_csf_mean": 396.3775939941406,
  "summary_csf_median": 364.0010986328125,
  "summary_csf_n": 37364.0,
  "summary_csf_p05": 245.53856201171874,
  "summary_csf_p95": 612.0987640380858,
  "summary_csf_stdv": 128.23648071289062,
  "summary_gm_k": 0.5367940373242805,
  "summary_gm_mad": 61.720918577372984,
  "summary_gm_mean": 781.7757568359375,
  "summary_gm_median": 778.9717407226562,
  "summary_gm_n": 45356.0,
  "summary_gm_p05": 678.6172943115234,
  "summary_gm_p95": 899.2196655273438,
  "summary_gm_stdv": 66.68064880371094,
  "summary_wm_k": 0.7579800408521535,
  "summary_wm_mad": 44.157502690479575,
  "summary_wm_mean": 999.98876953125,
  "summary_wm_median": 1000.0252075195312,
  "summary_wm_n": 299830.0,
  "summary_wm_p05": 916.2506317138672,
  "summary_wm_p95": 1079.2049377441406,
  "summary_wm_stdv": 49.119285583496094,
  "tpm_overlap_csf": 0.16659745573997498,
  "tpm_overlap_gm": 0.4611321985721588,
  "tpm_overlap_wm": 0.4897103011608124,
  "wm2max": 0.5375793306641633
}