{
  "bids_meta": {
    "AcquisitionMatrixPE": 256,
    "AcquisitionNumber": 1,
    "AcquisitionTime": "10:08:39.165000",
    "BaseResolution": 256,
    "BodyPartExamined": "HEAD",
    "ConsistencyInfo": "N4_VE11C_LATEST_20160120",
    "ConversionSoftware": "dcm2niix",
    "ConversionSoftwareVersion": "v1.0.20200427",
    "DeviceSerialNumber": "45250",
    "DwellTime": 9.2e-06,
    "EchoTime": 0.00218,
    "FlipAngle": 8,
    "ImageOrientationPatientDICOM": [
      0.0554987,
      0.995234,
      0.0801801,
      0.0261904,
      0.0788252,
      -0.996544
    ],
    "ImageType": [
      "ORIGINAL",
      "PRIMARY",
      "M",
      "NORM",
      "DIS3D",
      "DIS2D"
    ],
    "ImagingFrequency": 123.24,
    "InPlanePhaseEncodingDirectionDICOM": "ROW",
    "InstitutionAddress": "Kopernikusstr._26_Graz_Graz_AT_8010",
    "InstitutionName": "KFU",
    "InstitutionalDepartmentName": "Department",
    "InversionTime": 1,
    "MRAcquisitionType": "3D",
    "MagneticFieldStrength": 3,
    "Manufacturer": "Siemens",
    "ManufacturersModelName": "Skyra",
    "Modality": "MR",
    "ParallelReductionFactorInPlane": 2,
    "PartialFourier": 1,
    "PatientPosition": "HFS",
    "PercentPhaseFOV": 100,
    "PercentSampling": 100,
    "PhaseEncodingSteps": 294,
    "PhaseOversampling": 0.15,
    "PhaseResolution": 1,
    "PixelBandwidth": 210,
    "ProcedureStepDescription": "KFU_BioPsy",
    "ProtocolName": "T1_Pat4_088mm_Pat2_224Sl",
    "PulseSequenceDetails": "%SiemensSeq%_tfl",
    "ReceiveCoilActiveElements": "HEA;HEP",
    "ReceiveCoilName": "Head_32",
    "ReconMatrixPE": 256,
    "RefLinesPE": 24,
    "RepetitionTime": 2.2,
    "SAR": 0.0620032,
    "ScanOptions": "IR_WE",
    "ScanningSequence": "GR_IR",
    "SequenceName": "_tfl3d1_16ns",
    "SequenceVariant": "SK_SP_MP_OSP",
    "SeriesDescription": "T1_Pat4_088mm_Pat2_224Sl",
    "SeriesNumber": 10,
    "ShimSetting": [
      -1091,
      -3205,
      -4324,
      339,
      881,
      136,
      250,
      -907
    ],
    "SliceThickness": 0.88,
    "SoftwareVersions": "syngo_MR_E11",
    "StationName": "FBMTMR1",
    "TxRefAmp": 322.797,
    "acq_id": "MPrageHiRes",
    "dataset": "<unset>",
    "modality": "T1w",
    "session_id": "1",
    "subject_id": "season103"
  },
  "cjv": 0.5485703808666503,
  "cnr": 2.447446566582133,
  "efc": 0.6251293265590124,
  "fber": 3452.620361328125,
  "fwhm_avg": 4.2623922801111265,
  "fwhm_x": 4.08805684033338,
  "fwhm_y": 4.457268571428572,
  "fwhm_z": 4.241851428571429,
  "icvs_csf": 0.19572554671832335,
  "icvs_gm": 0.4232348639047759,
  "icvs_wm": 0.38103958937690074,
  "inu_med": 1.153670072555542,
  "inu_range": 0.4253798723220825,
  "provenance": {
    "md5sum": "fb33e2670f16d47cb8003cdb4913a2b9",
    "settings": {
      "testing": false
    },
    "software": "mriqc",
    "version": "0.15.2",
    "warnings": {
      "large_rot_frame": true,
      "small_air_mask": false
    },
    "webapi_port": null,
    "webapi_url": "https://mriqc.nimh.nih.gov/api/v1"
  },
  "qi_1": 0.0,
  "qi_2": 0.0014594236926329645,
  "rpve_csf": 25.694684364282992,
  "rpve_gm": 12.865587983076962,
  "rpve_wm": 16.906919045818437,
  "size_x": 224,
  "size_y": 256,
  "size_z": 256,
  "snr_csf": 2.5858875787786504,
  "snr_gm": 10.98342262780066,
  "snr_total": 11.64330655748905,
  "snr_wm": 21.36060946588784,
  "snrd_csf": 48.58300559892297,
  "snrd_gm": 99.54591991616078,
  "snrd_total": 91.42678812934962,
  "snrd_wm": 126.15143887296507,
  "spacing_x": 0.8799999952316284,
  "spacing_y": 0.875,
  "spacing_z": 0.875,
  "summary_bg_k": 14.422390906040523,
  "summary_bg_mad": 5.193350937660971,
  "summary_bg_mean": 10.537015914916992,
  "summary_bg_median": 8.38196849822998,
  "summary_bg_n": 2645811.0,
  "summary_bg_p05": 2.905410885810852,
  "summary_bg_p95": 26.290261268615723,
  "summary_bg_stdv": 8.512480735778809,
  "summary_csf_k": 24.284847633887907,
  "summary_csf_mad": 127.87317447409528,
  "summary_csf_mean": 411.6207275390625,
  "summary_csf_median": 385.123779296875,
  "summary_csf_n": 31767.0,
  "summary_csf_p05": 240.1947998046875,
  "summary_csf_p95": 632.0515686035156,
  "summary_csf_stdv": 148.93057250976562,
  "summary_gm_k": 0.07244349479509671,
  "summary_gm_mad": 71.56098497401102,
  "summary_gm_mean": 792.1472778320312,
  "summary_gm_median": 789.1134033203125,
  "summary_gm_n": 41277.0,
  "summary_gm_p05": 681.8800903320313,
  "summary_gm_p95": 918.7077270507812,
  "summary_gm_stdv": 71.84498596191406,
  "summary_wm_k": 0.5490543358102391,
  "summary_wm_mad": 44.135468166541216,
  "summary_wm_mean": 1001.299560546875,
  "summary_wm_median": 1000.018798828125,
  "summary_wm_n": 311254.0,
  "summary_wm_p05": 927.1561614990234,
  "summary_wm_p95": 1080.4994812011719,
  "summary_wm_stdv": 46.815948486328125,
  "tpm_overlap_csf": 0.16689607501029968,
  "tpm_overlap_gm": 0.4507336914539337,
  "tpm_overlap_wm": 0.49799463152885437,
  "wm2max": 0.5015748072851834
}