{
  "bids_meta": {
    "AcquisitionMatrixPE": 256,
    "AcquisitionNumber": 1,
    "AcquisitionTime": "09:08:49.825000",
    "BaseResolution": 256,
    "BodyPartExamined": "HEAD",
    "ConsistencyInfo": "N4_VE11C_LATEST_20160120",
    "ConversionSoftware": "dcm2niix",
    "ConversionSoftwareVersion": "v1.0.20200427",
    "DeviceSerialNumber": "45250",
    "DwellTime": 9.2e-06,
    "EchoTime": 0.00218,
    "FlipAngle": 8,
    "ImageOrientationPatientDICOM": [
      0.00487835,
      0.999836,
      0.0174502,
      -0.0159889,
      0.0175261,
      -0.999719
    ],
    "ImageType": [
      "ORIGINAL",
      "PRIMARY",
      "M",
      "NORM",
      "DIS3D",
      "DIS2D"
    ],
    "ImagingFrequency": 123.239,
    "InPlanePhaseEncodingDirectionDICOM": "ROW",
    "InstitutionAddress": "Kopernikusstr._26_Graz_Graz_AT_8010",
    "InstitutionName": "KFU",
    "InstitutionalDepartmentName": "Department",
    "InversionTime": 1,
    "MRAcquisitionType": "3D",
    "MagneticFieldStrength": 3,
    "Manufacturer": "Siemens",
    "ManufacturersModelName": "Skyra",
    "Modality": "MR",
    "ParallelReductionFactorInPlane": 2,
    "PartialFourier": 1,
    "PatientPosition": "HFS",
    "PercentPhaseFOV": 100,
    "PercentSampling": 100,
    "PhaseEncodingSteps": 294,
    "PhaseOversampling": 0.15,
    "PhaseResolution": 1,
    "PixelBandwidth": 210,
    "ProcedureStepDescription": "BioPsy_2018",
    "ProtocolName": "anat-T1w",
    "PulseSequenceDetails": "%SiemensSeq%_tfl",
    "ReceiveCoilActiveElements": "HEA;HEP",
    "ReceiveCoilName": "Head_32",
    "ReconMatrixPE": 256,
    "RefLinesPE": 24,
    "RepetitionTime": 2.2,
    "SAR": 0.0477526,
    "ScanOptions": "IR_WE",
    "ScanningSequence": "GR_IR",
    "SequenceName": "_tfl3d1_16ns",
    "SequenceVariant": "SK_SP_MP_OSP",
    "SeriesDescription": "anat-T1w",
    "SeriesNumber": 9,
    "ShimSetting": [
      -1076,
      -3119,
      -4372,
      228,
      1119,
      159,
      144,
      -882
    ],
    "SliceThickness": 0.88,
    "SoftwareVersions": "syngo_MR_E11",
    "StationName": "FBMTMR1",
    "TxRefAmp": 324.333,
    "acq_id": "MPrageHiRes",
    "dataset": "<unset>",
    "modality": "T1w",
    "session_id": "3",
    "subject_id": "season211"
  },
  "cjv": 0.6626086787663084,
  "cnr": 2.073070113860125,
  "efc": 0.6013458910529433,
  "fber": 2154.710205078125,
  "fwhm_avg": 4.2603226698597725,
  "fwhm_x": 4.164602295293603,
  "fwhm_y": 4.397348571428571,
  "fwhm_z": 4.219017142857143,
  "icvs_csf": 0.17240080723692278,
  "icvs_gm": 0.45259914933709366,
  "icvs_wm": 0.37500004342598353,
  "inu_med": 1.6082379817962646,
  "inu_range": 0.6563227593898773,
  "provenance": {
    "md5sum": "97df8873510ec524fe36e6559ed4e006",
    "settings": {
      "testing": false
    },
    "software": "mriqc",
    "version": "0.15.2",
    "warnings": {
      "large_rot_frame": true,
      "small_air_mask": false
    },
    "webapi_port": null,
    "webapi_url": "https://mriqc.nimh.nih.gov/api/v1"
  },
  "qi_1": 0.0,
  "qi_2": 0.0014892678506448875,
  "rpve_csf": 30.25134579520679,
  "rpve_gm": 13.065073794745958,
  "rpve_wm": 17.862010534557097,
  "size_x": 224,
  "size_y": 256,
  "size_z": 256,
  "snr_csf": 3.2203084567712703,
  "snr_gm": 9.429518131147395,
  "snr_total": 10.367933276923901,
  "snr_wm": 18.453973242853042,
  "snrd_csf": 54.96643693909808,
  "snrd_gm": 93.75593652272738,
  "snrd_total": 89.03931188962765,
  "snrd_wm": 118.39556220705751,
  "spacing_x": 0.8799999952316284,
  "spacing_y": 0.875,
  "spacing_z": 0.875,
  "summary_bg_k": 11.849779501545827,
  "summary_bg_mad": 5.533576769102973,
  "summary_bg_mean": 13.042548179626465,
  "summary_bg_median": 10.542190551757812,
  "summary_bg_n": 3320016.0,
  "summary_bg_p05": 3.514037609100342,
  "summary_bg_p95": 30.77787685394287,
  "summary_bg_stdv": 9.434934616088867,
  "summary_csf_k": -0.968890779655466,
  "summary_csf_mad": 183.88425564397463,
  "summary_csf_mean": 468.7166748046875,
  "summary_csf_median": 464.2712707519531,
  "summary_csf_n": 27967.0,
  "summary_csf_p05": 253.92407379150393,
  "summary_csf_p95": 688.1077819824218,
  "summary_csf_stdv": 144.167236328125,
  "summary_gm_k": 0.03977124329068982,
  "summary_gm_mad": 85.42115298553068,
  "summary_gm_mean": 801.0718383789062,
  "summary_gm_median": 791.9048461914062,
  "summary_gm_n": 55060.0,
  "summary_gm_p05": 680.4077575683594,
  "summary_gm_p95": 953.3014282226562,
  "summary_gm_stdv": 83.980712890625,
  "summary_wm_k": 0.35143767869884845,
  "summary_wm_mad": 52.4792229796771,
  "summary_wm_mean": 1001.7703857421875,
  "summary_wm_median": 1000.022216796875,
  "summary_wm_n": 291774.0,
  "summary_wm_p05": 915.7683197021483,
  "summary_wm_p95": 1093.2007080078124,
  "summary_wm_stdv": 54.18998336791992,
  "tpm_overlap_csf": 0.15737484395503998,
  "tpm_overlap_gm": 0.4797844886779785,
  "tpm_overlap_wm": 0.5120355486869812,
  "wm2max": 0.5413637994480166
}