{
  "bids_meta": {
    "AcquisitionMatrixPE": 256,
    "AcquisitionNumber": 1,
    "AcquisitionTime": "09:16:37.820000",
    "BaseResolution": 256,
    "BodyPartExamined": "HEAD",
    "ConsistencyInfo": "N4_VE11C_LATEST_20160120",
    "ConversionSoftware": "dcm2niix",
    "ConversionSoftwareVersion": "v1.0.20200427",
    "DeviceSerialNumber": "45250",
    "DwellTime": 9.2e-06,
    "EchoTime": 0.00218,
    "FlipAngle": 8,
    "ImageOrientationPatientDICOM": [
      0.0259931,
      0.999662,
      9.45017e-09,
      -0.0322865,
      0.00083952,
      -0.999478
    ],
    "ImageType": [
      "ORIGINAL",
      "PRIMARY",
      "M",
      "NORM",
      "DIS3D",
      "DIS2D"
    ],
    "ImagingFrequency": 123.24,
    "InPlanePhaseEncodingDirectionDICOM": "ROW",
    "InstitutionAddress": "Kopernikusstr._26_Graz_Graz_AT_8010",
    "InstitutionName": "KFU",
    "InstitutionalDepartmentName": "Department",
    "InversionTime": 1,
    "MRAcquisitionType": "3D",
    "MagneticFieldStrength": 3,
    "Manufacturer": "Siemens",
    "ManufacturersModelName": "Skyra",
    "Modality": "MR",
    "ParallelReductionFactorInPlane": 2,
    "PartialFourier": 1,
    "PatientPosition": "HFS",
    "PercentPhaseFOV": 100,
    "PercentSampling": 100,
    "PhaseEncodingSteps": 294,
    "PhaseOversampling": 0.15,
    "PhaseResolution": 1,
    "PixelBandwidth": 210,
    "ProcedureStepDescription": "KFU_BioPsy",
    "ProtocolName": "T1_Pat4_088mm_Pat2_224Sl",
    "PulseSequenceDetails": "%SiemensSeq%_tfl",
    "ReceiveCoilActiveElements": "HEA;HEP",
    "ReceiveCoilName": "Head_32",
    "ReconMatrixPE": 256,
    "RefLinesPE": 24,
    "RepetitionTime": 2.2,
    "SAR": 0.0589995,
    "ScanOptions": "IR_WE",
    "ScanningSequence": "GR_IR",
    "SequenceName": "_tfl3d1_16ns",
    "SequenceVariant": "SK_SP_MP_OSP",
    "SeriesDescription": "T1_Pat4_088mm_Pat2_224Sl",
    "SeriesNumber": 9,
    "ShimSetting": [
      -1122,
      -3108,
      -4391,
      274,
      1023,
      -135,
      23,
      -842
    ],
    "SliceThickness": 0.88,
    "SoftwareVersions": "syngo_MR_E11",
    "StationName": "FBMTMR1",
    "TxRefAmp": 312.306,
    "acq_id": "MPrageHiRes",
    "dataset": "<unset>",
    "modality": "T1w",
    "session_id": "1",
    "subject_id": "season108"
  },
  "cjv": 0.6200454437642581,
  "cnr": 2.204203384704359,
  "efc": 0.6251511894384316,
  "fber": 2781.904052734375,
  "fwhm_avg": 4.035735202060747,
  "fwhm_x": 4.017022749039383,
  "fwhm_y": 4.016011428571429,
  "fwhm_z": 4.074171428571429,
  "icvs_csf": 0.18614658708015266,
  "icvs_gm": 0.44602801882721915,
  "icvs_wm": 0.3678253940926282,
  "inu_med": 1.4952640533447266,
  "inu_range": 0.6026743888854982,
  "provenance": {
    "md5sum": "5e2e9348bdd8488de45e9b8404656f83",
    "settings": {
      "testing": false
    },
    "software": "mriqc",
    "version": "0.15.2",
    "warnings": {
      "large_rot_frame": true,
      "small_air_mask": false
    },
    "webapi_port": null,
    "webapi_url": "https://mriqc.nimh.nih.gov/api/v1"
  },
  "qi_1": 0.0,
  "qi_2": 0.0022768986134443065,
  "rpve_csf": 27.060251230905187,
  "rpve_gm": 12.595817714529904,
  "rpve_wm": 17.46286312621601,
  "size_x": 224,
  "size_y": 256,
  "size_z": 256,
  "snr_csf": 2.0114814512010577,
  "snr_gm": 10.997126696602308,
  "snr_total": 10.477829319059344,
  "snr_wm": 18.424879809374666,
  "snrd_csf": 47.568837938546764,
  "snrd_gm": 93.25050018908306,
  "snrd_total": 85.82064455313866,
  "snrd_wm": 116.64259553178613,
  "spacing_x": 0.8799999952316284,
  "spacing_y": 0.875,
  "spacing_z": 0.875,
  "summary_bg_k": 5.611832232452649,
  "summary_bg_mad": 5.616785940931296,
  "summary_bg_mean": 12.102384567260742,
  "summary_bg_median": 10.927374839782715,
  "summary_bg_n": 2462467.0,
  "summary_bg_p05": 3.7880330085754395,
  "summary_bg_p95": 24.9500410079956,
  "summary_bg_stdv": 6.892801284790039,
  "summary_csf_k": 33.66684055852893,
  "summary_csf_mad": 169.2105521957533,
  "summary_csf_mean": 444.1103820800781,
  "summary_csf_median": 407.8295593261719,
  "summary_csf_n": 24316.0,
  "summary_csf_p05": 238.1577911376953,
  "summary_csf_p95": 674.0306091308594,
  "summary_csf_stdv": 202.74667358398438,
  "summary_gm_k": -0.029759913967220886,
  "summary_gm_mad": 73.72385221800587,
  "summary_gm_mean": 800.2071533203125,
  "summary_gm_median": 799.4794921875,
  "summary_gm_n": 45410.0,
  "summary_gm_p05": 685.1248321533203,
  "summary_gm_p95": 922.242788696289,
  "summary_gm_stdv": 72.6981430053711,
  "summary_wm_k": 0.5540910788328008,
  "summary_wm_mad": 50.62701085141282,
  "summary_wm_mean": 1001.1401977539062,
  "summary_wm_median": 1000.0307006835938,
  "summary_wm_n": 283201.0,
  "summary_wm_p05": 912.8552856445312,
  "summary_wm_p95": 1091.5849609375,
  "summary_wm_stdv": 54.27600860595703,
  "tpm_overlap_csf": 0.15251991152763367,
  "tpm_overlap_gm": 0.4541126489639282,
  "tpm_overlap_wm": 0.49642395973205566,
  "wm2max": 0.5441783081199548
}