{
  "bids_meta": {
    "AcquisitionMatrixPE": 256,
    "AcquisitionNumber": 1,
    "AcquisitionTime": "11:48:29.162500",
    "BaseResolution": 256,
    "BodyPartExamined": "HEAD",
    "ConsistencyInfo": "N4_VE11C_LATEST_20160120",
    "ConversionSoftware": "dcm2niix",
    "ConversionSoftwareVersion": "v1.0.20200427",
    "DeviceSerialNumber": "45250",
    "DwellTime": 9.2e-06,
    "EchoTime": 0.00218,
    "FlipAngle": 8,
    "ImageOrientationPatientDICOM": [
      -0.0223932,
      0.999565,
      0.0191906,
      -0.0270996,
      0.0185815,
      -0.99946
    ],
    "ImageType": [
      "ORIGINAL",
      "PRIMARY",
      "M",
      "NORM",
      "DIS3D",
      "DIS2D"
    ],
    "ImagingFrequency": 123.24,
    "InPlanePhaseEncodingDirectionDICOM": "ROW",
    "InstitutionAddress": "Kopernikusstr._26_Graz_Graz_AT_8010",
    "InstitutionName": "KFU",
    "InstitutionalDepartmentName": "Department",
    "InversionTime": 1,
    "MRAcquisitionType": "3D",
    "MagneticFieldStrength": 3,
    "Manufacturer": "Siemens",
    "ManufacturersModelName": "Skyra",
    "Modality": "MR",
    "ParallelReductionFactorInPlane": 2,
    "PartialFourier": 1,
    "PatientPosition": "HFS",
    "PercentPhaseFOV": 100,
    "PercentSampling": 100,
    "PhaseEncodingSteps": 294,
    "PhaseOversampling": 0.15,
    "PhaseResolution": 1,
    "PixelBandwidth": 210,
    "ProcedureStepDescription": "KFU_BioPsy",
    "ProtocolName": "T1_Pat4_088mm_Pat2_224Sl",
    "PulseSequenceDetails": "%SiemensSeq%_tfl",
    "ReceiveCoilActiveElements": "HEA;HEP",
    "ReceiveCoilName": "Head_32",
    "ReconMatrixPE": 256,
    "RefLinesPE": 24,
    "RepetitionTime": 2.2,
    "SAR": 0.0577575,
    "ScanOptions": "IR_WE",
    "ScanningSequence": "GR_IR",
    "SequenceName": "_tfl3d1_16ns",
    "SequenceVariant": "SK_SP_MP_OSP",
    "SeriesDescription": "T1_Pat4_088mm_Pat2_224Sl",
    "SeriesNumber": 9,
    "ShimSetting": [
      -1122,
      -3088,
      -4341,
      401,
      913,
      289,
      114,
      -806
    ],
    "SliceThickness": 0.88,
    "SoftwareVersions": "syngo_MR_E11",
    "StationName": "FBMTMR1",
    "TxRefAmp": 318.265,
    "acq_id": "MPrageHiRes",
    "dataset": "<unset>",
    "modality": "T1w",
    "session_id": "2",
    "subject_id": "season104"
  },
  "cjv": 0.3918988623225204,
  "cnr": 3.2246475844395532,
  "efc": 0.55432371629993,
  "fber": 3413.671142578125,
  "fwhm_avg": 4.039853860090546,
  "fwhm_x": 4.028727294557351,
  "fwhm_y": 4.068982857142857,
  "fwhm_z": 4.021851428571429,
  "icvs_csf": 0.1734999173546064,
  "icvs_gm": 0.4567169248473304,
  "icvs_wm": 0.3697831577980632,
  "inu_med": 1.4114476442337036,
  "inu_range": 0.5014447689056396,
  "provenance": {
    "md5sum": "f4310b0e9287fac40681e5d11b49d724",
    "settings": {
      "testing": false
    },
    "software": "mriqc",
    "version": "0.15.2",
    "warnings": {
      "large_rot_frame": true,
      "small_air_mask": false
    },
    "webapi_port": null,
    "webapi_url": "https://mriqc.nimh.nih.gov/api/v1"
  },
  "qi_1": 0.0,
  "qi_2": 0.0036858210871238174,
  "rpve_csf": 26.06735518634935,
  "rpve_gm": 11.38598957538014,
  "rpve_wm": 15.930851465059508,
  "size_x": 224,
  "size_y": 256,
  "size_z": 256,
  "snr_csf": 1.5949066123124434,
  "snr_gm": 12.158065936011742,
  "snr_total": 12.468653845662269,
  "snr_wm": 23.65298898866262,
  "snrd_csf": 51.50806075483299,
  "snrd_gm": 112.40519477312901,
  "snrd_total": 104.14428954692077,
  "snrd_wm": 148.51961311280033,
  "spacing_x": 0.8799999952316284,
  "spacing_y": 0.875,
  "spacing_z": 0.875,
  "summary_bg_k": 3.8723128544252976,
  "summary_bg_mad": 4.411193912952515,
  "summary_bg_mean": 8.762022018432617,
  "summary_bg_median": 7.955897331237793,
  "summary_bg_n": 3222169.0,
  "summary_bg_p05": 2.9783387184143066,
  "summary_bg_p95": 17.898805618286133,
  "summary_bg_stdv": 4.88753080368042,
  "summary_csf_k": 43.56051404621241,
  "summary_csf_mad": 117.40186647432367,
  "summary_csf_mean": 402.39068603515625,
  "summary_csf_median": 346.81640625,
  "summary_csf_n": 34580.0,
  "summary_csf_p05": 231.28203048706055,
  "summary_csf_p95": 613.0118743896483,
  "summary_csf_stdv": 217.4493408203125,
  "summary_gm_k": 0.5540774417104215,
  "summary_gm_mad": 57.86573655131132,
  "summary_gm_mean": 758.8663940429688,
  "summary_gm_median": 756.8517456054688,
  "summary_gm_n": 69871.0,
  "summary_gm_p05": 661.3856811523438,
  "summary_gm_p95": 867.4184875488281,
  "summary_gm_stdv": 62.250553131103516,
  "summary_wm_k": 1.1314726600553078,
  "summary_wm_mad": 37.43122671979233,
  "summary_wm_mean": 997.70849609375,
  "summary_wm_median": 1000.0189819335938,
  "summary_wm_n": 334526.0,
  "summary_wm_p05": 923.2598419189453,
  "summary_wm_p95": 1061.6600036621094,
  "summary_wm_stdv": 42.27869415283203,
  "tpm_overlap_csf": 0.1635204255580902,
  "tpm_overlap_gm": 0.46287623047828674,
  "tpm_overlap_wm": 0.5017397999763489,
  "wm2max": 0.5070940581967647
}