{
  "bids_meta": {
    "AcquisitionMatrixPE": 256,
    "AcquisitionNumber": 1,
    "AcquisitionTime": "12:46:45.175000",
    "BaseResolution": 256,
    "BodyPartExamined": "HEAD",
    "ConsistencyInfo": "N4_VE11C_LATEST_20160120",
    "ConversionSoftware": "dcm2niix",
    "ConversionSoftwareVersion": "v1.0.20200427",
    "DeviceSerialNumber": "45250",
    "DwellTime": 9.2e-06,
    "EchoTime": 0.00218,
    "FlipAngle": 8,
    "ImageOrientationPatientDICOM": [
      0.104922,
      0.984941,
      0.13741,
      -0.00777699,
      0.138982,
      -0.990264
    ],
    "ImageType": [
      "ORIGINAL",
      "PRIMARY",
      "M",
      "NORM",
      "DIS3D",
      "DIS2D"
    ],
    "ImagingFrequency": 123.239,
    "InPlanePhaseEncodingDirectionDICOM": "ROW",
    "InstitutionAddress": "Kopernikusstr._26_Graz_Graz_AT_8010",
    "InstitutionName": "KFU",
    "InstitutionalDepartmentName": "Department",
    "InversionTime": 1,
    "MRAcquisitionType": "3D",
    "MagneticFieldStrength": 3,
    "Manufacturer": "Siemens",
    "ManufacturersModelName": "Skyra",
    "Modality": "MR",
    "ParallelReductionFactorInPlane": 2,
    "PartialFourier": 1,
    "PatientPosition": "HFS",
    "PercentPhaseFOV": 100,
    "PercentSampling": 100,
    "PhaseEncodingSteps": 294,
    "PhaseOversampling": 0.15,
    "PhaseResolution": 1,
    "PixelBandwidth": 210,
    "ProcedureStepDescription": "BioPsy_2018",
    "ProtocolName": "anat-T1w",
    "PulseSequenceDetails": "%SiemensSeq%_tfl",
    "ReceiveCoilActiveElements": "HEA;HEP",
    "ReceiveCoilName": "Head_32",
    "ReconMatrixPE": 256,
    "RefLinesPE": 24,
    "RepetitionTime": 2.2,
    "SAR": 0.0587995,
    "ScanOptions": "IR_WE",
    "ScanningSequence": "GR_IR",
    "SequenceName": "_tfl3d1_16ns",
    "SequenceVariant": "SK_SP_MP_OSP",
    "SeriesDescription": "anat-T1w",
    "SeriesNumber": 9,
    "ShimSetting": [
      -1126,
      -3113,
      -4283,
      395,
      876,
      578,
      139,
      -828
    ],
    "SliceThickness": 0.88,
    "SoftwareVersions": "syngo_MR_E11",
    "StationName": "FBMTMR1",
    "TxRefAmp": 330.216,
    "acq_id": "MPrageHiRes",
    "dataset": "<unset>",
    "modality": "T1w",
    "session_id": "2",
    "subject_id": "season207"
  },
  "cjv": 0.4368848612358781,
  "cnr": 2.848765479298155,
  "efc": 0.6066992416787833,
  "fber": 3048.561767578125,
  "fwhm_avg": 4.29625966133376,
  "fwhm_x": 4.237681841144138,
  "fwhm_y": 4.291668571428572,
  "fwhm_z": 4.359428571428571,
  "icvs_csf": 0.19954137837318003,
  "icvs_gm": 0.41949985268500956,
  "icvs_wm": 0.38095876894181047,
  "inu_med": 1.3838679790496826,
  "inu_range": 0.5190745055675507,
  "provenance": {
    "md5sum": "fcf833b21eb4243d966d8175b8ea85ba",
    "settings": {
      "testing": false
    },
    "software": "mriqc",
    "version": "0.15.2",
    "warnings": {
      "large_rot_frame": true,
      "small_air_mask": false
    },
    "webapi_port": null,
    "webapi_url": "https://mriqc.nimh.nih.gov/api/v1"
  },
  "qi_1": 0.0,
  "qi_2": 0.001852014327469684,
  "rpve_csf": 21.184014453172768,
  "rpve_gm": 10.783997669128276,
  "rpve_wm": 14.042130405518774,
  "size_x": 224,
  "size_y": 256,
  "size_z": 256,
  "snr_csf": 3.045411930156351,
  "snr_gm": 11.94111075308905,
  "snr_total": 13.073506102882284,
  "snr_wm": 24.23399562540145,
  "snrd_csf": 54.14335262184938,
  "snrd_gm": 113.18835344258014,
  "snrd_total": 104.18662104948937,
  "snrd_wm": 145.22815708403863,
  "spacing_x": 0.8799999952316284,
  "spacing_y": 0.875,
  "spacing_z": 0.875,
  "summary_bg_k": 7.0403473631494755,
  "summary_bg_mad": 4.511154497919938,
  "summary_bg_mean": 9.621269226074219,
  "summary_bg_median": 8.093584060668945,
  "summary_bg_n": 2958827.0,
  "summary_bg_p05": 3.0205279111862184,
  "summary_bg_p95": 20.570867156982416,
  "summary_bg_stdv": 5.895443439483643,
  "summary_csf_k": 6.777915796094684,
  "summary_csf_mad": 117.85932038454709,
  "summary_csf_mean": 403.76324462890625,
  "summary_csf_median": 372.8216552734375,
  "summary_csf_n": 42364.0,
  "summary_csf_p05": 249.3396049499512,
  "summary_csf_p95": 619.2216125488281,
  "summary_csf_stdv": 122.41931915283203,
  "summary_gm_k": 0.685174914530494,
  "summary_gm_mad": 58.73956152219752,
  "summary_gm_mean": 783.2050170898438,
  "summary_gm_median": 779.3952026367188,
  "summary_gm_n": 41770.0,
  "summary_gm_p05": 683.8098297119141,
  "summary_gm_p95": 901.0718902587887,
  "summary_gm_stdv": 65.26912689208984,
  "summary_wm_k": 0.8984741450034037,
  "summary_wm_mad": 37.64618775312119,
  "summary_wm_mean": 999.2686767578125,
  "summary_wm_median": 1000.0156860351562,
  "summary_wm_n": 397455.0,
  "summary_wm_p05": 930.451611328125,
  "summary_wm_p95": 1064.89072265625,
  "summary_wm_stdv": 41.26494216918945,
  "tpm_overlap_csf": 0.16550250351428986,
  "tpm_overlap_gm": 0.4484789967536926,
  "tpm_overlap_wm": 0.5194147229194641,
  "wm2max": 0.4773525023888933
}