{
  "bids_meta": {
    "AcquisitionMatrixPE": 256,
    "AcquisitionNumber": 1,
    "AcquisitionTime": "11:52:45.165000",
    "BaseResolution": 256,
    "BodyPartExamined": "HEAD",
    "ConsistencyInfo": "N4_VE11C_LATEST_20160120",
    "ConversionSoftware": "dcm2niix",
    "ConversionSoftwareVersion": "v1.0.20200427",
    "DeviceSerialNumber": "45250",
    "DwellTime": 9.2e-06,
    "EchoTime": 0.00218,
    "FlipAngle": 8,
    "ImageOrientationPatientDICOM": [
      0.0967514,
      0.983212,
      0.154701,
      0.00405905,
      0.155039,
      -0.9879
    ],
    "ImageType": [
      "ORIGINAL",
      "PRIMARY",
      "M",
      "NORM",
      "DIS3D",
      "DIS2D"
    ],
    "ImagingFrequency": 123.239,
    "InPlanePhaseEncodingDirectionDICOM": "ROW",
    "InstitutionAddress": "Kopernikusstr._26_Graz_Graz_AT_8010",
    "InstitutionName": "KFU",
    "InstitutionalDepartmentName": "Department",
    "InversionTime": 1,
    "MRAcquisitionType": "3D",
    "MagneticFieldStrength": 3,
    "Manufacturer": "Siemens",
    "ManufacturersModelName": "Skyra",
    "Modality": "MR",
    "ParallelReductionFactorInPlane": 2,
    "PartialFourier": 1,
    "PatientPosition": "HFS",
    "PercentPhaseFOV": 100,
    "PercentSampling": 100,
    "PhaseEncodingSteps": 294,
    "PhaseOversampling": 0.15,
    "PhaseResolution": 1,
    "PixelBandwidth": 210,
    "ProcedureStepDescription": "BioPsy_2018",
    "ProtocolName": "anat-T1w",
    "PulseSequenceDetails": "%SiemensSeq%_tfl",
    "ReceiveCoilActiveElements": "HEA;HEP",
    "ReceiveCoilName": "Head_32",
    "ReconMatrixPE": 256,
    "RefLinesPE": 24,
    "RepetitionTime": 2.2,
    "SAR": 0.0561463,
    "ScanOptions": "IR_WE",
    "ScanningSequence": "GR_IR",
    "SequenceName": "_tfl3d1_16ns",
    "SequenceVariant": "SK_SP_MP_OSP",
    "SeriesDescription": "anat-T1w",
    "SeriesNumber": 9,
    "ShimSetting": [
      -1104,
      -3306,
      -4382,
      195,
      908,
      -191,
      437,
      -846
    ],
    "SliceThickness": 0.88,
    "SoftwareVersions": "syngo_MR_E11",
    "StationName": "FBMTMR1",
    "TxRefAmp": 313.988,
    "acq_id": "MPrageHiRes",
    "dataset": "<unset>",
    "modality": "T1w",
    "session_id": "2",
    "subject_id": "season206"
  },
  "cjv": 0.4113878614556222,
  "cnr": 3.0849529339763246,
  "efc": 0.5471812524195911,
  "fber": 3340.889892578125,
  "fwhm_avg": 4.087507301583861,
  "fwhm_x": 3.992670476180155,
  "fwhm_y": 4.188182857142857,
  "fwhm_z": 4.081668571428572,
  "icvs_csf": 0.20390494748167232,
  "icvs_gm": 0.4468936277963577,
  "icvs_wm": 0.34920142472196997,
  "inu_med": 1.493800401687622,
  "inu_range": 0.5566670596599579,
  "provenance": {
    "md5sum": "e8e2044c2477a8f70a6ae4dbcd2427f4",
    "settings": {
      "testing": false
    },
    "software": "mriqc",
    "version": "0.15.2",
    "warnings": {
      "large_rot_frame": true,
      "small_air_mask": false
    },
    "webapi_port": null,
    "webapi_url": "https://mriqc.nimh.nih.gov/api/v1"
  },
  "qi_1": 7.029169973981257e-06,
  "qi_2": 0.0032924106202903893,
  "rpve_csf": 26.280505920189217,
  "rpve_gm": 12.978368644618513,
  "rpve_wm": 18.69613173938357,
  "size_x": 224,
  "size_y": 256,
  "size_z": 256,
  "snr_csf": 2.7671751968121714,
  "snr_gm": 12.459487163553874,
  "snr_total": 12.11051498749103,
  "snr_wm": 21.104882602107047,
  "snrd_csf": 58.67828902408259,
  "snrd_gm": 116.31593805149805,
  "snrd_total": 109.28097845125897,
  "snrd_wm": 152.84870827819628,
  "spacing_x": 0.8799999952316284,
  "spacing_y": 0.875,
  "spacing_z": 0.875,
  "summary_bg_k": 37.66879086300311,
  "summary_bg_mad": 4.286282948233597,
  "summary_bg_mean": 8.59343433380127,
  "summary_bg_median": 7.881346702575684,
  "summary_bg_n": 3444170.0,
  "summary_bg_p05": 2.955075752735138,
  "summary_bg_p95": 18.091171360015863,
  "summary_bg_stdv": 5.223630905151367,
  "summary_csf_k": 15.518904102845532,
  "summary_csf_mad": 148.91723072552722,
  "summary_csf_mean": 412.6361083984375,
  "summary_csf_median": 383.907470703125,
  "summary_csf_n": 36975.0,
  "summary_csf_p05": 241.72450256347656,
  "summary_csf_p95": 619.9505310058594,
  "summary_csf_stdv": 138.73435974121094,
  "summary_gm_k": 0.32099201047669634,
  "summary_gm_mad": 57.435181048647166,
  "summary_gm_mean": 763.7985229492188,
  "summary_gm_median": 761.0064697265625,
  "summary_gm_n": 41776.0,
  "summary_gm_p05": 668.4447784423828,
  "summary_gm_p95": 871.6181030273438,
  "summary_gm_stdv": 61.07774353027344,
  "summary_wm_k": 0.867115360468528,
  "summary_wm_mad": 40.894176121579534,
  "summary_wm_mean": 997.0175170898438,
  "summary_wm_median": 1000.0250854492188,
  "summary_wm_n": 252632.0,
  "summary_wm_p05": 910.4984802246094,
  "summary_wm_p95": 1069.8784545898438,
  "summary_wm_stdv": 47.38349533081055,
  "tpm_overlap_csf": 0.15609878301620483,
  "tpm_overlap_gm": 0.453145831823349,
  "tpm_overlap_wm": 0.4872593581676483,
  "wm2max": 0.5191997360530006
}