{
	"Modality": "MR",
	"MagneticFieldStrength": 3,
	"ImagingFrequency": 123.239,
	"Manufacturer": "Siemens",
	"ManufacturersModelName": "Skyra",
	"InstitutionName": "KFU",
	"InstitutionAddress": "Kopernikusstr._26_Graz_Graz_AT_8010",
	"DeviceSerialNumber": "45250",
	"StationName": "FBMTMR1",
	"BodyPartExamined": "HEAD",
	"PatientPosition": "HFS",
	"ProcedureStepDescription": "KFU_BioPsy",
	"SoftwareVersions": "syngo_MR_E11",
	"MRAcquisitionType": "3D",
	"SeriesDescription": "anat-T1w",
	"ProtocolName": "anat-T1w",
	"ScanningSequence": "GR_IR",
	"SequenceVariant": "SK_SP_MP_OSP",
	"ScanOptions": "IR_WE",
	"SequenceName": "_tfl3d1_16ns",
	"ImageType": ["ORIGINAL", "PRIMARY", "M", "NORM", "DIS3D", "DIS2D"],
	"SeriesNumber": 9,
	"AcquisitionTime": "09:51:51.870000",
	"AcquisitionNumber": 1,
	"SliceThickness": 0.88,
	"SAR": 0.0538309,
	"EchoTime": 0.00218,
	"RepetitionTime": 2.2,
	"InversionTime": 1,
	"FlipAngle": 8,
	"PartialFourier": 1,
	"BaseResolution": 256,
	"ShimSetting": [
		-1123,
		-3147,
		-4327,
		409,
		1043,
		219,
		288,
		-766	],
	"TxRefAmp": 318.747,
	"PhaseResolution": 1,
	"PhaseOversampling": 0.15,
	"ReceiveCoilName": "Head_32",
	"ReceiveCoilActiveElements": "HEA;HEP",
	"PulseSequenceDetails": "%SiemensSeq%_tfl",
	"RefLinesPE": 24,
	"ConsistencyInfo": "N4_VE11C_LATEST_20160120",
	"PercentPhaseFOV": 100,
	"PercentSampling": 100,
	"PhaseEncodingSteps": 294,
	"AcquisitionMatrixPE": 256,
	"ReconMatrixPE": 256,
	"ParallelReductionFactorInPlane": 2,
	"PixelBandwidth": 210,
	"ImageOrientationPatientDICOM": [
		0.0820534,
		0.996531,
		0.0139304,
		-0.0660741,
		0.0193862,
		-0.997626	],
	"InPlanePhaseEncodingDirectionDICOM": "ROW",
	"ConversionSoftware": "dcm2niix",
	"ConversionSoftwareVersion": "v1.0.20200427"
}
