{
  "bids_meta": {
    "AcquisitionMatrixPE": 256,
    "AcquisitionNumber": 1,
    "AcquisitionTime": "11:34:32.125000",
    "BaseResolution": 256,
    "BodyPartExamined": "HEAD",
    "ConsistencyInfo": "N4_VE11C_LATEST_20160120",
    "ConversionSoftware": "dcm2niix",
    "ConversionSoftwareVersion": "v1.0.20200427",
    "DeviceSerialNumber": "45250",
    "DwellTime": 9.2e-06,
    "EchoTime": 0.00218,
    "FlipAngle": 8,
    "ImageOrientationPatientDICOM": [
      -0.0645637,
      0.985309,
      -0.158105,
      -0.0157214,
      -0.159421,
      -0.987086
    ],
    "ImageType": [
      "ORIGINAL",
      "PRIMARY",
      "M",
      "NORM",
      "DIS3D",
      "DIS2D"
    ],
    "ImagingFrequency": 123.24,
    "InPlanePhaseEncodingDirectionDICOM": "ROW",
    "InstitutionAddress": "Kopernikusstr._26_Graz_Graz_AT_8010",
    "InstitutionName": "KFU",
    "InstitutionalDepartmentName": "Department",
    "InversionTime": 1,
    "MRAcquisitionType": "3D",
    "MagneticFieldStrength": 3,
    "Manufacturer": "Siemens",
    "ManufacturersModelName": "Skyra",
    "Modality": "MR",
    "ParallelReductionFactorInPlane": 2,
    "PartialFourier": 1,
    "PatientPosition": "HFS",
    "PercentPhaseFOV": 100,
    "PercentSampling": 100,
    "PhaseEncodingSteps": 294,
    "PhaseOversampling": 0.15,
    "PhaseResolution": 1,
    "PixelBandwidth": 210,
    "ProcedureStepDescription": "KFU_BioPsy",
    "ProtocolName": "T1_Pat4_088mm_Pat2_224Sl",
    "PulseSequenceDetails": "%SiemensSeq%_tfl",
    "ReceiveCoilActiveElements": "HEA;HEP",
    "ReceiveCoilName": "Head_32",
    "ReconMatrixPE": 256,
    "RefLinesPE": 24,
    "RepetitionTime": 2.2,
    "SAR": 0.0550168,
    "ScanOptions": "IR_WE",
    "ScanningSequence": "GR_IR",
    "SequenceName": "_tfl3d1_16ns",
    "SequenceVariant": "SK_SP_MP_OSP",
    "SeriesDescription": "T1_Pat4_088mm_Pat2_224Sl",
    "SeriesNumber": 9,
    "ShimSetting": [
      -1108,
      -3099,
      -4382,
      367,
      1009,
      -170,
      -112,
      -836
    ],
    "SliceThickness": 0.88,
    "SoftwareVersions": "syngo_MR_E11",
    "StationName": "FBMTMR1",
    "TxRefAmp": 336.154,
    "acq_id": "MPrageHiRes",
    "dataset": "<unset>",
    "modality": "T1w",
    "session_id": "1",
    "subject_id": "season126"
  },
  "cjv": 0.7333369005181368,
  "cnr": 1.8688129158959776,
  "efc": 0.627720082065493,
  "fber": 2629.43896484375,
  "fwhm_avg": 4.060564227953062,
  "fwhm_x": 3.9717841124306164,
  "fwhm_y": 4.13344,
  "fwhm_z": 4.076468571428571,
  "icvs_csf": 0.18740664771372065,
  "icvs_gm": 0.4434182996354602,
  "icvs_wm": 0.3691750526508192,
  "inu_med": 1.5650891065597534,
  "inu_range": 0.631852197647095,
  "provenance": {
    "md5sum": "19a16e931d870d3e42343cec9290a1b2",
    "settings": {
      "testing": false
    },
    "software": "mriqc",
    "version": "0.15.2",
    "warnings": {
      "large_rot_frame": true,
      "small_air_mask": false
    },
    "webapi_port": null,
    "webapi_url": "https://mriqc.nimh.nih.gov/api/v1"
  },
  "qi_1": 0.0,
  "qi_2": 0.002047875630522973,
  "rpve_csf": 23.87706411187646,
  "rpve_gm": 11.308014140668035,
  "rpve_wm": 15.527664790654047,
  "size_x": 224,
  "size_y": 256,
  "size_z": 256,
  "snr_csf": 1.4205447944015435,
  "snr_gm": 9.158012076828475,
  "snr_total": 9.430860955104066,
  "snr_wm": 17.714025994082178,
  "snrd_csf": 46.409133278775755,
  "snrd_gm": 97.02274359022276,
  "snrd_total": 88.01439645042728,
  "snrd_wm": 120.61131248228334,
  "spacing_x": 0.8799999952316284,
  "spacing_y": 0.875,
  "spacing_z": 0.875,
  "summary_bg_k": 5.715684540392914,
  "summary_bg_mad": 5.432020222322446,
  "summary_bg_mean": 11.662019729614258,
  "summary_bg_median": 9.676559448242188,
  "summary_bg_n": 3003202.0,
  "summary_bg_p05": 3.596280360221863,
  "summary_bg_p95": 25.053447437286376,
  "summary_bg_stdv": 7.0534443855285645,
  "summary_csf_k": 23.708332997024222,
  "summary_csf_mad": 127.48281953512566,
  "summary_csf_mean": 445.05523681640625,
  "summary_csf_median": 384.79827880859375,
  "summary_csf_n": 36580.0,
  "summary_csf_p05": 247.79912872314452,
  "summary_csf_p95": 686.9655609130855,
  "summary_csf_stdv": 270.8770751953125,
  "summary_gm_k": -0.2447999297508856,
  "summary_gm_mad": 90.15993299514935,
  "summary_gm_mean": 810.5382690429688,
  "summary_gm_median": 804.4577026367188,
  "summary_gm_n": 53313.0,
  "summary_gm_p05": 676.2597534179688,
  "summary_gm_p95": 966.307373046875,
  "summary_gm_stdv": 87.84113311767578,
  "summary_wm_k": 0.6473591478666916,
  "summary_wm_mad": 53.268348507416235,
  "summary_wm_mean": 1002.805908203125,
  "summary_wm_median": 1000.040771484375,
  "summary_wm_n": 322437.0,
  "summary_wm_p05": 914.2092895507812,
  "summary_wm_p95": 1098.16083984375,
  "summary_wm_stdv": 56.454654693603516,
  "tpm_overlap_csf": 0.16722221672534943,
  "tpm_overlap_gm": 0.4659750461578369,
  "tpm_overlap_wm": 0.505845844745636,
  "wm2max": 0.4372415866040392
}