{
  "bids_meta": {
    "AcquisitionMatrixPE": 256,
    "AcquisitionNumber": 1,
    "AcquisitionTime": "12:44:39.190000",
    "BaseResolution": 256,
    "BodyPartExamined": "HEAD",
    "ConsistencyInfo": "N4_VE11C_LATEST_20160120",
    "ConversionSoftware": "dcm2niix",
    "ConversionSoftwareVersion": "v1.0.20200427",
    "DeviceSerialNumber": "45250",
    "DwellTime": 9.2e-06,
    "EchoTime": 0.00218,
    "FlipAngle": 8,
    "ImageOrientationPatientDICOM": [
      0.00951995,
      0.980231,
      0.197629,
      0.0190674,
      0.197424,
      -0.980133
    ],
    "ImageType": [
      "ORIGINAL",
      "PRIMARY",
      "M",
      "NORM",
      "DIS3D",
      "DIS2D"
    ],
    "ImagingFrequency": 123.24,
    "InPlanePhaseEncodingDirectionDICOM": "ROW",
    "InstitutionAddress": "Kopernikusstr._26_Graz_Graz_AT_8010",
    "InstitutionName": "KFU",
    "InstitutionalDepartmentName": "Department",
    "InversionTime": 1,
    "MRAcquisitionType": "3D",
    "MagneticFieldStrength": 3,
    "Manufacturer": "Siemens",
    "ManufacturersModelName": "Skyra",
    "Modality": "MR",
    "ParallelReductionFactorInPlane": 2,
    "PartialFourier": 1,
    "PatientPosition": "HFS",
    "PercentPhaseFOV": 100,
    "PercentSampling": 100,
    "PhaseEncodingSteps": 294,
    "PhaseOversampling": 0.15,
    "PhaseResolution": 1,
    "PixelBandwidth": 210,
    "ProcedureStepDescription": "KFU_BioPsy",
    "ProtocolName": "T1_Pat4_088mm_Pat2_224Sl",
    "PulseSequenceDetails": "%SiemensSeq%_tfl",
    "ReceiveCoilActiveElements": "HEA;HEP",
    "ReceiveCoilName": "Head_32",
    "ReconMatrixPE": 256,
    "RefLinesPE": 24,
    "RepetitionTime": 2.2,
    "SAR": 0.0652782,
    "ScanOptions": "IR_WE",
    "ScanningSequence": "GR_IR",
    "SequenceName": "_tfl3d1_16ns",
    "SequenceVariant": "SK_SP_MP_OSP",
    "SeriesDescription": "T1_Pat4_088mm_Pat2_224Sl",
    "SeriesNumber": 9,
    "ShimSetting": [
      -1074,
      -3218,
      -4313,
      468,
      975,
      268,
      320,
      -850
    ],
    "SliceThickness": 0.88,
    "SoftwareVersions": "syngo_MR_E11",
    "StationName": "FBMTMR1",
    "TxRefAmp": 321.529,
    "acq_id": "MPrageHiRes",
    "dataset": "<unset>",
    "modality": "T1w",
    "session_id": "1",
    "subject_id": "season107"
  },
  "cjv": 0.37362338710485354,
  "cnr": 3.46509394497241,
  "efc": 0.6107876022119575,
  "fber": 5991.0830078125,
  "fwhm_avg": 4.180545830085026,
  "fwhm_x": 4.193443204540791,
  "fwhm_y": 4.101222857142857,
  "fwhm_z": 4.246971428571428,
  "icvs_csf": 0.17386075874679302,
  "icvs_gm": 0.437052743247369,
  "icvs_wm": 0.389086498005838,
  "inu_med": 1.4197242259979248,
  "inu_range": 0.495150089263916,
  "provenance": {
    "md5sum": "15e7b79a486c9430afb99e39d2b6fe4d",
    "settings": {
      "testing": false
    },
    "software": "mriqc",
    "version": "0.15.2",
    "warnings": {
      "large_rot_frame": true,
      "small_air_mask": false
    },
    "webapi_port": null,
    "webapi_url": "https://mriqc.nimh.nih.gov/api/v1"
  },
  "qi_1": 0.0,
  "qi_2": 0.002399230058554157,
  "rpve_csf": 25.437576750612696,
  "rpve_gm": 11.589919605445177,
  "rpve_wm": 15.255916448779956,
  "size_x": 224,
  "size_y": 256,
  "size_z": 256,
  "snr_csf": 1.7962735609766336,
  "snr_gm": 13.27600117173033,
  "snr_total": 13.950065696969155,
  "snr_wm": 26.777922358200502,
  "snrd_csf": 62.77863830480985,
  "snrd_gm": 134.5136008639815,
  "snrd_total": 124.59639610402117,
  "snrd_wm": 176.4969491432722,
  "spacing_x": 0.8799999952316284,
  "spacing_y": 0.875,
  "spacing_z": 0.875,
  "summary_bg_k": 7.866434921014376,
  "summary_bg_mad": 3.711966103980249,
  "summary_bg_mean": 7.676478385925293,
  "summary_bg_median": 6.742613792419434,
  "summary_bg_n": 2820368.0,
  "summary_bg_p05": 2.5082398295402526,
  "summary_bg_p95": 16.500949192047116,
  "summary_bg_stdv": 4.737283706665039,
  "summary_csf_k": 30.38466618168804,
  "summary_csf_mad": 109.43760769718986,
  "summary_csf_mean": 402.0231018066406,
  "summary_csf_median": 355.70025634765625,
  "summary_csf_n": 22166.0,
  "summary_csf_p05": 237.84191131591797,
  "summary_csf_p95": 629.6540985107422,
  "summary_csf_stdv": 198.01673889160156,
  "summary_gm_k": 0.22867833221502387,
  "summary_gm_mad": 55.70164768073262,
  "summary_gm_mean": 763.2427368164062,
  "summary_gm_median": 762.1465454101562,
  "summary_gm_n": 55046.0,
  "summary_gm_p05": 671.2229156494141,
  "summary_gm_p95": 859.6864776611328,
  "summary_gm_stdv": 57.407318115234375,
  "summary_wm_k": 1.1896980209460164,
  "summary_wm_mad": 33.174129547643474,
  "summary_wm_mean": 998.8204956054688,
  "summary_wm_median": 1000.0218505859375,
  "summary_wm_n": 349395.0,
  "summary_wm_p05": 935.3617492675781,
  "summary_wm_p95": 1056.8842407226562,
  "summary_wm_stdv": 37.3449592590332,
  "tpm_overlap_csf": 0.1622290313243866,
  "tpm_overlap_gm": 0.43672287464141846,
  "tpm_overlap_wm": 0.4996010959148407,
  "wm2max": 0.6112931934807763
}