{
  "bids_meta": {
    "AcquisitionMatrixPE": 256,
    "AcquisitionNumber": 1,
    "AcquisitionTime": "13:37:1.185000",
    "BaseResolution": 256,
    "BodyPartExamined": "HEAD",
    "ConsistencyInfo": "N4_VE11C_LATEST_20160120",
    "ConversionSoftware": "dcm2niix",
    "ConversionSoftwareVersion": "v1.0.20200427",
    "DeviceSerialNumber": "45250",
    "DwellTime": 9.2e-06,
    "EchoTime": 0.00218,
    "FlipAngle": 8,
    "ImageOrientationPatientDICOM": [
      0.0529643,
      0.99694,
      0.0574988,
      0.0506352,
      0.0548244,
      -0.997211
    ],
    "ImageType": [
      "ORIGINAL",
      "PRIMARY",
      "M",
      "NORM",
      "DIS3D",
      "DIS2D"
    ],
    "ImagingFrequency": 123.24,
    "InPlanePhaseEncodingDirectionDICOM": "ROW",
    "InstitutionAddress": "Kopernikusstr._26_Graz_Graz_AT_8010",
    "InstitutionName": "KFU",
    "InstitutionalDepartmentName": "Department",
    "InversionTime": 1,
    "MRAcquisitionType": "3D",
    "MagneticFieldStrength": 3,
    "Manufacturer": "Siemens",
    "ManufacturersModelName": "Skyra",
    "Modality": "MR",
    "ParallelReductionFactorInPlane": 2,
    "PartialFourier": 1,
    "PatientPosition": "HFS",
    "PercentPhaseFOV": 100,
    "PercentSampling": 100,
    "PhaseEncodingSteps": 294,
    "PhaseOversampling": 0.15,
    "PhaseResolution": 1,
    "PixelBandwidth": 210,
    "ProcedureStepDescription": "KFU_BioPsy",
    "ProtocolName": "T1_Pat4_088mm_Pat2_224Sl",
    "PulseSequenceDetails": "%SiemensSeq%_tfl",
    "ReceiveCoilActiveElements": "HEA;HEP",
    "ReceiveCoilName": "Head_32",
    "ReconMatrixPE": 256,
    "RefLinesPE": 24,
    "RepetitionTime": 2.2,
    "SAR": 0.0610155,
    "ScanOptions": "IR_WE",
    "ScanningSequence": "GR_IR",
    "SequenceName": "_tfl3d1_16ns",
    "SequenceVariant": "SK_SP_MP_OSP",
    "SeriesDescription": "T1_Pat4_088mm_Pat2_224Sl",
    "SeriesNumber": 9,
    "ShimSetting": [
      -1111,
      -3155,
      -4360,
      316,
      963,
      -61,
      223,
      -986
    ],
    "SliceThickness": 0.88,
    "SoftwareVersions": "syngo_MR_E11",
    "StationName": "FBMTMR1",
    "TxRefAmp": 321.087,
    "acq_id": "MPrageHiRes",
    "dataset": "<unset>",
    "modality": "T1w",
    "session_id": "1",
    "subject_id": "season137"
  },
  "cjv": 0.419202925660513,
  "cnr": 2.9415592466633695,
  "efc": 0.56201623284752,
  "fber": 4172.287109375,
  "fwhm_avg": 4.164923903558007,
  "fwhm_x": 4.126954567816878,
  "fwhm_y": 4.171051428571428,
  "fwhm_z": 4.196765714285714,
  "icvs_csf": 0.18593040575874223,
  "icvs_gm": 0.42743740627538784,
  "icvs_wm": 0.3866321879658699,
  "inu_med": 1.3624621629714966,
  "inu_range": 0.4408995509147644,
  "provenance": {
    "md5sum": "bdc17ccf7a5b6c79b7b16176548cd668",
    "settings": {
      "testing": false
    },
    "software": "mriqc",
    "version": "0.15.2",
    "warnings": {
      "large_rot_frame": true,
      "small_air_mask": false
    },
    "webapi_port": null,
    "webapi_url": "https://mriqc.nimh.nih.gov/api/v1"
  },
  "qi_1": 0.0,
  "qi_2": 0.002407032480355993,
  "rpve_csf": 25.60251895277359,
  "rpve_gm": 12.350187654333633,
  "rpve_wm": 16.09779437906736,
  "size_x": 224,
  "size_y": 256,
  "size_z": 256,
  "snr_csf": 3.0940233943734814,
  "snr_gm": 11.736705538599185,
  "snr_total": 13.431073535224362,
  "snr_wm": 25.462491672700423,
  "snrd_csf": 62.98468095758342,
  "snrd_gm": 125.92834865209927,
  "snrd_total": 117.21967375652231,
  "snrd_wm": 162.74599165988428,
  "spacing_x": 0.8799999952316284,
  "spacing_y": 0.875,
  "spacing_z": 0.875,
  "summary_bg_k": 6.67951485621326,
  "summary_bg_mad": 4.025615901544849,
  "summary_bg_mean": 8.172187805175781,
  "summary_bg_median": 7.260489463806152,
  "summary_bg_n": 3249725.0,
  "summary_bg_p05": 2.720043897628784,
  "summary_bg_p95": 17.744671630859372,
  "summary_bg_stdv": 5.099648475646973,
  "summary_csf_k": 3.743786935640127,
  "summary_csf_mad": 135.79863529583454,
  "summary_csf_mean": 412.0211486816406,
  "summary_csf_median": 387.02191162109375,
  "summary_csf_n": 31397.0,
  "summary_csf_p05": 246.9510498046875,
  "summary_csf_p95": 617.0380615234375,
  "summary_csf_stdv": 125.08494567871094,
  "summary_gm_k": 0.5750539787941418,
  "summary_gm_mad": 59.7348704700334,
  "summary_gm_mean": 777.8007202148438,
  "summary_gm_median": 773.7918090820312,
  "summary_gm_n": 43052.0,
  "summary_gm_p05": 676.6839416503906,
  "summary_gm_p95": 897.7879974365234,
  "summary_gm_stdv": 65.92845153808594,
  "summary_wm_k": 0.9537541412867596,
  "summary_wm_mad": 35.10280645097106,
  "summary_wm_mean": 1000.2665405273438,
  "summary_wm_median": 1000.025146484375,
  "summary_wm_n": 337272.0,
  "summary_wm_p05": 935.8132873535156,
  "summary_wm_p95": 1064.740478515625,
  "summary_wm_stdv": 39.274383544921875,
  "tpm_overlap_csf": 0.16934923827648163,
  "tpm_overlap_gm": 0.44653040170669556,
  "tpm_overlap_wm": 0.5053343176841736,
  "wm2max": 0.5914268464984146
}