{
  "bids_meta": {
    "AcquisitionMatrixPE": 256,
    "AcquisitionNumber": 1,
    "AcquisitionTime": "10:47:52.870000",
    "BaseResolution": 256,
    "BodyPartExamined": "BRAIN",
    "ConsistencyInfo": "N4_VE11C_LATEST_20160120",
    "ConversionSoftware": "dcm2niix",
    "ConversionSoftwareVersion": "v1.0.20200427",
    "DeviceSerialNumber": "45250",
    "DwellTime": 9.2e-06,
    "EchoTime": 0.00218,
    "FlipAngle": 8,
    "ImageOrientationPatientDICOM": [
      -0.0197779,
      0.985291,
      0.169734,
      -0.0639381,
      0.168174,
      -0.983682
    ],
    "ImageType": [
      "ORIGINAL",
      "PRIMARY",
      "M",
      "NORM",
      "DIS3D",
      "DIS2D"
    ],
    "ImagingFrequency": 123.24,
    "InPlanePhaseEncodingDirectionDICOM": "ROW",
    "InstitutionAddress": "Kopernikusstr._26_Graz_Graz_AT_8010",
    "InstitutionName": "KFU",
    "InstitutionalDepartmentName": "Department",
    "InversionTime": 1,
    "MRAcquisitionType": "3D",
    "MagneticFieldStrength": 3,
    "Manufacturer": "Siemens",
    "ManufacturersModelName": "Skyra",
    "Modality": "MR",
    "ParallelReductionFactorInPlane": 2,
    "PartialFourier": 1,
    "PatientPosition": "HFS",
    "PercentPhaseFOV": 100,
    "PercentSampling": 100,
    "PhaseEncodingSteps": 294,
    "PhaseOversampling": 0.15,
    "PhaseResolution": 1,
    "PixelBandwidth": 210,
    "ProcedureStepDescription": "KFU_BioPsy",
    "ProtocolName": "T1_Pat4_088mm_Pat2_224Sl",
    "PulseSequenceDetails": "%SiemensSeq%_tfl",
    "ReceiveCoilActiveElements": "HEA;HEP",
    "ReceiveCoilName": "Head_32",
    "ReconMatrixPE": 256,
    "RefLinesPE": 24,
    "RepetitionTime": 2.2,
    "SAR": 0.0532722,
    "ScanOptions": "IR_WE",
    "ScanningSequence": "GR_IR",
    "SequenceName": "_tfl3d1_16ns",
    "SequenceVariant": "SK_SP_MP_OSP",
    "SeriesDescription": "T1_Pat4_088mm_Pat2_224Sl",
    "SeriesNumber": 9,
    "ShimSetting": [
      -1154,
      -3198,
      -4476,
      291,
      968,
      -241,
      302,
      -871
    ],
    "SliceThickness": 0.88,
    "SoftwareVersions": "syngo_MR_E11",
    "StationName": "FBMTMR1",
    "TxRefAmp": 325.524,
    "acq_id": "MPrageHiRes",
    "dataset": "<unset>",
    "modality": "T1w",
    "session_id": "2",
    "subject_id": "season116"
  },
  "cjv": 0.5184043731712241,
  "cnr": 2.4758761630751565,
  "efc": 0.6091231818085596,
  "fber": 3015.304931640625,
  "fwhm_avg": 4.120161738915205,
  "fwhm_x": 4.04909093103133,
  "fwhm_y": 4.215291428571429,
  "fwhm_z": 4.096102857142857,
  "icvs_csf": 0.1986983505587731,
  "icvs_gm": 0.42269590787906713,
  "icvs_wm": 0.37860574156215976,
  "inu_med": 1.3816348314285278,
  "inu_range": 0.47591230273246743,
  "provenance": {
    "md5sum": "13ac74a4a141fa17556cc9837f816a53",
    "settings": {
      "testing": false
    },
    "software": "mriqc",
    "version": "0.15.2",
    "warnings": {
      "large_rot_frame": true,
      "small_air_mask": false
    },
    "webapi_port": null,
    "webapi_url": "https://mriqc.nimh.nih.gov/api/v1"
  },
  "qi_1": 0.0,
  "qi_2": 0.0016516218833373024,
  "rpve_csf": 21.485841155042674,
  "rpve_gm": 11.021225379758095,
  "rpve_wm": 14.678667895805312,
  "size_x": 224,
  "size_y": 256,
  "size_z": 256,
  "snr_csf": 1.891473112439831,
  "snr_gm": 10.181642642126725,
  "snr_total": 11.194997194358303,
  "snr_wm": 21.51187582850835,
  "snrd_csf": 47.63584337650782,
  "snrd_gm": 105.50746208930093,
  "snrd_total": 96.25189851579677,
  "snrd_wm": 135.61239008158157,
  "spacing_x": 0.8799999952316284,
  "spacing_y": 0.875,
  "spacing_z": 0.875,
  "summary_bg_k": 12.609994023252806,
  "summary_bg_mad": 4.831102600597694,
  "summary_bg_mean": 9.33007526397705,
  "summary_bg_median": 7.960031509399414,
  "summary_bg_n": 2526974.0,
  "summary_bg_p05": 2.788217616081238,
  "summary_bg_p95": 20.588227176666262,
  "summary_bg_stdv": 6.291433334350586,
  "summary_csf_k": 34.46674882757889,
  "summary_csf_mad": 111.04671613526766,
  "summary_csf_mean": 390.0531311035156,
  "summary_csf_median": 351.27593994140625,
  "summary_csf_n": 35953.0,
  "summary_csf_p05": 226.9805419921875,
  "summary_csf_p95": 608.1130493164063,
  "summary_csf_stdv": 185.71295166015625,
  "summary_gm_k": 0.19553505565987406,
  "summary_gm_mad": 73.52789426487026,
  "summary_gm_mean": 783.8228149414062,
  "summary_gm_median": 778.032470703125,
  "summary_gm_n": 47776.0,
  "summary_gm_p05": 668.7995452880859,
  "summary_gm_p95": 921.7688598632812,
  "summary_gm_stdv": 76.41442108154297,
  "summary_wm_k": 0.8979461784560012,
  "summary_wm_mad": 41.55765509289808,
  "summary_wm_mean": 999.9331665039062,
  "summary_wm_median": 1000.0320434570312,
  "summary_wm_n": 368132.0,
  "summary_wm_p05": 922.7479309082031,
  "summary_wm_p95": 1075.502215576172,
  "summary_wm_stdv": 46.48737716674805,
  "tpm_overlap_csf": 0.18056067824363708,
  "tpm_overlap_gm": 0.4603351950645447,
  "tpm_overlap_wm": 0.5254103541374207,
  "wm2max": 0.4437017808133372
}