{
  "bids_meta": {
    "AcquisitionMatrixPE": 256,
    "AcquisitionNumber": 1,
    "AcquisitionTime": "13:38:37.110000",
    "BaseResolution": 256,
    "BodyPartExamined": "HEAD",
    "ConsistencyInfo": "N4_VE11C_LATEST_20160120",
    "ConversionSoftware": "dcm2niix",
    "ConversionSoftwareVersion": "v1.0.20200427",
    "DeviceSerialNumber": "45250",
    "DwellTime": 9.2e-06,
    "EchoTime": 0.00218,
    "FlipAngle": 8,
    "ImageOrientationPatientDICOM": [
      0.0394045,
      0.986389,
      0.159639,
      -0.0493647,
      0.161489,
      -0.985639
    ],
    "ImageType": [
      "ORIGINAL",
      "PRIMARY",
      "M",
      "NORM",
      "DIS3D",
      "DIS2D"
    ],
    "ImagingFrequency": 123.239,
    "InPlanePhaseEncodingDirectionDICOM": "ROW",
    "InstitutionAddress": "Kopernikusstr._26_Graz_Graz_AT_8010",
    "InstitutionName": "KFU",
    "InstitutionalDepartmentName": "Department",
    "InversionTime": 1,
    "MRAcquisitionType": "3D",
    "MagneticFieldStrength": 3,
    "Manufacturer": "Siemens",
    "ManufacturersModelName": "Skyra",
    "Modality": "MR",
    "ParallelReductionFactorInPlane": 2,
    "PartialFourier": 1,
    "PatientPosition": "HFS",
    "PercentPhaseFOV": 100,
    "PercentSampling": 100,
    "PhaseEncodingSteps": 294,
    "PhaseOversampling": 0.15,
    "PhaseResolution": 1,
    "PixelBandwidth": 210,
    "ProcedureStepDescription": "BioPsy_2018",
    "ProtocolName": "anat-T1w",
    "PulseSequenceDetails": "%SiemensSeq%_tfl",
    "ReceiveCoilActiveElements": "HEA;HEP",
    "ReceiveCoilName": "Head_32",
    "ReconMatrixPE": 256,
    "RefLinesPE": 24,
    "RepetitionTime": 2.2,
    "SAR": 0.0540718,
    "ScanOptions": "IR_WE",
    "ScanningSequence": "GR_IR",
    "SequenceName": "_tfl3d1_16ns",
    "SequenceVariant": "SK_SP_MP_OSP",
    "SeriesDescription": "anat-T1w",
    "SeriesNumber": 9,
    "ShimSetting": [
      -1103,
      -3296,
      -4327,
      619,
      969,
      7,
      418,
      -812
    ],
    "SliceThickness": 0.88,
    "SoftwareVersions": "syngo_MR_E11",
    "StationName": "FBMTMR1",
    "TxRefAmp": 321.691,
    "acq_id": "MPrageHiRes",
    "dataset": "<unset>",
    "modality": "T1w",
    "session_id": "2",
    "subject_id": "season217"
  },
  "cjv": 0.4100828104550868,
  "cnr": 3.1238707374657544,
  "efc": 0.5514579610890409,
  "fber": 4646.8154296875,
  "fwhm_avg": 4.110313448941187,
  "fwhm_x": 4.087443203966418,
  "fwhm_y": 4.114902857142857,
  "fwhm_z": 4.128594285714286,
  "icvs_csf": 0.19255938304409412,
  "icvs_gm": 0.428619843495599,
  "icvs_wm": 0.37882077346030685,
  "inu_med": 1.3780417442321777,
  "inu_range": 0.4182018995285033,
  "provenance": {
    "md5sum": "388e22a7cf77e55f0d63fed8379f765d",
    "settings": {
      "testing": false
    },
    "software": "mriqc",
    "version": "0.15.2",
    "warnings": {
      "large_rot_frame": true,
      "small_air_mask": false
    },
    "webapi_port": null,
    "webapi_url": "https://mriqc.nimh.nih.gov/api/v1"
  },
  "qi_1": 1.9162521174585896e-06,
  "qi_2": 0.002075987566190079,
  "rpve_csf": 25.986820210912295,
  "rpve_gm": 12.901623741199536,
  "rpve_wm": 17.271369125577586,
  "size_x": 224,
  "size_y": 256,
  "size_z": 256,
  "snr_csf": 2.260695423955782,
  "snr_gm": 11.87401379920726,
  "snr_total": 13.42807888825586,
  "snr_wm": 26.149527441604533,
  "snrd_csf": 58.48353188101906,
  "snrd_gm": 128.16690919979376,
  "snrd_total": 118.03562427507886,
  "snrd_wm": 167.45643174442378,
  "spacing_x": 0.8799999952316284,
  "spacing_y": 0.875,
  "spacing_z": 0.875,
  "summary_bg_k": 9.925965008905921,
  "summary_bg_mad": 3.9123471512836097,
  "summary_bg_mean": 7.976234436035156,
  "summary_bg_median": 7.060943603515625,
  "summary_bg_n": 3390808.0,
  "summary_bg_p05": 2.645867347717285,
  "summary_bg_p95": 16.801608943939208,
  "summary_bg_stdv": 4.89319372177124,
  "summary_csf_k": 33.01133736635895,
  "summary_csf_mad": 105.3610850323059,
  "summary_csf_mean": 383.67596435546875,
  "summary_csf_median": 349.2522888183594,
  "summary_csf_n": 27543.0,
  "summary_csf_p05": 234.02259368896486,
  "summary_csf_p95": 601.2647399902344,
  "summary_csf_stdv": 154.48606872558594,
  "summary_gm_k": 0.20566326219126552,
  "summary_gm_mad": 62.54872894693409,
  "summary_gm_mean": 768.0200805664062,
  "summary_gm_median": 765.3878784179688,
  "summary_gm_n": 47395.0,
  "summary_gm_p05": 667.2276611328125,
  "summary_gm_p95": 879.8267333984375,
  "summary_gm_stdv": 64.45838928222656,
  "summary_wm_k": 1.1336142714539923,
  "summary_wm_mad": 33.6687525778163,
  "summary_wm_mean": 998.0743408203125,
  "summary_wm_median": 1000.0172729492188,
  "summary_wm_n": 324055.0,
  "summary_wm_p05": 930.9564147949219,
  "summary_wm_p95": 1056.4397216796874,
  "summary_wm_stdv": 38.242210388183594,
  "tpm_overlap_csf": 0.16541926562786102,
  "tpm_overlap_gm": 0.4412192404270172,
  "tpm_overlap_wm": 0.5096325278282166,
  "wm2max": 0.5657356608949163
}