{
  "bids_meta": {
    "AcquisitionMatrixPE": 256,
    "AcquisitionNumber": 1,
    "AcquisitionTime": "13:15:27.152500",
    "BaseResolution": 256,
    "BodyPartExamined": "HEAD",
    "ConsistencyInfo": "N4_VE11C_LATEST_20160120",
    "ConversionSoftware": "dcm2niix",
    "ConversionSoftwareVersion": "v1.0.20200427",
    "DeviceSerialNumber": "45250",
    "DwellTime": 9.2e-06,
    "EchoTime": 0.00218,
    "FlipAngle": 8,
    "ImageOrientationPatientDICOM": [
      0.104241,
      0.993354,
      0.0488053,
      0.0475595,
      0.0440377,
      -0.997897
    ],
    "ImageType": [
      "ORIGINAL",
      "PRIMARY",
      "M",
      "NORM",
      "DIS3D",
      "DIS2D"
    ],
    "ImagingFrequency": 123.24,
    "InPlanePhaseEncodingDirectionDICOM": "ROW",
    "InstitutionAddress": "Kopernikusstr._26_Graz_Graz_AT_8010",
    "InstitutionName": "KFU",
    "InstitutionalDepartmentName": "Department",
    "InversionTime": 1,
    "MRAcquisitionType": "3D",
    "MagneticFieldStrength": 3,
    "Manufacturer": "Siemens",
    "ManufacturersModelName": "Skyra",
    "Modality": "MR",
    "ParallelReductionFactorInPlane": 2,
    "PartialFourier": 1,
    "PatientPosition": "HFS",
    "PercentPhaseFOV": 100,
    "PercentSampling": 100,
    "PhaseEncodingSteps": 294,
    "PhaseOversampling": 0.15,
    "PhaseResolution": 1,
    "PixelBandwidth": 210,
    "ProcedureStepDescription": "KFU_BioPsy",
    "ProtocolName": "T1_Pat4_088mm_Pat2_224Sl",
    "PulseSequenceDetails": "%SiemensSeq%_tfl",
    "ReceiveCoilActiveElements": "HEA;HEP",
    "ReceiveCoilName": "Head_32",
    "ReconMatrixPE": 256,
    "RefLinesPE": 24,
    "RepetitionTime": 2.2,
    "SAR": 0.0616548,
    "ScanOptions": "IR_WE",
    "ScanningSequence": "GR_IR",
    "SequenceName": "_tfl3d1_16ns",
    "SequenceVariant": "SK_SP_MP_OSP",
    "SeriesDescription": "T1_Pat4_088mm_Pat2_224Sl",
    "SeriesNumber": 9,
    "ShimSetting": [
      -1076,
      -3160,
      -4316,
      402,
      918,
      279,
      366,
      -904
    ],
    "SliceThickness": 0.88,
    "SoftwareVersions": "syngo_MR_E11",
    "StationName": "FBMTMR1",
    "TxRefAmp": 323.399,
    "acq_id": "MPrageHiRes",
    "dataset": "<unset>",
    "modality": "T1w",
    "session_id": "3",
    "subject_id": "season138"
  },
  "cjv": 0.4090116883614453,
  "cnr": 3.1227065894656385,
  "efc": 0.5769575197323967,
  "fber": 2832.25048828125,
  "fwhm_avg": 4.199761003248873,
  "fwhm_x": 4.195477295460903,
  "fwhm_y": 4.1362057142857145,
  "fwhm_z": 4.2676,
  "icvs_csf": 0.1988977453496457,
  "icvs_gm": 0.44080451769383316,
  "icvs_wm": 0.3602977369565212,
  "inu_med": 1.442855954170227,
  "inu_range": 0.5476157367229457,
  "provenance": {
    "md5sum": "0666ed8ace4a1c970d9765d2c547a901",
    "settings": {
      "testing": false
    },
    "software": "mriqc",
    "version": "0.15.2",
    "warnings": {
      "large_rot_frame": true,
      "small_air_mask": false
    },
    "webapi_port": null,
    "webapi_url": "https://mriqc.nimh.nih.gov/api/v1"
  },
  "qi_1": 0.0,
  "qi_2": 0.002016235229641201,
  "rpve_csf": 25.10992821668329,
  "rpve_gm": 12.284884012054972,
  "rpve_wm": 17.092917910141477,
  "size_x": 224,
  "size_y": 256,
  "size_z": 256,
  "snr_csf": 3.0280213004386476,
  "snr_gm": 12.554606951111156,
  "snr_total": 12.657970500879182,
  "snr_wm": 22.391283251087746,
  "snrd_csf": 50.802387927752164,
  "snrd_gm": 112.59701985894326,
  "snrd_total": 103.61662566612766,
  "snrd_wm": 147.45046921168753,
  "spacing_x": 0.8799999952316284,
  "spacing_y": 0.875,
  "spacing_z": 0.875,
  "summary_bg_k": 14.15671279322493,
  "summary_bg_mad": 4.443159101603472,
  "summary_bg_mean": 9.810766220092773,
  "summary_bg_median": 8.941056251525879,
  "summary_bg_n": 3242599.0,
  "summary_bg_p05": 3.004781484603882,
  "summary_bg_p95": 20.563451004028288,
  "summary_bg_stdv": 5.975515365600586,
  "summary_csf_k": 0.19139251327523343,
  "summary_csf_mad": 102.86141081460023,
  "summary_csf_mean": 374.7969970703125,
  "summary_csf_median": 344.5436706542969,
  "summary_csf_n": 44367.0,
  "summary_csf_p05": 231.27609252929688,
  "summary_csf_p95": 579.8901428222656,
  "summary_csf_stdv": 113.78380584716797,
  "summary_gm_k": 0.4646566104171641,
  "summary_gm_mad": 56.798713598460445,
  "summary_gm_mean": 764.5742797851562,
  "summary_gm_median": 763.6371459960938,
  "summary_gm_n": 49778.0,
  "summary_gm_p05": 667.2034729003906,
  "summary_gm_p95": 867.8964233398438,
  "summary_gm_stdv": 60.824642181396484,
  "summary_wm_k": 1.0059214252505386,
  "summary_wm_mad": 39.882397837576164,
  "summary_wm_mean": 997.5684814453125,
  "summary_wm_median": 1000.0145263671875,
  "summary_wm_n": 307472.0,
  "summary_wm_p05": 918.8313171386719,
  "summary_wm_p95": 1065.8388427734376,
  "summary_wm_stdv": 44.66081237792969,
  "tpm_overlap_csf": 0.16738775372505188,
  "tpm_overlap_gm": 0.45079290866851807,
  "tpm_overlap_wm": 0.5084370970726013,
  "wm2max": 0.556172458213629
}