{
  "bids_meta": {
    "AcquisitionMatrixPE": 256,
    "AcquisitionNumber": 1,
    "AcquisitionTime": "13:55:15.122500",
    "BaseResolution": 256,
    "BodyPartExamined": "HEAD",
    "ConsistencyInfo": "N4_VE11C_LATEST_20160120",
    "ConversionSoftware": "dcm2niix",
    "ConversionSoftwareVersion": "v1.0.20200427",
    "DeviceSerialNumber": "45250",
    "DwellTime": 9.2e-06,
    "EchoTime": 0.00218,
    "FlipAngle": 8,
    "ImageOrientationPatientDICOM": [
      -0.0720822,
      0.997385,
      0.00522993,
      -0.048258,
      0.00174986,
      -0.998833
    ],
    "ImageType": [
      "ORIGINAL",
      "PRIMARY",
      "M",
      "NORM",
      "DIS3D",
      "DIS2D"
    ],
    "ImagingFrequency": 123.239,
    "InPlanePhaseEncodingDirectionDICOM": "ROW",
    "InstitutionAddress": "Kopernikusstr._26_Graz_Graz_AT_8010",
    "InstitutionName": "KFU",
    "InstitutionalDepartmentName": "Department",
    "InversionTime": 1,
    "MRAcquisitionType": "3D",
    "MagneticFieldStrength": 3,
    "Manufacturer": "Siemens",
    "ManufacturersModelName": "Skyra",
    "Modality": "MR",
    "ParallelReductionFactorInPlane": 2,
    "PartialFourier": 1,
    "PatientPosition": "HFS",
    "PercentPhaseFOV": 100,
    "PercentSampling": 100,
    "PhaseEncodingSteps": 294,
    "PhaseOversampling": 0.15,
    "PhaseResolution": 1,
    "PixelBandwidth": 210,
    "ProcedureStepDescription": "BioPsy_2018",
    "ProtocolName": "anat-T1w",
    "PulseSequenceDetails": "%SiemensSeq%_tfl",
    "ReceiveCoilActiveElements": "HEA;HEP",
    "ReceiveCoilName": "Head_32",
    "ReconMatrixPE": 256,
    "RefLinesPE": 24,
    "RepetitionTime": 2.2,
    "SAR": 0.0570186,
    "ScanOptions": "IR_WE",
    "ScanningSequence": "GR_IR",
    "SequenceName": "_tfl3d1_16ns",
    "SequenceVariant": "SK_SP_MP_OSP",
    "SeriesDescription": "anat-T1w",
    "SeriesNumber": 9,
    "ShimSetting": [
      -1087,
      -3142,
      -4351,
      289,
      1031,
      248,
      126,
      -856
    ],
    "SliceThickness": 0.88,
    "SoftwareVersions": "syngo_MR_E11",
    "StationName": "FBMTMR1",
    "TxRefAmp": 345.943,
    "acq_id": "MPrageHiRes",
    "dataset": "<unset>",
    "modality": "T1w",
    "session_id": "1",
    "subject_id": "season213"
  },
  "cjv": 0.4828197869332179,
  "cnr": 2.6011813057480784,
  "efc": 0.6360721467655633,
  "fber": 3351.164794921875,
  "fwhm_avg": 4.212057020446747,
  "fwhm_x": 4.130068204197386,
  "fwhm_y": 4.239337142857143,
  "fwhm_z": 4.2667657142857145,
  "icvs_csf": 0.1775984296944653,
  "icvs_gm": 0.448352333180649,
  "icvs_wm": 0.37404923712488575,
  "inu_med": 1.408064603805542,
  "inu_range": 0.5722543299198151,
  "provenance": {
    "md5sum": "968c572af28fc30d0febe904c9ad6b39",
    "settings": {
      "testing": false
    },
    "software": "mriqc",
    "version": "0.15.2",
    "warnings": {
      "large_rot_frame": true,
      "small_air_mask": false
    },
    "webapi_port": null,
    "webapi_url": "https://mriqc.nimh.nih.gov/api/v1"
  },
  "qi_1": 0.0007727342637566544,
  "qi_2": 0.0009045632940808715,
  "rpve_csf": 21.512991277031883,
  "rpve_gm": 9.705695448246887,
  "rpve_wm": 13.300647158646216,
  "size_x": 224,
  "size_y": 256,
  "size_z": 256,
  "snr_csf": 2.240673973241775,
  "snr_gm": 10.577962302879424,
  "snr_total": 11.406358849777613,
  "snr_wm": 21.400440273211643,
  "snrd_csf": 52.999545622536324,
  "snrd_gm": 111.15669793093218,
  "snrd_total": 102.74220262072788,
  "snrd_wm": 144.07036430871517,
  "spacing_x": 0.8799999952316284,
  "spacing_y": 0.875,
  "spacing_z": 0.875,
  "summary_bg_k": 266.1872037364785,
  "summary_bg_mad": 4.547472438235695,
  "summary_bg_mean": 10.865030288696289,
  "summary_bg_median": 8.122518539428711,
  "summary_bg_n": 2954075.0,
  "summary_bg_p05": 3.0275866985321045,
  "summary_bg_p95": 22.970817184448233,
  "summary_bg_stdv": 14.498391151428223,
  "summary_csf_k": 32.25455041121273,
  "summary_csf_mad": 122.18966990629801,
  "summary_csf_mean": 401.1788635253906,
  "summary_csf_median": 367.8836669921875,
  "summary_csf_n": 29315.0,
  "summary_csf_p05": 232.6909408569336,
  "summary_csf_p95": 631.4933837890625,
  "summary_csf_stdv": 164.18157958984375,
  "summary_gm_k": 0.3525839621701694,
  "summary_gm_mad": 66.91260533159738,
  "summary_gm_mean": 777.6903076171875,
  "summary_gm_median": 771.567626953125,
  "summary_gm_n": 64008.0,
  "summary_gm_p05": 668.9756683349609,
  "summary_gm_p95": 912.7664733886716,
  "summary_gm_stdv": 72.94047546386719,
  "summary_wm_k": 0.7606202529226849,
  "summary_wm_mad": 43.393533621281975,
  "summary_wm_mean": 999.9251098632812,
  "summary_wm_median": 1000.0299682617188,
  "summary_wm_n": 389953.0,
  "summary_wm_p05": 922.6150268554687,
  "summary_wm_p95": 1074.9607666015625,
  "summary_wm_stdv": 46.72935104370117,
  "tpm_overlap_csf": 0.17217931151390076,
  "tpm_overlap_gm": 0.4580684006214142,
  "tpm_overlap_wm": 0.5114539265632629,
  "wm2max": 0.4454313967149503
}