{
  "bids_meta": {
    "AcquisitionMatrixPE": 256,
    "AcquisitionNumber": 1,
    "AcquisitionTime": "14:32:41.175000",
    "BaseResolution": 256,
    "BodyPartExamined": "HEAD",
    "ConsistencyInfo": "N4_VE11C_LATEST_20160120",
    "ConversionSoftware": "dcm2niix",
    "ConversionSoftwareVersion": "v1.0.20200427",
    "DeviceSerialNumber": "45250",
    "DwellTime": 9.2e-06,
    "EchoTime": 0.00218,
    "FlipAngle": 8,
    "ImageOrientationPatientDICOM": [
      -0.0055511,
      0.996376,
      0.0848787,
      -0.0202614,
      0.0847505,
      -0.996196
    ],
    "ImageType": [
      "ORIGINAL",
      "PRIMARY",
      "M",
      "NORM",
      "DIS3D",
      "DIS2D"
    ],
    "ImagingFrequency": 123.24,
    "InPlanePhaseEncodingDirectionDICOM": "ROW",
    "InstitutionAddress": "Kopernikusstr._26_Graz_Graz_AT_8010",
    "InstitutionName": "KFU",
    "InstitutionalDepartmentName": "Department",
    "InversionTime": 1,
    "MRAcquisitionType": "3D",
    "MagneticFieldStrength": 3,
    "Manufacturer": "Siemens",
    "ManufacturersModelName": "Skyra",
    "Modality": "MR",
    "ParallelReductionFactorInPlane": 2,
    "PartialFourier": 1,
    "PatientPosition": "HFS",
    "PercentPhaseFOV": 100,
    "PercentSampling": 100,
    "PhaseEncodingSteps": 294,
    "PhaseOversampling": 0.15,
    "PhaseResolution": 1,
    "PixelBandwidth": 210,
    "ProcedureStepDescription": "KFU_BioPsy",
    "ProtocolName": "T1_Pat4_088mm_Pat2_224Sl",
    "PulseSequenceDetails": "%SiemensSeq%_tfl",
    "ReceiveCoilActiveElements": "HEA;HEP",
    "ReceiveCoilName": "Head_32",
    "ReconMatrixPE": 256,
    "RefLinesPE": 24,
    "RepetitionTime": 2.2,
    "SAR": 0.0607975,
    "ScanOptions": "IR_WE",
    "ScanningSequence": "GR_IR",
    "SequenceName": "_tfl3d1_16ns",
    "SequenceVariant": "SK_SP_MP_OSP",
    "SeriesDescription": "T1_Pat4_088mm_Pat2_224Sl",
    "SeriesNumber": 9,
    "ShimSetting": [
      -1139,
      -3142,
      -4236,
      512,
      891,
      384,
      355,
      -869
    ],
    "SliceThickness": 0.88,
    "SoftwareVersions": "syngo_MR_E11",
    "StationName": "FBMTMR1",
    "TxRefAmp": 327.429,
    "acq_id": "MPrageHiRes",
    "dataset": "<unset>",
    "modality": "T1w",
    "session_id": "2",
    "subject_id": "season118"
  },
  "cjv": 0.608774271497842,
  "cnr": 2.1759351184201674,
  "efc": 0.578178078679092,
  "fber": 2643.642822265625,
  "fwhm_avg": 4.014617301474135,
  "fwhm_x": 3.931920475850975,
  "fwhm_y": 4.080251428571429,
  "fwhm_z": 4.03168,
  "icvs_csf": 0.1770070071818809,
  "icvs_gm": 0.45407972315444833,
  "icvs_wm": 0.3689132696636708,
  "inu_med": 1.4606947898864746,
  "inu_range": 0.5923118591308592,
  "provenance": {
    "md5sum": "3c3ebdd05df603bb6ef56bcdf15fcb14",
    "settings": {
      "testing": false
    },
    "software": "mriqc",
    "version": "0.15.2",
    "warnings": {
      "large_rot_frame": true,
      "small_air_mask": false
    },
    "webapi_port": null,
    "webapi_url": "https://mriqc.nimh.nih.gov/api/v1"
  },
  "qi_1": 5.373496163465147e-05,
  "qi_2": 0.0033172161949092545,
  "rpve_csf": 23.794517370102025,
  "rpve_gm": 10.513872622415875,
  "rpve_wm": 14.484411692126441,
  "size_x": 224,
  "size_y": 256,
  "size_z": 256,
  "snr_csf": 1.5495780194802935,
  "snr_gm": 11.241808230756648,
  "snr_total": 10.795920165745352,
  "snr_wm": 19.596374246999115,
  "snrd_csf": 51.62961398618037,
  "snrd_gm": 101.22514028410241,
  "snrd_total": 92.72266669834856,
  "snrd_wm": 125.31324582476292,
  "spacing_x": 0.8799999952316284,
  "spacing_y": 0.875,
  "spacing_z": 0.875,
  "summary_bg_k": 15.986133497904184,
  "summary_bg_mad": 5.22811780811274,
  "summary_bg_mean": 10.789475440979004,
  "summary_bg_median": 9.413004875183105,
  "summary_bg_n": 3266148.0,
  "summary_bg_p05": 3.5197889089584353,
  "summary_bg_p95": 22.092143249511707,
  "summary_bg_stdv": 6.080804347991943,
  "summary_csf_k": 25.11408298673558,
  "summary_csf_mad": 170.9441534318114,
  "summary_csf_mean": 468.74041748046875,
  "summary_csf_median": 412.0145263671875,
  "summary_csf_n": 38594.0,
  "summary_csf_p05": 246.0366096496582,
  "summary_csf_p95": 702.4316101074219,
  "summary_csf_stdv": 265.884765625,
  "summary_gm_k": 0.23188174148824325,
  "summary_gm_mad": 70.00381828846145,
  "summary_gm_mean": 808.507568359375,
  "summary_gm_median": 807.796630859375,
  "summary_gm_n": 71412.0,
  "summary_gm_p05": 695.0959777832031,
  "summary_gm_p95": 932.1576843261719,
  "summary_gm_stdv": 71.85596466064453,
  "summary_wm_k": 0.7373009525696181,
  "summary_wm_mad": 47.01954754929886,
  "summary_wm_mean": 1001.2222900390625,
  "summary_wm_median": 1000.0244750976562,
  "summary_wm_n": 354040.0,
  "summary_wm_p05": 918.8734985351562,
  "summary_wm_p95": 1086.2304321289064,
  "summary_wm_stdv": 51.03102493286133,
  "tpm_overlap_csf": 0.15873301029205322,
  "tpm_overlap_gm": 0.4562124013900757,
  "tpm_overlap_wm": 0.4889892637729645,
  "wm2max": 0.4643126805922565
}