{
  "bids_meta": {
    "AcquisitionMatrixPE": 256,
    "AcquisitionNumber": 1,
    "AcquisitionTime": "08:42:32.162500",
    "BaseResolution": 256,
    "BodyPartExamined": "BRAIN",
    "ConsistencyInfo": "N4_VE11C_LATEST_20160120",
    "ConversionSoftware": "dcm2niix",
    "ConversionSoftwareVersion": "v1.0.20200427",
    "DeviceSerialNumber": "45250",
    "DwellTime": 9.2e-06,
    "EchoTime": 0.00218,
    "FlipAngle": 8,
    "ImageOrientationPatientDICOM": [
      -0.0410929,
      0.99331,
      0.107921,
      -0.042762,
      0.106165,
      -0.993429
    ],
    "ImageType": [
      "ORIGINAL",
      "PRIMARY",
      "M",
      "NORM",
      "DIS3D",
      "DIS2D"
    ],
    "ImagingFrequency": 123.24,
    "InPlanePhaseEncodingDirectionDICOM": "ROW",
    "InstitutionAddress": "Kopernikusstr._26_Graz_Graz_AT_8010",
    "InstitutionName": "KFU",
    "InstitutionalDepartmentName": "Department",
    "InversionTime": 1,
    "MRAcquisitionType": "3D",
    "MagneticFieldStrength": 3,
    "Manufacturer": "Siemens",
    "ManufacturersModelName": "Skyra",
    "Modality": "MR",
    "ParallelReductionFactorInPlane": 2,
    "PartialFourier": 1,
    "PatientPosition": "HFS",
    "PercentPhaseFOV": 100,
    "PercentSampling": 100,
    "PhaseEncodingSteps": 294,
    "PhaseOversampling": 0.15,
    "PhaseResolution": 1,
    "PixelBandwidth": 210,
    "ProcedureStepDescription": "KFU_BioPsy",
    "ProtocolName": "T1_Pat4_088mm_Pat2_224Sl",
    "PulseSequenceDetails": "%SiemensSeq%_tfl",
    "ReceiveCoilActiveElements": "HEA;HEP",
    "ReceiveCoilName": "Head_32",
    "ReconMatrixPE": 256,
    "RefLinesPE": 24,
    "RepetitionTime": 2.2,
    "SAR": 0.0543981,
    "ScanOptions": "IR_WE",
    "ScanningSequence": "GR_IR",
    "SequenceName": "_tfl3d1_16ns",
    "SequenceVariant": "SK_SP_MP_OSP",
    "SeriesDescription": "T1_Pat4_088mm_Pat2_224Sl",
    "SeriesNumber": 9,
    "ShimSetting": [
      -1109,
      -3128,
      -4455,
      188,
      904,
      -75,
      208,
      -787
    ],
    "SliceThickness": 0.88,
    "SoftwareVersions": "syngo_MR_E11",
    "StationName": "FBMTMR1",
    "TxRefAmp": 325.063,
    "acq_id": "MPrageHiRes",
    "dataset": "<unset>",
    "modality": "T1w",
    "session_id": "3",
    "subject_id": "season117"
  },
  "cjv": 0.5553931773053957,
  "cnr": 2.2538381293246212,
  "efc": 0.6171588075796537,
  "fber": 4724.1044921875,
  "fwhm_avg": 4.159339747774688,
  "fwhm_x": 4.1606363861812055,
  "fwhm_y": 4.123600000000001,
  "fwhm_z": 4.193782857142858,
  "icvs_csf": 0.18760857161376623,
  "icvs_gm": 0.4193591315159397,
  "icvs_wm": 0.39303229687029406,
  "inu_med": 1.3995134830474854,
  "inu_range": 0.521843433380127,
  "provenance": {
    "md5sum": "9ba26106093062a410fba2342a657cfd",
    "settings": {
      "testing": false
    },
    "software": "mriqc",
    "version": "0.15.2",
    "warnings": {
      "large_rot_frame": true,
      "small_air_mask": false
    },
    "webapi_port": null,
    "webapi_url": "https://mriqc.nimh.nih.gov/api/v1"
  },
  "qi_1": 0.0,
  "qi_2": 0.0017521358756530942,
  "rpve_csf": 21.193421898154828,
  "rpve_gm": 10.464968924367517,
  "rpve_wm": 13.340311867660974,
  "size_x": 224,
  "size_y": 256,
  "size_z": 256,
  "snr_csf": 1.9737875951481498,
  "snr_gm": 9.389366952711434,
  "snr_total": 11.370953661684688,
  "snr_wm": 22.74970643719448,
  "snrd_csf": 67.32212160401572,
  "snrd_gm": 133.19075510097628,
  "snrd_total": 123.28915204607354,
  "snrd_wm": 169.35457943322862,
  "spacing_x": 0.8799999952316284,
  "spacing_y": 0.875,
  "spacing_z": 0.875,
  "summary_bg_k": 9.636252446102281,
  "summary_bg_mad": 3.868597649249422,
  "summary_bg_mean": 8.025537490844727,
  "summary_bg_median": 6.957575798034668,
  "summary_bg_n": 2854794.0,
  "summary_bg_p05": 2.5878236413002016,
  "summary_bg_p95": 17.923569011688237,
  "summary_bg_stdv": 5.350691795349121,
  "summary_csf_k": 29.80693647001617,
  "summary_csf_mad": 153.0614405522424,
  "summary_csf_mean": 436.8463134765625,
  "summary_csf_median": 397.5389099121094,
  "summary_csf_n": 40002.0,
  "summary_csf_p05": 240.90886230468752,
  "summary_csf_p95": 662.7190643310546,
  "summary_csf_stdv": 201.40664672851562,
  "summary_gm_k": 0.3428785855968379,
  "summary_gm_mad": 78.02800463634753,
  "summary_gm_mean": 794.1876220703125,
  "summary_gm_median": 786.4949340820312,
  "summary_gm_n": 53896.0,
  "summary_gm_p05": 671.3495178222656,
  "summary_gm_p95": 951.0336151123047,
  "summary_gm_stdv": 83.7636489868164,
  "summary_wm_k": 0.9120234548144484,
  "summary_wm_mad": 40.57528633776522,
  "summary_wm_mean": 999.9376831054688,
  "summary_wm_median": 1000.0432739257812,
  "summary_wm_n": 426123.0,
  "summary_wm_p05": 928.0220886230468,
  "summary_wm_p95": 1070.7463134765626,
  "summary_wm_stdv": 43.95846176147461,
  "tpm_overlap_csf": 0.16265353560447693,
  "tpm_overlap_gm": 0.4468591809272766,
  "tpm_overlap_wm": 0.5029876828193665,
  "wm2max": 0.4719248771097884
}