{
  "bids_meta": {
    "AcquisitionMatrixPE": 256,
    "AcquisitionNumber": 1,
    "AcquisitionTime": "11:53:26.842500",
    "BaseResolution": 256,
    "BodyPartExamined": "HEAD",
    "ConsistencyInfo": "N4_VE11C_LATEST_20160120",
    "ConversionSoftware": "dcm2niix",
    "ConversionSoftwareVersion": "v1.0.20200427",
    "DeviceSerialNumber": "45250",
    "DwellTime": 9.2e-06,
    "EchoTime": 0.00218,
    "FlipAngle": 8,
    "ImageOrientationPatientDICOM": [
      -0.089265,
      0.994442,
      -0.0558214,
      0.00759144,
      -0.0553642,
      -0.998437
    ],
    "ImageType": [
      "ORIGINAL",
      "PRIMARY",
      "M",
      "NORM",
      "DIS3D",
      "DIS2D"
    ],
    "ImagingFrequency": 123.24,
    "InPlanePhaseEncodingDirectionDICOM": "ROW",
    "InstitutionAddress": "Kopernikusstr._26_Graz_Graz_AT_8010",
    "InstitutionName": "KFU",
    "InstitutionalDepartmentName": "Department",
    "InversionTime": 1,
    "MRAcquisitionType": "3D",
    "MagneticFieldStrength": 3,
    "Manufacturer": "Siemens",
    "ManufacturersModelName": "Skyra",
    "Modality": "MR",
    "ParallelReductionFactorInPlane": 2,
    "PartialFourier": 1,
    "PatientPosition": "HFS",
    "PercentPhaseFOV": 100,
    "PercentSampling": 100,
    "PhaseEncodingSteps": 294,
    "PhaseOversampling": 0.15,
    "PhaseResolution": 1,
    "PixelBandwidth": 210,
    "ProcedureStepDescription": "KFU_BioPsy",
    "ProtocolName": "T1_Pat4_088mm_Pat2_224Sl",
    "PulseSequenceDetails": "%SiemensSeq%_tfl",
    "ReceiveCoilActiveElements": "HEA;HEP",
    "ReceiveCoilName": "Head_32",
    "ReconMatrixPE": 256,
    "RefLinesPE": 24,
    "RepetitionTime": 2.2,
    "SAR": 0.0553372,
    "ScanOptions": "IR_WE",
    "ScanningSequence": "GR_IR",
    "SequenceName": "_tfl3d1_16ns",
    "SequenceVariant": "SK_SP_MP_OSP",
    "SeriesDescription": "T1_Pat4_088mm_Pat2_224Sl",
    "SeriesNumber": 9,
    "ShimSetting": [
      -1138,
      -3144,
      -4347,
      331,
      865,
      -112,
      166,
      -914
    ],
    "SliceThickness": 0.88,
    "SoftwareVersions": "syngo_MR_E11",
    "StationName": "FBMTMR1",
    "TxRefAmp": 335.778,
    "acq_id": "MPrageHiRes",
    "dataset": "<unset>",
    "modality": "T1w",
    "session_id": "2",
    "subject_id": "season126"
  },
  "cjv": 0.5784756673432989,
  "cnr": 2.331548310850286,
  "efc": 0.6168045924975077,
  "fber": 3412.30224609375,
  "fwhm_avg": 4.11813401159291,
  "fwhm_x": 4.021647749064444,
  "fwhm_y": 4.212594285714286,
  "fwhm_z": 4.12016,
  "icvs_csf": 0.18507481531415662,
  "icvs_gm": 0.4421662802772083,
  "icvs_wm": 0.37275890440863513,
  "inu_med": 1.4803441762924194,
  "inu_range": 0.5845973908901212,
  "provenance": {
    "md5sum": "4a93b2a72a29f5399f4bc702054cb234",
    "settings": {
      "testing": false
    },
    "software": "mriqc",
    "version": "0.15.2",
    "warnings": {
      "large_rot_frame": true,
      "small_air_mask": false
    },
    "webapi_port": null,
    "webapi_url": "https://mriqc.nimh.nih.gov/api/v1"
  },
  "qi_1": 0.0,
  "qi_2": 0.0016691283084388727,
  "rpve_csf": 24.15958244697621,
  "rpve_gm": 11.362607029839385,
  "rpve_wm": 15.517743596954618,
  "size_x": 224,
  "size_y": 256,
  "size_z": 256,
  "snr_csf": 2.207974552253349,
  "snr_gm": 10.155433220965856,
  "snr_total": 10.435730727335796,
  "snr_wm": 18.943784408788186,
  "snrd_csf": 51.46211740593206,
  "snrd_gm": 108.937077295975,
  "snrd_total": 99.90960462476694,
  "snrd_wm": 139.3296191723938,
  "spacing_x": 0.8799999952316284,
  "spacing_y": 0.875,
  "spacing_z": 0.875,
  "summary_bg_k": 7.568295477882266,
  "summary_bg_mad": 4.7022068568047715,
  "summary_bg_mean": 9.86226749420166,
  "summary_bg_median": 8.463475227355957,
  "summary_bg_n": 3216074.0,
  "summary_bg_p05": 3.1673927307128906,
  "summary_bg_p95": 21.427697086334224,
  "summary_bg_stdv": 6.257630348205566,
  "summary_csf_k": 32.60908582507939,
  "summary_csf_mad": 119.22123042111104,
  "summary_csf_mean": 403.2571716308594,
  "summary_csf_median": 369.36663818359375,
  "summary_csf_n": 29404.0,
  "summary_csf_p05": 236.9533477783203,
  "summary_csf_p95": 643.3127716064453,
  "summary_csf_stdv": 167.28469848632812,
  "summary_gm_k": -0.04860780324573222,
  "summary_gm_mad": 77.81345081187996,
  "summary_gm_mean": 786.3970336914062,
  "summary_gm_median": 781.89013671875,
  "summary_gm_n": 52326.0,
  "summary_gm_p05": 669.3207702636719,
  "summary_gm_p95": 922.9954376220703,
  "summary_gm_stdv": 76.99156188964844,
  "summary_wm_k": 0.6382728828712372,
  "summary_wm_mad": 48.37573403909033,
  "summary_wm_mean": 998.6715087890625,
  "summary_wm_median": 1000.031005859375,
  "summary_wm_n": 323640.0,
  "summary_wm_p05": 907.4895446777343,
  "summary_wm_p95": 1082.3010803222658,
  "summary_wm_stdv": 52.7893180847168,
  "tpm_overlap_csf": 0.1683354526758194,
  "tpm_overlap_gm": 0.4606322646141052,
  "tpm_overlap_wm": 0.5047172904014587,
  "wm2max": 0.5119294350749533
}