{
  "bids_meta": {
    "AcquisitionMatrixPE": 256,
    "AcquisitionNumber": 1,
    "AcquisitionTime": "10:00:52.115000",
    "BaseResolution": 256,
    "BodyPartExamined": "HEAD",
    "ConsistencyInfo": "N4_VE11C_LATEST_20160120",
    "ConversionSoftware": "dcm2niix",
    "ConversionSoftwareVersion": "v1.0.20200427",
    "DeviceSerialNumber": "45250",
    "DwellTime": 9.2e-06,
    "EchoTime": 0.00218,
    "FlipAngle": 8,
    "ImageOrientationPatientDICOM": [
      -0.0617075,
      0.997217,
      0.0418469,
      0.0344113,
      0.0440275,
      -0.998438
    ],
    "ImageType": [
      "ORIGINAL",
      "PRIMARY",
      "M",
      "NORM",
      "DIS3D",
      "DIS2D"
    ],
    "ImagingFrequency": 123.24,
    "InPlanePhaseEncodingDirectionDICOM": "ROW",
    "InstitutionAddress": "Kopernikusstr._26_Graz_Graz_AT_8010",
    "InstitutionName": "KFU",
    "InstitutionalDepartmentName": "Department",
    "InversionTime": 1,
    "MRAcquisitionType": "3D",
    "MagneticFieldStrength": 3,
    "Manufacturer": "Siemens",
    "ManufacturersModelName": "Skyra",
    "Modality": "MR",
    "ParallelReductionFactorInPlane": 2,
    "PartialFourier": 1,
    "PatientPosition": "HFS",
    "PercentPhaseFOV": 100,
    "PercentSampling": 100,
    "PhaseEncodingSteps": 294,
    "PhaseOversampling": 0.15,
    "PhaseResolution": 1,
    "PixelBandwidth": 210,
    "ProcedureStepDescription": "KFU_BioPsy",
    "ProtocolName": "T1_Pat4_088mm_Pat2_224Sl",
    "PulseSequenceDetails": "%SiemensSeq%_tfl",
    "ReceiveCoilActiveElements": "HEA;HEP",
    "ReceiveCoilName": "Head_32",
    "ReconMatrixPE": 256,
    "RefLinesPE": 24,
    "RepetitionTime": 2.2,
    "SAR": 0.0641257,
    "ScanOptions": "IR_WE",
    "ScanningSequence": "GR_IR",
    "SequenceName": "_tfl3d1_16ns",
    "SequenceVariant": "SK_SP_MP_OSP",
    "SeriesDescription": "T1_Pat4_088mm_Pat2_224Sl",
    "SeriesNumber": 9,
    "ShimSetting": [
      -1102,
      -3005,
      -4374,
      399,
      843,
      532,
      123,
      -1003
    ],
    "SliceThickness": 0.88,
    "SoftwareVersions": "syngo_MR_E11",
    "StationName": "FBMTMR1",
    "TxRefAmp": 312.777,
    "acq_id": "MPrageHiRes",
    "dataset": "<unset>",
    "modality": "T1w",
    "session_id": "3",
    "subject_id": "season133"
  },
  "cjv": 0.5973892412551907,
  "cnr": 2.2273517237875304,
  "efc": 0.5580353358104506,
  "fber": 3337.69775390625,
  "fwhm_avg": 4.141598860144506,
  "fwhm_x": 4.058602294719232,
  "fwhm_y": 4.26224,
  "fwhm_z": 4.103954285714286,
  "icvs_csf": 0.1793728537219919,
  "icvs_gm": 0.44118892944110055,
  "icvs_wm": 0.37943821683690754,
  "inu_med": 1.460551142692566,
  "inu_range": 0.5612075567245483,
  "provenance": {
    "md5sum": "bc0b132839d8f6c5dd2185f8bb2aa32f",
    "settings": {
      "testing": false
    },
    "software": "mriqc",
    "version": "0.15.2",
    "warnings": {
      "large_rot_frame": true,
      "small_air_mask": false
    },
    "webapi_port": null,
    "webapi_url": "https://mriqc.nimh.nih.gov/api/v1"
  },
  "qi_1": 0.0,
  "qi_2": 0.002422877247883143,
  "rpve_csf": 26.023491826522996,
  "rpve_gm": 11.959275928320343,
  "rpve_wm": 15.941924579080377,
  "size_x": 224,
  "size_y": 256,
  "size_z": 256,
  "snr_csf": 1.930091169895383,
  "snr_gm": 11.055951851978017,
  "snr_total": 11.18195133014668,
  "snr_wm": 20.559810968566637,
  "snrd_csf": 60.61135392232855,
  "snrd_gm": 111.40805687860097,
  "snrd_total": 103.49396616015581,
  "snrd_wm": 138.4624876795379,
  "spacing_x": 0.8799999952316284,
  "spacing_y": 0.875,
  "spacing_z": 0.875,
  "summary_bg_k": 5.858734840885994,
  "summary_bg_mad": 4.7317330340469965,
  "summary_bg_mean": 9.678641319274902,
  "summary_bg_median": 8.521197319030762,
  "summary_bg_n": 3384879.0,
  "summary_bg_p05": 3.189548707008362,
  "summary_bg_p95": 20.393773841857897,
  "summary_bg_stdv": 5.788337707519531,
  "summary_csf_k": 27.012541887869762,
  "summary_csf_mad": 158.56882728753436,
  "summary_csf_mean": 460.0578308105469,
  "summary_csf_median": 437.7664794921875,
  "summary_csf_n": 30956.0,
  "summary_csf_p05": 241.36569595336914,
  "summary_csf_p95": 672.0933837890625,
  "summary_csf_stdv": 226.80763244628906,
  "summary_gm_k": 0.004155599437372093,
  "summary_gm_mad": 72.09994852463475,
  "summary_gm_mean": 806.6631469726562,
  "summary_gm_median": 804.646484375,
  "summary_gm_n": 59114.0,
  "summary_gm_p05": 690.9161499023437,
  "summary_gm_p95": 932.9517761230468,
  "summary_gm_stdv": 72.77886962890625,
  "summary_wm_k": 0.6972067401103841,
  "summary_wm_mad": 44.63054365100436,
  "summary_wm_mean": 999.1703491210938,
  "summary_wm_median": 1000.0475463867188,
  "summary_wm_n": 335341.0,
  "summary_wm_p05": 916.14306640625,
  "summary_wm_p95": 1076.465576171875,
  "summary_wm_stdv": 48.64081954956055,
  "tpm_overlap_csf": 0.1532827764749527,
  "tpm_overlap_gm": 0.44647058844566345,
  "tpm_overlap_wm": 0.4907788038253784,
  "wm2max": 0.47607837155640687
}