{
  "bids_meta": {
    "AcquisitionMatrixPE": 256,
    "AcquisitionNumber": 1,
    "AcquisitionTime": "08:16:31.182500",
    "BaseResolution": 256,
    "BodyPartExamined": "BRAIN",
    "ConsistencyInfo": "N4_VE11C_LATEST_20160120",
    "ConversionSoftware": "dcm2niix",
    "ConversionSoftwareVersion": "v1.0.20200427",
    "DeviceSerialNumber": "45250",
    "DwellTime": 9.2e-06,
    "EchoTime": 0.00218,
    "FlipAngle": 8,
    "ImageOrientationPatientDICOM": [
      -0.0820617,
      0.984607,
      0.154318,
      0.0589689,
      0.159366,
      -0.985457
    ],
    "ImageType": [
      "ORIGINAL",
      "PRIMARY",
      "M",
      "NORM",
      "DIS3D",
      "DIS2D"
    ],
    "ImagingFrequency": 123.24,
    "InPlanePhaseEncodingDirectionDICOM": "ROW",
    "InstitutionAddress": "Kopernikusstr._26_Graz_Graz_AT_8010",
    "InstitutionName": "KFU",
    "InstitutionalDepartmentName": "Department",
    "InversionTime": 1,
    "MRAcquisitionType": "3D",
    "MagneticFieldStrength": 3,
    "Manufacturer": "Siemens",
    "ManufacturersModelName": "Skyra",
    "Modality": "MR",
    "ParallelReductionFactorInPlane": 2,
    "PartialFourier": 1,
    "PatientPosition": "HFS",
    "PercentPhaseFOV": 100,
    "PercentSampling": 100,
    "PhaseEncodingSteps": 294,
    "PhaseOversampling": 0.15,
    "PhaseResolution": 1,
    "PixelBandwidth": 210,
    "ProcedureStepDescription": "KFU_BioPsy",
    "ProtocolName": "T1_Pat4_088mm_Pat2_224Sl",
    "PulseSequenceDetails": "%SiemensSeq%_tfl",
    "ReceiveCoilActiveElements": "HEA;HEP",
    "ReceiveCoilName": "Head_32",
    "ReconMatrixPE": 256,
    "RefLinesPE": 24,
    "RepetitionTime": 2.2,
    "SAR": 0.0621778,
    "ScanOptions": "IR_WE",
    "ScanningSequence": "GR_IR",
    "SequenceName": "_tfl3d1_16ns",
    "SequenceVariant": "SK_SP_MP_OSP",
    "SeriesDescription": "T1_Pat4_088mm_Pat2_224Sl",
    "SeriesNumber": 9,
    "ShimSetting": [
      -1109,
      -3253,
      -4381,
      375,
      771,
      240,
      521,
      -931
    ],
    "SliceThickness": 0.88,
    "SoftwareVersions": "syngo_MR_E11",
    "StationName": "FBMTMR1",
    "TxRefAmp": 314.318,
    "acq_id": "MPrageHiRes",
    "dataset": "<unset>",
    "modality": "T1w",
    "session_id": "3",
    "subject_id": "season107"
  },
  "cjv": 0.43017871030366356,
  "cnr": 3.029634372179232,
  "efc": 0.5626289519395613,
  "fber": 4219.54150390625,
  "fwhm_avg": 4.043855158870086,
  "fwhm_x": 4.072045476610257,
  "fwhm_y": 3.9506857142857146,
  "fwhm_z": 4.108834285714286,
  "icvs_csf": 0.18402884573508357,
  "icvs_gm": 0.4354809353012899,
  "icvs_wm": 0.3804902189636265,
  "inu_med": 1.3166316747665405,
  "inu_range": 0.45081740617752075,
  "provenance": {
    "md5sum": "2a18092cf2f121d33e72bf819f10f41a",
    "settings": {
      "testing": false
    },
    "software": "mriqc",
    "version": "0.15.2",
    "warnings": {
      "large_rot_frame": true,
      "small_air_mask": false
    },
    "webapi_port": null,
    "webapi_url": "https://mriqc.nimh.nih.gov/api/v1"
  },
  "qi_1": 0.0,
  "qi_2": 0.0024672246124500456,
  "rpve_csf": 24.40858978592585,
  "rpve_gm": 11.593396536650705,
  "rpve_wm": 15.551323944984675,
  "size_x": 224,
  "size_y": 256,
  "size_z": 256,
  "snr_csf": 1.4808857277197591,
  "snr_gm": 12.628204903555792,
  "snr_total": 12.863152800313474,
  "snr_wm": 24.48036776966487,
  "snrd_csf": 61.69891440850809,
  "snrd_gm": 132.80962066601788,
  "snrd_total": 121.88715691165537,
  "snrd_wm": 171.15293566044016,
  "spacing_x": 0.8799999952316284,
  "spacing_y": 0.875,
  "spacing_z": 0.875,
  "summary_bg_k": 7.340690129980363,
  "summary_bg_mad": 3.827881358359919,
  "summary_bg_mean": 7.94595193862915,
  "summary_bg_median": 6.887985706329346,
  "summary_bg_n": 3027790.0,
  "summary_bg_p05": 2.5782430171966553,
  "summary_bg_p95": 16.99128417968749,
  "summary_bg_stdv": 4.865159034729004,
  "summary_csf_k": 28.462235542064995,
  "summary_csf_mad": 121.07242452722211,
  "summary_csf_mean": 419.6835632324219,
  "summary_csf_median": 360.4991760253906,
  "summary_csf_n": 25609.0,
  "summary_csf_p05": 234.77218933105468,
  "summary_csf_p95": 663.6169311523436,
  "summary_csf_stdv": 243.43008422851562,
  "summary_gm_k": 0.058781952731357556,
  "summary_gm_mad": 60.76777836939449,
  "summary_gm_mean": 776.6029052734375,
  "summary_gm_median": 775.9902954101562,
  "summary_gm_n": 52267.0,
  "summary_gm_p05": 677.4844604492188,
  "summary_gm_p95": 879.3784606933593,
  "summary_gm_stdv": 61.44839096069336,
  "summary_wm_k": 1.2253510847394713,
  "summary_wm_mad": 35.60742872095986,
  "summary_wm_mean": 998.6270751953125,
  "summary_wm_median": 1000.0255737304688,
  "summary_wm_n": 340824.0,
  "summary_wm_p05": 928.3580841064454,
  "summary_wm_p95": 1062.3254638671874,
  "summary_wm_stdv": 40.85004425048828,
  "tpm_overlap_csf": 0.16075050830841064,
  "tpm_overlap_gm": 0.4380451738834381,
  "tpm_overlap_wm": 0.4974260628223419,
  "wm2max": 0.5073956183495392
}