{
  "bids_meta": {
    "AcquisitionMatrixPE": 256,
    "AcquisitionNumber": 1,
    "AcquisitionTime": "09:42:7.162500",
    "BaseResolution": 256,
    "BodyPartExamined": "HEAD",
    "ConsistencyInfo": "N4_VE11C_LATEST_20160120",
    "ConversionSoftware": "dcm2niix",
    "ConversionSoftwareVersion": "v1.0.20200427",
    "DeviceSerialNumber": "45250",
    "DwellTime": 9.2e-06,
    "EchoTime": 0.00218,
    "FlipAngle": 8,
    "ImageOrientationPatientDICOM": [
      -0.0143164,
      0.990184,
      0.139038,
      0.0425514,
      0.139529,
      -0.989303
    ],
    "ImageType": [
      "ORIGINAL",
      "PRIMARY",
      "M",
      "NORM",
      "DIS3D",
      "DIS2D"
    ],
    "ImagingFrequency": 123.24,
    "InPlanePhaseEncodingDirectionDICOM": "ROW",
    "InstitutionAddress": "Kopernikusstr._26_Graz_Graz_AT_8010",
    "InstitutionName": "KFU",
    "InstitutionalDepartmentName": "Department",
    "InversionTime": 1,
    "MRAcquisitionType": "3D",
    "MagneticFieldStrength": 3,
    "Manufacturer": "Siemens",
    "ManufacturersModelName": "Skyra",
    "Modality": "MR",
    "ParallelReductionFactorInPlane": 2,
    "PartialFourier": 1,
    "PatientPosition": "HFS",
    "PercentPhaseFOV": 100,
    "PercentSampling": 100,
    "PhaseEncodingSteps": 294,
    "PhaseOversampling": 0.15,
    "PhaseResolution": 1,
    "PixelBandwidth": 210,
    "ProcedureStepDescription": "KFU_BioPsy",
    "ProtocolName": "T1_Pat4_088mm_Pat2_224Sl",
    "PulseSequenceDetails": "%SiemensSeq%_tfl",
    "ReceiveCoilActiveElements": "HEA;HEP",
    "ReceiveCoilName": "Head_32",
    "ReconMatrixPE": 256,
    "RefLinesPE": 24,
    "RepetitionTime": 2.2,
    "SAR": 0.0591186,
    "ScanOptions": "IR_WE",
    "ScanningSequence": "GR_IR",
    "SequenceName": "_tfl3d1_16ns",
    "SequenceVariant": "SK_SP_MP_OSP",
    "SeriesDescription": "T1_Pat4_088mm_Pat2_224Sl",
    "SeriesNumber": 9,
    "ShimSetting": [
      -1097,
      -3238,
      -4340,
      390,
      940,
      -55,
      415,
      -906
    ],
    "SliceThickness": 0.88,
    "SoftwareVersions": "syngo_MR_E11",
    "StationName": "FBMTMR1",
    "TxRefAmp": 330.923,
    "acq_id": "MPrageHiRes",
    "dataset": "<unset>",
    "modality": "T1w",
    "session_id": "3",
    "subject_id": "season116"
  },
  "cjv": 0.5024260543894377,
  "cnr": 2.6287851949457486,
  "efc": 0.6088911709831019,
  "fber": 3594.392333984375,
  "fwhm_avg": 4.25765725863207,
  "fwhm_x": 4.179943204467639,
  "fwhm_y": 4.375805714285714,
  "fwhm_z": 4.217222857142857,
  "icvs_csf": 0.19669592029738528,
  "icvs_gm": 0.4208769341193181,
  "icvs_wm": 0.38242714558329666,
  "inu_med": 1.3904532194137573,
  "inu_range": 0.5391887426376343,
  "provenance": {
    "md5sum": "355d82b6faf55b506ebee8e118f8f95d",
    "settings": {
      "testing": false
    },
    "software": "mriqc",
    "version": "0.15.2",
    "warnings": {
      "large_rot_frame": true,
      "small_air_mask": false
    },
    "webapi_port": null,
    "webapi_url": "https://mriqc.nimh.nih.gov/api/v1"
  },
  "qi_1": 0.0,
  "qi_2": 0.0021460830933256784,
  "rpve_csf": 21.779803339956548,
  "rpve_gm": 11.007478230759668,
  "rpve_wm": 14.437299277597596,
  "size_x": 224,
  "size_y": 256,
  "size_z": 256,
  "snr_csf": 2.9150286256728433,
  "snr_gm": 10.833282107699402,
  "snr_total": 11.724778117097072,
  "snr_wm": 21.42602361791897,
  "snrd_csf": 57.46698136490158,
  "snrd_gm": 123.6808360768676,
  "snrd_total": 113.58082066552339,
  "snrd_wm": 159.59464455480096,
  "spacing_x": 0.8799999952316284,
  "spacing_y": 0.875,
  "spacing_z": 0.875,
  "summary_bg_k": 10.351768226552732,
  "summary_bg_mad": 4.105149589224187,
  "summary_bg_mean": 8.613532066345215,
  "summary_bg_median": 7.378835201263428,
  "summary_bg_n": 2851703.0,
  "summary_bg_p05": 2.761160373687744,
  "summary_bg_p95": 19.088214874267575,
  "summary_bg_stdv": 5.681136608123779,
  "summary_csf_k": 17.576741215256284,
  "summary_csf_mad": 108.03762363209586,
  "summary_csf_mean": 383.1292419433594,
  "summary_csf_median": 360.09381103515625,
  "summary_csf_n": 38229.0,
  "summary_csf_p05": 233.86505432128905,
  "summary_csf_p95": 594.3901489257812,
  "summary_csf_stdv": 123.52849578857422,
  "summary_gm_k": 0.21226034651208137,
  "summary_gm_mad": 70.14869415222043,
  "summary_gm_mean": 779.6707153320312,
  "summary_gm_median": 774.9963989257812,
  "summary_gm_n": 48334.0,
  "summary_gm_p05": 671.5505523681641,
  "summary_gm_p95": 905.7930358886719,
  "summary_gm_stdv": 71.53772735595703,
  "summary_wm_k": 0.8318505163240331,
  "summary_wm_mad": 42.917008762721764,
  "summary_wm_mean": 999.6104125976562,
  "summary_wm_median": 1000.035888671875,
  "summary_wm_n": 371781.0,
  "summary_wm_p05": 921.4228515625,
  "summary_wm_p95": 1074.001220703125,
  "summary_wm_stdv": 46.673828125,
  "tpm_overlap_csf": 0.1806686818599701,
  "tpm_overlap_gm": 0.4595453441143036,
  "tpm_overlap_wm": 0.5252012610435486,
  "wm2max": 0.5371250918625798
}