{
  "bids_meta": {
    "AcquisitionMatrixPE": 256,
    "AcquisitionNumber": 1,
    "AcquisitionTime": "10:45:22.162500",
    "BaseResolution": 256,
    "BodyPartExamined": "HEAD",
    "ConsistencyInfo": "N4_VE11C_LATEST_20160120",
    "ConversionSoftware": "dcm2niix",
    "ConversionSoftwareVersion": "v1.0.20200427",
    "DeviceSerialNumber": "45250",
    "DwellTime": 9.2e-06,
    "EchoTime": 0.00218,
    "FlipAngle": 8,
    "ImageOrientationPatientDICOM": [
      0.00186616,
      0.99814,
      0.0609279,
      0.063058,
      0.0606893,
      -0.996163
    ],
    "ImageType": [
      "ORIGINAL",
      "PRIMARY",
      "M",
      "NORM",
      "DIS3D",
      "DIS2D"
    ],
    "ImagingFrequency": 123.24,
    "InPlanePhaseEncodingDirectionDICOM": "ROW",
    "InstitutionAddress": "Kopernikusstr._26_Graz_Graz_AT_8010",
    "InstitutionName": "KFU",
    "InstitutionalDepartmentName": "Department",
    "InversionTime": 1,
    "MRAcquisitionType": "3D",
    "MagneticFieldStrength": 3,
    "Manufacturer": "Siemens",
    "ManufacturersModelName": "Skyra",
    "Modality": "MR",
    "ParallelReductionFactorInPlane": 2,
    "PartialFourier": 1,
    "PatientPosition": "HFS",
    "PercentPhaseFOV": 100,
    "PercentSampling": 100,
    "PhaseEncodingSteps": 294,
    "PhaseOversampling": 0.15,
    "PhaseResolution": 1,
    "PixelBandwidth": 210,
    "ProcedureStepDescription": "KFU_BioPsy",
    "ProtocolName": "T1_Pat4_088mm_Pat2_224Sl",
    "PulseSequenceDetails": "%SiemensSeq%_tfl",
    "ReceiveCoilActiveElements": "HEA;HEP",
    "ReceiveCoilName": "Head_32",
    "ReconMatrixPE": 256,
    "RefLinesPE": 24,
    "RepetitionTime": 2.2,
    "SAR": 0.0583953,
    "ScanOptions": "IR_WE",
    "ScanningSequence": "GR_IR",
    "SequenceName": "_tfl3d1_16ns",
    "SequenceVariant": "SK_SP_MP_OSP",
    "SeriesDescription": "T1_Pat4_088mm_Pat2_224Sl",
    "SeriesNumber": 9,
    "ShimSetting": [
      -1098,
      -3250,
      -4332,
      348,
      778,
      15,
      337,
      -1065
    ],
    "SliceThickness": 0.88,
    "SoftwareVersions": "syngo_MR_E11",
    "StationName": "FBMTMR1",
    "TxRefAmp": 344.574,
    "acq_id": "MPrageHiRes",
    "dataset": "<unset>",
    "modality": "T1w",
    "session_id": "3",
    "subject_id": "season124"
  },
  "cjv": 0.5426842580721973,
  "cnr": 2.441880218257421,
  "efc": 0.6227649368604897,
  "fber": 2256.4765625,
  "fwhm_avg": 4.3128680596068385,
  "fwhm_x": 4.240272750249087,
  "fwhm_y": 4.35936,
  "fwhm_z": 4.338971428571429,
  "icvs_csf": 0.19184848139187474,
  "icvs_gm": 0.44702635579808664,
  "icvs_wm": 0.3611251628100386,
  "inu_med": 1.4620015621185303,
  "inu_range": 0.6334744691848755,
  "provenance": {
    "md5sum": "61bd548a1c055f19cad6f48a1bc45e63",
    "settings": {
      "testing": false
    },
    "software": "mriqc",
    "version": "0.15.2",
    "warnings": {
      "large_rot_frame": true,
      "small_air_mask": false
    },
    "webapi_port": null,
    "webapi_url": "https://mriqc.nimh.nih.gov/api/v1"
  },
  "qi_1": 0.0,
  "qi_2": 0.0012575453868485342,
  "rpve_csf": 22.731816975091746,
  "rpve_gm": 10.83508420151331,
  "rpve_wm": 15.163124718173231,
  "size_x": 224,
  "size_y": 256,
  "size_z": 256,
  "snr_csf": 3.0148192289979714,
  "snr_gm": 10.863754811198165,
  "snr_total": 10.43680977725647,
  "snr_wm": 17.43185529157327,
  "snrd_csf": 38.045844666024806,
  "snrd_gm": 77.2793098567806,
  "snrd_total": 71.66636688238076,
  "snrd_wm": 99.67394612433687,
  "spacing_x": 0.8799999952316284,
  "spacing_y": 0.875,
  "spacing_z": 0.875,
  "summary_bg_k": 19.856444983418648,
  "summary_bg_mad": 6.572987991927525,
  "summary_bg_mean": 12.036539077758789,
  "summary_bg_median": 10.132491111755371,
  "summary_bg_n": 3397345.0,
  "summary_bg_p05": 3.396676588058472,
  "summary_bg_p95": 27.28944740295406,
  "summary_bg_stdv": 9.045234680175781,
  "summary_csf_k": 14.0033661877493,
  "summary_csf_mad": 118.14404986944258,
  "summary_csf_mean": 401.2017517089844,
  "summary_csf_median": 381.7142333984375,
  "summary_csf_n": 42671.0,
  "summary_csf_p05": 237.2716522216797,
  "summary_csf_p95": 616.8127746582031,
  "summary_csf_stdv": 126.61116027832031,
  "summary_gm_k": 0.6033737867112787,
  "summary_gm_mad": 66.54647931987414,
  "summary_gm_mean": 780.5835571289062,
  "summary_gm_median": 775.3438720703125,
  "summary_gm_n": 65158.0,
  "summary_gm_p05": 674.1436309814453,
  "summary_gm_p95": 909.2060577392577,
  "summary_gm_stdv": 71.3692398071289,
  "summary_wm_k": 0.4989557484928824,
  "summary_wm_mad": 55.38682998553115,
  "summary_wm_mean": 1000.4176635742188,
  "summary_wm_median": 1000.0294189453125,
  "summary_wm_n": 340046.0,
  "summary_wm_p05": 906.7866363525391,
  "summary_wm_p95": 1093.7286987304688,
  "summary_wm_stdv": 57.36784362792969,
  "tpm_overlap_csf": 0.15556392073631287,
  "tpm_overlap_gm": 0.45466312766075134,
  "tpm_overlap_wm": 0.500749945640564,
  "wm2max": 0.481569162321147
}