{
  "bids_meta": {
    "AcquisitionMatrixPE": 256,
    "AcquisitionNumber": 1,
    "AcquisitionTime": "10:53:51.135000",
    "BaseResolution": 256,
    "BodyPartExamined": "HEAD",
    "ConsistencyInfo": "N4_VE11C_LATEST_20160120",
    "ConversionSoftware": "dcm2niix",
    "ConversionSoftwareVersion": "v1.0.20200427",
    "DeviceSerialNumber": "45250",
    "DwellTime": 9.2e-06,
    "EchoTime": 0.00218,
    "FlipAngle": 8,
    "ImageOrientationPatientDICOM": [
      -0.0241134,
      0.99423,
      0.104522,
      0.00868518,
      0.104757,
      -0.99446
    ],
    "ImageType": [
      "ORIGINAL",
      "PRIMARY",
      "M",
      "NORM",
      "DIS3D",
      "DIS2D"
    ],
    "ImagingFrequency": 123.24,
    "InPlanePhaseEncodingDirectionDICOM": "ROW",
    "InstitutionAddress": "Kopernikusstr._26_Graz_Graz_AT_8010",
    "InstitutionName": "KFU",
    "InstitutionalDepartmentName": "Department",
    "InversionTime": 1,
    "MRAcquisitionType": "3D",
    "MagneticFieldStrength": 3,
    "Manufacturer": "Siemens",
    "ManufacturersModelName": "Skyra",
    "Modality": "MR",
    "ParallelReductionFactorInPlane": 2,
    "PartialFourier": 1,
    "PatientPosition": "HFS",
    "PercentPhaseFOV": 100,
    "PercentSampling": 100,
    "PhaseEncodingSteps": 294,
    "PhaseOversampling": 0.15,
    "PhaseResolution": 1,
    "PixelBandwidth": 210,
    "ProcedureStepDescription": "KFU_BioPsy",
    "ProtocolName": "T1_Pat4_088mm_Pat2_224Sl",
    "PulseSequenceDetails": "%SiemensSeq%_tfl",
    "ReceiveCoilActiveElements": "HEA;HEP",
    "ReceiveCoilName": "Head_32",
    "ReconMatrixPE": 256,
    "RefLinesPE": 24,
    "RepetitionTime": 2.2,
    "SAR": 0.0587817,
    "ScanOptions": "IR_WE",
    "ScanningSequence": "GR_IR",
    "SequenceName": "_tfl3d1_16ns",
    "SequenceVariant": "SK_SP_MP_OSP",
    "SeriesDescription": "T1_Pat4_088mm_Pat2_224Sl",
    "SeriesNumber": 9,
    "ShimSetting": [
      -1120,
      -3253,
      -4338,
      352,
      829,
      27,
      338,
      -871
    ],
    "SliceThickness": 0.88,
    "SoftwareVersions": "syngo_MR_E11",
    "StationName": "FBMTMR1",
    "TxRefAmp": 345.139,
    "acq_id": "MPrageHiRes",
    "dataset": "<unset>",
    "modality": "T1w",
    "session_id": "2",
    "subject_id": "season124"
  },
  "cjv": 0.558594415872365,
  "cnr": 2.3762681055562984,
  "efc": 0.6222877552448974,
  "fber": 2715.43017578125,
  "fwhm_avg": 4.304017734888924,
  "fwhm_x": 4.216693204666773,
  "fwhm_y": 4.381028571428572,
  "fwhm_z": 4.314331428571429,
  "icvs_csf": 0.1809496696604751,
  "icvs_gm": 0.45462381122641843,
  "icvs_wm": 0.3644265191131065,
  "inu_med": 1.500501275062561,
  "inu_range": 0.6728471696376799,
  "provenance": {
    "md5sum": "3144789ca9fdf708535bbff4a5bb0b49",
    "settings": {
      "testing": false
    },
    "software": "mriqc",
    "version": "0.15.2",
    "warnings": {
      "large_rot_frame": true,
      "small_air_mask": false
    },
    "webapi_port": null,
    "webapi_url": "https://mriqc.nimh.nih.gov/api/v1"
  },
  "qi_1": 0.0027043975626040266,
  "qi_2": 0.0013301014273778013,
  "rpve_csf": 23.79169206183731,
  "rpve_gm": 10.761636069355891,
  "rpve_wm": 15.048237825814628,
  "size_x": 224,
  "size_y": 256,
  "size_z": 256,
  "snr_csf": 2.942954098618408,
  "snr_gm": 10.58119968876625,
  "snr_total": 10.43676393741692,
  "snr_wm": 17.7861380248661,
  "snrd_csf": 49.21511030617669,
  "snrd_gm": 101.87461798085606,
  "snrd_total": 93.96456014127159,
  "snrd_wm": 130.80395213678202,
  "spacing_x": 0.8799999952316284,
  "spacing_y": 0.875,
  "spacing_z": 0.875,
  "summary_bg_k": 169.62627574977293,
  "summary_bg_mad": 5.008641422358497,
  "summary_bg_mean": 11.201086044311523,
  "summary_bg_median": 8.98547649383545,
  "summary_bg_n": 3119636.0,
  "summary_bg_p05": 3.355424642562866,
  "summary_bg_p95": 25.462165355682373,
  "summary_bg_stdv": 9.151442527770996,
  "summary_csf_k": 12.702727895640887,
  "summary_csf_mad": 116.11253010592631,
  "summary_csf_mean": 398.68402099609375,
  "summary_csf_median": 376.2588195800781,
  "summary_csf_n": 35440.0,
  "summary_csf_p05": 237.8828109741211,
  "summary_csf_p95": 623.1765563964842,
  "summary_csf_stdv": 127.84892272949219,
  "summary_gm_k": 0.4428263930093497,
  "summary_gm_mad": 69.18487602299051,
  "summary_gm_mean": 784.768798828125,
  "summary_gm_median": 778.8507080078125,
  "summary_gm_n": 74275.0,
  "summary_gm_p05": 675.0430114746093,
  "summary_gm_p95": 918.6678955078125,
  "summary_gm_stdv": 73.60653686523438,
  "summary_wm_k": 0.3786397445155312,
  "summary_wm_mad": 54.35957776479899,
  "summary_wm_mean": 1000.1967163085938,
  "summary_wm_median": 1000.0209350585938,
  "summary_wm_n": 342911.0,
  "summary_wm_p05": 908.0110778808594,
  "summary_wm_p95": 1091.8894653320312,
  "summary_wm_stdv": 56.22465515136719,
  "tpm_overlap_csf": 0.1561402827501297,
  "tpm_overlap_gm": 0.45759934186935425,
  "tpm_overlap_wm": 0.5025383234024048,
  "wm2max": 0.44994594530570564
}