{
  "bids_meta": {
    "AcquisitionMatrixPE": 256,
    "AcquisitionNumber": 1,
    "AcquisitionTime": "11:44:30.155000",
    "BaseResolution": 256,
    "BodyPartExamined": "HEAD",
    "ConsistencyInfo": "N4_VE11C_LATEST_20160120",
    "ConversionSoftware": "dcm2niix",
    "ConversionSoftwareVersion": "v1.0.20200427",
    "DeviceSerialNumber": "45250",
    "DwellTime": 9.2e-06,
    "EchoTime": 0.00218,
    "FlipAngle": 8,
    "ImageOrientationPatientDICOM": [
      0.0417413,
      0.985976,
      0.161582,
      -0.00963882,
      0.162113,
      -0.986725
    ],
    "ImageType": [
      "ORIGINAL",
      "PRIMARY",
      "M",
      "NORM",
      "DIS3D",
      "DIS2D"
    ],
    "ImagingFrequency": 123.239,
    "InPlanePhaseEncodingDirectionDICOM": "ROW",
    "InstitutionAddress": "Kopernikusstr._26_Graz_Graz_AT_8010",
    "InstitutionName": "KFU",
    "InstitutionalDepartmentName": "Department",
    "InversionTime": 1,
    "MRAcquisitionType": "3D",
    "MagneticFieldStrength": 3,
    "Manufacturer": "Siemens",
    "ManufacturersModelName": "Skyra",
    "Modality": "MR",
    "ParallelReductionFactorInPlane": 2,
    "PartialFourier": 1,
    "PatientPosition": "HFS",
    "PercentPhaseFOV": 100,
    "PercentSampling": 100,
    "PhaseEncodingSteps": 294,
    "PhaseOversampling": 0.15,
    "PhaseResolution": 1,
    "PixelBandwidth": 210,
    "ProcedureStepDescription": "BioPsy_2018",
    "ProtocolName": "anat-T1w",
    "PulseSequenceDetails": "%SiemensSeq%_tfl",
    "ReceiveCoilActiveElements": "HEA;HEP",
    "ReceiveCoilName": "Head_32",
    "ReconMatrixPE": 256,
    "RefLinesPE": 24,
    "RepetitionTime": 2.2,
    "SAR": 0.0588777,
    "ScanOptions": "IR_WE",
    "ScanningSequence": "GR_IR",
    "SequenceName": "_tfl3d1_16ns",
    "SequenceVariant": "SK_SP_MP_OSP",
    "SeriesDescription": "anat-T1w",
    "SeriesNumber": 9,
    "ShimSetting": [
      -1130,
      -3295,
      -4259,
      449,
      962,
      164,
      300,
      -805
    ],
    "SliceThickness": 0.88,
    "SoftwareVersions": "syngo_MR_E11",
    "StationName": "FBMTMR1",
    "TxRefAmp": 326.15,
    "acq_id": "MPrageHiRes",
    "dataset": "<unset>",
    "modality": "T1w",
    "session_id": "1",
    "subject_id": "season219"
  },
  "cjv": 0.40737380676832297,
  "cnr": 3.1514641908910996,
  "efc": 0.5837629478418795,
  "fber": 2037.2288818359375,
  "fwhm_avg": 4.360464748098675,
  "fwhm_x": 4.340011387153167,
  "fwhm_y": 4.39536,
  "fwhm_z": 4.346022857142858,
  "icvs_csf": 0.19149578775413464,
  "icvs_gm": 0.41283856595679724,
  "icvs_wm": 0.3956656462890681,
  "inu_med": 1.3440455198287964,
  "inu_range": 0.463588035106659,
  "provenance": {
    "md5sum": "286ad8256dc11bfd6baf01b776aa4d53",
    "settings": {
      "testing": false
    },
    "software": "mriqc",
    "version": "0.15.2",
    "warnings": {
      "large_rot_frame": true,
      "small_air_mask": false
    },
    "webapi_port": null,
    "webapi_url": "https://mriqc.nimh.nih.gov/api/v1"
  },
  "qi_1": 0.0,
  "qi_2": 0.0020867336858045255,
  "rpve_csf": 24.63445095118814,
  "rpve_gm": 12.48625386515573,
  "rpve_wm": 15.86145445249996,
  "size_x": 224,
  "size_y": 256,
  "size_z": 256,
  "snr_csf": 2.9734944719515384,
  "snr_gm": 11.460862439391835,
  "snr_total": 13.252069238906566,
  "snr_wm": 25.321850805376325,
  "snrd_csf": 44.24512228306693,
  "snrd_gm": 81.50249978014939,
  "snrd_total": 77.82598067813763,
  "snrd_wm": 107.73031997119655,
  "spacing_x": 0.8799999952316284,
  "spacing_y": 0.875,
  "spacing_z": 0.875,
  "summary_bg_k": 6.395648931609497,
  "summary_bg_mad": 6.081472050201472,
  "summary_bg_mean": 12.069437026977539,
  "summary_bg_median": 10.475137710571289,
  "summary_bg_n": 3203987.0,
  "summary_bg_p05": 4.1225728511810305,
  "summary_bg_p95": 25.51535415649413,
  "summary_bg_stdv": 7.1420698165893555,
  "summary_csf_k": 7.081794209543062,
  "summary_csf_mad": 145.39116395024104,
  "summary_csf_mean": 434.8141784667969,
  "summary_csf_median": 410.71673583984375,
  "summary_csf_n": 31880.0,
  "summary_csf_p05": 254.7985740661621,
  "summary_csf_p95": 653.783218383789,
  "summary_csf_stdv": 138.123779296875,
  "summary_gm_k": 0.45043843461886235,
  "summary_gm_mad": 62.63921980499718,
  "summary_gm_mean": 761.3057250976562,
  "summary_gm_median": 756.5679321289062,
  "summary_gm_n": 45522.0,
  "summary_gm_p05": 662.2891571044921,
  "summary_gm_p95": 880.3817443847655,
  "summary_gm_stdv": 66.012451171875,
  "summary_wm_k": 0.7879442888940753,
  "summary_wm_mad": 36.54265173904185,
  "summary_wm_mean": 1000.3580322265625,
  "summary_wm_median": 1000.034423828125,
  "summary_wm_n": 364854.0,
  "summary_wm_p05": 936.2740814208985,
  "summary_wm_p95": 1064.9034423828125,
  "summary_wm_stdv": 39.492889404296875,
  "tpm_overlap_csf": 0.166517436504364,
  "tpm_overlap_gm": 0.4563114047050476,
  "tpm_overlap_wm": 0.5144796371459961,
  "wm2max": 0.5627035715710242
}