{
  "bids_meta": {
    "AcquisitionMatrixPE": 256,
    "AcquisitionNumber": 1,
    "AcquisitionTime": "12:15:12.202500",
    "BaseResolution": 256,
    "BodyPartExamined": "HEAD",
    "ConsistencyInfo": "N4_VE11C_LATEST_20160120",
    "ConversionSoftware": "dcm2niix",
    "ConversionSoftwareVersion": "v1.0.20200427",
    "DeviceSerialNumber": "45250",
    "DwellTime": 9.2e-06,
    "EchoTime": 0.00218,
    "FlipAngle": 8,
    "ImageOrientationPatientDICOM": [
      -0.0215276,
      0.999097,
      0.0366415,
      -0.0116947,
      0.0363958,
      -0.999269
    ],
    "ImageType": [
      "ORIGINAL",
      "PRIMARY",
      "M",
      "NORM",
      "DIS3D",
      "DIS2D"
    ],
    "ImagingFrequency": 123.239,
    "InPlanePhaseEncodingDirectionDICOM": "ROW",
    "InstitutionAddress": "Kopernikusstr._26_Graz_Graz_AT_8010",
    "InstitutionName": "KFU",
    "InstitutionalDepartmentName": "Department",
    "InversionTime": 1,
    "MRAcquisitionType": "3D",
    "MagneticFieldStrength": 3,
    "Manufacturer": "Siemens",
    "ManufacturersModelName": "Skyra",
    "Modality": "MR",
    "ParallelReductionFactorInPlane": 2,
    "PartialFourier": 1,
    "PatientPosition": "HFS",
    "PercentPhaseFOV": 100,
    "PercentSampling": 100,
    "PhaseEncodingSteps": 294,
    "PhaseOversampling": 0.15,
    "PhaseResolution": 1,
    "PixelBandwidth": 210,
    "ProcedureStepDescription": "BioPsy_2018",
    "ProtocolName": "anat-T1w",
    "PulseSequenceDetails": "%SiemensSeq%_tfl",
    "ReceiveCoilActiveElements": "HEA;HEP",
    "ReceiveCoilName": "Head_32",
    "ReconMatrixPE": 256,
    "RefLinesPE": 24,
    "RepetitionTime": 2.2,
    "SAR": 0.0616354,
    "ScanOptions": "IR_WE",
    "ScanningSequence": "GR_IR",
    "SequenceName": "_tfl3d1_16ns",
    "SequenceVariant": "SK_SP_MP_OSP",
    "SeriesDescription": "anat-T1w",
    "SeriesNumber": 9,
    "ShimSetting": [
      -1090,
      -3159,
      -4357,
      293,
      998,
      244,
      221,
      -882
    ],
    "SliceThickness": 0.88,
    "SoftwareVersions": "syngo_MR_E11",
    "StationName": "FBMTMR1",
    "TxRefAmp": 351.098,
    "acq_id": "MPrageHiRes",
    "dataset": "<unset>",
    "modality": "T1w",
    "session_id": "2",
    "subject_id": "season213"
  },
  "cjv": 0.5527434420131483,
  "cnr": 2.3572063132143524,
  "efc": 0.6383126534629618,
  "fber": 2550.22900390625,
  "fwhm_avg": 4.421961544592452,
  "fwhm_x": 4.3161932052059235,
  "fwhm_y": 4.469314285714286,
  "fwhm_z": 4.480377142857143,
  "icvs_csf": 0.1937905609844322,
  "icvs_gm": 0.4323045690021398,
  "icvs_wm": 0.373904870013428,
  "inu_med": 1.423568606376648,
  "inu_range": 0.6169989705085754,
  "provenance": {
    "md5sum": "07097802768b18e8015b6472984c7e7a",
    "settings": {
      "testing": false
    },
    "software": "mriqc",
    "version": "0.15.2",
    "warnings": {
      "large_rot_frame": true,
      "small_air_mask": false
    },
    "webapi_port": null,
    "webapi_url": "https://mriqc.nimh.nih.gov/api/v1"
  },
  "qi_1": 0.00188683424955905,
  "qi_2": 0.0010227084657883187,
  "rpve_csf": 20.236535851735344,
  "rpve_gm": 9.855526077909031,
  "rpve_wm": 13.195978686566948,
  "size_x": 224,
  "size_y": 256,
  "size_z": 256,
  "snr_csf": 3.1571953438474814,
  "snr_gm": 10.137521654416336,
  "snr_total": 10.954268615053095,
  "snr_wm": 19.568088846895474,
  "snrd_csf": 42.705372491583944,
  "snrd_gm": 87.89060430680149,
  "snrd_total": 81.12966926583213,
  "snrd_wm": 112.79303099911094,
  "spacing_x": 0.8799999952316284,
  "spacing_y": 0.875,
  "spacing_z": 0.875,
  "summary_bg_k": 64.85604586128889,
  "summary_bg_mad": 5.808475977581542,
  "summary_bg_mean": 13.626583099365234,
  "summary_bg_median": 8.760645866394043,
  "summary_bg_n": 3056589.0,
  "summary_bg_p05": 2.907596206665039,
  "summary_bg_p95": 39.750024414062516,
  "summary_bg_stdv": 15.901164054870605,
  "summary_csf_k": 0.12413401469206065,
  "summary_csf_mad": 117.12591460266029,
  "summary_csf_mean": 396.9083251953125,
  "summary_csf_median": 378.62823486328125,
  "summary_csf_n": 38654.0,
  "summary_csf_p05": 232.2683609008789,
  "summary_csf_p95": 620.2912811279297,
  "summary_csf_stdv": 119.9239501953125,
  "summary_gm_k": 0.3440471799665503,
  "summary_gm_mad": 73.39003144261115,
  "summary_gm_mean": 785.5960083007812,
  "summary_gm_median": 779.2430419921875,
  "summary_gm_n": 48712.0,
  "summary_gm_p05": 671.7516357421875,
  "summary_gm_p95": 925.0121978759764,
  "summary_gm_stdv": 76.86642456054688,
  "summary_wm_k": 0.5668633900694613,
  "summary_wm_mad": 48.64815676728925,
  "summary_wm_mean": 1001.3631591796875,
  "summary_wm_median": 1000.0293579101562,
  "summary_wm_n": 387431.0,
  "summary_wm_p05": 920.07275390625,
  "summary_wm_p95": 1085.9954833984375,
  "summary_wm_stdv": 51.105045318603516,
  "tpm_overlap_csf": 0.16905580461025238,
  "tpm_overlap_gm": 0.4511542320251465,
  "tpm_overlap_wm": 0.5110899209976196,
  "wm2max": 0.5043948581726618
}