{
  "bids_meta": {
    "AcquisitionMatrixPE": 256,
    "AcquisitionNumber": 1,
    "AcquisitionTime": "13:14:56.142500",
    "BaseResolution": 256,
    "BodyPartExamined": "HEAD",
    "ConsistencyInfo": "N4_VE11C_LATEST_20160120",
    "ConversionSoftware": "dcm2niix",
    "ConversionSoftwareVersion": "v1.0.20200427",
    "DeviceSerialNumber": "45250",
    "DwellTime": 9.2e-06,
    "EchoTime": 0.00218,
    "FlipAngle": 8,
    "ImageOrientationPatientDICOM": [
      -0.0614132,
      0.99712,
      0.0444907,
      -0.00755831,
      0.0441089,
      -0.998998
    ],
    "ImageType": [
      "ORIGINAL",
      "PRIMARY",
      "M",
      "NORM",
      "DIS3D",
      "DIS2D"
    ],
    "ImagingFrequency": 123.239,
    "InPlanePhaseEncodingDirectionDICOM": "ROW",
    "InstitutionAddress": "Kopernikusstr._26_Graz_Graz_AT_8010",
    "InstitutionName": "KFU",
    "InstitutionalDepartmentName": "Department",
    "InversionTime": 1,
    "MRAcquisitionType": "3D",
    "MagneticFieldStrength": 3,
    "Manufacturer": "Siemens",
    "ManufacturersModelName": "Skyra",
    "Modality": "MR",
    "ParallelReductionFactorInPlane": 2,
    "PartialFourier": 1,
    "PatientPosition": "HFS",
    "PercentPhaseFOV": 100,
    "PercentSampling": 100,
    "PhaseEncodingSteps": 294,
    "PhaseOversampling": 0.15,
    "PhaseResolution": 1,
    "PixelBandwidth": 210,
    "ProcedureStepDescription": "BioPsy_2018",
    "ProtocolName": "anat-T1w",
    "PulseSequenceDetails": "%SiemensSeq%_tfl",
    "ReceiveCoilActiveElements": "HEA;HEP",
    "ReceiveCoilName": "Head_32",
    "ReconMatrixPE": 256,
    "RefLinesPE": 24,
    "RepetitionTime": 2.2,
    "SAR": 0.0451319,
    "ScanOptions": "IR_WE",
    "ScanningSequence": "GR_IR",
    "SequenceName": "_tfl3d1_16ns",
    "SequenceVariant": "SK_SP_MP_OSP",
    "SeriesDescription": "anat-T1w",
    "SeriesNumber": 9,
    "ShimSetting": [
      -1103,
      -3138,
      -4416,
      205,
      1039,
      147,
      402,
      -982
    ],
    "SliceThickness": 0.88,
    "SoftwareVersions": "syngo_MR_E11",
    "StationName": "FBMTMR1",
    "TxRefAmp": 319.509,
    "acq_id": "MPrageHiRes",
    "dataset": "<unset>",
    "modality": "T1w",
    "session_id": "2",
    "subject_id": "season211"
  },
  "cjv": 0.6200083896285165,
  "cnr": 2.1673402655324105,
  "efc": 0.5858011845009409,
  "fber": 3596.872314453125,
  "fwhm_avg": 4.201825916545821,
  "fwhm_x": 4.127397749637462,
  "fwhm_y": 4.293668571428571,
  "fwhm_z": 4.184411428571429,
  "icvs_csf": 0.16296652967487757,
  "icvs_gm": 0.4566057657583277,
  "icvs_wm": 0.38042770456679476,
  "inu_med": 1.6051976680755615,
  "inu_range": 0.6546695947647097,
  "provenance": {
    "md5sum": "08cbd9511e0eb0741df4980a7e87cedc",
    "settings": {
      "testing": false
    },
    "software": "mriqc",
    "version": "0.15.2",
    "warnings": {
      "large_rot_frame": true,
      "small_air_mask": false
    },
    "webapi_port": null,
    "webapi_url": "https://mriqc.nimh.nih.gov/api/v1"
  },
  "qi_1": 0.0,
  "qi_2": 0.0014165449803363182,
  "rpve_csf": 31.534330236117658,
  "rpve_gm": 13.012300464422706,
  "rpve_wm": 17.60097170254408,
  "size_x": 224,
  "size_y": 256,
  "size_z": 256,
  "snr_csf": 2.6918876798680693,
  "snr_gm": 9.618171527112175,
  "snr_total": 10.174481635193914,
  "snr_wm": 18.213385698601495,
  "snrd_csf": 58.15335246083624,
  "snrd_gm": 111.53552918371172,
  "snrd_total": 103.85868320849669,
  "snrd_wm": 141.8871679809421,
  "spacing_x": 0.8799999952316284,
  "spacing_y": 0.875,
  "spacing_z": 0.875,
  "summary_bg_k": 18.484836974207507,
  "summary_bg_mad": 4.617461461268863,
  "summary_bg_mean": 9.884732246398926,
  "summary_bg_median": 8.299659729003906,
  "summary_bg_n": 3155118.0,
  "summary_bg_p05": 3.1035109162330627,
  "summary_bg_p95": 22.305653476715086,
  "summary_bg_stdv": 6.883913993835449,
  "summary_csf_k": 7.401795320521133,
  "summary_csf_mad": 155.57848901469615,
  "summary_csf_mean": 445.8008117675781,
  "summary_csf_median": 409.87017822265625,
  "summary_csf_n": 22662.0,
  "summary_csf_p05": 251.19523849487305,
  "summary_csf_p95": 691.1544158935548,
  "summary_csf_stdv": 152.2578887939453,
  "summary_gm_k": 0.2225021874104045,
  "summary_gm_mad": 81.01601276959063,
  "summary_gm_mean": 795.7864379882812,
  "summary_gm_median": 786.1126708984375,
  "summary_gm_n": 57932.0,
  "summary_gm_p05": 680.1146942138672,
  "summary_gm_p95": 946.2286285400389,
  "summary_gm_stdv": 81.7313232421875,
  "summary_wm_k": 0.46710610028646204,
  "summary_wm_mad": 51.616890347764915,
  "summary_wm_mean": 1002.705322265625,
  "summary_wm_median": 1000.0338134765625,
  "summary_wm_n": 294039.0,
  "summary_wm_p05": 917.3872375488281,
  "summary_wm_p95": 1098.1587890624999,
  "summary_wm_stdv": 54.906436920166016,
  "tpm_overlap_csf": 0.15885798633098602,
  "tpm_overlap_gm": 0.4779258668422699,
  "tpm_overlap_wm": 0.5120673179626465,
  "wm2max": 0.49821368432608104
}