{
  "bids_meta": {
    "AcquisitionMatrixPE": 256,
    "AcquisitionNumber": 1,
    "AcquisitionTime": "11:35:37.140000",
    "BaseResolution": 256,
    "BodyPartExamined": "HEAD",
    "ConsistencyInfo": "N4_VE11C_LATEST_20160120",
    "ConversionSoftware": "dcm2niix",
    "ConversionSoftwareVersion": "v1.0.20200427",
    "DeviceSerialNumber": "45250",
    "DwellTime": 9.2e-06,
    "EchoTime": 0.00218,
    "FlipAngle": 8,
    "ImageOrientationPatientDICOM": [
      0.00772565,
      0.989749,
      0.142606,
      0.0192703,
      0.142436,
      -0.989616
    ],
    "ImageType": [
      "ORIGINAL",
      "PRIMARY",
      "M",
      "NORM",
      "DIS3D",
      "DIS2D"
    ],
    "ImagingFrequency": 123.24,
    "InPlanePhaseEncodingDirectionDICOM": "ROW",
    "InstitutionAddress": "Kopernikusstr._26_Graz_Graz_AT_8010",
    "InstitutionName": "KFU",
    "InstitutionalDepartmentName": "Department",
    "InversionTime": 1,
    "MRAcquisitionType": "3D",
    "MagneticFieldStrength": 3,
    "Manufacturer": "Siemens",
    "ManufacturersModelName": "Skyra",
    "Modality": "MR",
    "ParallelReductionFactorInPlane": 2,
    "PartialFourier": 1,
    "PatientPosition": "HFS",
    "PercentPhaseFOV": 100,
    "PercentSampling": 100,
    "PhaseEncodingSteps": 294,
    "PhaseOversampling": 0.15,
    "PhaseResolution": 1,
    "PixelBandwidth": 210,
    "ProcedureStepDescription": "KFU_BioPsy",
    "ProtocolName": "T1_Pat4_088mm_Pat2_224Sl",
    "PulseSequenceDetails": "%SiemensSeq%_tfl",
    "ReceiveCoilActiveElements": "HEA;HEP",
    "ReceiveCoilName": "Head_32",
    "ReconMatrixPE": 256,
    "RefLinesPE": 24,
    "RepetitionTime": 2.2,
    "SAR": 0.0613117,
    "ScanOptions": "IR_WE",
    "ScanningSequence": "GR_IR",
    "SequenceName": "_tfl3d1_16ns",
    "SequenceVariant": "SK_SP_MP_OSP",
    "SeriesDescription": "T1_Pat4_088mm_Pat2_224Sl",
    "SeriesNumber": 9,
    "ShimSetting": [
      -1126,
      -3245,
      -4227,
      523,
      836,
      84,
      598,
      -875
    ],
    "SliceThickness": 0.88,
    "SoftwareVersions": "syngo_MR_E11",
    "StationName": "FBMTMR1",
    "TxRefAmp": 324.688,
    "acq_id": "MPrageHiRes",
    "dataset": "<unset>",
    "modality": "T1w",
    "session_id": "1",
    "subject_id": "season113"
  },
  "cjv": 0.4150930835676041,
  "cnr": 3.073106387206347,
  "efc": 0.632836948731335,
  "fber": 2923.521728515625,
  "fwhm_avg": 4.215027994523727,
  "fwhm_x": 4.158306840714037,
  "fwhm_y": 4.300994285714286,
  "fwhm_z": 4.185782857142857,
  "icvs_csf": 0.19299634167255514,
  "icvs_gm": 0.4240342304928934,
  "icvs_wm": 0.38296942783455146,
  "inu_med": 1.3710532188415527,
  "inu_range": 0.5092118680477142,
  "provenance": {
    "md5sum": "4b2c86c837878c1efb457a911505b369",
    "settings": {
      "testing": false
    },
    "software": "mriqc",
    "version": "0.15.2",
    "warnings": {
      "large_rot_frame": true,
      "small_air_mask": false
    },
    "webapi_port": null,
    "webapi_url": "https://mriqc.nimh.nih.gov/api/v1"
  },
  "qi_1": 0.0,
  "qi_2": 0.003806714162400288,
  "rpve_csf": 23.737555071285023,
  "rpve_gm": 11.711665254257886,
  "rpve_wm": 15.206936176075212,
  "size_x": 224,
  "size_y": 256,
  "size_z": 256,
  "snr_csf": 3.036720526001892,
  "snr_gm": 12.27712304483233,
  "snr_total": 13.11891928639424,
  "snr_wm": 24.042914288348502,
  "snrd_csf": 57.43551495158596,
  "snrd_gm": 107.25419945872257,
  "snrd_total": 101.42433469909322,
  "snrd_wm": 139.58328968697117,
  "spacing_x": 0.8799999952316284,
  "spacing_y": 0.875,
  "spacing_z": 0.875,
  "summary_bg_k": 2.8501338011428814,
  "summary_bg_mad": 4.693589723453748,
  "summary_bg_mean": 11.14600944519043,
  "summary_bg_median": 10.22673511505127,
  "summary_bg_n": 2187720.0,
  "summary_bg_p05": 4.091225910186767,
  "summary_bg_p95": 21.870717716217026,
  "summary_bg_stdv": 5.765446186065674,
  "summary_csf_k": 3.7262566545358586,
  "summary_csf_mad": 165.76463769799648,
  "summary_csf_mean": 422.7734375,
  "summary_csf_median": 411.48492431640625,
  "summary_csf_n": 38425.0,
  "summary_csf_p05": 234.14891052246094,
  "summary_csf_p95": 629.0992553710936,
  "summary_csf_stdv": 135.5012969970703,
  "summary_gm_k": 0.3314360506521208,
  "summary_gm_mad": 60.03946269827375,
  "summary_gm_mean": 770.3003540039062,
  "summary_gm_median": 768.400634765625,
  "summary_gm_n": 54726.0,
  "summary_gm_p05": 672.0166320800781,
  "summary_gm_p95": 877.6647186279297,
  "summary_gm_stdv": 62.587432861328125,
  "summary_wm_k": 1.2832440514484968,
  "summary_wm_mad": 36.10236846913591,
  "summary_wm_mean": 998.6347045898438,
  "summary_wm_median": 1000.0157470703125,
  "summary_wm_n": 352842.0,
  "summary_wm_p05": 927.1167297363281,
  "summary_wm_p95": 1062.9679565429688,
  "summary_wm_stdv": 41.592891693115234,
  "tpm_overlap_csf": 0.16126196086406708,
  "tpm_overlap_gm": 0.44081759452819824,
  "tpm_overlap_wm": 0.4965640604496002,
  "wm2max": 0.6292649003581177
}