{
  "bids_meta": {
    "AcquisitionMatrixPE": 256,
    "AcquisitionNumber": 1,
    "AcquisitionTime": "10:55:27.170000",
    "BaseResolution": 256,
    "BodyPartExamined": "HEAD",
    "ConsistencyInfo": "N4_VE11C_LATEST_20160120",
    "ConversionSoftware": "dcm2niix",
    "ConversionSoftwareVersion": "v1.0.20200427",
    "DeviceSerialNumber": "45250",
    "DwellTime": 9.2e-06,
    "EchoTime": 0.00218,
    "FlipAngle": 8,
    "ImageOrientationPatientDICOM": [
      -0.0552107,
      0.997697,
      -0.039413,
      -0.0306117,
      -0.041146,
      -0.998684
    ],
    "ImageType": [
      "ORIGINAL",
      "PRIMARY",
      "M",
      "NORM",
      "DIS3D",
      "DIS2D"
    ],
    "ImagingFrequency": 123.24,
    "InPlanePhaseEncodingDirectionDICOM": "ROW",
    "InstitutionAddress": "Kopernikusstr._26_Graz_Graz_AT_8010",
    "InstitutionName": "KFU",
    "InstitutionalDepartmentName": "Department",
    "InversionTime": 1,
    "MRAcquisitionType": "3D",
    "MagneticFieldStrength": 3,
    "Manufacturer": "Siemens",
    "ManufacturersModelName": "Skyra",
    "Modality": "MR",
    "ParallelReductionFactorInPlane": 2,
    "PartialFourier": 1,
    "PatientPosition": "HFS",
    "PercentPhaseFOV": 100,
    "PercentSampling": 100,
    "PhaseEncodingSteps": 294,
    "PhaseOversampling": 0.15,
    "PhaseResolution": 1,
    "PixelBandwidth": 210,
    "ProcedureStepDescription": "KFU_BioPsy",
    "ProtocolName": "T1_Pat4_088mm_Pat2_224Sl",
    "PulseSequenceDetails": "%SiemensSeq%_tfl",
    "ReceiveCoilActiveElements": "HEA;HEP",
    "ReceiveCoilName": "Head_32",
    "ReconMatrixPE": 256,
    "RefLinesPE": 24,
    "RepetitionTime": 2.2,
    "SAR": 0.0633006,
    "ScanOptions": "IR_WE",
    "ScanningSequence": "GR_IR",
    "SequenceName": "_tfl3d1_16ns",
    "SequenceVariant": "SK_SP_MP_OSP",
    "SeriesDescription": "T1_Pat4_088mm_Pat2_224Sl",
    "SeriesNumber": 9,
    "ShimSetting": [
      -1139,
      -3197,
      -4304,
      517,
      891,
      123,
      327,
      -892
    ],
    "SliceThickness": 0.88,
    "SoftwareVersions": "syngo_MR_E11",
    "StationName": "FBMTMR1",
    "TxRefAmp": 340.452,
    "acq_id": "MPrageHiRes",
    "dataset": "<unset>",
    "modality": "T1w",
    "session_id": "1",
    "subject_id": "season125"
  },
  "cjv": 0.5476115867398578,
  "cnr": 2.417828332777212,
  "efc": 0.5991422754156096,
  "fber": 4875.08740234375,
  "fwhm_avg": 4.1568721935094475,
  "fwhm_x": 4.076102294814057,
  "fwhm_y": 4.267222857142857,
  "fwhm_z": 4.127291428571429,
  "icvs_csf": 0.18408857785530874,
  "icvs_gm": 0.45236913239371274,
  "icvs_wm": 0.3635422897509786,
  "inu_med": 1.4367904663085938,
  "inu_range": 0.591071557998657,
  "provenance": {
    "md5sum": "2f9431a8e63cd5772a98e294b3bac40c",
    "settings": {
      "testing": false
    },
    "software": "mriqc",
    "version": "0.15.2",
    "warnings": {
      "large_rot_frame": true,
      "small_air_mask": false
    },
    "webapi_port": null,
    "webapi_url": "https://mriqc.nimh.nih.gov/api/v1"
  },
  "qi_1": 0.0,
  "qi_2": 0.0020176151319808407,
  "rpve_csf": 23.603325019164725,
  "rpve_gm": 10.740965064917681,
  "rpve_wm": 14.920195511516383,
  "size_x": 224,
  "size_y": 256,
  "size_z": 256,
  "snr_csf": 2.931156297604776,
  "snr_gm": 11.809341295635114,
  "snr_total": 10.764841040114078,
  "snr_wm": 17.554025527102347,
  "snrd_csf": 60.321258877040066,
  "snrd_gm": 129.98384105653503,
  "snrd_total": 118.45123893680812,
  "snrd_wm": 165.04861687684928,
  "spacing_x": 0.8799999952316284,
  "spacing_y": 0.875,
  "spacing_z": 0.875,
  "summary_bg_k": 11.177751776536516,
  "summary_bg_mad": 3.969525708742308,
  "summary_bg_mean": 8.19788932800293,
  "summary_bg_median": 7.159836769104004,
  "summary_bg_n": 3089249.0,
  "summary_bg_p05": 2.6790733337402344,
  "summary_bg_p95": 17.96654853820801,
  "summary_bg_stdv": 5.325769901275635,
  "summary_csf_k": 12.815659953940587,
  "summary_csf_mad": 113.9223346227964,
  "summary_csf_mean": 389.3653564453125,
  "summary_csf_median": 365.49151611328125,
  "summary_csf_n": 33116.0,
  "summary_csf_p05": 237.45977783203125,
  "summary_csf_p95": 610.9741821289062,
  "summary_csf_stdv": 124.6900405883789,
  "summary_gm_k": 0.6842753841890032,
  "summary_gm_mad": 59.973313881029625,
  "summary_gm_mean": 790.656494140625,
  "summary_gm_median": 787.5828857421875,
  "summary_gm_n": 61982.0,
  "summary_gm_p05": 688.1413909912109,
  "summary_gm_p95": 909.9287200927733,
  "summary_gm_stdv": 66.69097900390625,
  "summary_wm_k": 0.21211464776882272,
  "summary_wm_mad": 56.37245641155428,
  "summary_wm_mean": 1000.3013916015625,
  "summary_wm_median": 1000.0432739257812,
  "summary_wm_n": 325933.0,
  "summary_wm_p05": 906.6761108398438,
  "summary_wm_p95": 1092.5063720703124,
  "summary_wm_stdv": 56.96936798095703,
  "tpm_overlap_csf": 0.1703236848115921,
  "tpm_overlap_gm": 0.45860499143600464,
  "tpm_overlap_wm": 0.5094701051712036,
  "wm2max": 0.4667524173096335
}