{
  "bids_meta": {
    "AcquisitionMatrixPE": 256,
    "AcquisitionNumber": 1,
    "AcquisitionTime": "12:28:59.205000",
    "BaseResolution": 256,
    "BodyPartExamined": "HEAD",
    "ConsistencyInfo": "N4_VE11C_LATEST_20160120",
    "ConversionSoftware": "dcm2niix",
    "ConversionSoftwareVersion": "v1.0.20200427",
    "DeviceSerialNumber": "45250",
    "DwellTime": 9.2e-06,
    "EchoTime": 0.00218,
    "FlipAngle": 8,
    "ImageOrientationPatientDICOM": [
      -0.103176,
      0.984427,
      0.142331,
      0.0500754,
      0.148054,
      -0.987711
    ],
    "ImageType": [
      "ORIGINAL",
      "PRIMARY",
      "M",
      "NORM",
      "DIS3D",
      "DIS2D"
    ],
    "ImagingFrequency": 123.239,
    "InPlanePhaseEncodingDirectionDICOM": "ROW",
    "InstitutionAddress": "Kopernikusstr._26_Graz_Graz_AT_8010",
    "InstitutionName": "KFU",
    "InstitutionalDepartmentName": "Department",
    "InversionTime": 1,
    "MRAcquisitionType": "3D",
    "MagneticFieldStrength": 3,
    "Manufacturer": "Siemens",
    "ManufacturersModelName": "Skyra",
    "Modality": "MR",
    "ParallelReductionFactorInPlane": 2,
    "PartialFourier": 1,
    "PatientPosition": "HFS",
    "PercentPhaseFOV": 100,
    "PercentSampling": 100,
    "PhaseEncodingSteps": 294,
    "PhaseOversampling": 0.15,
    "PhaseResolution": 1,
    "PixelBandwidth": 210,
    "ProcedureStepDescription": "BioPsy_2018",
    "ProtocolName": "anat-T1w",
    "PulseSequenceDetails": "%SiemensSeq%_tfl",
    "ReceiveCoilActiveElements": "HEA;HEP",
    "ReceiveCoilName": "Head_32",
    "ReconMatrixPE": 256,
    "RefLinesPE": 24,
    "RepetitionTime": 2.2,
    "SAR": 0.046412,
    "ScanOptions": "IR_WE",
    "ScanningSequence": "GR_IR",
    "SequenceName": "_tfl3d1_16ns",
    "SequenceVariant": "SK_SP_MP_OSP",
    "SeriesDescription": "anat-T1w",
    "SeriesNumber": 9,
    "ShimSetting": [
      -1104,
      -3223,
      -4349,
      273,
      917,
      -25,
      400,
      -983
    ],
    "SliceThickness": 0.88,
    "SoftwareVersions": "syngo_MR_E11",
    "StationName": "FBMTMR1",
    "TxRefAmp": 322.871,
    "acq_id": "MPrageHiRes",
    "dataset": "<unset>",
    "modality": "T1w",
    "session_id": "1",
    "subject_id": "season211"
  },
  "cjv": 0.569154874143586,
  "cnr": 2.34751312920447,
  "efc": 0.5877154466928504,
  "fber": 3993.37255859375,
  "fwhm_avg": 4.160495397008447,
  "fwhm_x": 4.095920476739626,
  "fwhm_y": 4.266948571428571,
  "fwhm_z": 4.1186171428571425,
  "icvs_csf": 0.158491525930173,
  "icvs_gm": 0.4615950054152461,
  "icvs_wm": 0.3799134686545809,
  "inu_med": 1.604520320892334,
  "inu_range": 0.6369559526443482,
  "provenance": {
    "md5sum": "7e858fdfc439a1602c020f5fd414b10f",
    "settings": {
      "testing": false
    },
    "software": "mriqc",
    "version": "0.15.2",
    "warnings": {
      "large_rot_frame": true,
      "small_air_mask": false
    },
    "webapi_port": null,
    "webapi_url": "https://mriqc.nimh.nih.gov/api/v1"
  },
  "qi_1": 1.5500197329435233e-05,
  "qi_2": 0.0013158731875716455,
  "rpve_csf": 31.841103743987983,
  "rpve_gm": 12.83124011049665,
  "rpve_wm": 17.58536544173175,
  "size_x": 224,
  "size_y": 256,
  "size_z": 256,
  "snr_csf": 2.404740283514707,
  "snr_gm": 9.969912340722422,
  "snr_total": 10.50463507470102,
  "snr_wm": 19.13925259986593,
  "snrd_csf": 56.549791923164946,
  "snrd_gm": 115.78981904921339,
  "snrd_total": 107.00875731817241,
  "snrd_wm": 148.6866609821389,
  "spacing_x": 0.8799999952316284,
  "spacing_y": 0.875,
  "spacing_z": 0.875,
  "summary_bg_k": 31.497944886271682,
  "summary_bg_mad": 4.406303871817966,
  "summary_bg_mean": 9.35940933227539,
  "summary_bg_median": 7.969122409820557,
  "summary_bg_n": 3097615.0,
  "summary_bg_p05": 2.990468692779541,
  "summary_bg_p95": 21.533604049682598,
  "summary_bg_stdv": 7.195287704467773,
  "summary_csf_k": 12.936665671242647,
  "summary_csf_mad": 124.35470893088637,
  "summary_csf_mean": 421.40478515625,
  "summary_csf_median": 380.3415222167969,
  "summary_csf_n": 20957.0,
  "summary_csf_p05": 242.36985168457034,
  "summary_csf_p95": 678.4363647460939,
  "summary_csf_stdv": 158.1594696044922,
  "summary_gm_k": 0.3266604594790872,
  "summary_gm_mad": 76.32107558070354,
  "summary_gm_mean": 788.398193359375,
  "summary_gm_median": 778.7769775390625,
  "summary_gm_n": 64376.0,
  "summary_gm_p05": 677.5319671630859,
  "summary_gm_p95": 932.1007690429688,
  "summary_gm_stdv": 78.11211395263672,
  "summary_wm_k": 0.4324638052074321,
  "summary_wm_mad": 49.60840050762569,
  "summary_wm_mean": 1001.52734375,
  "summary_wm_median": 1000.033935546875,
  "summary_wm_n": 292698.0,
  "summary_wm_p05": 918.1717468261719,
  "summary_wm_p95": 1089.4692260742186,
  "summary_wm_stdv": 52.250328063964844,
  "tpm_overlap_csf": 0.16000764071941376,
  "tpm_overlap_gm": 0.4818086326122284,
  "tpm_overlap_wm": 0.5147697925567627,
  "wm2max": 0.5071591908294819
}