{
  "bids_meta": {
    "AcquisitionMatrixPE": 256,
    "AcquisitionNumber": 1,
    "AcquisitionTime": "12:20:47.165000",
    "BaseResolution": 256,
    "BodyPartExamined": "HEAD",
    "ConsistencyInfo": "N4_VE11C_LATEST_20160120",
    "ConversionSoftware": "dcm2niix",
    "ConversionSoftwareVersion": "v1.0.20200427",
    "DeviceSerialNumber": "45250",
    "DwellTime": 9.2e-06,
    "EchoTime": 0.00218,
    "FlipAngle": 8,
    "ImageOrientationPatientDICOM": [
      0.060664,
      0.994527,
      0.0850691,
      0.00594018,
      0.0848649,
      -0.996375
    ],
    "ImageType": [
      "ORIGINAL",
      "PRIMARY",
      "M",
      "NORM",
      "DIS3D",
      "DIS2D"
    ],
    "ImagingFrequency": 123.24,
    "InPlanePhaseEncodingDirectionDICOM": "ROW",
    "InstitutionAddress": "Kopernikusstr._26_Graz_Graz_AT_8010",
    "InstitutionName": "KFU",
    "InstitutionalDepartmentName": "Department",
    "InversionTime": 1,
    "MRAcquisitionType": "3D",
    "MagneticFieldStrength": 3,
    "Manufacturer": "Siemens",
    "ManufacturersModelName": "Skyra",
    "Modality": "MR",
    "ParallelReductionFactorInPlane": 2,
    "PartialFourier": 1,
    "PatientPosition": "HFS",
    "PercentPhaseFOV": 100,
    "PercentSampling": 100,
    "PhaseEncodingSteps": 294,
    "PhaseOversampling": 0.15,
    "PhaseResolution": 1,
    "PixelBandwidth": 210,
    "ProcedureStepDescription": "KFU_BioPsy",
    "ProtocolName": "T1_Pat4_088mm_Pat2_224Sl",
    "PulseSequenceDetails": "%SiemensSeq%_tfl",
    "ReceiveCoilActiveElements": "HEA;HEP",
    "ReceiveCoilName": "Head_32",
    "ReconMatrixPE": 256,
    "RefLinesPE": 24,
    "RepetitionTime": 2.2,
    "SAR": 0.055955,
    "ScanOptions": "IR_WE",
    "ScanningSequence": "GR_IR",
    "SequenceName": "_tfl3d1_16ns",
    "SequenceVariant": "SK_SP_MP_OSP",
    "SeriesDescription": "T1_Pat4_088mm_Pat2_224Sl",
    "SeriesNumber": 9,
    "ShimSetting": [
      -1087,
      -3152,
      -4248,
      494,
      926,
      306,
      77,
      -813
    ],
    "SliceThickness": 0.88,
    "SoftwareVersions": "syngo_MR_E11",
    "StationName": "FBMTMR1",
    "TxRefAmp": 325.117,
    "acq_id": "MPrageHiRes",
    "dataset": "<unset>",
    "modality": "T1w",
    "session_id": "2",
    "subject_id": "season127"
  },
  "cjv": 0.47473617374617666,
  "cnr": 2.7014383507758053,
  "efc": 0.6131550818883191,
  "fber": 3425.73974609375,
  "fwhm_avg": 4.29341673925319,
  "fwhm_x": 4.236215932045286,
  "fwhm_y": 4.354537142857143,
  "fwhm_z": 4.289497142857143,
  "icvs_csf": 0.17921519324119187,
  "icvs_gm": 0.43965332234956933,
  "icvs_wm": 0.3811314844092388,
  "inu_med": 1.400909185409546,
  "inu_range": 0.562376350164413,
  "provenance": {
    "md5sum": "3576af8480425a667ac2aed852fcb16f",
    "settings": {
      "testing": false
    },
    "software": "mriqc",
    "version": "0.15.2",
    "warnings": {
      "large_rot_frame": true,
      "small_air_mask": false
    },
    "webapi_port": null,
    "webapi_url": "https://mriqc.nimh.nih.gov/api/v1"
  },
  "qi_1": 8.327846723514619e-05,
  "qi_2": 0.0014174118136228108,
  "rpve_csf": 23.039428548814755,
  "rpve_gm": 10.542741155465684,
  "rpve_wm": 14.06592638833593,
  "size_x": 224,
  "size_y": 256,
  "size_z": 256,
  "snr_csf": 3.08328466699558,
  "snr_gm": 11.543061945242394,
  "snr_total": 12.146662445358851,
  "snr_wm": 21.813640723838578,
  "snrd_csf": 57.969955334629496,
  "snrd_gm": 118.33735131503057,
  "snrd_total": 109.40815325560175,
  "snrd_wm": 151.91715311714518,
  "spacing_x": 0.8799999952316284,
  "spacing_y": 0.875,
  "spacing_z": 0.875,
  "summary_bg_k": 24.89506067405492,
  "summary_bg_mad": 4.312545091947094,
  "summary_bg_mean": 9.300786972045898,
  "summary_bg_median": 7.72893762588501,
  "summary_bg_n": 3177952.0,
  "summary_bg_p05": 2.8862954497337343,
  "summary_bg_p95": 20.442665100097646,
  "summary_bg_stdv": 6.2929158210754395,
  "summary_csf_k": 2.519267431210544,
  "summary_csf_mad": 120.79201598079914,
  "summary_csf_mean": 405.7835998535156,
  "summary_csf_median": 381.5969543457031,
  "summary_csf_n": 27712.0,
  "summary_csf_p05": 243.71442031860352,
  "summary_csf_p95": 627.0813629150391,
  "summary_csf_stdv": 123.76089477539062,
  "summary_gm_k": 0.5089332856071778,
  "summary_gm_mad": 63.873153145545416,
  "summary_gm_mean": 780.7695922851562,
  "summary_gm_median": 778.9754638671875,
  "summary_gm_n": 56507.0,
  "summary_gm_p05": 675.2239929199219,
  "summary_gm_p95": 896.9229431152344,
  "summary_gm_stdv": 67.48370361328125,
  "summary_wm_k": 0.9982244169112584,
  "summary_wm_mad": 41.06475138902845,
  "summary_wm_mean": 998.9306030273438,
  "summary_wm_median": 1000.0201416015625,
  "summary_wm_n": 384829.0,
  "summary_wm_p05": 921.6456298828125,
  "summary_wm_p95": 1071.19306640625,
  "summary_wm_stdv": 45.8437385559082,
  "tpm_overlap_csf": 0.17312191426753998,
  "tpm_overlap_gm": 0.47047626972198486,
  "tpm_overlap_wm": 0.5282604694366455,
  "wm2max": 0.5368223340703778
}