{
  "bids_meta": {
    "AcquisitionMatrixPE": 256,
    "AcquisitionNumber": 1,
    "AcquisitionTime": "10:27:13.160000",
    "BaseResolution": 256,
    "BodyPartExamined": "HEAD",
    "ConsistencyInfo": "N4_VE11C_LATEST_20160120",
    "ConversionSoftware": "dcm2niix",
    "ConversionSoftwareVersion": "v1.0.20200427",
    "DeviceSerialNumber": "45250",
    "DwellTime": 9.2e-06,
    "EchoTime": 0.00218,
    "FlipAngle": 8,
    "ImageOrientationPatientDICOM": [
      -0.0327069,
      0.999025,
      0.0296607,
      -0.0202689,
      0.0290075,
      -0.999374
    ],
    "ImageType": [
      "ORIGINAL",
      "PRIMARY",
      "M",
      "NORM",
      "DIS3D",
      "DIS2D"
    ],
    "ImagingFrequency": 123.24,
    "InPlanePhaseEncodingDirectionDICOM": "ROW",
    "InstitutionAddress": "Kopernikusstr._26_Graz_Graz_AT_8010",
    "InstitutionName": "KFU",
    "InstitutionalDepartmentName": "Department",
    "InversionTime": 1,
    "MRAcquisitionType": "3D",
    "MagneticFieldStrength": 3,
    "Manufacturer": "Siemens",
    "ManufacturersModelName": "Skyra",
    "Modality": "MR",
    "ParallelReductionFactorInPlane": 2,
    "PartialFourier": 1,
    "PatientPosition": "HFS",
    "PercentPhaseFOV": 100,
    "PercentSampling": 100,
    "PhaseEncodingSteps": 294,
    "PhaseOversampling": 0.15,
    "PhaseResolution": 1,
    "PixelBandwidth": 210,
    "ProcedureStepDescription": "KFU_BioPsy",
    "ProtocolName": "T1_Pat4_088mm_Pat2_224Sl",
    "PulseSequenceDetails": "%SiemensSeq%_tfl",
    "ReceiveCoilActiveElements": "HEA;HEP",
    "ReceiveCoilName": "Head_32",
    "ReconMatrixPE": 256,
    "RefLinesPE": 24,
    "RepetitionTime": 2.2,
    "SAR": 0.0563705,
    "ScanOptions": "IR_WE",
    "ScanningSequence": "GR_IR",
    "SequenceName": "_tfl3d1_16ns",
    "SequenceVariant": "SK_SP_MP_OSP",
    "SeriesDescription": "T1_Pat4_088mm_Pat2_224Sl",
    "SeriesNumber": 9,
    "ShimSetting": [
      -1115,
      -3177,
      -4317,
      413,
      932,
      204,
      407,
      -872
    ],
    "SliceThickness": 0.88,
    "SoftwareVersions": "syngo_MR_E11",
    "StationName": "FBMTMR1",
    "TxRefAmp": 339.789,
    "acq_id": "MPrageHiRes",
    "dataset": "<unset>",
    "modality": "T1w",
    "session_id": "2",
    "subject_id": "season139"
  },
  "cjv": 0.5388533760653561,
  "cnr": 2.386386193503762,
  "efc": 0.6150287263263131,
  "fber": 4478.40087890625,
  "fwhm_avg": 4.125138881784992,
  "fwhm_x": 4.05609093106926,
  "fwhm_y": 4.20952,
  "fwhm_z": 4.109805714285715,
  "icvs_csf": 0.19470100898393658,
  "icvs_gm": 0.42687459317713866,
  "icvs_wm": 0.3784243978389248,
  "inu_med": 1.4392213821411133,
  "inu_range": 0.526481729745865,
  "provenance": {
    "md5sum": "1411915bd29dc074ea98f80aa3576084",
    "settings": {
      "testing": false
    },
    "software": "mriqc",
    "version": "0.15.2",
    "warnings": {
      "large_rot_frame": true,
      "small_air_mask": false
    },
    "webapi_port": null,
    "webapi_url": "https://mriqc.nimh.nih.gov/api/v1"
  },
  "qi_1": 0.0,
  "qi_2": 0.0016572297148912908,
  "rpve_csf": 22.760388036833795,
  "rpve_gm": 11.2559776663415,
  "rpve_wm": 14.852577469916007,
  "size_x": 224,
  "size_y": 256,
  "size_z": 256,
  "snr_csf": 2.22203342994545,
  "snr_gm": 10.271723434271312,
  "snr_total": 11.339836653333387,
  "snr_wm": 21.525753095783397,
  "snrd_csf": 56.34344781190586,
  "snrd_gm": 127.15534824609166,
  "snrd_total": 115.09469046050786,
  "snrd_wm": 161.78527532352604,
  "spacing_x": 0.8799999952316284,
  "spacing_y": 0.875,
  "spacing_z": 0.875,
  "summary_bg_k": 11.44978842753136,
  "summary_bg_mad": 4.049605169409339,
  "summary_bg_mean": 8.734527587890625,
  "summary_bg_median": 7.2650651931762695,
  "summary_bg_n": 3228281.0,
  "summary_bg_p05": 2.7130961418151855,
  "summary_bg_p95": 19.005634307861328,
  "summary_bg_stdv": 5.709874153137207,
  "summary_csf_k": 54.68063142209137,
  "summary_csf_mad": 97.205234485938,
  "summary_csf_mean": 380.1319274902344,
  "summary_csf_median": 348.27667236328125,
  "summary_csf_n": 39305.0,
  "summary_csf_p05": 235.68050842285157,
  "summary_csf_p95": 595.9524169921871,
  "summary_csf_stdv": 156.73582458496094,
  "summary_gm_k": 0.41958855332155354,
  "summary_gm_mad": 73.03490007014257,
  "summary_gm_mean": 792.1475219726562,
  "summary_gm_median": 785.9874267578125,
  "summary_gm_n": 47067.0,
  "summary_gm_p05": 678.1705017089844,
  "summary_gm_p95": 929.6557983398436,
  "summary_gm_stdv": 76.51871490478516,
  "summary_wm_k": 0.9113356440627798,
  "summary_wm_mad": 42.311262958847465,
  "summary_wm_mean": 1000.560791015625,
  "summary_wm_median": 1000.0459594726562,
  "summary_wm_n": 344672.0,
  "summary_wm_p05": 925.1426239013672,
  "summary_wm_p95": 1076.1736450195312,
  "summary_wm_stdv": 46.45804977416992,
  "tpm_overlap_csf": 0.1788862645626068,
  "tpm_overlap_gm": 0.4500652551651001,
  "tpm_overlap_wm": 0.5098403692245483,
  "wm2max": 0.5130299109398607
}