{
  "bids_meta": {
    "AcquisitionMatrixPE": 256,
    "AcquisitionNumber": 1,
    "AcquisitionTime": "10:33:3.162500",
    "BaseResolution": 256,
    "BodyPartExamined": "HEAD",
    "ConsistencyInfo": "N4_VE11C_LATEST_20160120",
    "ConversionSoftware": "dcm2niix",
    "ConversionSoftwareVersion": "v1.0.20200427",
    "DeviceSerialNumber": "45250",
    "DwellTime": 9.2e-06,
    "EchoTime": 0.00218,
    "FlipAngle": 8,
    "ImageOrientationPatientDICOM": [
      -0.024368,
      0.999038,
      -0.0364672,
      0.0117058,
      -0.0361904,
      -0.999276
    ],
    "ImageType": [
      "ORIGINAL",
      "PRIMARY",
      "M",
      "NORM",
      "DIS3D",
      "DIS2D"
    ],
    "ImagingFrequency": 123.24,
    "InPlanePhaseEncodingDirectionDICOM": "ROW",
    "InstitutionAddress": "Kopernikusstr._26_Graz_Graz_AT_8010",
    "InstitutionName": "KFU",
    "InstitutionalDepartmentName": "Department",
    "InversionTime": 1,
    "MRAcquisitionType": "3D",
    "MagneticFieldStrength": 3,
    "Manufacturer": "Siemens",
    "ManufacturersModelName": "Skyra",
    "Modality": "MR",
    "ParallelReductionFactorInPlane": 2,
    "PartialFourier": 1,
    "PatientPosition": "HFS",
    "PercentPhaseFOV": 100,
    "PercentSampling": 100,
    "PhaseEncodingSteps": 294,
    "PhaseOversampling": 0.15,
    "PhaseResolution": 1,
    "PixelBandwidth": 210,
    "ProcedureStepDescription": "KFU_BioPsy",
    "ProtocolName": "T1_Pat4_088mm_Pat2_224Sl",
    "PulseSequenceDetails": "%SiemensSeq%_tfl",
    "ReceiveCoilActiveElements": "HEA;HEP",
    "ReceiveCoilName": "Head_32",
    "ReconMatrixPE": 256,
    "RefLinesPE": 24,
    "RepetitionTime": 2.2,
    "SAR": 0.0647561,
    "ScanOptions": "IR_WE",
    "ScanningSequence": "GR_IR",
    "SequenceName": "_tfl3d1_16ns",
    "SequenceVariant": "SK_SP_MP_OSP",
    "SeriesDescription": "T1_Pat4_088mm_Pat2_224Sl",
    "SeriesNumber": 9,
    "ShimSetting": [
      -1092,
      -3102,
      -4353,
      330,
      930,
      224,
      -94,
      -867
    ],
    "SliceThickness": 0.88,
    "SoftwareVersions": "syngo_MR_E11",
    "StationName": "FBMTMR1",
    "TxRefAmp": 340.727,
    "acq_id": "MPrageHiRes",
    "dataset": "<unset>",
    "modality": "T1w",
    "session_id": "1",
    "subject_id": "season131"
  },
  "cjv": 0.578451139802056,
  "cnr": 2.2113626153645254,
  "efc": 0.616140060479697,
  "fber": 4451.99658203125,
  "fwhm_avg": 4.26169896867205,
  "fwhm_x": 4.226045477444721,
  "fwhm_y": 4.285428571428572,
  "fwhm_z": 4.273622857142857,
  "icvs_csf": 0.19823050823534777,
  "icvs_gm": 0.4123292287765126,
  "icvs_wm": 0.3894402629881396,
  "inu_med": 1.4038301706314087,
  "inu_range": 0.5854081869125367,
  "provenance": {
    "md5sum": "916613e134202da2c1ade44a9c543738",
    "settings": {
      "testing": false
    },
    "software": "mriqc",
    "version": "0.15.2",
    "warnings": {
      "large_rot_frame": true,
      "small_air_mask": false
    },
    "webapi_port": null,
    "webapi_url": "https://mriqc.nimh.nih.gov/api/v1"
  },
  "qi_1": 0.0,
  "qi_2": 0.0015962806764379684,
  "rpve_csf": 21.0363035062781,
  "rpve_gm": 10.760199876326709,
  "rpve_wm": 13.600148736672558,
  "size_x": 224,
  "size_y": 256,
  "size_z": 256,
  "snr_csf": 2.757547945148345,
  "snr_gm": 10.008390549598731,
  "snr_total": 11.642946108560125,
  "snr_wm": 22.162899830933295,
  "snrd_csf": 64.99109341241285,
  "snrd_gm": 132.9661028608052,
  "snrd_total": 121.62234842818118,
  "snrd_wm": 166.9098490113255,
  "spacing_x": 0.8799999952316284,
  "spacing_y": 0.875,
  "spacing_z": 0.875,
  "summary_bg_k": 10999.100156998724,
  "summary_bg_mad": 3.925204983166597,
  "summary_bg_mean": 8.876920700073242,
  "summary_bg_median": 6.984469413757324,
  "summary_bg_n": 3186431.0,
  "summary_bg_p05": 2.5993411540985107,
  "summary_bg_p95": 20.47971820831299,
  "summary_bg_stdv": 9.276284217834473,
  "summary_csf_k": 18.51100853767406,
  "summary_csf_mad": 121.7180089313587,
  "summary_csf_mean": 412.5622253417969,
  "summary_csf_median": 389.38970947265625,
  "summary_csf_n": 40894.0,
  "summary_csf_p05": 241.33550949096679,
  "summary_csf_p95": 637.5438537597656,
  "summary_csf_stdv": 141.2069549560547,
  "summary_gm_k": 0.21915391171199916,
  "summary_gm_mad": 76.56078586371265,
  "summary_gm_mean": 803.0403442382812,
  "summary_gm_median": 796.6573486328125,
  "summary_gm_n": 44519.0,
  "summary_gm_p05": 684.6557189941407,
  "summary_gm_p95": 947.6650146484374,
  "summary_gm_stdv": 79.59805297851562,
  "summary_wm_k": 1.0651459944673638,
  "summary_wm_mad": 41.07977287146692,
  "summary_wm_mean": 1000.570556640625,
  "summary_wm_median": 1000.0289916992188,
  "summary_wm_n": 394321.0,
  "summary_wm_p05": 927.6422729492188,
  "summary_wm_p95": 1073.7916259765625,
  "summary_wm_stdv": 45.121700286865234,
  "tpm_overlap_csf": 0.17357589304447174,
  "tpm_overlap_gm": 0.44709235429763794,
  "tpm_overlap_wm": 0.5201475620269775,
  "wm2max": 0.4110045182089894
}