{
  "bids_meta": {
    "AcquisitionMatrixPE": 256,
    "AcquisitionNumber": 1,
    "AcquisitionTime": "10:41:33.087500",
    "BaseResolution": 256,
    "BodyPartExamined": "HEAD",
    "ConsistencyInfo": "N4_VE11C_LATEST_20160120",
    "ConversionSoftware": "dcm2niix",
    "ConversionSoftwareVersion": "v1.0.20200427",
    "DeviceSerialNumber": "45250",
    "DwellTime": 9.2e-06,
    "EchoTime": 0.00218,
    "FlipAngle": 8,
    "ImageOrientationPatientDICOM": [
      0.0351128,
      0.999085,
      -0.0244153,
      -0.0380803,
      -0.0230751,
      -0.999008
    ],
    "ImageType": [
      "ORIGINAL",
      "PRIMARY",
      "M",
      "NORM",
      "DIS3D",
      "DIS2D"
    ],
    "ImagingFrequency": 123.239,
    "InPlanePhaseEncodingDirectionDICOM": "ROW",
    "InstitutionAddress": "Kopernikusstr._26_Graz_Graz_AT_8010",
    "InstitutionName": "KFU",
    "InstitutionalDepartmentName": "Department",
    "InversionTime": 1,
    "MRAcquisitionType": "3D",
    "MagneticFieldStrength": 3,
    "Manufacturer": "Siemens",
    "ManufacturersModelName": "Skyra",
    "Modality": "MR",
    "ParallelReductionFactorInPlane": 2,
    "PartialFourier": 1,
    "PatientPosition": "HFS",
    "PercentPhaseFOV": 100,
    "PercentSampling": 100,
    "PhaseEncodingSteps": 294,
    "PhaseOversampling": 0.15,
    "PhaseResolution": 1,
    "PixelBandwidth": 210,
    "ProcedureStepDescription": "BioPsy_2018",
    "ProtocolName": "anat-T1w",
    "PulseSequenceDetails": "%SiemensSeq%_tfl",
    "ReceiveCoilActiveElements": "HEA;HEP",
    "ReceiveCoilName": "Head_32",
    "ReconMatrixPE": 256,
    "RefLinesPE": 24,
    "RepetitionTime": 2.2,
    "SAR": 0.0547857,
    "ScanOptions": "IR_WE",
    "ScanningSequence": "GR_IR",
    "SequenceName": "_tfl3d1_16ns",
    "SequenceVariant": "SK_SP_MP_OSP",
    "SeriesDescription": "anat-T1w",
    "SeriesNumber": 9,
    "ShimSetting": [
      -1143,
      -3073,
      -4342,
      259,
      951,
      418,
      95,
      -884
    ],
    "SliceThickness": 0.88,
    "SoftwareVersions": "syngo_MR_E11",
    "StationName": "FBMTMR1",
    "TxRefAmp": 339.141,
    "acq_id": "MPrageHiRes",
    "dataset": "<unset>",
    "modality": "T1w",
    "session_id": "2",
    "subject_id": "season215"
  },
  "cjv": 0.5899849669883465,
  "cnr": 2.2375177311458514,
  "efc": 0.6452871450159776,
  "fber": 2743.339599609375,
  "fwhm_avg": 4.244113709011735,
  "fwhm_x": 4.27030684132092,
  "fwhm_y": 4.2691542857142855,
  "fwhm_z": 4.19288,
  "icvs_csf": 0.18368131580224775,
  "icvs_gm": 0.44994377866881236,
  "icvs_wm": 0.36637490552893986,
  "inu_med": 1.4292563199996948,
  "inu_range": 0.5888342022895812,
  "provenance": {
    "md5sum": "9e17922f3ef8f2e3b9e08a6d6cd054dc",
    "settings": {
      "testing": false
    },
    "software": "mriqc",
    "version": "0.15.2",
    "warnings": {
      "large_rot_frame": true,
      "small_air_mask": false
    },
    "webapi_port": null,
    "webapi_url": "https://mriqc.nimh.nih.gov/api/v1"
  },
  "qi_1": 0.0,
  "qi_2": 0.0012883593456151738,
  "rpve_csf": 21.32525307589053,
  "rpve_gm": 9.760177788967987,
  "rpve_wm": 13.46999318447839,
  "size_x": 224,
  "size_y": 256,
  "size_z": 256,
  "snr_csf": 1.5895512176805235,
  "snr_gm": 9.592392980695463,
  "snr_total": 10.565378781662794,
  "snr_wm": 20.514192146612395,
  "snrd_csf": 43.22226838212397,
  "snrd_gm": 90.58522303148717,
  "snrd_total": 83.01774187167815,
  "snrd_wm": 115.2457342014233,
  "spacing_x": 0.8799999952316284,
  "spacing_y": 0.875,
  "spacing_z": 0.875,
  "summary_bg_k": 8.838584166656764,
  "summary_bg_mad": 5.684788406846048,
  "summary_bg_mean": 10.840681076049805,
  "summary_bg_median": 9.1965913772583,
  "summary_bg_n": 2773536.0,
  "summary_bg_p05": 3.07572603225708,
  "summary_bg_p95": 24.689077377319336,
  "summary_bg_stdv": 7.428798198699951,
  "summary_csf_k": 32.53817340853941,
  "summary_csf_mad": 117.30660222349776,
  "summary_csf_mean": 426.6712341308594,
  "summary_csf_median": 375.05084228515625,
  "summary_csf_n": 48975.0,
  "summary_csf_p05": 246.4735137939453,
  "summary_csf_p95": 661.9463623046875,
  "summary_csf_stdv": 235.94522094726562,
  "summary_gm_k": -0.05409112704874053,
  "summary_gm_mad": 81.27083502589628,
  "summary_gm_mean": 792.4525756835938,
  "summary_gm_median": 786.031494140625,
  "summary_gm_n": 75939.0,
  "summary_gm_p05": 670.3790954589844,
  "summary_gm_p95": 941.3598876953123,
  "summary_gm_stdv": 81.94267272949219,
  "summary_wm_k": 0.6393845997081655,
  "summary_wm_mad": 44.97748560081823,
  "summary_wm_mean": 999.6261596679688,
  "summary_wm_median": 1000.0171508789062,
  "summary_wm_n": 382775.0,
  "summary_wm_p05": 918.6039001464844,
  "summary_wm_p95": 1079.037548828125,
  "summary_wm_stdv": 48.74751281738281,
  "tpm_overlap_csf": 0.15850582718849182,
  "tpm_overlap_gm": 0.4443245828151703,
  "tpm_overlap_wm": 0.4928039610385895,
  "wm2max": 0.42891125250771006
}