{
  "bids_meta": {
    "AcquisitionMatrixPE": 256,
    "AcquisitionNumber": 1,
    "AcquisitionTime": "09:05:12.845000",
    "BaseResolution": 256,
    "BodyPartExamined": "HEAD",
    "ConsistencyInfo": "N4_VE11C_LATEST_20160120",
    "ConversionSoftware": "dcm2niix",
    "ConversionSoftwareVersion": "v1.0.20200427",
    "DeviceSerialNumber": "45250",
    "DwellTime": 9.2e-06,
    "EchoTime": 0.00218,
    "FlipAngle": 8,
    "ImageOrientationPatientDICOM": [
      0.0736499,
      0.993159,
      0.0906126,
      0.027692,
      0.0887878,
      -0.995666
    ],
    "ImageType": [
      "ORIGINAL",
      "PRIMARY",
      "M",
      "NORM",
      "DIS3D",
      "DIS2D"
    ],
    "ImagingFrequency": 123.24,
    "InPlanePhaseEncodingDirectionDICOM": "ROW",
    "InstitutionAddress": "Kopernikusstr._26_Graz_Graz_AT_8010",
    "InstitutionName": "KFU",
    "InstitutionalDepartmentName": "Department",
    "InversionTime": 1,
    "MRAcquisitionType": "3D",
    "MagneticFieldStrength": 3,
    "Manufacturer": "Siemens",
    "ManufacturersModelName": "Skyra",
    "Modality": "MR",
    "ParallelReductionFactorInPlane": 2,
    "PartialFourier": 1,
    "PatientPosition": "HFS",
    "PercentPhaseFOV": 100,
    "PercentSampling": 100,
    "PhaseEncodingSteps": 294,
    "PhaseOversampling": 0.15,
    "PhaseResolution": 1,
    "PixelBandwidth": 210,
    "ProcedureStepDescription": "KFU_BioPsy",
    "ProtocolName": "T1_Pat4_088mm_Pat2_224Sl",
    "PulseSequenceDetails": "%SiemensSeq%_tfl",
    "ReceiveCoilActiveElements": "HEA;HEP",
    "ReceiveCoilName": "Head_32",
    "ReconMatrixPE": 256,
    "RefLinesPE": 24,
    "RepetitionTime": 2.2,
    "SAR": 0.0643102,
    "ScanOptions": "IR_WE",
    "ScanningSequence": "GR_IR",
    "SequenceName": "_tfl3d1_16ns",
    "SequenceVariant": "SK_SP_MP_OSP",
    "SeriesDescription": "T1_Pat4_088mm_Pat2_224Sl",
    "SeriesNumber": 9,
    "ShimSetting": [
      -1127,
      -3145,
      -4274,
      336,
      848,
      258,
      183,
      -838
    ],
    "SliceThickness": 0.88,
    "SoftwareVersions": "syngo_MR_E11",
    "StationName": "FBMTMR1",
    "TxRefAmp": 316.509,
    "acq_id": "MPrageHiRes",
    "dataset": "<unset>",
    "modality": "T1w",
    "session_id": "3",
    "subject_id": "season135"
  },
  "cjv": 0.4079779754076559,
  "cnr": 3.1607040673006184,
  "efc": 0.5696912144037015,
  "fber": 2669.773193359375,
  "fwhm_avg": 4.223328016126282,
  "fwhm_x": 4.134795476950274,
  "fwhm_y": 4.3188571428571425,
  "fwhm_z": 4.216331428571428,
  "icvs_csf": 0.19213937742046047,
  "icvs_gm": 0.43494443106436753,
  "icvs_wm": 0.372916191515172,
  "inu_med": 1.4013876914978027,
  "inu_range": 0.4740394353866575,
  "provenance": {
    "md5sum": "90a4f16b10a786b351de7f7200ec69fd",
    "settings": {
      "testing": false
    },
    "software": "mriqc",
    "version": "0.15.2",
    "warnings": {
      "large_rot_frame": true,
      "small_air_mask": false
    },
    "webapi_port": null,
    "webapi_url": "https://mriqc.nimh.nih.gov/api/v1"
  },
  "qi_1": 0.0,
  "qi_2": 0.0023499732971260716,
  "rpve_csf": 23.954770992366413,
  "rpve_gm": 11.768712827756904,
  "rpve_wm": 15.956387677739649,
  "size_x": 224,
  "size_y": 256,
  "size_z": 256,
  "snr_csf": 1.958689016922449,
  "snr_gm": 12.104338809809093,
  "snr_total": 12.829297951013752,
  "snr_wm": 24.42486602630971,
  "snrd_csf": 48.70790263485127,
  "snrd_gm": 110.30584837403671,
  "snrd_total": 101.25935448120374,
  "snrd_wm": 144.76431243472328,
  "spacing_x": 0.8799999952316284,
  "spacing_y": 0.875,
  "spacing_z": 0.875,
  "summary_bg_k": 6.277415890601587,
  "summary_bg_mad": 4.525614654254487,
  "summary_bg_mean": 9.538857460021973,
  "summary_bg_median": 8.009679794311523,
  "summary_bg_n": 3027691.0,
  "summary_bg_p05": 2.9652029275894165,
  "summary_bg_p95": 20.20708656311035,
  "summary_bg_stdv": 5.715639591217041,
  "summary_csf_k": 44.08108359562556,
  "summary_csf_mad": 106.6445847403582,
  "summary_csf_mean": 377.849365234375,
  "summary_csf_median": 336.46917724609375,
  "summary_csf_n": 38898.0,
  "summary_csf_p05": 223.300553894043,
  "summary_csf_p95": 595.973568725586,
  "summary_csf_stdv": 171.7806396484375,
  "summary_gm_k": 0.3026611623944948,
  "summary_gm_mad": 60.19474501071,
  "summary_gm_mean": 763.4999389648438,
  "summary_gm_median": 761.9814453125,
  "summary_gm_n": 61024.0,
  "summary_gm_p05": 663.1553466796875,
  "summary_gm_p95": 870.8143859863281,
  "summary_gm_stdv": 62.950584411621094,
  "summary_wm_k": 1.0382811759509574,
  "summary_wm_mad": 36.91850551800688,
  "summary_wm_mean": 998.67822265625,
  "summary_wm_median": 1000.0169677734375,
  "summary_wm_n": 335192.0,
  "summary_wm_p05": 929.334506225586,
  "summary_wm_p95": 1062.5383728027346,
  "summary_wm_stdv": 40.9425163269043,
  "tpm_overlap_csf": 0.17382290959358215,
  "tpm_overlap_gm": 0.4529748260974884,
  "tpm_overlap_wm": 0.5070074200630188,
  "wm2max": 0.5433941202919685
}