{
  "bids_meta": {
    "AcquisitionMatrixPE": 256,
    "AcquisitionNumber": 1,
    "AcquisitionTime": "08:18:48.142500",
    "BaseResolution": 256,
    "BodyPartExamined": "BRAIN",
    "ConsistencyInfo": "N4_VE11C_LATEST_20160120",
    "ConversionSoftware": "dcm2niix",
    "ConversionSoftwareVersion": "v1.0.20200427",
    "DeviceSerialNumber": "45250",
    "DwellTime": 9.2e-06,
    "EchoTime": 0.00218,
    "FlipAngle": 8,
    "ImageOrientationPatientDICOM": [
      0.0177328,
      0.998544,
      0.0509404,
      0.00773128,
      0.0508099,
      -0.998678
    ],
    "ImageType": [
      "ORIGINAL",
      "PRIMARY",
      "M",
      "NORM",
      "DIS3D",
      "DIS2D"
    ],
    "ImagingFrequency": 123.24,
    "InPlanePhaseEncodingDirectionDICOM": "ROW",
    "InstitutionAddress": "Kopernikusstr._26_Graz_Graz_AT_8010",
    "InstitutionName": "KFU",
    "InstitutionalDepartmentName": "Department",
    "InversionTime": 1,
    "MRAcquisitionType": "3D",
    "MagneticFieldStrength": 3,
    "Manufacturer": "Siemens",
    "ManufacturersModelName": "Skyra",
    "Modality": "MR",
    "ParallelReductionFactorInPlane": 2,
    "PartialFourier": 1,
    "PatientPosition": "HFS",
    "PercentPhaseFOV": 100,
    "PercentSampling": 100,
    "PhaseEncodingSteps": 294,
    "PhaseOversampling": 0.15,
    "PhaseResolution": 1,
    "PixelBandwidth": 210,
    "ProcedureStepDescription": "KFU_BioPsy",
    "ProtocolName": "T1_Pat4_088mm_Pat2_224Sl",
    "PulseSequenceDetails": "%SiemensSeq%_tfl",
    "ReceiveCoilActiveElements": "HEA;HEP",
    "ReceiveCoilName": "Head_32",
    "ReconMatrixPE": 256,
    "RefLinesPE": 24,
    "RepetitionTime": 2.2,
    "SAR": 0.0542244,
    "ScanOptions": "IR_WE",
    "ScanningSequence": "GR_IR",
    "SequenceName": "_tfl3d1_16ns",
    "SequenceVariant": "SK_SP_MP_OSP",
    "SeriesDescription": "T1_Pat4_088mm_Pat2_224Sl",
    "SeriesNumber": 9,
    "ShimSetting": [
      -1107,
      -3118,
      -4378,
      296,
      978,
      224,
      256,
      -928
    ],
    "SliceThickness": 0.88,
    "SoftwareVersions": "syngo_MR_E11",
    "StationName": "FBMTMR1",
    "TxRefAmp": 331.051,
    "acq_id": "MPrageHiRes",
    "dataset": "<unset>",
    "modality": "T1w",
    "session_id": "2",
    "subject_id": "season121"
  },
  "cjv": 0.4788579908535207,
  "cnr": 2.7434886208662084,
  "efc": 0.6378949463461903,
  "fber": 2887.124267578125,
  "fwhm_avg": 4.090581911955101,
  "fwhm_x": 3.982500021579591,
  "fwhm_y": 4.198857142857142,
  "fwhm_z": 4.090388571428571,
  "icvs_csf": 0.17045124565331116,
  "icvs_gm": 0.4558503219100692,
  "icvs_wm": 0.37369843243661965,
  "inu_med": 1.4127451181411743,
  "inu_range": 0.5252045631408693,
  "provenance": {
    "md5sum": "1851d639c39777c429f0a4bb4528794a",
    "settings": {
      "testing": false
    },
    "software": "mriqc",
    "version": "0.15.2",
    "warnings": {
      "large_rot_frame": true,
      "small_air_mask": false
    },
    "webapi_port": null,
    "webapi_url": "https://mriqc.nimh.nih.gov/api/v1"
  },
  "qi_1": 0.0,
  "qi_2": 0.0014415374619982555,
  "rpve_csf": 22.69620476252862,
  "rpve_gm": 9.808708054022048,
  "rpve_wm": 13.56734662679622,
  "size_x": 224,
  "size_y": 256,
  "size_z": 256,
  "snr_csf": 1.5663924247716605,
  "snr_gm": 10.533992680461326,
  "snr_total": 11.084782847336589,
  "snr_wm": 21.15396343677678,
  "snrd_csf": 48.7441720239186,
  "snrd_gm": 108.49690721285509,
  "snrd_total": 99.86266609254888,
  "snrd_wm": 142.34691904087296,
  "spacing_x": 0.8799999952316284,
  "spacing_y": 0.875,
  "spacing_z": 0.875,
  "summary_bg_k": 8.771095356085075,
  "summary_bg_mad": 4.6025502645636545,
  "summary_bg_mean": 10.411630630493164,
  "summary_bg_median": 9.18653678894043,
  "summary_bg_n": 2563546.0,
  "summary_bg_p05": 3.0723302364349365,
  "summary_bg_p95": 22.521512031555176,
  "summary_bg_stdv": 6.557143211364746,
  "summary_csf_k": 37.70994754948123,
  "summary_csf_mad": 103.10967248369631,
  "summary_csf_mean": 398.8927001953125,
  "summary_csf_median": 342.4439697265625,
  "summary_csf_n": 39089.0,
  "summary_csf_p05": 237.8377624511719,
  "summary_csf_p95": 641.4854736328124,
  "summary_csf_stdv": 218.61672973632812,
  "summary_gm_k": 0.3226337456525439,
  "summary_gm_mad": 70.73471294903698,
  "summary_gm_mean": 767.7662353515625,
  "summary_gm_median": 762.2267456054688,
  "summary_gm_n": 70147.0,
  "summary_gm_p05": 660.3313659667969,
  "summary_gm_p95": 897.9714782714843,
  "summary_gm_stdv": 72.3582534790039,
  "summary_wm_k": 0.8598747186455715,
  "summary_wm_mad": 43.14133559986015,
  "summary_wm_mean": 998.8644409179688,
  "summary_wm_median": 1000.0343017578125,
  "summary_wm_n": 382811.0,
  "summary_wm_p05": 918.9385681152344,
  "summary_wm_p95": 1073.6272583007812,
  "summary_wm_stdv": 47.274024963378906,
  "tpm_overlap_csf": 0.16007597744464874,
  "tpm_overlap_gm": 0.4528820514678955,
  "tpm_overlap_wm": 0.49049749970436096,
  "wm2max": 0.41846077171127466
}