{
  "bids_meta": {
    "AcquisitionMatrixPE": 256,
    "AcquisitionNumber": 1,
    "AcquisitionTime": "10:12:45.097500",
    "BaseResolution": 256,
    "BodyPartExamined": "HEAD",
    "ConsistencyInfo": "N4_VE11C_LATEST_20160120",
    "ConversionSoftware": "dcm2niix",
    "ConversionSoftwareVersion": "v1.0.20200427",
    "DeviceSerialNumber": "45250",
    "DwellTime": 9.2e-06,
    "EchoTime": 0.00218,
    "FlipAngle": 8,
    "ImageOrientationPatientDICOM": [
      0.0407721,
      0.999114,
      -0.0104701,
      -0.0183625,
      -0.00972783,
      -0.999784
    ],
    "ImageType": [
      "ORIGINAL",
      "PRIMARY",
      "M",
      "NORM",
      "DIS3D",
      "DIS2D"
    ],
    "ImagingFrequency": 123.24,
    "InPlanePhaseEncodingDirectionDICOM": "ROW",
    "InstitutionAddress": "Kopernikusstr._26_Graz_Graz_AT_8010",
    "InstitutionName": "KFU",
    "InstitutionalDepartmentName": "Department",
    "InversionTime": 1,
    "MRAcquisitionType": "3D",
    "MagneticFieldStrength": 3,
    "Manufacturer": "Siemens",
    "ManufacturersModelName": "Skyra",
    "Modality": "MR",
    "ParallelReductionFactorInPlane": 2,
    "PartialFourier": 1,
    "PatientPosition": "HFS",
    "PercentPhaseFOV": 100,
    "PercentSampling": 100,
    "PhaseEncodingSteps": 294,
    "PhaseOversampling": 0.15,
    "PhaseResolution": 1,
    "PixelBandwidth": 210,
    "ProcedureStepDescription": "KFU_BioPsy",
    "ProtocolName": "T1_Pat4_088mm_Pat2_224Sl",
    "PulseSequenceDetails": "%SiemensSeq%_tfl",
    "ReceiveCoilActiveElements": "HEA;HEP",
    "ReceiveCoilName": "Head_32",
    "ReconMatrixPE": 256,
    "RefLinesPE": 24,
    "RepetitionTime": 2.2,
    "SAR": 0.0491573,
    "ScanOptions": "IR_WE",
    "ScanningSequence": "GR_IR",
    "SequenceName": "_tfl3d1_16ns",
    "SequenceVariant": "SK_SP_MP_OSP",
    "SeriesDescription": "T1_Pat4_088mm_Pat2_224Sl",
    "SeriesNumber": 9,
    "ShimSetting": [
      -1106,
      -3168,
      -4358,
      294,
      959,
      -164,
      443,
      -831
    ],
    "SliceThickness": 0.88,
    "SoftwareVersions": "syngo_MR_E11",
    "StationName": "FBMTMR1",
    "TxRefAmp": 332.148,
    "acq_id": "MPrageHiRes",
    "dataset": "<unset>",
    "modality": "T1w",
    "session_id": "1",
    "subject_id": "season110"
  },
  "cjv": 0.5191090743807721,
  "cnr": 2.5616309155176737,
  "efc": 0.6407894687430703,
  "fber": 3156.010009765625,
  "fwhm_avg": 4.192716068026059,
  "fwhm_x": 4.108068204078177,
  "fwhm_y": 4.323931428571429,
  "fwhm_z": 4.146148571428571,
  "icvs_csf": 0.1905686076626135,
  "icvs_gm": 0.4452436381963281,
  "icvs_wm": 0.3641877541410584,
  "inu_med": 1.5127363204956055,
  "inu_range": 0.630378395318985,
  "provenance": {
    "md5sum": "cbe5539bdfa14f80138c983c3643e7c7",
    "settings": {
      "testing": false
    },
    "software": "mriqc",
    "version": "0.15.2",
    "warnings": {
      "large_rot_frame": true,
      "small_air_mask": false
    },
    "webapi_port": null,
    "webapi_url": "https://mriqc.nimh.nih.gov/api/v1"
  },
  "qi_1": 0.0,
  "qi_2": 0.0016779394846485028,
  "rpve_csf": 24.44693296442051,
  "rpve_gm": 11.537325517608139,
  "rpve_wm": 16.156566278356564,
  "size_x": 224,
  "size_y": 256,
  "size_z": 256,
  "snr_csf": 3.476361122290427,
  "snr_gm": 11.242828430868526,
  "snr_total": 11.72401660306594,
  "snr_wm": 20.452860256038864,
  "snrd_csf": 60.07653923080484,
  "snrd_gm": 99.73824573297848,
  "snrd_total": 95.80986988581809,
  "snrd_wm": 127.6148246936709,
  "spacing_x": 0.8799999952316284,
  "spacing_y": 0.875,
  "spacing_z": 0.875,
  "summary_bg_k": 6.434261623468961,
  "summary_bg_mad": 5.1338390592879195,
  "summary_bg_mean": 10.936463356018066,
  "summary_bg_median": 9.008256912231445,
  "summary_bg_n": 2630003.0,
  "summary_bg_p05": 3.32000093460083,
  "summary_bg_p95": 24.171354866027826,
  "summary_bg_stdv": 6.995927333831787,
  "summary_csf_k": 0.3943115741523502,
  "summary_csf_mad": 164.18100243646342,
  "summary_csf_mean": 466.94146728515625,
  "summary_csf_median": 470.7772216796875,
  "summary_csf_n": 35094.0,
  "summary_csf_p05": 258.0158325195313,
  "summary_csf_p95": 669.9912902832032,
  "summary_csf_stdv": 135.4204864501953,
  "summary_gm_k": 0.07738868220309358,
  "summary_gm_mad": 70.06236587362825,
  "summary_gm_mean": 783.8168334960938,
  "summary_gm_median": 781.577880859375,
  "summary_gm_n": 47523.0,
  "summary_gm_p05": 675.5866149902344,
  "summary_gm_p95": 903.2987548828125,
  "summary_gm_stdv": 69.51717376708984,
  "summary_wm_k": 0.962940423401708,
  "summary_wm_mad": 43.336479135273194,
  "summary_wm_mean": 1000.2969360351562,
  "summary_wm_median": 1000.02685546875,
  "summary_wm_n": 304390.0,
  "summary_wm_p05": 919.2379760742188,
  "summary_wm_p95": 1080.2045837402343,
  "summary_wm_stdv": 48.89414978027344,
  "tpm_overlap_csf": 0.15978188812732697,
  "tpm_overlap_gm": 0.4666605293750763,
  "tpm_overlap_wm": 0.5141974091529846,
  "wm2max": 0.50467819892991
}