{
  "bids_meta": {
    "AcquisitionMatrixPE": 256,
    "AcquisitionNumber": 1,
    "AcquisitionTime": "08:20:12.175000",
    "BaseResolution": 256,
    "BodyPartExamined": "BRAIN",
    "ConsistencyInfo": "N4_VE11C_LATEST_20160120",
    "ConversionSoftware": "dcm2niix",
    "ConversionSoftwareVersion": "v1.0.20200427",
    "DeviceSerialNumber": "45250",
    "DwellTime": 9.2e-06,
    "EchoTime": 0.00218,
    "FlipAngle": 8,
    "ImageOrientationPatientDICOM": [
      0.0301619,
      0.995646,
      0.0881982,
      0.00655381,
      0.0880395,
      -0.996095
    ],
    "ImageType": [
      "ORIGINAL",
      "PRIMARY",
      "M",
      "NORM",
      "DIS3D",
      "DIS2D"
    ],
    "ImagingFrequency": 123.24,
    "InPlanePhaseEncodingDirectionDICOM": "ROW",
    "InstitutionAddress": "Kopernikusstr._26_Graz_Graz_AT_8010",
    "InstitutionName": "KFU",
    "InstitutionalDepartmentName": "Department",
    "InversionTime": 1,
    "MRAcquisitionType": "3D",
    "MagneticFieldStrength": 3,
    "Manufacturer": "Siemens",
    "ManufacturersModelName": "Skyra",
    "Modality": "MR",
    "ParallelReductionFactorInPlane": 2,
    "PartialFourier": 1,
    "PatientPosition": "HFS",
    "PercentPhaseFOV": 100,
    "PercentSampling": 100,
    "PhaseEncodingSteps": 294,
    "PhaseOversampling": 0.15,
    "PhaseResolution": 1,
    "PixelBandwidth": 210,
    "ProcedureStepDescription": "KFU_BioPsy",
    "ProtocolName": "T1_Pat4_088mm_Pat2_224Sl",
    "PulseSequenceDetails": "%SiemensSeq%_tfl",
    "ReceiveCoilActiveElements": "HEA;HEP",
    "ReceiveCoilName": "Head_32",
    "ReconMatrixPE": 256,
    "RefLinesPE": 24,
    "RepetitionTime": 2.2,
    "SAR": 0.0577301,
    "ScanOptions": "IR_WE",
    "ScanningSequence": "GR_IR",
    "SequenceName": "_tfl3d1_16ns",
    "SequenceVariant": "SK_SP_MP_OSP",
    "SeriesDescription": "T1_Pat4_088mm_Pat2_224Sl",
    "SeriesNumber": 9,
    "ShimSetting": [
      -1119,
      -3136,
      -4415,
      421,
      842,
      98,
      151,
      -921
    ],
    "SliceThickness": 0.88,
    "SoftwareVersions": "syngo_MR_E11",
    "StationName": "FBMTMR1",
    "TxRefAmp": 320.39,
    "acq_id": "MPrageHiRes",
    "dataset": "<unset>",
    "modality": "T1w",
    "session_id": "2",
    "subject_id": "season102"
  },
  "cjv": 0.4003825542665482,
  "cnr": 3.1228184142093673,
  "efc": 0.5922605110312897,
  "fber": 2992.828857421875,
  "fwhm_avg": 4.1974098992233175,
  "fwhm_x": 4.123806840527095,
  "fwhm_y": 4.262811428571429,
  "fwhm_z": 4.205611428571428,
  "icvs_csf": 0.1858235077577492,
  "icvs_gm": 0.4313544891630936,
  "icvs_wm": 0.38282200307915726,
  "inu_med": 1.3220998048782349,
  "inu_range": 0.4384530186653135,
  "provenance": {
    "md5sum": "a75f8ad03548a7b19601cd66f408b3a3",
    "settings": {
      "testing": false
    },
    "software": "mriqc",
    "version": "0.15.2",
    "warnings": {
      "large_rot_frame": true,
      "small_air_mask": false
    },
    "webapi_port": null,
    "webapi_url": "https://mriqc.nimh.nih.gov/api/v1"
  },
  "qi_1": 0.0,
  "qi_2": 0.0035577581930335772,
  "rpve_csf": 20.61594201871178,
  "rpve_gm": 10.002898052103896,
  "rpve_wm": 13.225877256737506,
  "size_x": 224,
  "size_y": 256,
  "size_z": 256,
  "snr_csf": 1.595309079122291,
  "snr_gm": 12.000551460594394,
  "snr_total": 12.796361627790196,
  "snr_wm": 24.7932243436539,
  "snrd_csf": 53.68215201629165,
  "snrd_gm": 114.5439121763664,
  "snrd_total": 106.04586110593448,
  "snrd_wm": 149.9115191251454,
  "spacing_x": 0.8799999952316284,
  "spacing_y": 0.875,
  "spacing_z": 0.875,
  "summary_bg_k": 4.504727845442992,
  "summary_bg_mad": 4.370251041437941,
  "summary_bg_mean": 9.486218452453613,
  "summary_bg_median": 8.907129287719727,
  "summary_bg_n": 2604149.0,
  "summary_bg_p05": 2.9891770362854,
  "summary_bg_p95": 18.97493896484375,
  "summary_bg_stdv": 5.187713146209717,
  "summary_csf_k": 29.655974571101943,
  "summary_csf_mad": 118.34435138376523,
  "summary_csf_mean": 416.611083984375,
  "summary_csf_median": 358.1002197265625,
  "summary_csf_n": 40675.0,
  "summary_csf_p05": 241.1930633544922,
  "summary_csf_p95": 629.0790100097654,
  "summary_csf_stdv": 224.46798706054688,
  "summary_gm_k": 0.6766890246337116,
  "summary_gm_mad": 58.3390489844103,
  "summary_gm_mean": 766.4890747070312,
  "summary_gm_median": 764.0938110351562,
  "summary_gm_n": 60058.0,
  "summary_gm_p05": 667.973031616211,
  "summary_gm_p95": 878.3301116943358,
  "summary_gm_stdv": 63.67102813720703,
  "summary_wm_k": 0.9414560036485748,
  "summary_wm_mad": 36.12259317591301,
  "summary_wm_mean": 998.840087890625,
  "summary_wm_median": 1000.0222778320312,
  "summary_wm_n": 411209.0,
  "summary_wm_p05": 929.6731811523437,
  "summary_wm_p95": 1062.3088134765624,
  "summary_wm_stdv": 40.334449768066406,
  "tpm_overlap_csf": 0.16522637009620667,
  "tpm_overlap_gm": 0.44681912660598755,
  "tpm_overlap_wm": 0.502737820148468,
  "wm2max": 0.4827490573186847
}