{
  "bids_meta": {
    "AcquisitionMatrixPE": 256,
    "AcquisitionNumber": 1,
    "AcquisitionTime": "13:43:46.145000",
    "BaseResolution": 256,
    "BodyPartExamined": "HEAD",
    "ConsistencyInfo": "N4_VE11C_LATEST_20160120",
    "ConversionSoftware": "dcm2niix",
    "ConversionSoftwareVersion": "v1.0.20200427",
    "DeviceSerialNumber": "45250",
    "DwellTime": 9.2e-06,
    "EchoTime": 0.00218,
    "FlipAngle": 8,
    "ImageOrientationPatientDICOM": [
      0.0550052,
      0.989918,
      0.130522,
      -0.00129098,
      0.13079,
      -0.991409
    ],
    "ImageType": [
      "ORIGINAL",
      "PRIMARY",
      "M",
      "NORM",
      "DIS3D",
      "DIS2D"
    ],
    "ImagingFrequency": 123.239,
    "InPlanePhaseEncodingDirectionDICOM": "ROW",
    "InstitutionAddress": "Kopernikusstr._26_Graz_Graz_AT_8010",
    "InstitutionName": "KFU",
    "InstitutionalDepartmentName": "Department",
    "InversionTime": 1,
    "MRAcquisitionType": "3D",
    "MagneticFieldStrength": 3,
    "Manufacturer": "Siemens",
    "ManufacturersModelName": "Skyra",
    "Modality": "MR",
    "ParallelReductionFactorInPlane": 2,
    "PartialFourier": 1,
    "PatientPosition": "HFS",
    "PercentPhaseFOV": 100,
    "PercentSampling": 100,
    "PhaseEncodingSteps": 294,
    "PhaseOversampling": 0.15,
    "PhaseResolution": 1,
    "PixelBandwidth": 210,
    "ProcedureStepDescription": "BioPsy_2018",
    "ProtocolName": "anat-T1w",
    "PulseSequenceDetails": "%SiemensSeq%_tfl",
    "ReceiveCoilActiveElements": "HEA;HEP",
    "ReceiveCoilName": "Head_32",
    "ReconMatrixPE": 256,
    "RefLinesPE": 24,
    "RepetitionTime": 2.2,
    "SAR": 0.0533318,
    "ScanOptions": "IR_WE",
    "ScanningSequence": "GR_IR",
    "SequenceName": "_tfl3d1_16ns",
    "SequenceVariant": "SK_SP_MP_OSP",
    "SeriesDescription": "anat-T1w",
    "SeriesNumber": 9,
    "ShimSetting": [
      -1094,
      -3266,
      -4377,
      579,
      958,
      -18,
      413,
      -908
    ],
    "SliceThickness": 0.88,
    "SoftwareVersions": "syngo_MR_E11",
    "StationName": "FBMTMR1",
    "TxRefAmp": 319.97,
    "acq_id": "MPrageHiRes",
    "dataset": "<unset>",
    "modality": "T1w",
    "session_id": "1",
    "subject_id": "season217"
  },
  "cjv": 0.404028150819766,
  "cnr": 3.148619482250392,
  "efc": 0.5561172192938281,
  "fber": 3772.261962890625,
  "fwhm_avg": 4.144001652465247,
  "fwhm_x": 4.12113638596717,
  "fwhm_y": 4.1461942857142855,
  "fwhm_z": 4.164674285714286,
  "icvs_csf": 0.19662724451208444,
  "icvs_gm": 0.424700647713702,
  "icvs_wm": 0.37867210777421356,
  "inu_med": 1.3768916130065918,
  "inu_range": 0.44839006662368774,
  "provenance": {
    "md5sum": "0fd7e30b8545fa07852761b8c0b11587",
    "settings": {
      "testing": false
    },
    "software": "mriqc",
    "version": "0.15.2",
    "warnings": {
      "large_rot_frame": true,
      "small_air_mask": false
    },
    "webapi_port": null,
    "webapi_url": "https://mriqc.nimh.nih.gov/api/v1"
  },
  "qi_1": 0.0,
  "qi_2": 0.0022353190375572654,
  "rpve_csf": 25.783934866008863,
  "rpve_gm": 13.03717735246893,
  "rpve_wm": 17.360607561066768,
  "size_x": 224,
  "size_y": 256,
  "size_z": 256,
  "snr_csf": 2.500998561988459,
  "snr_gm": 11.868148637548897,
  "snr_total": 13.090874922309107,
  "snr_wm": 24.903477567389963,
  "snrd_csf": 56.54537545642736,
  "snrd_gm": 123.56654029319752,
  "snrd_total": 114.14678432695769,
  "snrd_wm": 162.3284372312482,
  "spacing_x": 0.8799999952316284,
  "spacing_y": 0.875,
  "spacing_z": 0.875,
  "summary_bg_k": 7.0992716062436365,
  "summary_bg_mad": 4.035931505884126,
  "summary_bg_mean": 8.496484756469727,
  "summary_bg_median": 7.255433082580566,
  "summary_bg_n": 2989212.0,
  "summary_bg_p05": 2.71185040473938,
  "summary_bg_p95": 17.772662830352765,
  "summary_bg_stdv": 5.032968521118164,
  "summary_csf_k": 26.575901085820846,
  "summary_csf_mad": 106.18133941521873,
  "summary_csf_mean": 380.1324157714844,
  "summary_csf_median": 348.34466552734375,
  "summary_csf_n": 28095.0,
  "summary_csf_p05": 234.22454223632815,
  "summary_csf_p95": 589.9663513183593,
  "summary_csf_stdv": 139.27975463867188,
  "summary_gm_k": 0.2423498475178305,
  "summary_gm_mad": 61.41994598345516,
  "summary_gm_mean": 764.0919799804688,
  "summary_gm_median": 761.224853515625,
  "summary_gm_n": 44267.0,
  "summary_gm_p05": 664.5343078613281,
  "summary_gm_p95": 876.092578125,
  "summary_gm_stdv": 64.1394271850586,
  "summary_wm_k": 1.103119415523338,
  "summary_wm_mad": 35.05814921251692,
  "summary_wm_mean": 998.2029418945312,
  "summary_wm_median": 1000.015380859375,
  "summary_wm_n": 323701.0,
  "summary_wm_p05": 927.9013671875,
  "summary_wm_p95": 1060.404296875,
  "summary_wm_stdv": 40.15559005737305,
  "tpm_overlap_csf": 0.16973932087421417,
  "tpm_overlap_gm": 0.4432887136936188,
  "tpm_overlap_wm": 0.5107664465904236,
  "wm2max": 0.5907503129594602
}