{
  "bids_meta": {
    "AcquisitionMatrixPE": 256,
    "AcquisitionNumber": 1,
    "AcquisitionTime": "12:06:41.210000",
    "BaseResolution": 256,
    "BodyPartExamined": "HEAD",
    "ConsistencyInfo": "N4_VE11C_LATEST_20160120",
    "ConversionSoftware": "dcm2niix",
    "ConversionSoftwareVersion": "v1.0.20200427",
    "DeviceSerialNumber": "45250",
    "DwellTime": 9.2e-06,
    "EchoTime": 0.00218,
    "FlipAngle": 8,
    "ImageOrientationPatientDICOM": [
      0.0283899,
      0.996147,
      0.0829765,
      -0.00938474,
      0.0832719,
      -0.996483
    ],
    "ImageType": [
      "ORIGINAL",
      "PRIMARY",
      "M",
      "NORM",
      "DIS3D",
      "DIS2D"
    ],
    "ImagingFrequency": 123.24,
    "InPlanePhaseEncodingDirectionDICOM": "ROW",
    "InstitutionAddress": "Kopernikusstr._26_Graz_Graz_AT_8010",
    "InstitutionName": "KFU",
    "InstitutionalDepartmentName": "Department",
    "InversionTime": 1,
    "MRAcquisitionType": "3D",
    "MagneticFieldStrength": 3,
    "Manufacturer": "Siemens",
    "ManufacturersModelName": "Skyra",
    "Modality": "MR",
    "ParallelReductionFactorInPlane": 2,
    "PartialFourier": 1,
    "PatientPosition": "HFS",
    "PercentPhaseFOV": 100,
    "PercentSampling": 100,
    "PhaseEncodingSteps": 294,
    "PhaseOversampling": 0.15,
    "PhaseResolution": 1,
    "PixelBandwidth": 210,
    "ProcedureStepDescription": "KFU_BioPsy",
    "ProtocolName": "T1_Pat4_088mm_Pat2_224Sl",
    "PulseSequenceDetails": "%SiemensSeq%_tfl",
    "ReceiveCoilActiveElements": "HEA;HEP",
    "ReceiveCoilName": "Head_32",
    "ReconMatrixPE": 256,
    "RefLinesPE": 24,
    "RepetitionTime": 2.2,
    "SAR": 0.054854,
    "ScanOptions": "IR_WE",
    "ScanningSequence": "GR_IR",
    "SequenceName": "_tfl3d1_16ns",
    "SequenceVariant": "SK_SP_MP_OSP",
    "SeriesDescription": "T1_Pat4_088mm_Pat2_224Sl",
    "SeriesNumber": 9,
    "ShimSetting": [
      -1115,
      -3101,
      -4315,
      461,
      953,
      274,
      94,
      -883
    ],
    "SliceThickness": 0.88,
    "SoftwareVersions": "syngo_MR_E11",
    "StationName": "FBMTMR1",
    "TxRefAmp": 326.549,
    "acq_id": "MPrageHiRes",
    "dataset": "<unset>",
    "modality": "T1w",
    "session_id": "1",
    "subject_id": "season127"
  },
  "cjv": 0.5053386499016429,
  "cnr": 2.6049441908613455,
  "efc": 0.6158277147382709,
  "fber": 2795.75634765625,
  "fwhm_avg": 4.2676094448318205,
  "fwhm_x": 4.209045477352605,
  "fwhm_y": 4.348765714285714,
  "fwhm_z": 4.245017142857143,
  "icvs_csf": 0.18330164648765185,
  "icvs_gm": 0.43984337537924034,
  "icvs_wm": 0.37685497813310787,
  "inu_med": 1.4221357107162476,
  "inu_range": 0.5636274576187135,
  "provenance": {
    "md5sum": "7ebcfd112d934002fd72b506b1dd6a0a",
    "settings": {
      "testing": false
    },
    "software": "mriqc",
    "version": "0.15.2",
    "warnings": {
      "large_rot_frame": true,
      "small_air_mask": false
    },
    "webapi_port": null,
    "webapi_url": "https://mriqc.nimh.nih.gov/api/v1"
  },
  "qi_1": 0.0,
  "qi_2": 0.0016335439496208198,
  "rpve_csf": 22.508717409295166,
  "rpve_gm": 10.525115374263388,
  "rpve_wm": 14.216061420735358,
  "size_x": 224,
  "size_y": 256,
  "size_z": 256,
  "snr_csf": 2.6366615688651027,
  "snr_gm": 11.250585647270231,
  "snr_total": 11.728804415454334,
  "snr_wm": 21.29916603022767,
  "snrd_csf": 53.14475426079421,
  "snrd_gm": 106.15197029474666,
  "snrd_total": 98.40385908454682,
  "snrd_wm": 135.9148526980996,
  "spacing_x": 0.8799999952316284,
  "spacing_y": 0.875,
  "spacing_z": 0.875,
  "summary_bg_k": 7.278480722257287,
  "summary_bg_mad": 4.8202868221796695,
  "summary_bg_mean": 10.33729076385498,
  "summary_bg_median": 9.258594512939453,
  "summary_bg_n": 3000882.0,
  "summary_bg_p05": 3.1188485622406006,
  "summary_bg_p95": 22.60572719573974,
  "summary_bg_stdv": 6.583740234375,
  "summary_csf_k": 24.935481252042972,
  "summary_csf_mad": 131.601465694438,
  "summary_csf_mean": 419.0812683105469,
  "summary_csf_median": 391.0223388671875,
  "summary_csf_n": 29148.0,
  "summary_csf_p05": 244.91406707763673,
  "summary_csf_p95": 642.1430328369139,
  "summary_csf_stdv": 148.2995147705078,
  "summary_gm_k": 0.16465236607091782,
  "summary_gm_mad": 67.78167953243526,
  "summary_gm_mean": 781.8890380859375,
  "summary_gm_median": 781.03271484375,
  "summary_gm_n": 57602.0,
  "summary_gm_p05": 672.0666717529297,
  "summary_gm_p95": 900.4861633300782,
  "summary_gm_stdv": 69.42091369628906,
  "summary_wm_k": 0.7532114088894803,
  "summary_wm_mad": 42.88035996520621,
  "summary_wm_mean": 997.8934936523438,
  "summary_wm_median": 1000.0186157226562,
  "summary_wm_n": 383329.0,
  "summary_wm_p05": 916.575634765625,
  "summary_wm_p95": 1070.81044921875,
  "summary_wm_stdv": 46.95100784301758,
  "tpm_overlap_csf": 0.17404019832611084,
  "tpm_overlap_gm": 0.4774799346923828,
  "tpm_overlap_wm": 0.5288601517677307,
  "wm2max": 0.43902498635783677
}