{
  "bids_meta": {
    "AcquisitionMatrixPE": 256,
    "AcquisitionNumber": 1,
    "AcquisitionTime": "11:08:4.165000",
    "BaseResolution": 256,
    "BodyPartExamined": "HEAD",
    "ConsistencyInfo": "N4_VE11C_LATEST_20160120",
    "ConversionSoftware": "dcm2niix",
    "ConversionSoftwareVersion": "v1.0.20200427",
    "DeviceSerialNumber": "45250",
    "DwellTime": 9.2e-06,
    "EchoTime": 0.00218,
    "FlipAngle": 8,
    "ImageOrientationPatientDICOM": [
      -0.036657,
      0.999109,
      0.0209101,
      0.0547136,
      0.0228994,
      -0.998239
    ],
    "ImageType": [
      "ORIGINAL",
      "PRIMARY",
      "M",
      "NORM",
      "DIS3D",
      "DIS2D"
    ],
    "ImagingFrequency": 123.24,
    "InPlanePhaseEncodingDirectionDICOM": "ROW",
    "InstitutionAddress": "Kopernikusstr._26_Graz_Graz_AT_8010",
    "InstitutionName": "KFU",
    "InstitutionalDepartmentName": "Department",
    "InversionTime": 1,
    "MRAcquisitionType": "3D",
    "MagneticFieldStrength": 3,
    "Manufacturer": "Siemens",
    "ManufacturersModelName": "Skyra",
    "Modality": "MR",
    "ParallelReductionFactorInPlane": 2,
    "PartialFourier": 1,
    "PatientPosition": "HFS",
    "PercentPhaseFOV": 100,
    "PercentSampling": 100,
    "PhaseEncodingSteps": 294,
    "PhaseOversampling": 0.15,
    "PhaseResolution": 1,
    "PixelBandwidth": 210,
    "ProcedureStepDescription": "KFU_BioPsy",
    "ProtocolName": "T1_Pat4_088mm_Pat2_224Sl",
    "PulseSequenceDetails": "%SiemensSeq%_tfl",
    "ReceiveCoilActiveElements": "HEA;HEP",
    "ReceiveCoilName": "Head_32",
    "ReconMatrixPE": 256,
    "RefLinesPE": 24,
    "RepetitionTime": 2.2,
    "SAR": 0.0605014,
    "ScanOptions": "IR_WE",
    "ScanningSequence": "GR_IR",
    "SequenceName": "_tfl3d1_16ns",
    "SequenceVariant": "SK_SP_MP_OSP",
    "SeriesDescription": "T1_Pat4_088mm_Pat2_224Sl",
    "SeriesNumber": 9,
    "ShimSetting": [
      -1129,
      -3167,
      -4387,
      687,
      806,
      319,
      541,
      -937
    ],
    "SliceThickness": 0.88,
    "SoftwareVersions": "syngo_MR_E11",
    "StationName": "FBMTMR1",
    "TxRefAmp": 324.735,
    "acq_id": "MPrageHiRes",
    "dataset": "<unset>",
    "modality": "T1w",
    "session_id": "1",
    "subject_id": "season105"
  },
  "cjv": 0.43852399413515175,
  "cnr": 3.022978235960977,
  "efc": 0.6256832233932149,
  "fber": 3174.117919921875,
  "fwhm_avg": 4.072697409738876,
  "fwhm_x": 3.953863657788058,
  "fwhm_y": 4.235302857142857,
  "fwhm_z": 4.028925714285714,
  "icvs_csf": 0.19385221289506518,
  "icvs_gm": 0.4593700417986521,
  "icvs_wm": 0.3467777453062827,
  "inu_med": 1.5248305797576904,
  "inu_range": 0.5629671454429626,
  "provenance": {
    "md5sum": "407ca2c9144fa7375b4ba03528cf70ca",
    "settings": {
      "testing": false
    },
    "software": "mriqc",
    "version": "0.15.2",
    "warnings": {
      "large_rot_frame": true,
      "small_air_mask": false
    },
    "webapi_port": null,
    "webapi_url": "https://mriqc.nimh.nih.gov/api/v1"
  },
  "qi_1": 0.0,
  "qi_2": 0.0028501981161332813,
  "rpve_csf": 24.496058568975464,
  "rpve_gm": 11.521921906123787,
  "rpve_wm": 17.002762792065756,
  "size_x": 224,
  "size_y": 256,
  "size_z": 256,
  "snr_csf": 2.0960640384379565,
  "snr_gm": 11.939963419204593,
  "snr_total": 11.763295921334672,
  "snr_wm": 21.253860306361467,
  "snrd_csf": 47.69344521001688,
  "snrd_gm": 104.59350799550775,
  "snrd_total": 96.6338830588636,
  "snrd_wm": 137.6146959710662,
  "spacing_x": 0.8799999952316284,
  "spacing_y": 0.875,
  "spacing_z": 0.875,
  "summary_bg_k": 4.966725804136945,
  "summary_bg_mad": 4.7607233357391285,
  "summary_bg_mean": 10.709345817565918,
  "summary_bg_median": 9.607067108154297,
  "summary_bg_n": 2713367.0,
  "summary_bg_p05": 3.211379909515381,
  "summary_bg_p95": 21.61287212371826,
  "summary_bg_stdv": 5.913514137268066,
  "summary_csf_k": 44.951237955744546,
  "summary_csf_mad": 100.90735122558596,
  "summary_csf_mean": 381.7690124511719,
  "summary_csf_median": 346.5771484375,
  "summary_csf_n": 36739.0,
  "summary_csf_p05": 235.17820281982424,
  "summary_csf_p95": 591.3367614746094,
  "summary_csf_stdv": 165.34439086914062,
  "summary_gm_k": 0.10302780886747476,
  "summary_gm_mad": 63.6966959723224,
  "summary_gm_mean": 761.5896606445312,
  "summary_gm_median": 760.056640625,
  "summary_gm_n": 54031.0,
  "summary_gm_p05": 660.9213562011719,
  "summary_gm_p95": 869.5992736816406,
  "summary_gm_stdv": 63.655941009521484,
  "summary_wm_k": 1.0578288368951139,
  "summary_wm_mad": 41.53032685376303,
  "summary_wm_mean": 996.8948364257812,
  "summary_wm_median": 1000.013916015625,
  "summary_wm_n": 276903.0,
  "summary_wm_p05": 912.7166076660156,
  "summary_wm_p95": 1067.7312255859374,
  "summary_wm_stdv": 47.050846099853516,
  "tpm_overlap_csf": 0.16897259652614594,
  "tpm_overlap_gm": 0.46644121408462524,
  "tpm_overlap_wm": 0.48765265941619873,
  "wm2max": 0.5887590146368136
}