{
  "bids_meta": {
    "AcquisitionMatrixPE": 256,
    "AcquisitionNumber": 1,
    "AcquisitionTime": "09:37:37.115000",
    "BaseResolution": 256,
    "BodyPartExamined": "HEAD",
    "ConsistencyInfo": "N4_VE11C_LATEST_20160120",
    "ConversionSoftware": "dcm2niix",
    "ConversionSoftwareVersion": "v1.0.20200427",
    "DeviceSerialNumber": "45250",
    "DwellTime": 9.2e-06,
    "EchoTime": 0.00218,
    "FlipAngle": 8,
    "ImageOrientationPatientDICOM": [
      0.0785192,
      0.99676,
      -0.0174501,
      0.0149214,
      -0.0186772,
      -0.999714
    ],
    "ImageType": [
      "ORIGINAL",
      "PRIMARY",
      "M",
      "NORM",
      "DIS3D",
      "DIS2D"
    ],
    "ImagingFrequency": 123.239,
    "InPlanePhaseEncodingDirectionDICOM": "ROW",
    "InstitutionAddress": "Kopernikusstr._26_Graz_Graz_AT_8010",
    "InstitutionName": "KFU",
    "InstitutionalDepartmentName": "Department",
    "InversionTime": 1,
    "MRAcquisitionType": "3D",
    "MagneticFieldStrength": 3,
    "Manufacturer": "Siemens",
    "ManufacturersModelName": "Skyra",
    "Modality": "MR",
    "ParallelReductionFactorInPlane": 2,
    "PartialFourier": 1,
    "PatientPosition": "HFS",
    "PercentPhaseFOV": 100,
    "PercentSampling": 100,
    "PhaseEncodingSteps": 294,
    "PhaseOversampling": 0.15,
    "PhaseResolution": 1,
    "PixelBandwidth": 210,
    "ProcedureStepDescription": "BioPsy_2018",
    "ProtocolName": "anat-T1w",
    "PulseSequenceDetails": "%SiemensSeq%_tfl",
    "ReceiveCoilActiveElements": "HEA;HEP",
    "ReceiveCoilName": "Head_32",
    "ReconMatrixPE": 256,
    "RefLinesPE": 24,
    "RepetitionTime": 2.2,
    "SAR": 0.0687325,
    "ScanOptions": "IR_WE",
    "ScanningSequence": "GR_IR",
    "SequenceName": "_tfl3d1_16ns",
    "SequenceVariant": "SK_SP_MP_OSP",
    "SeriesDescription": "anat-T1w",
    "SeriesNumber": 9,
    "ShimSetting": [
      -1122,
      -3127,
      -4313,
      368,
      768,
      395,
      265,
      -784
    ],
    "SliceThickness": 0.88,
    "SoftwareVersions": "syngo_MR_E11",
    "StationName": "FBMTMR1",
    "TxRefAmp": 323.68,
    "acq_id": "MPrageHiRes",
    "dataset": "<unset>",
    "modality": "T1w",
    "session_id": "3",
    "subject_id": "season208"
  },
  "cjv": 0.49415144196177563,
  "cnr": 2.724979755167196,
  "efc": 0.5835816032990442,
  "fber": 2919.880126953125,
  "fwhm_avg": 4.149715591675283,
  "fwhm_x": 4.019318203597276,
  "fwhm_y": 4.255542857142857,
  "fwhm_z": 4.174285714285714,
  "icvs_csf": 0.19395044096370956,
  "icvs_gm": 0.4563646849868291,
  "icvs_wm": 0.3496848740494613,
  "inu_med": 1.491444706916809,
  "inu_range": 0.6369792580604547,
  "provenance": {
    "md5sum": "09dbc7bcfd4b45d697ab24ba4144526a",
    "settings": {
      "testing": false
    },
    "software": "mriqc",
    "version": "0.15.2",
    "warnings": {
      "large_rot_frame": true,
      "small_air_mask": false
    },
    "webapi_port": null,
    "webapi_url": "https://mriqc.nimh.nih.gov/api/v1"
  },
  "qi_1": 0.0,
  "qi_2": 0.0037123785415483362,
  "rpve_csf": 24.904989215555577,
  "rpve_gm": 11.704292327148652,
  "rpve_wm": 17.000957913638427,
  "size_x": 224,
  "size_y": 256,
  "size_z": 256,
  "snr_csf": 2.7578248760183643,
  "snr_gm": 12.501746117577229,
  "snr_total": 11.221291041371492,
  "snr_wm": 18.40430213051888,
  "snrd_csf": 49.12612802501965,
  "snrd_gm": 105.9335449632337,
  "snrd_total": 97.2589586928162,
  "snrd_wm": 136.71720309019523,
  "spacing_x": 0.8799999952316284,
  "spacing_y": 0.875,
  "spacing_z": 0.875,
  "summary_bg_k": 4.129972131866843,
  "summary_bg_mad": 4.792007722075127,
  "summary_bg_mean": 10.630096435546875,
  "summary_bg_median": 9.89106559753418,
  "summary_bg_n": 3308133.0,
  "summary_bg_p05": 3.3461234092712404,
  "summary_bg_p95": 21.48750305175781,
  "summary_bg_stdv": 5.8353590965271,
  "summary_csf_k": 26.797656491103687,
  "summary_csf_mad": 115.67923725480574,
  "summary_csf_mean": 386.7170104980469,
  "summary_csf_median": 359.3340148925781,
  "summary_csf_n": 38568.0,
  "summary_csf_p05": 234.15195846557617,
  "summary_csf_p95": 608.8715454101563,
  "summary_csf_stdv": 130.2944793701172,
  "summary_gm_k": 0.0504908468751446,
  "summary_gm_mad": 61.333165250572655,
  "summary_gm_mean": 775.5128173828125,
  "summary_gm_median": 774.8529663085938,
  "summary_gm_n": 61143.0,
  "summary_gm_p05": 674.3698120117188,
  "summary_gm_p95": 878.7967956542968,
  "summary_gm_stdv": 61.97907257080078,
  "summary_wm_k": 0.5612515918080971,
  "summary_wm_mad": 49.933760387791516,
  "summary_wm_mean": 998.4662475585938,
  "summary_wm_median": 1000.0206298828125,
  "summary_wm_n": 284386.0,
  "summary_wm_p05": 903.3135070800781,
  "summary_wm_p95": 1083.75439453125,
  "summary_wm_stdv": 54.33614730834961,
  "tpm_overlap_csf": 0.16552017629146576,
  "tpm_overlap_gm": 0.4648425579071045,
  "tpm_overlap_wm": 0.4934931695461273,
  "wm2max": 0.5075004638281658
}