{
  "bids_meta": {
    "AcquisitionMatrixPE": 256,
    "AcquisitionNumber": 1,
    "AcquisitionTime": "12:17:42.125000",
    "BaseResolution": 256,
    "BodyPartExamined": "HEAD",
    "ConsistencyInfo": "N4_VE11C_LATEST_20160120",
    "ConversionSoftware": "dcm2niix",
    "ConversionSoftwareVersion": "v1.0.20200427",
    "DeviceSerialNumber": "45250",
    "DwellTime": 9.2e-06,
    "EchoTime": 0.00218,
    "FlipAngle": 8,
    "ImageOrientationPatientDICOM": [
      -0.0524244,
      0.988388,
      0.14262,
      -0.0188265,
      0.141813,
      -0.989714
    ],
    "ImageType": [
      "ORIGINAL",
      "PRIMARY",
      "M",
      "NORM",
      "DIS3D",
      "DIS2D"
    ],
    "ImagingFrequency": 123.24,
    "InPlanePhaseEncodingDirectionDICOM": "ROW",
    "InstitutionAddress": "Kopernikusstr._26_Graz_Graz_AT_8010",
    "InstitutionName": "KFU",
    "InstitutionalDepartmentName": "Department",
    "InversionTime": 1,
    "MRAcquisitionType": "3D",
    "MagneticFieldStrength": 3,
    "Manufacturer": "Siemens",
    "ManufacturersModelName": "Skyra",
    "Modality": "MR",
    "ParallelReductionFactorInPlane": 2,
    "PartialFourier": 1,
    "PatientPosition": "HFS",
    "PercentPhaseFOV": 100,
    "PercentSampling": 100,
    "PhaseEncodingSteps": 294,
    "PhaseOversampling": 0.15,
    "PhaseResolution": 1,
    "PixelBandwidth": 210,
    "ProcedureStepDescription": "KFU_BioPsy",
    "ProtocolName": "T1_Pat4_088mm_Pat2_224Sl",
    "PulseSequenceDetails": "%SiemensSeq%_tfl",
    "ReceiveCoilActiveElements": "HEA;HEP",
    "ReceiveCoilName": "Head_32",
    "ReconMatrixPE": 256,
    "RefLinesPE": 24,
    "RepetitionTime": 2.2,
    "SAR": 0.0611416,
    "ScanOptions": "IR_WE",
    "ScanningSequence": "GR_IR",
    "SequenceName": "_tfl3d1_16ns",
    "SequenceVariant": "SK_SP_MP_OSP",
    "SeriesDescription": "T1_Pat4_088mm_Pat2_224Sl",
    "SeriesNumber": 9,
    "ShimSetting": [
      -1081,
      -3189,
      -4214,
      593,
      934,
      345,
      224,
      -858
    ],
    "SliceThickness": 0.88,
    "SoftwareVersions": "syngo_MR_E11",
    "StationName": "FBMTMR1",
    "TxRefAmp": 315.965,
    "acq_id": "MPrageHiRes",
    "dataset": "<unset>",
    "modality": "T1w",
    "session_id": "2",
    "subject_id": "season136"
  },
  "cjv": 0.509572659424619,
  "cnr": 2.639808370510602,
  "efc": 0.5469070303403566,
  "fber": 2368.417236328125,
  "fwhm_avg": 4.2001423235514945,
  "fwhm_x": 4.171284113511628,
  "fwhm_y": 4.284102857142857,
  "fwhm_z": 4.14504,
  "icvs_csf": 0.17550033753981634,
  "icvs_gm": 0.4609156048624403,
  "icvs_wm": 0.3635840575977433,
  "inu_med": 1.4782352447509766,
  "inu_range": 0.5796149015426635,
  "provenance": {
    "md5sum": "989398f28728fd15ed9c8899fba656bb",
    "settings": {
      "testing": false
    },
    "software": "mriqc",
    "version": "0.15.2",
    "warnings": {
      "large_rot_frame": true,
      "small_air_mask": false
    },
    "webapi_port": null,
    "webapi_url": "https://mriqc.nimh.nih.gov/api/v1"
  },
  "qi_1": 0.0,
  "qi_2": 0.0014892221413331439,
  "rpve_csf": 29.840880483836305,
  "rpve_gm": 13.014002047414083,
  "rpve_wm": 18.602074120195876,
  "size_x": 224,
  "size_y": 256,
  "size_z": 256,
  "snr_csf": 2.8379343870275706,
  "snr_gm": 11.161410284657043,
  "snr_total": 10.921833231256002,
  "snr_wm": 18.766155022083396,
  "snrd_csf": 57.942706443122475,
  "snrd_gm": 101.00093593785341,
  "snrd_total": 96.75540402517623,
  "snrd_wm": 131.3225696945528,
  "spacing_x": 0.8799999952316284,
  "spacing_y": 0.875,
  "spacing_z": 0.875,
  "summary_bg_k": 10.575983955326311,
  "summary_bg_mad": 4.988889671706743,
  "summary_bg_mean": 12.048260688781738,
  "summary_bg_median": 9.933874130249023,
  "summary_bg_n": 3333568.0,
  "summary_bg_p05": 3.304107904434204,
  "summary_bg_p95": 26.612373352050778,
  "summary_bg_stdv": 7.915910720825195,
  "summary_csf_k": 29.048903452388252,
  "summary_csf_mad": 162.61994464401712,
  "summary_csf_mean": 451.7258605957031,
  "summary_csf_median": 441.23602294921875,
  "summary_csf_n": 18435.0,
  "summary_csf_p05": 251.04985809326172,
  "summary_csf_p95": 660.9940246582031,
  "summary_csf_stdv": 155.47366333007812,
  "summary_gm_k": 0.036056781954857176,
  "summary_gm_mad": 69.59982185263878,
  "summary_gm_mean": 772.3554077148438,
  "summary_gm_median": 769.1261596679688,
  "summary_gm_n": 50322.0,
  "summary_gm_p05": 665.6914855957032,
  "summary_gm_p95": 890.759439086914,
  "summary_gm_stdv": 68.90872192382812,
  "summary_wm_k": 0.6022131799539103,
  "summary_wm_mad": 48.06073536217273,
  "summary_wm_mean": 998.1558227539062,
  "summary_wm_median": 1000.026611328125,
  "summary_wm_n": 264784.0,
  "summary_wm_p05": 904.630990600586,
  "summary_wm_p95": 1082.7820312499998,
  "summary_wm_stdv": 53.28873825073242,
  "tpm_overlap_csf": 0.14906296133995056,
  "tpm_overlap_gm": 0.4664609134197235,
  "tpm_overlap_wm": 0.4919379651546478,
  "wm2max": 0.5097516795951545
}