{
  "bids_meta": {
    "AcquisitionMatrixPE": 256,
    "AcquisitionNumber": 1,
    "AcquisitionTime": "10:46:24.190000",
    "BaseResolution": 256,
    "BodyPartExamined": "HEAD",
    "ConsistencyInfo": "N4_VE11C_LATEST_20160120",
    "ConversionSoftware": "dcm2niix",
    "ConversionSoftwareVersion": "v1.0.20200427",
    "DeviceSerialNumber": "45250",
    "DwellTime": 9.2e-06,
    "EchoTime": 0.00218,
    "FlipAngle": 8,
    "ImageOrientationPatientDICOM": [
      -0.000647657,
      0.993373,
      0.114937,
      -0.00318832,
      0.114934,
      -0.993368
    ],
    "ImageType": [
      "ORIGINAL",
      "PRIMARY",
      "M",
      "NORM",
      "DIS3D",
      "DIS2D"
    ],
    "ImagingFrequency": 123.239,
    "InPlanePhaseEncodingDirectionDICOM": "ROW",
    "InstitutionAddress": "Kopernikusstr._26_Graz_Graz_AT_8010",
    "InstitutionName": "KFU",
    "InstitutionalDepartmentName": "Department",
    "InversionTime": 1,
    "MRAcquisitionType": "3D",
    "MagneticFieldStrength": 3,
    "Manufacturer": "Siemens",
    "ManufacturersModelName": "Skyra",
    "Modality": "MR",
    "ParallelReductionFactorInPlane": 2,
    "PartialFourier": 1,
    "PatientPosition": "HFS",
    "PercentPhaseFOV": 100,
    "PercentSampling": 100,
    "PhaseEncodingSteps": 294,
    "PhaseOversampling": 0.15,
    "PhaseResolution": 1,
    "PixelBandwidth": 210,
    "ProcedureStepDescription": "BioPsy_2018",
    "ProtocolName": "anat-T1w",
    "PulseSequenceDetails": "%SiemensSeq%_tfl",
    "ReceiveCoilActiveElements": "HEA;HEP",
    "ReceiveCoilName": "Head_32",
    "ReconMatrixPE": 256,
    "RefLinesPE": 24,
    "RepetitionTime": 2.2,
    "SAR": 0.0573118,
    "ScanOptions": "IR_WE",
    "ScanningSequence": "GR_IR",
    "SequenceName": "_tfl3d1_16ns",
    "SequenceVariant": "SK_SP_MP_OSP",
    "SeriesDescription": "anat-T1w",
    "SeriesNumber": 9,
    "ShimSetting": [
      -1115,
      -3208,
      -4411,
      402,
      1034,
      248,
      365,
      -830
    ],
    "SliceThickness": 0.88,
    "SoftwareVersions": "syngo_MR_E11",
    "StationName": "FBMTMR1",
    "TxRefAmp": 316.187,
    "acq_id": "MPrageHiRes",
    "dataset": "<unset>",
    "modality": "T1w",
    "session_id": "3",
    "subject_id": "season214"
  },
  "cjv": 0.41930059919762086,
  "cnr": 3.0408072731414157,
  "efc": 0.5612845599726728,
  "fber": 3589.605712890625,
  "fwhm_avg": 4.111977582971134,
  "fwhm_x": 3.9937727489134005,
  "fwhm_y": 4.207954285714286,
  "fwhm_z": 4.134205714285715,
  "icvs_csf": 0.17601976053217436,
  "icvs_gm": 0.45152146759527745,
  "icvs_wm": 0.3724587718725482,
  "inu_med": 1.4349256753921509,
  "inu_range": 0.501975917816162,
  "provenance": {
    "md5sum": "3f6d9b61ee72d1a8258a98142e67744d",
    "settings": {
      "testing": false
    },
    "software": "mriqc",
    "version": "0.15.2",
    "warnings": {
      "large_rot_frame": true,
      "small_air_mask": false
    },
    "webapi_port": null,
    "webapi_url": "https://mriqc.nimh.nih.gov/api/v1"
  },
  "qi_1": 0.0,
  "qi_2": 0.003776350050441008,
  "rpve_csf": 25.43502520961441,
  "rpve_gm": 11.403911590112807,
  "rpve_wm": 15.836462766304276,
  "size_x": 224,
  "size_y": 256,
  "size_z": 256,
  "snr_csf": 1.9924694138973023,
  "snr_gm": 11.758364095896674,
  "snr_total": 12.473414723249597,
  "snr_wm": 23.669410659954814,
  "snrd_csf": 60.630557794136614,
  "snrd_gm": 114.70017806538792,
  "snrd_total": 108.49510667206818,
  "snrd_wm": 150.15458415668,
  "spacing_x": 0.8799999952316284,
  "spacing_y": 0.875,
  "spacing_z": 0.875,
  "summary_bg_k": 4.587171529772075,
  "summary_bg_mad": 4.363185684910734,
  "summary_bg_mean": 9.002387046813965,
  "summary_bg_median": 7.872618675231934,
  "summary_bg_n": 3200467.0,
  "summary_bg_p05": 2.9412364959716797,
  "summary_bg_p95": 18.058660507202116,
  "summary_bg_stdv": 4.925124645233154,
  "summary_csf_k": 43.619439293790556,
  "summary_csf_mad": 165.25607907568192,
  "summary_csf_mean": 432.7536926269531,
  "summary_csf_median": 403.79742431640625,
  "summary_csf_n": 36037.0,
  "summary_csf_p05": 241.4681121826172,
  "summary_csf_p95": 629.3602416992186,
  "summary_csf_stdv": 202.6589813232422,
  "summary_gm_k": 0.5221063674304567,
  "summary_gm_mad": 61.26004863725768,
  "summary_gm_mean": 765.9182739257812,
  "summary_gm_median": 763.8992309570312,
  "summary_gm_n": 57397.0,
  "summary_gm_p05": 665.7550537109374,
  "summary_gm_p95": 879.5732421874999,
  "summary_gm_stdv": 64.96588897705078,
  "summary_wm_k": 0.8861171337825744,
  "summary_wm_mad": 37.74735653243572,
  "summary_wm_mean": 999.1802368164062,
  "summary_wm_median": 1000.0243530273438,
  "summary_wm_n": 332424.0,
  "summary_wm_p05": 927.6428283691407,
  "summary_wm_p95": 1066.8412963867186,
  "summary_wm_stdv": 42.24958801269531,
  "tpm_overlap_csf": 0.15349769592285156,
  "tpm_overlap_gm": 0.4555394649505615,
  "tpm_overlap_wm": 0.4889605641365051,
  "wm2max": 0.4919609757726079
}