{
  "bids_meta": {
    "AcquisitionMatrixPE": 256,
    "AcquisitionNumber": 1,
    "AcquisitionTime": "09:29:23.082500",
    "BaseResolution": 256,
    "BodyPartExamined": "HEAD",
    "ConsistencyInfo": "N4_VE11C_LATEST_20160120",
    "ConversionSoftware": "dcm2niix",
    "ConversionSoftwareVersion": "v1.0.20200427",
    "DeviceSerialNumber": "45250",
    "DwellTime": 9.2e-06,
    "EchoTime": 0.00218,
    "FlipAngle": 8,
    "ImageOrientationPatientDICOM": [
      -0.0240039,
      0.999674,
      -0.00872425,
      0.0228877,
      -0.00817495,
      -0.999705
    ],
    "ImageType": [
      "ORIGINAL",
      "PRIMARY",
      "M",
      "NORM",
      "DIS3D",
      "DIS2D"
    ],
    "ImagingFrequency": 123.24,
    "InPlanePhaseEncodingDirectionDICOM": "ROW",
    "InstitutionAddress": "Kopernikusstr._26_Graz_Graz_AT_8010",
    "InstitutionName": "KFU",
    "InstitutionalDepartmentName": "Department",
    "InversionTime": 1,
    "MRAcquisitionType": "3D",
    "MagneticFieldStrength": 3,
    "Manufacturer": "Siemens",
    "ManufacturersModelName": "Skyra",
    "Modality": "MR",
    "ParallelReductionFactorInPlane": 2,
    "PartialFourier": 1,
    "PatientPosition": "HFS",
    "PercentPhaseFOV": 100,
    "PercentSampling": 100,
    "PhaseEncodingSteps": 294,
    "PhaseOversampling": 0.15,
    "PhaseResolution": 1,
    "PixelBandwidth": 210,
    "ProcedureStepDescription": "KFU_BioPsy",
    "ProtocolName": "T1_Pat4_088mm_Pat2_224Sl",
    "PulseSequenceDetails": "%SiemensSeq%_tfl",
    "ReceiveCoilActiveElements": "HEA;HEP",
    "ReceiveCoilName": "Head_32",
    "ReconMatrixPE": 256,
    "RefLinesPE": 24,
    "RepetitionTime": 2.2,
    "SAR": 0.0635387,
    "ScanOptions": "IR_WE",
    "ScanningSequence": "GR_IR",
    "SequenceName": "_tfl3d1_16ns",
    "SequenceVariant": "SK_SP_MP_OSP",
    "SeriesDescription": "T1_Pat4_088mm_Pat2_224Sl",
    "SeriesNumber": 9,
    "ShimSetting": [
      -1038,
      -2374,
      -4615,
      145,
      1124,
      2505,
      859,
      -1255
    ],
    "SliceThickness": 0.88,
    "SoftwareVersions": "syngo_MR_E11",
    "StationName": "FBMTMR1",
    "TxRefAmp": 328.594,
    "acq_id": "MPrageHiRes",
    "dataset": "<unset>",
    "modality": "T1w",
    "session_id": "1",
    "subject_id": "season122"
  },
  "cjv": 0.33549312030124895,
  "cnr": 3.8055804599215834,
  "efc": 0.5719609529406634,
  "fber": 4144.669921875,
  "fwhm_avg": 4.0058583188813035,
  "fwhm_x": 3.9823863852153387,
  "fwhm_y": 4.043291428571428,
  "fwhm_z": 3.9918971428571433,
  "icvs_csf": 0.20595322392798943,
  "icvs_gm": 0.4385204467429976,
  "icvs_wm": 0.35552632932901296,
  "inu_med": 1.391742467880249,
  "inu_range": 0.5242961287498473,
  "provenance": {
    "md5sum": "441bf0749e3b794dbd323fd15855f617",
    "settings": {
      "testing": false
    },
    "software": "mriqc",
    "version": "0.15.2",
    "warnings": {
      "large_rot_frame": true,
      "small_air_mask": false
    },
    "webapi_port": null,
    "webapi_url": "https://mriqc.nimh.nih.gov/api/v1"
  },
  "qi_1": 0.0,
  "qi_2": 0.0018341611858952833,
  "rpve_csf": 20.444195647806975,
  "rpve_gm": 10.410362532075862,
  "rpve_wm": 14.505288524305884,
  "size_x": 224,
  "size_y": 256,
  "size_z": 256,
  "snr_csf": 1.103092172342692,
  "snr_gm": 12.425206780147173,
  "snr_total": 12.536014462819095,
  "snr_wm": 24.079744435967417,
  "snrd_csf": 65.4538474692865,
  "snrd_gm": 132.68421875590215,
  "snrd_total": 126.92826538639478,
  "snrd_wm": 182.64672993399572,
  "spacing_x": 0.8799999952316284,
  "spacing_y": 0.875,
  "spacing_z": 0.875,
  "summary_bg_k": 10.000591478016371,
  "summary_bg_mad": 3.5869515696464385,
  "summary_bg_mean": 7.5607500076293945,
  "summary_bg_median": 6.448365211486816,
  "summary_bg_n": 3232465.0,
  "summary_bg_p05": 2.4137905120849608,
  "summary_bg_p95": 16.49555130004882,
  "summary_bg_stdv": 4.895484924316406,
  "summary_csf_k": 23.326445306763024,
  "summary_csf_mad": 109.57067450397163,
  "summary_csf_mean": 434.4540100097656,
  "summary_csf_median": 358.3677978515625,
  "summary_csf_n": 62890.0,
  "summary_csf_p05": 237.52214660644532,
  "summary_csf_p95": 746.3681823730425,
  "summary_csf_stdv": 324.8730773925781,
  "summary_gm_k": 0.37857996654402015,
  "summary_gm_mad": 56.36711745092855,
  "summary_gm_mean": 725.9791259765625,
  "summary_gm_median": 726.4622802734375,
  "summary_gm_n": 61777.0,
  "summary_gm_p05": 630.486572265625,
  "summary_gm_p95": 821.4807739257812,
  "summary_gm_stdv": 58.46634292602539,
  "summary_wm_k": 1.3994701193164634,
  "summary_wm_mad": 35.40730818835334,
  "summary_wm_mean": 997.6878662109375,
  "summary_wm_median": 1000.0131225585938,
  "summary_wm_n": 337342.0,
  "summary_wm_p05": 924.563900756836,
  "summary_wm_p95": 1060.6498413085938,
  "summary_wm_stdv": 41.5291633605957,
  "tpm_overlap_csf": 0.15219299495220184,
  "tpm_overlap_gm": 0.4376653730869293,
  "tpm_overlap_wm": 0.4702828526496887,
  "wm2max": 0.5101562263916262
}