{
  "bids_meta": {
    "AcquisitionMatrixPE": 256,
    "AcquisitionNumber": 1,
    "AcquisitionTime": "13:36:19.102500",
    "BaseResolution": 256,
    "BodyPartExamined": "HEAD",
    "ConsistencyInfo": "N4_VE11C_LATEST_20160120",
    "ConversionSoftware": "dcm2niix",
    "ConversionSoftwareVersion": "v1.0.20200427",
    "DeviceSerialNumber": "45250",
    "DwellTime": 9.2e-06,
    "EchoTime": 0.00218,
    "FlipAngle": 8,
    "ImageOrientationPatientDICOM": [
      0.0567643,
      0.997779,
      -0.0348599,
      -0.0495823,
      -0.0320558,
      -0.998255
    ],
    "ImageType": [
      "ORIGINAL",
      "PRIMARY",
      "M",
      "NORM",
      "DIS3D",
      "DIS2D"
    ],
    "ImagingFrequency": 123.239,
    "InPlanePhaseEncodingDirectionDICOM": "ROW",
    "InstitutionAddress": "Kopernikusstr._26_Graz_Graz_AT_8010",
    "InstitutionName": "KFU",
    "InstitutionalDepartmentName": "Department",
    "InversionTime": 1,
    "MRAcquisitionType": "3D",
    "MagneticFieldStrength": 3,
    "Manufacturer": "Siemens",
    "ManufacturersModelName": "Skyra",
    "Modality": "MR",
    "ParallelReductionFactorInPlane": 2,
    "PartialFourier": 1,
    "PatientPosition": "HFS",
    "PercentPhaseFOV": 100,
    "PercentSampling": 100,
    "PhaseEncodingSteps": 294,
    "PhaseOversampling": 0.15,
    "PhaseResolution": 1,
    "PixelBandwidth": 210,
    "ProcedureStepDescription": "BioPsy_2018",
    "ProtocolName": "anat-T1w",
    "PulseSequenceDetails": "%SiemensSeq%_tfl",
    "ReceiveCoilActiveElements": "HEA;HEP",
    "ReceiveCoilName": "Head_32",
    "ReconMatrixPE": 256,
    "RefLinesPE": 24,
    "RepetitionTime": 2.2,
    "SAR": 0.0584008,
    "ScanOptions": "IR_WE",
    "ScanningSequence": "GR_IR",
    "SequenceName": "_tfl3d1_16ns",
    "SequenceVariant": "SK_SP_MP_OSP",
    "SeriesDescription": "anat-T1w",
    "SeriesNumber": 9,
    "ShimSetting": [
      -1077,
      -3027,
      -4639,
      370,
      1127,
      197,
      112,
      -1110
    ],
    "SliceThickness": 0.88,
    "SoftwareVersions": "syngo_MR_E11",
    "StationName": "FBMTMR1",
    "TxRefAmp": 321.833,
    "acq_id": "MPrageHiRes",
    "dataset": "<unset>",
    "modality": "T1w",
    "session_id": "3",
    "subject_id": "season212"
  },
  "cjv": 0.566650665844338,
  "cnr": 2.3334284364731523,
  "efc": 0.5679529061109567,
  "fber": 4081.851318359375,
  "fwhm_avg": 4.22901037565176,
  "fwhm_x": 4.255556841240995,
  "fwhm_y": 4.282502857142857,
  "fwhm_z": 4.1489714285714285,
  "icvs_csf": 0.18934470408766596,
  "icvs_gm": 0.4379841134520983,
  "icvs_wm": 0.37267118246023573,
  "inu_med": 1.5269449949264526,
  "inu_range": 0.6298542499542235,
  "provenance": {
    "md5sum": "55637ed70d61f8188941ed54b7dd439c",
    "settings": {
      "testing": false
    },
    "software": "mriqc",
    "version": "0.15.2",
    "warnings": {
      "large_rot_frame": true,
      "small_air_mask": false
    },
    "webapi_port": null,
    "webapi_url": "https://mriqc.nimh.nih.gov/api/v1"
  },
  "qi_1": 0.0,
  "qi_2": 0.0016000603747562845,
  "rpve_csf": 26.81461933976582,
  "rpve_gm": 12.784167045660265,
  "rpve_wm": 17.348725601143325,
  "size_x": 224,
  "size_y": 256,
  "size_z": 256,
  "snr_csf": 2.9321157265562063,
  "snr_gm": 11.127627452961532,
  "snr_total": 11.468388690510631,
  "snr_wm": 20.34542289201416,
  "snrd_csf": 58.814848882172264,
  "snrd_gm": 123.25335928511957,
  "snrd_total": 112.24444447671628,
  "snrd_wm": 154.66512526285698,
  "spacing_x": 0.8799999952316284,
  "spacing_y": 0.875,
  "spacing_z": 0.875,
  "summary_bg_k": 12.46384580284749,
  "summary_bg_mad": 4.235935743598834,
  "summary_bg_mean": 8.701074600219727,
  "summary_bg_median": 7.647437572479248,
  "summary_bg_n": 3384805.0,
  "summary_bg_p05": 2.8660712242126465,
  "summary_bg_p95": 18.65476646423339,
  "summary_bg_stdv": 5.574946403503418,
  "summary_csf_k": 2.852813581948374,
  "summary_csf_mad": 124.19062638250348,
  "summary_csf_mean": 413.26336669921875,
  "summary_csf_median": 380.281005859375,
  "summary_csf_n": 28284.0,
  "summary_csf_p05": 250.2772964477539,
  "summary_csf_p95": 636.2026733398437,
  "summary_csf_stdv": 129.6927947998047,
  "summary_gm_k": 0.0701749478725251,
  "summary_gm_mad": 70.92288868837917,
  "summary_gm_mean": 798.977294921875,
  "summary_gm_median": 796.923095703125,
  "summary_gm_n": 46034.0,
  "summary_gm_p05": 686.858984375,
  "summary_gm_p95": 922.7717193603517,
  "summary_gm_stdv": 71.6158447265625,
  "summary_wm_k": 0.7170235748147893,
  "summary_wm_mad": 44.163882295973025,
  "summary_wm_mean": 999.8031616210938,
  "summary_wm_median": 1000.0231323242188,
  "summary_wm_n": 305266.0,
  "summary_wm_p05": 916.5212249755859,
  "summary_wm_p95": 1079.8340454101562,
  "summary_wm_stdv": 49.15216064453125,
  "tpm_overlap_csf": 0.16155637800693512,
  "tpm_overlap_gm": 0.4602086842060089,
  "tpm_overlap_wm": 0.5091903805732727,
  "wm2max": 0.5666949140079368
}