{
  "bids_meta": {
    "AcquisitionMatrixPE": 256,
    "AcquisitionNumber": 1,
    "AcquisitionTime": "10:29:26.125000",
    "BaseResolution": 256,
    "BodyPartExamined": "HEAD",
    "ConsistencyInfo": "N4_VE11C_LATEST_20160120",
    "ConversionSoftware": "dcm2niix",
    "ConversionSoftwareVersion": "v1.0.20200427",
    "DeviceSerialNumber": "45250",
    "DwellTime": 9.2e-06,
    "EchoTime": 0.00218,
    "FlipAngle": 8,
    "ImageOrientationPatientDICOM": [
      -0.00359746,
      0.996911,
      0.0784589,
      -0.00243532,
      0.0784505,
      -0.996915
    ],
    "ImageType": [
      "ORIGINAL",
      "PRIMARY",
      "M",
      "NORM",
      "DIS3D",
      "DIS2D"
    ],
    "ImagingFrequency": 123.24,
    "InPlanePhaseEncodingDirectionDICOM": "ROW",
    "InstitutionAddress": "Kopernikusstr._26_Graz_Graz_AT_8010",
    "InstitutionName": "KFU",
    "InstitutionalDepartmentName": "Department",
    "InversionTime": 1,
    "MRAcquisitionType": "3D",
    "MagneticFieldStrength": 3,
    "Manufacturer": "Siemens",
    "ManufacturersModelName": "Skyra",
    "Modality": "MR",
    "ParallelReductionFactorInPlane": 2,
    "PartialFourier": 1,
    "PatientPosition": "HFS",
    "PercentPhaseFOV": 100,
    "PercentSampling": 100,
    "PhaseEncodingSteps": 294,
    "PhaseOversampling": 0.15,
    "PhaseResolution": 1,
    "PixelBandwidth": 210,
    "ProcedureStepDescription": "KFU_BioPsy",
    "ProtocolName": "T1_Pat4_088mm_Pat2_224Sl",
    "PulseSequenceDetails": "%SiemensSeq%_tfl",
    "ReceiveCoilActiveElements": "HEA;HEP",
    "ReceiveCoilName": "Head_32",
    "ReconMatrixPE": 256,
    "RefLinesPE": 24,
    "RepetitionTime": 2.2,
    "SAR": 0.0555623,
    "ScanOptions": "IR_WE",
    "ScanningSequence": "GR_IR",
    "SequenceName": "_tfl3d1_16ns",
    "SequenceVariant": "SK_SP_MP_OSP",
    "SeriesDescription": "T1_Pat4_088mm_Pat2_224Sl",
    "SeriesNumber": 9,
    "ShimSetting": [
      -1109,
      -3155,
      -4300,
      429,
      1005,
      288,
      334,
      -891
    ],
    "SliceThickness": 0.88,
    "SoftwareVersions": "syngo_MR_E11",
    "StationName": "FBMTMR1",
    "TxRefAmp": 340.106,
    "acq_id": "MPrageHiRes",
    "dataset": "<unset>",
    "modality": "T1w",
    "session_id": "3",
    "subject_id": "season139"
  },
  "cjv": 0.5952799359625572,
  "cnr": 2.2003930685188724,
  "efc": 0.6198881514690536,
  "fber": 3178.46337890625,
  "fwhm_avg": 4.110310591725179,
  "fwhm_x": 4.046943203746965,
  "fwhm_y": 4.190537142857143,
  "fwhm_z": 4.093451428571429,
  "icvs_csf": 0.20243273099843936,
  "icvs_gm": 0.42113613315057125,
  "icvs_wm": 0.37643113585098936,
  "inu_med": 1.470312237739563,
  "inu_range": 0.5459600925445554,
  "provenance": {
    "md5sum": "9fb17415fc2a7145acff85ab648a3341",
    "settings": {
      "testing": false
    },
    "software": "mriqc",
    "version": "0.15.2",
    "warnings": {
      "large_rot_frame": true,
      "small_air_mask": false
    },
    "webapi_port": null,
    "webapi_url": "https://mriqc.nimh.nih.gov/api/v1"
  },
  "qi_1": 0.0,
  "qi_2": 0.00186220422819429,
  "rpve_csf": 22.213849193936017,
  "rpve_gm": 11.387104656047708,
  "rpve_wm": 14.984146560990789,
  "size_x": 224,
  "size_y": 256,
  "size_z": 256,
  "snr_csf": 2.343816156700051,
  "snr_gm": 10.177604112225026,
  "snr_total": 11.089191765402296,
  "snr_wm": 20.746155027281812,
  "snrd_csf": 47.89068224412434,
  "snrd_gm": 108.62190068516641,
  "snrd_total": 97.59381064092308,
  "snrd_wm": 136.26884899347849,
  "spacing_x": 0.8799999952316284,
  "spacing_y": 0.875,
  "spacing_z": 0.875,
  "summary_bg_k": 10.52159003032173,
  "summary_bg_mad": 4.807899472062627,
  "summary_bg_mean": 10.433008193969727,
  "summary_bg_median": 8.590902328491211,
  "summary_bg_n": 3098748.0,
  "summary_bg_p05": 3.2001816511154173,
  "summary_bg_p95": 22.613023567199704,
  "summary_bg_stdv": 6.652978420257568,
  "summary_csf_k": 52.35435834147601,
  "summary_csf_mad": 102.38171877600782,
  "summary_csf_mean": 384.8042907714844,
  "summary_csf_median": 351.4590148925781,
  "summary_csf_n": 39963.0,
  "summary_csf_p05": 236.25933074951172,
  "summary_csf_p95": 609.1800048828126,
  "summary_csf_stdv": 149.94973754882812,
  "summary_gm_k": 0.263229425086307,
  "summary_gm_mad": 75.68727761082968,
  "summary_gm_mean": 801.6407470703125,
  "summary_gm_median": 797.15185546875,
  "summary_gm_n": 40847.0,
  "summary_gm_p05": 682.764111328125,
  "summary_gm_p95": 939.8318542480469,
  "summary_gm_stdv": 78.32315826416016,
  "summary_wm_k": 0.6991477018745544,
  "summary_wm_mad": 45.091911290839,
  "summary_wm_mean": 1000.9249267578125,
  "summary_wm_median": 1000.046630859375,
  "summary_wm_n": 343180.0,
  "summary_wm_p05": 923.2740875244141,
  "summary_wm_p95": 1080.4176513671875,
  "summary_wm_stdv": 48.203880310058594,
  "tpm_overlap_csf": 0.17825894057750702,
  "tpm_overlap_gm": 0.44609153270721436,
  "tpm_overlap_wm": 0.5098175406455994,
  "wm2max": 0.48222522659290573
}