{
  "bids_meta": {
    "AcquisitionMatrixPE": 256,
    "AcquisitionNumber": 1,
    "AcquisitionTime": "13:13:54.135000",
    "BaseResolution": 256,
    "BodyPartExamined": "HEAD",
    "ConsistencyInfo": "N4_VE11C_LATEST_20160120",
    "ConversionSoftware": "dcm2niix",
    "ConversionSoftwareVersion": "v1.0.20200427",
    "DeviceSerialNumber": "45250",
    "DwellTime": 9.2e-06,
    "EchoTime": 0.00218,
    "FlipAngle": 8,
    "ImageOrientationPatientDICOM": [
      0.022825,
      0.998938,
      0.0400253,
      -0.0719383,
      0.041573,
      -0.996542
    ],
    "ImageType": [
      "ORIGINAL",
      "PRIMARY",
      "M",
      "NORM",
      "DIS3D",
      "DIS2D"
    ],
    "ImagingFrequency": 123.24,
    "InPlanePhaseEncodingDirectionDICOM": "ROW",
    "InstitutionAddress": "Kopernikusstr._26_Graz_Graz_AT_8010",
    "InstitutionName": "KFU",
    "InstitutionalDepartmentName": "Department",
    "InversionTime": 1,
    "MRAcquisitionType": "3D",
    "MagneticFieldStrength": 3,
    "Manufacturer": "Siemens",
    "ManufacturersModelName": "Skyra",
    "Modality": "MR",
    "ParallelReductionFactorInPlane": 2,
    "PartialFourier": 1,
    "PatientPosition": "HFS",
    "PercentPhaseFOV": 100,
    "PercentSampling": 100,
    "PhaseEncodingSteps": 294,
    "PhaseOversampling": 0.15,
    "PhaseResolution": 1,
    "PixelBandwidth": 210,
    "ProcedureStepDescription": "KFU_BioPsy",
    "ProtocolName": "T1_Pat4_088mm_Pat2_224Sl",
    "PulseSequenceDetails": "%SiemensSeq%_tfl",
    "ReceiveCoilActiveElements": "HEA;HEP",
    "ReceiveCoilName": "Head_32",
    "ReconMatrixPE": 256,
    "RefLinesPE": 24,
    "RepetitionTime": 2.2,
    "SAR": 0.0704837,
    "ScanOptions": "IR_WE",
    "ScanningSequence": "GR_IR",
    "SequenceName": "_tfl3d1_16ns",
    "SequenceVariant": "SK_SP_MP_OSP",
    "SeriesDescription": "T1_Pat4_088mm_Pat2_224Sl",
    "SeriesNumber": 9,
    "ShimSetting": [
      -1144,
      -3151,
      -4312,
      101,
      1089,
      100,
      635,
      -750
    ],
    "SliceThickness": 0.88,
    "SoftwareVersions": "syngo_MR_E11",
    "StationName": "FBMTMR1",
    "TxRefAmp": 332.852,
    "acq_id": "MPrageHiRes",
    "dataset": "<unset>",
    "modality": "T1w",
    "session_id": "2",
    "subject_id": "season114"
  },
  "cjv": 0.6926257315818196,
  "cnr": 1.9313490071440964,
  "efc": 0.5875007393954572,
  "fber": 3216.76513671875,
  "fwhm_avg": 4.143775007398427,
  "fwhm_x": 4.09612502219528,
  "fwhm_y": 4.2163200000000005,
  "fwhm_z": 4.11888,
  "icvs_csf": 0.19179094722992418,
  "icvs_gm": 0.44955237363951456,
  "icvs_wm": 0.35865667913056126,
  "inu_med": 1.4978723526000977,
  "inu_range": 0.6656006574630737,
  "provenance": {
    "md5sum": "6bb97aebdf7f51860c0e83ba553d98f7",
    "settings": {
      "testing": false
    },
    "software": "mriqc",
    "version": "0.15.2",
    "warnings": {
      "large_rot_frame": true,
      "small_air_mask": false
    },
    "webapi_port": null,
    "webapi_url": "https://mriqc.nimh.nih.gov/api/v1"
  },
  "qi_1": 0.0,
  "qi_2": 0.001707979191296157,
  "rpve_csf": 25.897988776384203,
  "rpve_gm": 12.303809567543757,
  "rpve_wm": 17.31259170200102,
  "size_x": 224,
  "size_y": 256,
  "size_z": 256,
  "snr_csf": 2.019770864440315,
  "snr_gm": 10.83821767236556,
  "snr_total": 9.664660514546062,
  "snr_wm": 16.135993006832308,
  "snrd_csf": 51.976468004065175,
  "snrd_gm": 113.73803219934639,
  "snrd_total": 101.93756803493098,
  "snrd_wm": 140.09820390138137,
  "spacing_x": 0.8799999952316284,
  "spacing_y": 0.875,
  "spacing_z": 0.875,
  "summary_bg_k": 66.54551329639715,
  "summary_bg_mad": 4.6763915117029615,
  "summary_bg_mean": 9.701150894165039,
  "summary_bg_median": 8.40958023071289,
  "summary_bg_n": 2901474.0,
  "summary_bg_p05": 3.139346718788147,
  "summary_bg_p95": 21.092116260528567,
  "summary_bg_stdv": 6.286159038543701,
  "summary_csf_k": 39.839314622888395,
  "summary_csf_mad": 119.7797173743619,
  "summary_csf_mean": 412.2794189453125,
  "summary_csf_median": 371.01025390625,
  "summary_csf_n": 24020.0,
  "summary_csf_p05": 242.75096817016603,
  "summary_csf_p95": 660.3519683837891,
  "summary_csf_stdv": 183.68545532226562,
  "summary_gm_k": 0.12707500920178427,
  "summary_gm_mad": 70.94809039234974,
  "summary_gm_mean": 814.6214599609375,
  "summary_gm_median": 811.866943359375,
  "summary_gm_n": 52803.0,
  "summary_gm_p05": 695.7742065429687,
  "summary_gm_p95": 946.7413146972655,
  "summary_gm_stdv": 74.9070816040039,
  "summary_wm_k": 0.3106525984258566,
  "summary_wm_mad": 59.37639093581649,
  "summary_wm_mean": 1001.4197998046875,
  "summary_wm_median": 1000.0269775390625,
  "summary_wm_n": 289260.0,
  "summary_wm_p05": 900.3796081542969,
  "summary_wm_p95": 1104.6993408203125,
  "summary_wm_stdv": 61.97481918334961,
  "tpm_overlap_csf": 0.16871103644371033,
  "tpm_overlap_gm": 0.4591118097305298,
  "tpm_overlap_wm": 0.5022860169410706,
  "wm2max": 0.48756523166865223
}