{
  "bids_meta": {
    "AcquisitionMatrixPE": 256,
    "AcquisitionNumber": 1,
    "AcquisitionTime": "10:25:54.185000",
    "BaseResolution": 256,
    "BodyPartExamined": "HEAD",
    "ConsistencyInfo": "N4_VE11C_LATEST_20160120",
    "ConversionSoftware": "dcm2niix",
    "ConversionSoftwareVersion": "v1.0.20200427",
    "DeviceSerialNumber": "45250",
    "DwellTime": 9.2e-06,
    "EchoTime": 0.00218,
    "FlipAngle": 8,
    "ImageOrientationPatientDICOM": [
      -0.00479346,
      0.975699,
      0.219062,
      0.085406,
      0.218664,
      -0.972056
    ],
    "ImageType": [
      "ORIGINAL",
      "PRIMARY",
      "M",
      "NORM",
      "DIS3D",
      "DIS2D"
    ],
    "ImagingFrequency": 123.239,
    "InPlanePhaseEncodingDirectionDICOM": "ROW",
    "InstitutionAddress": "Kopernikusstr._26_Graz_Graz_AT_8010",
    "InstitutionName": "KFU",
    "InstitutionalDepartmentName": "Department",
    "InversionTime": 1,
    "MRAcquisitionType": "3D",
    "MagneticFieldStrength": 3,
    "Manufacturer": "Siemens",
    "ManufacturersModelName": "Skyra",
    "Modality": "MR",
    "ParallelReductionFactorInPlane": 2,
    "PartialFourier": 1,
    "PatientPosition": "HFS",
    "PercentPhaseFOV": 100,
    "PercentSampling": 100,
    "PhaseEncodingSteps": 294,
    "PhaseOversampling": 0.15,
    "PhaseResolution": 1,
    "PixelBandwidth": 210,
    "ProcedureStepDescription": "BioPsy_2018",
    "ProtocolName": "anat-T1w",
    "PulseSequenceDetails": "%SiemensSeq%_tfl",
    "ReceiveCoilActiveElements": "HEA;HEP",
    "ReceiveCoilName": "Head_32",
    "ReconMatrixPE": 256,
    "RefLinesPE": 24,
    "RepetitionTime": 2.2,
    "SAR": 0.0577306,
    "ScanOptions": "IR_WE",
    "ScanningSequence": "GR_IR",
    "SequenceName": "_tfl3d1_16ns",
    "SequenceVariant": "SK_SP_MP_OSP",
    "SeriesDescription": "anat-T1w",
    "SeriesNumber": 9,
    "ShimSetting": [
      -1091,
      -3321,
      -4358,
      280,
      729,
      -81,
      529,
      -1076
    ],
    "SliceThickness": 0.88,
    "SoftwareVersions": "syngo_MR_E11",
    "StationName": "FBMTMR1",
    "TxRefAmp": 318.585,
    "acq_id": "MPrageHiRes",
    "dataset": "<unset>",
    "modality": "T1w",
    "session_id": "1",
    "subject_id": "season206"
  },
  "cjv": 0.5238238911884118,
  "cnr": 2.549292239359854,
  "efc": 0.5575637618744725,
  "fber": 2340.174560546875,
  "fwhm_avg": 4.140850808161644,
  "fwhm_x": 4.039329567342073,
  "fwhm_y": 4.269622857142857,
  "fwhm_z": 4.1136,
  "icvs_csf": 0.2095360517324194,
  "icvs_gm": 0.44263376807604793,
  "icvs_wm": 0.34783018019153267,
  "inu_med": 1.5070135593414307,
  "inu_range": 0.6123341381549834,
  "provenance": {
    "md5sum": "53bfdf3862bed14d76131d56f5c49ec9",
    "settings": {
      "testing": false
    },
    "software": "mriqc",
    "version": "0.15.2",
    "warnings": {
      "large_rot_frame": true,
      "small_air_mask": false
    },
    "webapi_port": null,
    "webapi_url": "https://mriqc.nimh.nih.gov/api/v1"
  },
  "qi_1": 8.20966505142707e-05,
  "qi_2": 0.0031142625611080125,
  "rpve_csf": 25.792700665345414,
  "rpve_gm": 13.060756622544938,
  "rpve_wm": 18.765663074778303,
  "size_x": 224,
  "size_y": 256,
  "size_z": 256,
  "snr_csf": 2.950516737365648,
  "snr_gm": 11.470417376165583,
  "snr_total": 10.945569301565063,
  "snr_wm": 18.415773791163957,
  "snrd_csf": 51.563091664571225,
  "snrd_gm": 100.6525220865929,
  "snrd_total": 93.86467065224731,
  "snrd_wm": 129.3783982055778,
  "spacing_x": 0.8799999952316284,
  "spacing_y": 0.875,
  "spacing_z": 0.875,
  "summary_bg_k": 5.987202442237521,
  "summary_bg_mad": 5.063847915375265,
  "summary_bg_mean": 10.177125930786133,
  "summary_bg_median": 9.123952865600586,
  "summary_bg_n": 3218560.0,
  "summary_bg_p05": 3.417892920970917,
  "summary_bg_p95": 21.631929492950437,
  "summary_bg_stdv": 6.074117183685303,
  "summary_csf_k": 2.1055870251142013,
  "summary_csf_mad": 159.45842029043806,
  "summary_csf_mean": 422.3435363769531,
  "summary_csf_median": 398.5546569824219,
  "summary_csf_n": 37049.0,
  "summary_csf_p05": 243.45622558593752,
  "summary_csf_p95": 637.8881225585938,
  "summary_csf_stdv": 135.07778930664062,
  "summary_gm_k": 0.012493683616259688,
  "summary_gm_mad": 67.44600369445024,
  "summary_gm_mean": 779.2542114257812,
  "summary_gm_median": 777.9892578125,
  "summary_gm_n": 38960.0,
  "summary_gm_p05": 672.0040222167968,
  "summary_gm_p95": 895.9608642578124,
  "summary_gm_stdv": 67.82484436035156,
  "summary_wm_k": 0.46031419486515013,
  "summary_wm_mad": 48.861443719743946,
  "summary_wm_mean": 997.8675537109375,
  "summary_wm_median": 1000.024658203125,
  "summary_wm_n": 249913.0,
  "summary_wm_p05": 901.3699829101563,
  "summary_wm_p95": 1084.339208984375,
  "summary_wm_stdv": 54.30250549316406,
  "tpm_overlap_csf": 0.15481241047382355,
  "tpm_overlap_gm": 0.45055294036865234,
  "tpm_overlap_wm": 0.48590922355651855,
  "wm2max": 0.5269263780166302
}