{
  "bids_meta": {
    "AcquisitionMatrixPE": 256,
    "AcquisitionNumber": 1,
    "AcquisitionTime": "11:36:16.140000",
    "BaseResolution": 256,
    "BodyPartExamined": "HEAD",
    "ConsistencyInfo": "N4_VE11C_LATEST_20160120",
    "ConversionSoftware": "dcm2niix",
    "ConversionSoftwareVersion": "v1.0.20200427",
    "DeviceSerialNumber": "45250",
    "DwellTime": 9.2e-06,
    "EchoTime": 0.00218,
    "FlipAngle": 8,
    "ImageOrientationPatientDICOM": [
      0.0155293,
      0.992176,
      0.123881,
      0.0349957,
      0.123281,
      -0.991755
    ],
    "ImageType": [
      "ORIGINAL",
      "PRIMARY",
      "M",
      "NORM",
      "DIS3D",
      "DIS2D"
    ],
    "ImagingFrequency": 123.24,
    "InPlanePhaseEncodingDirectionDICOM": "ROW",
    "InstitutionAddress": "Kopernikusstr._26_Graz_Graz_AT_8010",
    "InstitutionName": "KFU",
    "InstitutionalDepartmentName": "Department",
    "InversionTime": 1,
    "MRAcquisitionType": "3D",
    "MagneticFieldStrength": 3,
    "Manufacturer": "Siemens",
    "ManufacturersModelName": "Skyra",
    "Modality": "MR",
    "ParallelReductionFactorInPlane": 2,
    "PartialFourier": 1,
    "PatientPosition": "HFS",
    "PercentPhaseFOV": 100,
    "PercentSampling": 100,
    "PhaseEncodingSteps": 294,
    "PhaseOversampling": 0.15,
    "PhaseResolution": 1,
    "PixelBandwidth": 210,
    "ProcedureStepDescription": "KFU_BioPsy",
    "ProtocolName": "T1_Pat4_088mm_Pat2_224Sl",
    "PulseSequenceDetails": "%SiemensSeq%_tfl",
    "ReceiveCoilActiveElements": "HEA;HEP",
    "ReceiveCoilName": "Head_32",
    "ReconMatrixPE": 256,
    "RefLinesPE": 24,
    "RepetitionTime": 2.2,
    "SAR": 0.0654129,
    "ScanOptions": "IR_WE",
    "ScanningSequence": "GR_IR",
    "SequenceName": "_tfl3d1_16ns",
    "SequenceVariant": "SK_SP_MP_OSP",
    "SeriesDescription": "T1_Pat4_088mm_Pat2_224Sl",
    "SeriesNumber": 9,
    "ShimSetting": [
      -1105,
      -3053,
      -4384,
      391,
      913,
      491,
      222,
      -963
    ],
    "SliceThickness": 0.88,
    "SoftwareVersions": "syngo_MR_E11",
    "StationName": "FBMTMR1",
    "TxRefAmp": 317.393,
    "acq_id": "MPrageHiRes",
    "dataset": "<unset>",
    "modality": "T1w",
    "session_id": "1",
    "subject_id": "season133"
  },
  "cjv": 0.4530027727202373,
  "cnr": 2.8450278447364235,
  "efc": 0.5507322568259455,
  "fber": 3882.80029296875,
  "fwhm_avg": 4.0671975829882925,
  "fwhm_x": 4.003272748964877,
  "fwhm_y": 4.143714285714286,
  "fwhm_z": 4.054605714285715,
  "icvs_csf": 0.1703489702260523,
  "icvs_gm": 0.4480000779645438,
  "icvs_wm": 0.3816509518094039,
  "inu_med": 1.3964402675628662,
  "inu_range": 0.5015883207321166,
  "provenance": {
    "md5sum": "ada882fa560291e65bd14cda37747c25",
    "settings": {
      "testing": false
    },
    "software": "mriqc",
    "version": "0.15.2",
    "warnings": {
      "large_rot_frame": true,
      "small_air_mask": false
    },
    "webapi_port": null,
    "webapi_url": "https://mriqc.nimh.nih.gov/api/v1"
  },
  "qi_1": 0.0,
  "qi_2": 0.0024344860448754016,
  "rpve_csf": 27.11656454271162,
  "rpve_gm": 11.846377589906355,
  "rpve_wm": 15.799814376899466,
  "size_x": 224,
  "size_y": 256,
  "size_z": 256,
  "snr_csf": 1.7427847684057534,
  "snr_gm": 11.939443615199824,
  "snr_total": 11.933913866359148,
  "snr_wm": 22.11951321547187,
  "snrd_csf": 66.80492356776539,
  "snrd_gm": 119.23660229207086,
  "snrd_total": 113.32834556990242,
  "snrd_wm": 153.94351084987105,
  "spacing_x": 0.8799999952316284,
  "spacing_y": 0.875,
  "spacing_z": 0.875,
  "summary_bg_k": 5.765716928168077,
  "summary_bg_mad": 4.255785054706937,
  "summary_bg_mean": 8.551543235778809,
  "summary_bg_median": 7.675886154174805,
  "summary_bg_n": 3394103.0,
  "summary_bg_p05": 2.8754847049713135,
  "summary_bg_p95": 18.318748474121094,
  "summary_bg_stdv": 5.232023239135742,
  "summary_csf_k": 23.40885439091666,
  "summary_csf_mad": 152.41506435309776,
  "summary_csf_mean": 464.1622009277344,
  "summary_csf_median": 433.96673583984375,
  "summary_csf_n": 27362.0,
  "summary_csf_p05": 244.1630584716797,
  "summary_csf_p95": 670.017739868164,
  "summary_csf_stdv": 249.0030975341797,
  "summary_gm_k": 0.2764272435827215,
  "summary_gm_mad": 61.659384793890084,
  "summary_gm_mean": 777.4805297851562,
  "summary_gm_median": 774.564453125,
  "summary_gm_n": 63755.0,
  "summary_gm_p05": 676.1873291015625,
  "summary_gm_p95": 890.7424011230469,
  "summary_gm_stdv": 64.87390899658203,
  "summary_wm_k": 0.8600850754133096,
  "summary_wm_mad": 40.47330314072812,
  "summary_wm_mean": 998.1104125976562,
  "summary_wm_median": 1000.0215454101562,
  "summary_wm_n": 334406.0,
  "summary_wm_p05": 918.7167358398438,
  "summary_wm_p95": 1068.21728515625,
  "summary_wm_stdv": 45.20985794067383,
  "tpm_overlap_csf": 0.15088383853435516,
  "tpm_overlap_gm": 0.4476943016052246,
  "tpm_overlap_wm": 0.48986706137657166,
  "wm2max": 0.5134039614959792
}