{
  "bids_meta": {
    "AcquisitionMatrixPE": 256,
    "AcquisitionNumber": 1,
    "AcquisitionTime": "08:48:11.182500",
    "BaseResolution": 256,
    "BodyPartExamined": "BRAIN",
    "ConsistencyInfo": "N4_VE11C_LATEST_20160120",
    "ConversionSoftware": "dcm2niix",
    "ConversionSoftwareVersion": "v1.0.20200427",
    "DeviceSerialNumber": "45250",
    "DwellTime": 9.2e-06,
    "EchoTime": 0.00218,
    "FlipAngle": 8,
    "ImageOrientationPatientDICOM": [
      0.00210167,
      0.999877,
      0.0155239,
      0.033896,
      0.0154438,
      -0.999306
    ],
    "ImageType": [
      "ORIGINAL",
      "PRIMARY",
      "M",
      "NORM",
      "DIS3D",
      "DIS2D"
    ],
    "ImagingFrequency": 123.24,
    "InPlanePhaseEncodingDirectionDICOM": "ROW",
    "InstitutionAddress": "Kopernikusstr._26_Graz_Graz_AT_8010",
    "InstitutionName": "KFU",
    "InstitutionalDepartmentName": "Department",
    "InversionTime": 1,
    "MRAcquisitionType": "3D",
    "MagneticFieldStrength": 3,
    "Manufacturer": "Siemens",
    "ManufacturersModelName": "Skyra",
    "Modality": "MR",
    "ParallelReductionFactorInPlane": 2,
    "PartialFourier": 1,
    "PatientPosition": "HFS",
    "PercentPhaseFOV": 100,
    "PercentSampling": 100,
    "PhaseEncodingSteps": 294,
    "PhaseOversampling": 0.15,
    "PhaseResolution": 1,
    "PixelBandwidth": 210,
    "ProcedureStepDescription": "KFU_BioPsy",
    "ProtocolName": "T1_Pat4_088mm_Pat2_224Sl",
    "PulseSequenceDetails": "%SiemensSeq%_tfl",
    "ReceiveCoilActiveElements": "HEA;HEP",
    "ReceiveCoilName": "Head_32",
    "ReconMatrixPE": 256,
    "RefLinesPE": 24,
    "RepetitionTime": 2.2,
    "SAR": 0.056275,
    "ScanOptions": "IR_WE",
    "ScanningSequence": "GR_IR",
    "SequenceName": "_tfl3d1_16ns",
    "SequenceVariant": "SK_SP_MP_OSP",
    "SeriesDescription": "T1_Pat4_088mm_Pat2_224Sl",
    "SeriesNumber": 9,
    "ShimSetting": [
      -1154,
      -2558,
      -4626,
      107,
      716,
      2343,
      211,
      -914
    ],
    "SliceThickness": 0.88,
    "SoftwareVersions": "syngo_MR_E11",
    "StationName": "FBMTMR1",
    "TxRefAmp": 319.332,
    "acq_id": "MPrageHiRes",
    "dataset": "<unset>",
    "modality": "T1w",
    "session_id": "3",
    "subject_id": "season122"
  },
  "cjv": 0.3502502876890206,
  "cnr": 3.67254596450349,
  "efc": 0.5737835995583683,
  "fber": 2979.4814453125,
  "fwhm_avg": 3.8615471065783633,
  "fwhm_x": 3.881772748306517,
  "fwhm_y": 3.841051428571429,
  "fwhm_z": 3.861817142857143,
  "icvs_csf": 0.20264654792926687,
  "icvs_gm": 0.448459350553517,
  "icvs_wm": 0.34889410151721617,
  "inu_med": 1.3660343885421753,
  "inu_range": 0.4370855808258056,
  "provenance": {
    "md5sum": "f1e1ba2c1df2aa7f713d2daa58f80a3b",
    "settings": {
      "testing": false
    },
    "software": "mriqc",
    "version": "0.15.2",
    "warnings": {
      "large_rot_frame": true,
      "small_air_mask": false
    },
    "webapi_port": null,
    "webapi_url": "https://mriqc.nimh.nih.gov/api/v1"
  },
  "qi_1": 0.0,
  "qi_2": 0.0021896648234817507,
  "rpve_csf": 20.45994733593795,
  "rpve_gm": 10.248678803572785,
  "rpve_wm": 14.8412974709345,
  "size_x": 224,
  "size_y": 256,
  "size_z": 256,
  "snr_csf": 0.9368562503164479,
  "snr_gm": 12.399892853535762,
  "snr_total": 12.633256994116886,
  "snr_wm": 24.563021878498446,
  "snrd_csf": 56.24545023027085,
  "snrd_gm": 119.7511438595541,
  "snrd_total": 112.95989691083626,
  "snrd_wm": 162.88309664268382,
  "spacing_x": 0.8799999952316284,
  "spacing_y": 0.875,
  "spacing_z": 0.875,
  "summary_bg_k": 7.539390514397239,
  "summary_bg_mad": 4.022211183010225,
  "summary_bg_mean": 8.446111679077148,
  "summary_bg_median": 7.225170135498047,
  "summary_bg_n": 2764643.0,
  "summary_bg_p05": 2.7020621299743652,
  "summary_bg_p95": 18.00050277709961,
  "summary_bg_stdv": 5.113849639892578,
  "summary_csf_k": 21.637783451578624,
  "summary_csf_mad": 101.16959373225278,
  "summary_csf_mean": 441.0965270996094,
  "summary_csf_median": 345.3190612792969,
  "summary_csf_n": 58290.0,
  "summary_csf_p05": 235.5837371826172,
  "summary_csf_p95": 918.9821685790967,
  "summary_csf_stdv": 368.59027099609375,
  "summary_gm_k": 0.4968305354990705,
  "summary_gm_mad": 56.301330597116696,
  "summary_gm_mean": 736.0997314453125,
  "summary_gm_median": 735.21240234375,
  "summary_gm_n": 70127.0,
  "summary_gm_p05": 640.4529602050782,
  "summary_gm_p95": 834.8844787597656,
  "summary_gm_stdv": 59.291412353515625,
  "summary_wm_k": 1.025602991303069,
  "summary_wm_mad": 36.447998301507866,
  "summary_wm_mean": 998.9015502929688,
  "summary_wm_median": 1000.0211181640625,
  "summary_wm_n": 335878.0,
  "summary_wm_p05": 930.1350189208985,
  "summary_wm_p95": 1063.1823425292969,
  "summary_wm_stdv": 40.71240234375,
  "tpm_overlap_csf": 0.1517356038093567,
  "tpm_overlap_gm": 0.4387527406215668,
  "tpm_overlap_wm": 0.47021031379699707,
  "wm2max": 0.5038007876130517
}