{
  "bids_meta": {
    "AcquisitionMatrixPE": 256,
    "AcquisitionNumber": 1,
    "AcquisitionTime": "08:21:26.160000",
    "BaseResolution": 256,
    "BodyPartExamined": "BRAIN",
    "ConsistencyInfo": "N4_VE11C_LATEST_20160120",
    "ConversionSoftware": "dcm2niix",
    "ConversionSoftwareVersion": "v1.0.20200427",
    "DeviceSerialNumber": "45250",
    "DwellTime": 9.2e-06,
    "EchoTime": 0.00218,
    "FlipAngle": 8,
    "ImageOrientationPatientDICOM": [
      -0.0083477,
      0.999404,
      0.0335017,
      -0.0120449,
      0.0334,
      -0.99937
    ],
    "ImageType": [
      "ORIGINAL",
      "PRIMARY",
      "M",
      "NORM",
      "DIS3D",
      "DIS2D"
    ],
    "ImagingFrequency": 123.24,
    "InPlanePhaseEncodingDirectionDICOM": "ROW",
    "InstitutionAddress": "Kopernikusstr._26_Graz_Graz_AT_8010",
    "InstitutionName": "KFU",
    "InstitutionalDepartmentName": "Department",
    "InversionTime": 1,
    "MRAcquisitionType": "3D",
    "MagneticFieldStrength": 3,
    "Manufacturer": "Siemens",
    "ManufacturersModelName": "Skyra",
    "Modality": "MR",
    "ParallelReductionFactorInPlane": 2,
    "PartialFourier": 1,
    "PatientPosition": "HFS",
    "PercentPhaseFOV": 100,
    "PercentSampling": 100,
    "PhaseEncodingSteps": 294,
    "PhaseOversampling": 0.15,
    "PhaseResolution": 1,
    "PixelBandwidth": 210,
    "ProcedureStepDescription": "KFU_BioPsy",
    "ProtocolName": "T1_Pat4_088mm_Pat2_224Sl",
    "PulseSequenceDetails": "%SiemensSeq%_tfl",
    "ReceiveCoilActiveElements": "HEA;HEP",
    "ReceiveCoilName": "Head_32",
    "ReconMatrixPE": 256,
    "RefLinesPE": 24,
    "RepetitionTime": 2.2,
    "SAR": 0.0531919,
    "ScanOptions": "IR_WE",
    "ScanningSequence": "GR_IR",
    "SequenceName": "_tfl3d1_16ns",
    "SequenceVariant": "SK_SP_MP_OSP",
    "SeriesDescription": "T1_Pat4_088mm_Pat2_224Sl",
    "SeriesNumber": 9,
    "ShimSetting": [
      -1127,
      -3105,
      -4379,
      303,
      951,
      256,
      184,
      -903
    ],
    "SliceThickness": 0.88,
    "SoftwareVersions": "syngo_MR_E11",
    "StationName": "FBMTMR1",
    "TxRefAmp": 332.449,
    "acq_id": "MPrageHiRes",
    "dataset": "<unset>",
    "modality": "T1w",
    "session_id": "3",
    "subject_id": "season121"
  },
  "cjv": 0.5284601701053627,
  "cnr": 2.452741399057731,
  "efc": 0.6302839881032267,
  "fber": 2908.401123046875,
  "fwhm_avg": 4.0297331889130845,
  "fwhm_x": 3.9280795667392536,
  "fwhm_y": 4.118068571428571,
  "fwhm_z": 4.043051428571428,
  "icvs_csf": 0.16736378024560003,
  "icvs_gm": 0.4559214291865906,
  "icvs_wm": 0.3767147905678093,
  "inu_med": 1.4388060569763184,
  "inu_range": 0.5505183815956116,
  "provenance": {
    "md5sum": "496d9d093074415e9af37caabbafa7cf",
    "settings": {
      "testing": false
    },
    "software": "mriqc",
    "version": "0.15.2",
    "warnings": {
      "large_rot_frame": true,
      "small_air_mask": false
    },
    "webapi_port": null,
    "webapi_url": "https://mriqc.nimh.nih.gov/api/v1"
  },
  "qi_1": 0.0,
  "qi_2": 0.0014177006289388069,
  "rpve_csf": 23.161460040804243,
  "rpve_gm": 9.878268357494205,
  "rpve_wm": 13.576512604885256,
  "size_x": 224,
  "size_y": 256,
  "size_z": 256,
  "snr_csf": 1.4548476957635688,
  "snr_gm": 9.814974052626772,
  "snr_total": 10.669749686925876,
  "snr_wm": 20.73942731238729,
  "snrd_csf": 44.2443908338135,
  "snrd_gm": 101.02577810973519,
  "snrd_total": 91.99948061856202,
  "snrd_wm": 130.72827291213736,
  "spacing_x": 0.8799999952316284,
  "spacing_y": 0.875,
  "spacing_z": 0.875,
  "summary_bg_k": 9.189918683593552,
  "summary_bg_mad": 5.011617723236979,
  "summary_bg_mean": 11.457381248474121,
  "summary_bg_median": 9.608756065368652,
  "summary_bg_n": 2952966.0,
  "summary_bg_p05": 3.203852653503418,
  "summary_bg_p95": 25.463751316070557,
  "summary_bg_stdv": 7.545445442199707,
  "summary_csf_k": 39.477745976512985,
  "summary_csf_mad": 98.63915262280567,
  "summary_csf_mean": 401.7978820800781,
  "summary_csf_median": 338.4577331542969,
  "summary_csf_n": 35695.0,
  "summary_csf_p05": 237.91437530517578,
  "summary_csf_p95": 656.6428527832026,
  "summary_csf_stdv": 232.63809204101562,
  "summary_gm_k": 0.450351854051283,
  "summary_gm_mad": 74.63604531271082,
  "summary_gm_mean": 780.1069946289062,
  "summary_gm_median": 772.8201293945312,
  "summary_gm_n": 67586.0,
  "summary_gm_p05": 664.9495849609375,
  "summary_gm_p95": 926.5251770019531,
  "summary_gm_stdv": 78.7383041381836,
  "summary_wm_k": 0.5690119460952392,
  "summary_wm_mad": 45.43862701350772,
  "summary_wm_mean": 999.5045166015625,
  "summary_wm_median": 1000.0362548828125,
  "summary_wm_n": 385249.0,
  "summary_wm_p05": 919.4991333007813,
  "summary_wm_p95": 1077.1369873046874,
  "summary_wm_stdv": 48.219024658203125,
  "tpm_overlap_csf": 0.1614692062139511,
  "tpm_overlap_gm": 0.44976186752319336,
  "tpm_overlap_wm": 0.4899428188800812,
  "wm2max": 0.43510549953341904
}