{
  "bids_meta": {
    "AcquisitionMatrixPE": 256,
    "AcquisitionNumber": 1,
    "AcquisitionTime": "14:34:1.182500",
    "BaseResolution": 256,
    "BodyPartExamined": "HEAD",
    "ConsistencyInfo": "N4_VE11C_LATEST_20160120",
    "ConversionSoftware": "dcm2niix",
    "ConversionSoftwareVersion": "v1.0.20200427",
    "DeviceSerialNumber": "45250",
    "DwellTime": 9.2e-06,
    "EchoTime": 0.00218,
    "FlipAngle": 8,
    "ImageOrientationPatientDICOM": [
      -0.063586,
      0.995413,
      0.0714891,
      0.0107203,
      0.0723112,
      -0.997325
    ],
    "ImageType": [
      "ORIGINAL",
      "PRIMARY",
      "M",
      "NORM",
      "DIS3D",
      "DIS2D"
    ],
    "ImagingFrequency": 123.24,
    "InPlanePhaseEncodingDirectionDICOM": "ROW",
    "InstitutionAddress": "Kopernikusstr._26_Graz_Graz_AT_8010",
    "InstitutionName": "KFU",
    "InstitutionalDepartmentName": "Department",
    "InversionTime": 1,
    "MRAcquisitionType": "3D",
    "MagneticFieldStrength": 3,
    "Manufacturer": "Siemens",
    "ManufacturersModelName": "Skyra",
    "Modality": "MR",
    "ParallelReductionFactorInPlane": 2,
    "PartialFourier": 1,
    "PatientPosition": "HFS",
    "PercentPhaseFOV": 100,
    "PercentSampling": 100,
    "PhaseEncodingSteps": 294,
    "PhaseOversampling": 0.15,
    "PhaseResolution": 1,
    "PixelBandwidth": 210,
    "ProcedureStepDescription": "KFU_BioPsy",
    "ProtocolName": "T1_Pat4_088mm_Pat2_224Sl",
    "PulseSequenceDetails": "%SiemensSeq%_tfl",
    "ReceiveCoilActiveElements": "HEA;HEP",
    "ReceiveCoilName": "Head_32",
    "ReconMatrixPE": 256,
    "RefLinesPE": 24,
    "RepetitionTime": 2.2,
    "SAR": 0.0552253,
    "ScanOptions": "IR_WE",
    "ScanningSequence": "GR_IR",
    "SequenceName": "_tfl3d1_16ns",
    "SequenceVariant": "SK_SP_MP_OSP",
    "SeriesDescription": "T1_Pat4_088mm_Pat2_224Sl",
    "SeriesNumber": 9,
    "ShimSetting": [
      -1123,
      -3182,
      -4323,
      419,
      903,
      226,
      498,
      -972
    ],
    "SliceThickness": 0.88,
    "SoftwareVersions": "syngo_MR_E11",
    "StationName": "FBMTMR1",
    "TxRefAmp": 339.667,
    "acq_id": "MPrageHiRes",
    "dataset": "<unset>",
    "modality": "T1w",
    "session_id": "1",
    "subject_id": "season139"
  },
  "cjv": 0.5392517368054034,
  "cnr": 2.408252980972351,
  "efc": 0.616439132210325,
  "fber": 3987.740478515625,
  "fwhm_avg": 4.0943195527339675,
  "fwhm_x": 4.030238658201903,
  "fwhm_y": 4.165634285714286,
  "fwhm_z": 4.087085714285714,
  "icvs_csf": 0.19335593754494704,
  "icvs_gm": 0.42729280293495403,
  "icvs_wm": 0.37935125952009896,
  "inu_med": 1.4353978633880615,
  "inu_range": 0.5160994231700897,
  "provenance": {
    "md5sum": "1551d830308e4df3ccf8dda8e7b70f11",
    "settings": {
      "testing": false
    },
    "software": "mriqc",
    "version": "0.15.2",
    "warnings": {
      "large_rot_frame": true,
      "small_air_mask": false
    },
    "webapi_port": null,
    "webapi_url": "https://mriqc.nimh.nih.gov/api/v1"
  },
  "qi_1": 0.0,
  "qi_2": 0.0017474133861817738,
  "rpve_csf": 22.949001416977566,
  "rpve_gm": 11.287338758062097,
  "rpve_wm": 14.840052692600011,
  "size_x": 224,
  "size_y": 256,
  "size_z": 256,
  "snr_csf": 2.3231416211890243,
  "snr_gm": 10.402040237679419,
  "snr_total": 11.377955396691357,
  "snr_wm": 21.40868433120563,
  "snrd_csf": 52.78942619062537,
  "snrd_gm": 119.78273612792749,
  "snrd_total": 108.34434428283502,
  "snrd_wm": 152.46087052995222,
  "spacing_x": 0.8799999952316284,
  "spacing_y": 0.875,
  "spacing_z": 0.875,
  "summary_bg_k": 9.655661698446465,
  "summary_bg_mad": 4.297264508731432,
  "summary_bg_mean": 9.284402847290039,
  "summary_bg_median": 7.678924560546875,
  "summary_bg_n": 3097912.0,
  "summary_bg_p05": 2.861948251724243,
  "summary_bg_p95": 20.00868844985962,
  "summary_bg_stdv": 5.901771545410156,
  "summary_csf_k": 55.280865047342616,
  "summary_csf_mad": 94.7769123098151,
  "summary_csf_mean": 376.53125,
  "summary_csf_median": 346.26397705078125,
  "summary_csf_n": 38501.0,
  "summary_csf_p05": 235.3377685546875,
  "summary_csf_p95": 590.1370849609375,
  "summary_csf_stdv": 149.04794311523438,
  "summary_gm_k": 0.2861017494998941,
  "summary_gm_mad": 72.87907481255793,
  "summary_gm_mean": 790.2811889648438,
  "summary_gm_median": 785.6961059570312,
  "summary_gm_n": 45723.0,
  "summary_gm_p05": 675.9477416992187,
  "summary_gm_p95": 924.2468566894531,
  "summary_gm_stdv": 75.53205871582031,
  "summary_wm_k": 0.790053093470418,
  "summary_wm_mad": 42.707974880596026,
  "summary_wm_mean": 999.8241577148438,
  "summary_wm_median": 1000.043212890625,
  "summary_wm_n": 345588.0,
  "summary_wm_p05": 922.0290405273438,
  "summary_wm_p95": 1075.1563598632813,
  "summary_wm_stdv": 46.71196746826172,
  "tpm_overlap_csf": 0.18072354793548584,
  "tpm_overlap_gm": 0.4501717686653137,
  "tpm_overlap_wm": 0.5115695595741272,
  "wm2max": 0.4939325751318613
}