{
  "bids_meta": {
    "AcquisitionMatrixPE": 256,
    "AcquisitionNumber": 1,
    "AcquisitionTime": "11:25:15.850000",
    "BaseResolution": 256,
    "BodyPartExamined": "HEAD",
    "ConsistencyInfo": "N4_VE11C_LATEST_20160120",
    "ConversionSoftware": "dcm2niix",
    "ConversionSoftwareVersion": "v1.0.20200427",
    "DeviceSerialNumber": "45250",
    "EchoTime": 0.00218,
    "FlipAngle": 8,
    "ImageOrientationPatientDICOM": [
      0.0840227,
      0.996389,
      0.0122026,
      -0.0473292,
      0.0162226,
      -0.998748
    ],
    "ImageType": [
      "ORIGINAL",
      "PRIMARY",
      "M",
      "NORM",
      "DIS3D",
      "DIS2D"
    ],
    "ImagingFrequency": 123.239,
    "InPlanePhaseEncodingDirectionDICOM": "ROW",
    "InstitutionAddress": "Kopernikusstr._26_Graz_Graz_AT_8010",
    "InstitutionName": "KFU",
    "InversionTime": 1,
    "MRAcquisitionType": "3D",
    "MagneticFieldStrength": 3,
    "Manufacturer": "Siemens",
    "ManufacturersModelName": "Skyra",
    "Modality": "MR",
    "ParallelReductionFactorInPlane": 2,
    "PartialFourier": 1,
    "PatientPosition": "HFS",
    "PercentPhaseFOV": 100,
    "PercentSampling": 100,
    "PhaseEncodingSteps": 294,
    "PhaseOversampling": 0.15,
    "PhaseResolution": 1,
    "PixelBandwidth": 210,
    "ProcedureStepDescription": "BioPsy_2018",
    "ProtocolName": "anat-T1w",
    "PulseSequenceDetails": "%SiemensSeq%_tfl",
    "ReceiveCoilActiveElements": "HEA;HEP",
    "ReceiveCoilName": "Head_32",
    "ReconMatrixPE": 256,
    "RefLinesPE": 24,
    "RepetitionTime": 2.2,
    "SAR": 0.0586144,
    "ScanOptions": "IR_WE",
    "ScanningSequence": "GR_IR",
    "SequenceName": "_tfl3d1_16ns",
    "SequenceVariant": "SK_SP_MP_OSP",
    "SeriesDescription": "anat-T1w",
    "SeriesNumber": 9,
    "ShimSetting": [
      -1135,
      -3139,
      -4310,
      397,
      1005,
      238,
      182,
      -792
    ],
    "SliceThickness": 0.88,
    "SoftwareVersions": "syngo_MR_E11",
    "StationName": "FBMTMR1",
    "TxRefAmp": 326.16,
    "acq_id": "MPrageHiRes",
    "dataset": "<unset>",
    "modality": "T1w",
    "session_id": "2",
    "subject_id": "season205"
  },
  "cjv": 0.5744004820814013,
  "cnr": 2.2569301892271314,
  "efc": 0.5585356610190889,
  "fber": 3102.812255859375,
  "fwhm_avg": 3.985210396875917,
  "fwhm_x": 4.022545476342036,
  "fwhm_y": 3.9615771428571427,
  "fwhm_z": 3.9715085714285716,
  "icvs_csf": 0.19900409490346535,
  "icvs_gm": 0.42994249372592813,
  "icvs_wm": 0.37105341137060655,
  "inu_med": 1.4543828964233398,
  "inu_range": 0.510152471065521,
  "provenance": {
    "md5sum": "ee8a809140bfdab079ef549657a2c6b1",
    "settings": {
      "testing": false
    },
    "software": "mriqc",
    "version": "0.15.2",
    "warnings": {
      "large_rot_frame": true,
      "small_air_mask": false
    },
    "webapi_port": null,
    "webapi_url": "https://mriqc.nimh.nih.gov/api/v1"
  },
  "qi_1": 0.0,
  "qi_2": 0.0036978125974464937,
  "rpve_csf": 25.85510594020938,
  "rpve_gm": 12.947761027179254,
  "rpve_wm": 17.633811638696667,
  "size_x": 224,
  "size_y": 256,
  "size_z": 256,
  "snr_csf": 2.346607343435138,
  "snr_gm": 10.530216981942456,
  "snr_total": 11.6714213460018,
  "snr_wm": 22.137439712627806,
  "snrd_csf": 59.21674067987991,
  "snrd_gm": 114.70274713977805,
  "snrd_total": 105.75733473573202,
  "snrd_wm": 143.3525163875381,
  "spacing_x": 0.8799999952316284,
  "spacing_y": 0.875,
  "spacing_z": 0.875,
  "summary_bg_k": 5.904303729643942,
  "summary_bg_mad": 4.570247856074447,
  "summary_bg_mean": 9.40540599822998,
  "summary_bg_median": 8.231757164001465,
  "summary_bg_n": 2804507.0,
  "summary_bg_p05": 3.0789080381393434,
  "summary_bg_p95": 19.088124275207512,
  "summary_bg_stdv": 5.2199015617370605,
  "summary_csf_k": 32.11227196517849,
  "summary_csf_mad": 164.38037641949091,
  "summary_csf_mean": 439.3278503417969,
  "summary_csf_median": 413.09747314453125,
  "summary_csf_n": 35730.0,
  "summary_csf_p05": 249.44299087524416,
  "summary_csf_p95": 649.1220825195312,
  "summary_csf_stdv": 176.037841796875,
  "summary_gm_k": 0.12610894175032872,
  "summary_gm_mad": 73.96514609103109,
  "summary_gm_mean": 805.3790893554688,
  "summary_gm_median": 800.1692504882812,
  "summary_gm_n": 37105.0,
  "summary_gm_p05": 690.3338989257813,
  "summary_gm_p95": 942.2597045898436,
  "summary_gm_stdv": 75.98689270019531,
  "summary_wm_k": 0.7193495467206223,
  "summary_wm_mad": 40.835402309267565,
  "summary_wm_mean": 1000.8768310546875,
  "summary_wm_median": 1000.03076171875,
  "summary_wm_n": 285788.0,
  "summary_wm_p05": 926.7051574707032,
  "summary_wm_p95": 1076.0174560546875,
  "summary_wm_stdv": 45.17365264892578,
  "tpm_overlap_csf": 0.17513613402843475,
  "tpm_overlap_gm": 0.4587453603744507,
  "tpm_overlap_wm": 0.5030491352081299,
  "wm2max": 0.49631571062787033
}