{
  "bids_meta": {
    "AcquisitionMatrixPE": 256,
    "AcquisitionNumber": 1,
    "AcquisitionTime": "08:48:59.167500",
    "BaseResolution": 256,
    "BodyPartExamined": "BRAIN",
    "ConsistencyInfo": "N4_VE11C_LATEST_20160120",
    "ConversionSoftware": "dcm2niix",
    "ConversionSoftwareVersion": "v1.0.20200427",
    "DeviceSerialNumber": "45250",
    "DwellTime": 9.2e-06,
    "EchoTime": 0.00218,
    "FlipAngle": 8,
    "ImageOrientationPatientDICOM": [
      -0.0625335,
      0.993537,
      0.0947342,
      0.0323292,
      0.0968867,
      -0.99477
    ],
    "ImageType": [
      "ORIGINAL",
      "PRIMARY",
      "M",
      "NORM",
      "DIS3D",
      "DIS2D"
    ],
    "ImagingFrequency": 123.24,
    "InPlanePhaseEncodingDirectionDICOM": "ROW",
    "InstitutionAddress": "Kopernikusstr._26_Graz_Graz_AT_8010",
    "InstitutionName": "KFU",
    "InstitutionalDepartmentName": "Department",
    "InversionTime": 1,
    "MRAcquisitionType": "3D",
    "MagneticFieldStrength": 3,
    "Manufacturer": "Siemens",
    "ManufacturersModelName": "Skyra",
    "Modality": "MR",
    "ParallelReductionFactorInPlane": 2,
    "PartialFourier": 1,
    "PatientPosition": "HFS",
    "PercentPhaseFOV": 100,
    "PercentSampling": 100,
    "PhaseEncodingSteps": 294,
    "PhaseOversampling": 0.15,
    "PhaseResolution": 1,
    "PixelBandwidth": 210,
    "ProcedureStepDescription": "KFU_BioPsy",
    "ProtocolName": "T1_Pat4_088mm_Pat2_224Sl",
    "PulseSequenceDetails": "%SiemensSeq%_tfl",
    "ReceiveCoilActiveElements": "HEA;HEP",
    "ReceiveCoilName": "Head_32",
    "ReconMatrixPE": 256,
    "RefLinesPE": 24,
    "RepetitionTime": 2.2,
    "SAR": 0.0569351,
    "ScanOptions": "IR_WE",
    "ScanningSequence": "GR_IR",
    "SequenceName": "_tfl3d1_16ns",
    "SequenceVariant": "SK_SP_MP_OSP",
    "SeriesDescription": "T1_Pat4_088mm_Pat2_224Sl",
    "SeriesNumber": 9,
    "ShimSetting": [
      -1130,
      -3186,
      -4470,
      556,
      805,
      85,
      514,
      -939
    ],
    "SliceThickness": 0.88,
    "SoftwareVersions": "syngo_MR_E11",
    "StationName": "FBMTMR1",
    "TxRefAmp": 322.423,
    "acq_id": "MPrageHiRes",
    "dataset": "<unset>",
    "modality": "T1w",
    "session_id": "2",
    "subject_id": "season128"
  },
  "cjv": 0.4111425706997918,
  "cnr": 3.1744208347142444,
  "efc": 0.5593439020923218,
  "fber": 2841.081298828125,
  "fwhm_avg": 4.144600158857217,
  "fwhm_x": 4.064920476571649,
  "fwhm_y": 4.183314285714286,
  "fwhm_z": 4.1855657142857146,
  "icvs_csf": 0.19154987379651692,
  "icvs_gm": 0.44602770487861637,
  "icvs_wm": 0.3624224213248667,
  "inu_med": 1.4121203422546387,
  "inu_range": 0.48284154534339896,
  "provenance": {
    "md5sum": "3e21dc266e6a6bdf9e64ced89c132980",
    "settings": {
      "testing": false
    },
    "software": "mriqc",
    "version": "0.15.2",
    "warnings": {
      "large_rot_frame": true,
      "small_air_mask": false
    },
    "webapi_port": null,
    "webapi_url": "https://mriqc.nimh.nih.gov/api/v1"
  },
  "qi_1": 0.0,
  "qi_2": 0.0020859010234600007,
  "rpve_csf": 24.177237855482186,
  "rpve_gm": 11.529394414319903,
  "rpve_wm": 16.167716266354226,
  "size_x": 224,
  "size_y": 256,
  "size_z": 256,
  "snr_csf": 1.4453544632233999,
  "snr_gm": 11.683060612395435,
  "snr_total": 12.050850227014438,
  "snr_wm": 23.02413560542448,
  "snrd_csf": 45.98118557656791,
  "snrd_gm": 105.66225774807407,
  "snrd_total": 97.34945677035005,
  "snrd_wm": 140.40492698640816,
  "spacing_x": 0.8799999952316284,
  "spacing_y": 0.875,
  "spacing_z": 0.875,
  "summary_bg_k": 6.6954904267266055,
  "summary_bg_mad": 4.66615685426406,
  "summary_bg_mean": 10.987579345703125,
  "summary_bg_median": 9.373193740844727,
  "summary_bg_n": 3241379.0,
  "summary_bg_p05": 3.1220526695251465,
  "summary_bg_p95": 22.760264778137202,
  "summary_bg_stdv": 6.380855083465576,
  "summary_csf_k": 49.82564407235511,
  "summary_csf_mad": 87.05528214586293,
  "summary_csf_mean": 376.1513977050781,
  "summary_csf_median": 327.4973449707031,
  "summary_csf_n": 45323.0,
  "summary_csf_p05": 223.1949203491211,
  "summary_csf_p95": 593.804510498047,
  "summary_csf_stdv": 226.58367919921875,
  "summary_gm_k": 0.1436615220827382,
  "summary_gm_mad": 63.184879679117586,
  "summary_gm_mean": 754.56005859375,
  "summary_gm_median": 752.571044921875,
  "summary_gm_n": 57050.0,
  "summary_gm_p05": 653.7090606689453,
  "summary_gm_p95": 866.6189392089843,
  "summary_gm_stdv": 64.41500854492188,
  "summary_wm_k": 1.1789176415580602,
  "summary_wm_mad": 38.553132378058464,
  "summary_wm_mean": 998.38525390625,
  "summary_wm_median": 1000.02294921875,
  "summary_wm_n": 320986.0,
  "summary_wm_p05": 923.9583892822266,
  "summary_wm_p95": 1065.3520812988281,
  "summary_wm_stdv": 43.43361282348633,
  "tpm_overlap_csf": 0.1582811176776886,
  "tpm_overlap_gm": 0.4383721947669983,
  "tpm_overlap_wm": 0.48386362195014954,
  "wm2max": 0.5042653905947968
}