{
  "bids_meta": {
    "AcquisitionMatrixPE": 256,
    "AcquisitionNumber": 1,
    "AcquisitionTime": "12:42:32.097500",
    "BaseResolution": 256,
    "BodyPartExamined": "HEAD",
    "ConsistencyInfo": "N4_VE11C_LATEST_20160120",
    "ConversionSoftware": "dcm2niix",
    "ConversionSoftwareVersion": "v1.0.20200427",
    "DeviceSerialNumber": "45250",
    "DwellTime": 9.2e-06,
    "EchoTime": 0.00218,
    "FlipAngle": 8,
    "ImageOrientationPatientDICOM": [
      0.00687606,
      0.99994,
      -0.00854993,
      -0.0220018,
      -0.00839678,
      -0.999723
    ],
    "ImageType": [
      "ORIGINAL",
      "PRIMARY",
      "M",
      "NORM",
      "DIS3D",
      "DIS2D"
    ],
    "ImagingFrequency": 123.24,
    "InPlanePhaseEncodingDirectionDICOM": "ROW",
    "InstitutionAddress": "Kopernikusstr._26_Graz_Graz_AT_8010",
    "InstitutionName": "KFU",
    "InstitutionalDepartmentName": "Department",
    "InversionTime": 1,
    "MRAcquisitionType": "3D",
    "MagneticFieldStrength": 3,
    "Manufacturer": "Siemens",
    "ManufacturersModelName": "Skyra",
    "Modality": "MR",
    "ParallelReductionFactorInPlane": 2,
    "PartialFourier": 1,
    "PatientPosition": "HFS",
    "PercentPhaseFOV": 100,
    "PercentSampling": 100,
    "PhaseEncodingSteps": 294,
    "PhaseOversampling": 0.15,
    "PhaseResolution": 1,
    "PixelBandwidth": 210,
    "ProcedureStepDescription": "BioPsy_2018",
    "ProtocolName": "anat-T1w",
    "PulseSequenceDetails": "%SiemensSeq%_tfl",
    "ReceiveCoilActiveElements": "HEA;HEP",
    "ReceiveCoilName": "Head_32",
    "ReconMatrixPE": 256,
    "RefLinesPE": 24,
    "RepetitionTime": 2.2,
    "SAR": 0.0584568,
    "ScanOptions": "IR_WE",
    "ScanningSequence": "GR_IR",
    "SequenceName": "_tfl3d1_16ns",
    "SequenceVariant": "SK_SP_MP_OSP",
    "SeriesDescription": "anat-T1w",
    "SeriesNumber": 9,
    "ShimSetting": [
      -1069,
      -3049,
      -4614,
      369,
      1265,
      263,
      302,
      -1239
    ],
    "SliceThickness": 0.88,
    "SoftwareVersions": "syngo_MR_E11",
    "StationName": "FBMTMR1",
    "TxRefAmp": 322.96,
    "acq_id": "MPrageHiRes",
    "dataset": "<unset>",
    "modality": "T1w",
    "session_id": "2",
    "subject_id": "season212"
  },
  "cjv": 0.5576259427868141,
  "cnr": 2.3667686549091775,
  "efc": 0.570396907407103,
  "fber": 3386.343505859375,
  "fwhm_avg": 4.208996977327431,
  "fwhm_x": 4.224590931982295,
  "fwhm_y": 4.284457142857143,
  "fwhm_z": 4.117942857142857,
  "icvs_csf": 0.19235463537105998,
  "icvs_gm": 0.436519550274735,
  "icvs_wm": 0.37112581435420505,
  "inu_med": 1.4975817203521729,
  "inu_range": 0.5938137114048001,
  "provenance": {
    "md5sum": "e200df4a26e5c86b361a9ad888cce76b",
    "settings": {
      "testing": false
    },
    "software": "mriqc",
    "version": "0.15.2",
    "warnings": {
      "large_rot_frame": true,
      "small_air_mask": false
    },
    "webapi_port": null,
    "webapi_url": "https://mriqc.nimh.nih.gov/api/v1"
  },
  "qi_1": 0.0,
  "qi_2": 0.0018144688253598812,
  "rpve_csf": 26.50178359096314,
  "rpve_gm": 12.805154450416918,
  "rpve_wm": 17.396452627120162,
  "size_x": 224,
  "size_y": 256,
  "size_z": 256,
  "snr_csf": 3.021052689749792,
  "snr_gm": 11.440175684070555,
  "snr_total": 11.72033716802268,
  "snr_wm": 20.699783130247695,
  "snrd_csf": 56.037743678608265,
  "snrd_gm": 113.53487037298473,
  "snrd_total": 103.91486645437203,
  "snrd_wm": 142.17198531152314,
  "spacing_x": 0.8799999952316284,
  "spacing_y": 0.875,
  "spacing_z": 0.875,
  "summary_bg_k": 9.7533795372413,
  "summary_bg_mad": 4.608183320478082,
  "summary_bg_mean": 9.74851131439209,
  "summary_bg_median": 8.287103652954102,
  "summary_bg_n": 3348051.0,
  "summary_bg_p05": 3.0986130237579346,
  "summary_bg_p95": 20.694506645202637,
  "summary_bg_stdv": 6.053858280181885,
  "summary_csf_k": 2.2193414718827587,
  "summary_csf_mad": 141.7105840348121,
  "summary_csf_mean": 423.0456237792969,
  "summary_csf_median": 394.1655578613281,
  "summary_csf_n": 31411.0,
  "summary_csf_p05": 251.8137664794922,
  "summary_csf_p95": 634.1084899902344,
  "summary_csf_stdv": 130.47084045410156,
  "summary_gm_k": 0.05091725127012081,
  "summary_gm_mad": 68.96231375758435,
  "summary_gm_mean": 800.09765625,
  "summary_gm_median": 798.5963134765625,
  "summary_gm_n": 45252.0,
  "summary_gm_p05": 689.77470703125,
  "summary_gm_p95": 920.0241638183593,
  "summary_gm_stdv": 69.80552673339844,
  "summary_wm_k": 0.7175182545144061,
  "summary_wm_mad": 43.36109264866636,
  "summary_wm_mean": 999.9034423828125,
  "summary_wm_median": 1000.0277709960938,
  "summary_wm_n": 305516.0,
  "summary_wm_p05": 918.37744140625,
  "summary_wm_p95": 1078.8721313476562,
  "summary_wm_stdv": 48.31094741821289,
  "tpm_overlap_csf": 0.1629745215177536,
  "tpm_overlap_gm": 0.46201837062835693,
  "tpm_overlap_wm": 0.5107237100601196,
  "wm2max": 0.5687991648269322
}