{
  "bids_meta": {
    "AcquisitionMatrixPE": 256,
    "AcquisitionNumber": 1,
    "AcquisitionTime": "11:38:50.107500",
    "BaseResolution": 256,
    "BodyPartExamined": "HEAD",
    "ConsistencyInfo": "N4_VE11C_LATEST_20160120",
    "ConversionSoftware": "dcm2niix",
    "ConversionSoftwareVersion": "v1.0.20200427",
    "DeviceSerialNumber": "45250",
    "DwellTime": 9.2e-06,
    "EchoTime": 0.00218,
    "FlipAngle": 8,
    "ImageOrientationPatientDICOM": [
      0.0899057,
      0.981208,
      0.170725,
      0.0142639,
      0.170133,
      -0.985318
    ],
    "ImageType": [
      "ORIGINAL",
      "PRIMARY",
      "M",
      "NORM",
      "DIS3D",
      "DIS2D"
    ],
    "ImagingFrequency": 123.239,
    "InPlanePhaseEncodingDirectionDICOM": "ROW",
    "InstitutionAddress": "Kopernikusstr._26_Graz_Graz_AT_8010",
    "InstitutionName": "KFU",
    "InstitutionalDepartmentName": "Department",
    "InversionTime": 1,
    "MRAcquisitionType": "3D",
    "MagneticFieldStrength": 3,
    "Manufacturer": "Siemens",
    "ManufacturersModelName": "Skyra",
    "Modality": "MR",
    "ParallelReductionFactorInPlane": 2,
    "PartialFourier": 1,
    "PatientPosition": "HFS",
    "PercentPhaseFOV": 100,
    "PercentSampling": 100,
    "PhaseEncodingSteps": 294,
    "PhaseOversampling": 0.15,
    "PhaseResolution": 1,
    "PixelBandwidth": 210,
    "ProcedureStepDescription": "BioPsy_2018",
    "ProtocolName": "anat-T1w",
    "PulseSequenceDetails": "%SiemensSeq%_tfl",
    "ReceiveCoilActiveElements": "HEA;HEP",
    "ReceiveCoilName": "Head_32",
    "ReconMatrixPE": 256,
    "RefLinesPE": 24,
    "RepetitionTime": 2.2,
    "SAR": 0.0585266,
    "ScanOptions": "IR_WE",
    "ScanningSequence": "GR_IR",
    "SequenceName": "_tfl3d1_16ns",
    "SequenceVariant": "SK_SP_MP_OSP",
    "SeriesDescription": "anat-T1w",
    "SeriesNumber": 9,
    "ShimSetting": [
      -1120,
      -3119,
      -4272,
      385,
      806,
      581,
      99,
      -812
    ],
    "SliceThickness": 0.88,
    "SoftwareVersions": "syngo_MR_E11",
    "StationName": "FBMTMR1",
    "TxRefAmp": 326.163,
    "acq_id": "MPrageHiRes",
    "dataset": "<unset>",
    "modality": "T1w",
    "session_id": "1",
    "subject_id": "season207"
  },
  "cjv": 0.43055406885177844,
  "cnr": 2.823436102045434,
  "efc": 0.6044011291089822,
  "fber": 3256.504638671875,
  "fwhm_avg": 4.314441566132692,
  "fwhm_x": 4.25818184125522,
  "fwhm_y": 4.322285714285714,
  "fwhm_z": 4.362857142857143,
  "icvs_csf": 0.19609088369737884,
  "icvs_gm": 0.4186146270567812,
  "icvs_wm": 0.3852944892458399,
  "inu_med": 1.342069149017334,
  "inu_range": 0.5295813679695129,
  "provenance": {
    "md5sum": "b4a2ed59042cc4e6c45fab244098fef5",
    "settings": {
      "testing": false
    },
    "software": "mriqc",
    "version": "0.15.2",
    "warnings": {
      "large_rot_frame": true,
      "small_air_mask": false
    },
    "webapi_port": null,
    "webapi_url": "https://mriqc.nimh.nih.gov/api/v1"
  },
  "qi_1": 0.003972685894905074,
  "qi_2": 0.0008039799391983597,
  "rpve_csf": 21.319893320047186,
  "rpve_gm": 10.753174381387792,
  "rpve_wm": 13.882760080512519,
  "size_x": 224,
  "size_y": 256,
  "size_z": 256,
  "snr_csf": 2.962893439128097,
  "snr_gm": 11.537756276415545,
  "snr_total": 13.155650343236433,
  "snr_wm": 24.96630131416566,
  "snrd_csf": 63.32883097532227,
  "snrd_gm": 127.62626732420357,
  "snrd_total": 118.49398927715481,
  "snrd_wm": 164.52686953193862,
  "spacing_x": 0.8799999952316284,
  "spacing_y": 0.875,
  "spacing_z": 0.875,
  "summary_bg_k": 411.9884875971668,
  "summary_bg_mad": 3.982058692584045,
  "summary_bg_mean": 9.791877746582031,
  "summary_bg_median": 7.125515937805176,
  "summary_bg_n": 3072091.0,
  "summary_bg_p05": 2.6603753566741943,
  "summary_bg_p95": 23.7711238861084,
  "summary_bg_stdv": 13.62568473815918,
  "summary_csf_k": 20.205027071173067,
  "summary_csf_mad": 130.6768753521784,
  "summary_csf_mean": 411.8940734863281,
  "summary_csf_median": 384.9261474609375,
  "summary_csf_n": 37252.0,
  "summary_csf_p05": 248.6427360534668,
  "summary_csf_p95": 626.1154846191405,
  "summary_csf_stdv": 129.91387939453125,
  "summary_gm_k": 0.7278027261713165,
  "summary_gm_mad": 60.652176298218905,
  "summary_gm_mean": 778.9998168945312,
  "summary_gm_median": 775.7396850585938,
  "summary_gm_n": 39522.0,
  "summary_gm_p05": 675.6020355224609,
  "summary_gm_p95": 898.881167602539,
  "summary_gm_stdv": 67.2340316772461,
  "summary_wm_k": 1.19615271587163,
  "summary_wm_mad": 35.91668122839046,
  "summary_wm_mean": 1000.0242309570312,
  "summary_wm_median": 1000.0294189453125,
  "summary_wm_n": 396906.0,
  "summary_wm_p05": 934.5463562011719,
  "summary_wm_p95": 1064.3189392089844,
  "summary_wm_stdv": 40.055118560791016,
  "tpm_overlap_csf": 0.16429415345191956,
  "tpm_overlap_gm": 0.4480283260345459,
  "tpm_overlap_wm": 0.5183988213539124,
  "wm2max": 0.4737035360686652
}