{
  "bids_meta": {
    "AcquisitionMatrixPE": 256,
    "AcquisitionNumber": 1,
    "AcquisitionTime": "14:07:21.135000",
    "BaseResolution": 256,
    "BodyPartExamined": "HEAD",
    "ConsistencyInfo": "N4_VE11C_LATEST_20160120",
    "ConversionSoftware": "dcm2niix",
    "ConversionSoftwareVersion": "v1.0.20200427",
    "DeviceSerialNumber": "45250",
    "DwellTime": 9.2e-06,
    "EchoTime": 0.00218,
    "FlipAngle": 8,
    "ImageOrientationPatientDICOM": [
      -0.00650897,
      0.999977,
      -0.00174531,
      -0.00265771,
      -0.00176264,
      -0.999995
    ],
    "ImageType": [
      "ORIGINAL",
      "PRIMARY",
      "M",
      "NORM",
      "DIS3D",
      "DIS2D"
    ],
    "ImagingFrequency": 123.24,
    "InPlanePhaseEncodingDirectionDICOM": "ROW",
    "InstitutionAddress": "Kopernikusstr._26_Graz_Graz_AT_8010",
    "InstitutionName": "KFU",
    "InstitutionalDepartmentName": "Department",
    "InversionTime": 1,
    "MRAcquisitionType": "3D",
    "MagneticFieldStrength": 3,
    "Manufacturer": "Siemens",
    "ManufacturersModelName": "Skyra",
    "Modality": "MR",
    "ParallelReductionFactorInPlane": 2,
    "PartialFourier": 1,
    "PatientPosition": "HFS",
    "PercentPhaseFOV": 100,
    "PercentSampling": 100,
    "PhaseEncodingSteps": 294,
    "PhaseOversampling": 0.15,
    "PhaseResolution": 1,
    "PixelBandwidth": 210,
    "ProcedureStepDescription": "KFU_BioPsy",
    "ProtocolName": "T1_Pat4_088mm_Pat2_224Sl",
    "PulseSequenceDetails": "%SiemensSeq%_tfl",
    "ReceiveCoilActiveElements": "HEA;HEP",
    "ReceiveCoilName": "Head_32",
    "ReconMatrixPE": 256,
    "RefLinesPE": 24,
    "RepetitionTime": 2.2,
    "SAR": 0.0587066,
    "ScanOptions": "IR_WE",
    "ScanningSequence": "GR_IR",
    "SequenceName": "_tfl3d1_16ns",
    "SequenceVariant": "SK_SP_MP_OSP",
    "SeriesDescription": "T1_Pat4_088mm_Pat2_224Sl",
    "SeriesNumber": 9,
    "ShimSetting": [
      -1103,
      -3170,
      -4383,
      246,
      866,
      93,
      206,
      -838
    ],
    "SliceThickness": 0.88,
    "SoftwareVersions": "syngo_MR_E11",
    "StationName": "FBMTMR1",
    "TxRefAmp": 332.389,
    "acq_id": "MPrageHiRes",
    "dataset": "<unset>",
    "modality": "T1w",
    "session_id": "1",
    "subject_id": "season117"
  },
  "cjv": 0.47679196660536427,
  "cnr": 2.6172595486797046,
  "efc": 0.612367224762227,
  "fber": 5685.4462890625,
  "fwhm_avg": 4.156180094103736,
  "fwhm_x": 4.165454568025495,
  "fwhm_y": 4.11104,
  "fwhm_z": 4.192045714285714,
  "icvs_csf": 0.1773472404823391,
  "icvs_gm": 0.42366863227547147,
  "icvs_wm": 0.3989841272421894,
  "inu_med": 1.3481234312057495,
  "inu_range": 0.5402392268180847,
  "provenance": {
    "md5sum": "163e65a7d4f515b7672ad34b7628e547",
    "settings": {
      "testing": false
    },
    "software": "mriqc",
    "version": "0.15.2",
    "warnings": {
      "large_rot_frame": true,
      "small_air_mask": false
    },
    "webapi_port": null,
    "webapi_url": "https://mriqc.nimh.nih.gov/api/v1"
  },
  "qi_1": 0.0,
  "qi_2": 0.0017497186707688068,
  "rpve_csf": 21.98517760419895,
  "rpve_gm": 10.325257395028434,
  "rpve_wm": 13.089158717171808,
  "size_x": 224,
  "size_y": 256,
  "size_z": 256,
  "snr_csf": 1.6454054272289822,
  "snr_gm": 10.358377905096987,
  "snr_total": 11.686658082007659,
  "snr_wm": 23.056190913697005,
  "snrd_csf": 72.40550959281865,
  "snrd_gm": 143.16169249261054,
  "snrd_total": 133.54285272685684,
  "snrd_wm": 185.06135609514132,
  "spacing_x": 0.8799999952316284,
  "spacing_y": 0.875,
  "spacing_z": 0.875,
  "summary_bg_k": 9.302023958460179,
  "summary_bg_mad": 3.5402367246111135,
  "summary_bg_mean": 7.312552452087402,
  "summary_bg_median": 6.400242805480957,
  "summary_bg_n": 3271744.0,
  "summary_bg_p05": 2.390870249271393,
  "summary_bg_p95": 16.674132442474363,
  "summary_bg_stdv": 4.981029987335205,
  "summary_csf_k": 25.894195338539337,
  "summary_csf_mad": 143.25682394925053,
  "summary_csf_mean": 442.26641845703125,
  "summary_csf_median": 391.2660827636719,
  "summary_csf_n": 33212.0,
  "summary_csf_p05": 241.40726547241212,
  "summary_csf_p95": 685.187319946289,
  "summary_csf_stdv": 237.78953552246094,
  "summary_gm_k": 0.49491724523281944,
  "summary_gm_mad": 69.35110772925239,
  "summary_gm_mean": 779.5720825195312,
  "summary_gm_median": 773.6195068359375,
  "summary_gm_n": 55871.0,
  "summary_gm_p05": 668.3048095703125,
  "summary_gm_p95": 916.3367309570312,
  "summary_gm_stdv": 74.68472290039062,
  "summary_wm_k": 1.4358864574914403,
  "summary_wm_mad": 38.603219067996385,
  "summary_wm_mean": 1001.0452270507812,
  "summary_wm_median": 1000.03759765625,
  "summary_wm_n": 425629.0,
  "summary_wm_p05": 932.3365600585937,
  "summary_wm_p95": 1071.652392578125,
  "summary_wm_stdv": 43.373878479003906,
  "tpm_overlap_csf": 0.16030247509479523,
  "tpm_overlap_gm": 0.4412476718425751,
  "tpm_overlap_wm": 0.5013849139213562,
  "wm2max": 0.44899017120607204
}