{
  "bids_meta": {
    "AcquisitionMatrixPE": 256,
    "AcquisitionNumber": 1,
    "AcquisitionTime": "12:46:17.110000",
    "BaseResolution": 256,
    "BodyPartExamined": "HEAD",
    "ConsistencyInfo": "N4_VE11C_LATEST_20160120",
    "ConversionSoftware": "dcm2niix",
    "ConversionSoftwareVersion": "v1.0.20200427",
    "DeviceSerialNumber": "45250",
    "DwellTime": 9.2e-06,
    "EchoTime": 0.00218,
    "FlipAngle": 8,
    "ImageOrientationPatientDICOM": [
      0.0814676,
      0.95586,
      0.282301,
      0.0414517,
      0.279748,
      -0.959178
    ],
    "ImageType": [
      "ORIGINAL",
      "PRIMARY",
      "M",
      "NORM",
      "DIS3D",
      "DIS2D"
    ],
    "ImagingFrequency": 123.24,
    "InPlanePhaseEncodingDirectionDICOM": "ROW",
    "InstitutionAddress": "Kopernikusstr._26_Graz_Graz_AT_8010",
    "InstitutionName": "KFU",
    "InstitutionalDepartmentName": "Department",
    "InversionTime": 1,
    "MRAcquisitionType": "3D",
    "MagneticFieldStrength": 3,
    "Manufacturer": "Siemens",
    "ManufacturersModelName": "Skyra",
    "Modality": "MR",
    "ParallelReductionFactorInPlane": 2,
    "PartialFourier": 1,
    "PatientPosition": "HFS",
    "PercentPhaseFOV": 100,
    "PercentSampling": 100,
    "PhaseEncodingSteps": 294,
    "PhaseOversampling": 0.15,
    "PhaseResolution": 1,
    "PixelBandwidth": 210,
    "ProcedureStepDescription": "KFU_BioPsy",
    "ProtocolName": "T1_Pat4_088mm_Pat2_224Sl",
    "PulseSequenceDetails": "%SiemensSeq%_tfl",
    "ReceiveCoilActiveElements": "HEA;HEP",
    "ReceiveCoilName": "Head_32",
    "ReconMatrixPE": 256,
    "RefLinesPE": 24,
    "RepetitionTime": 2.2,
    "SAR": 0.0590395,
    "ScanOptions": "IR_WE",
    "ScanningSequence": "GR_IR",
    "SequenceName": "_tfl3d1_16ns",
    "SequenceVariant": "SK_SP_MP_OSP",
    "SeriesDescription": "T1_Pat4_088mm_Pat2_224Sl",
    "SeriesNumber": 9,
    "ShimSetting": [
      -1122,
      -3245,
      -4293,
      682,
      867,
      17,
      460,
      -769
    ],
    "SliceThickness": 0.88,
    "SoftwareVersions": "syngo_MR_E11",
    "StationName": "FBMTMR1",
    "TxRefAmp": 321.369,
    "acq_id": "MPrageHiRes",
    "dataset": "<unset>",
    "modality": "T1w",
    "session_id": "3",
    "subject_id": "season128"
  },
  "cjv": 0.45698419700482834,
  "cnr": 2.8954941531487552,
  "efc": 0.5691401991705429,
  "fber": 2421.796142578125,
  "fwhm_avg": 4.259924747740144,
  "fwhm_x": 4.141511386077574,
  "fwhm_y": 4.343874285714286,
  "fwhm_z": 4.294388571428572,
  "icvs_csf": 0.19223507727048111,
  "icvs_gm": 0.4388179271973805,
  "icvs_wm": 0.3689469955321384,
  "inu_med": 1.3976092338562012,
  "inu_range": 0.5207480788230896,
  "provenance": {
    "md5sum": "dbe6b05ddc3e643e8f143fbe71a5b667",
    "settings": {
      "testing": false
    },
    "software": "mriqc",
    "version": "0.15.2",
    "warnings": {
      "large_rot_frame": true,
      "small_air_mask": false
    },
    "webapi_port": null,
    "webapi_url": "https://mriqc.nimh.nih.gov/api/v1"
  },
  "qi_1": 0.0,
  "qi_2": 0.0020326668185824547,
  "rpve_csf": 24.335518391743552,
  "rpve_gm": 11.741631340447302,
  "rpve_wm": 16.05436187550344,
  "size_x": 224,
  "size_y": 256,
  "size_z": 256,
  "snr_csf": 2.1214306505702405,
  "snr_gm": 11.488593199896046,
  "snr_total": 11.628798788740843,
  "snr_wm": 21.276372515756243,
  "snrd_csf": 43.6812142123321,
  "snrd_gm": 99.16266323977018,
  "snrd_total": 90.90594935077559,
  "snrd_wm": 129.87397060022448,
  "spacing_x": 0.8799999952316284,
  "spacing_y": 0.875,
  "spacing_z": 0.875,
  "summary_bg_k": 20.842179189177966,
  "summary_bg_mad": 5.044530238058282,
  "summary_bg_mean": 11.360570907592773,
  "summary_bg_median": 10.384661674499512,
  "summary_bg_n": 2900777.0,
  "summary_bg_p05": 3.1852407455444336,
  "summary_bg_p95": 23.301550674438474,
  "summary_bg_stdv": 6.621599197387695,
  "summary_csf_k": 42.54323451398723,
  "summary_csf_mad": 87.08772311847855,
  "summary_csf_mean": 369.7891845703125,
  "summary_csf_median": 336.3440246582031,
  "summary_csf_n": 37979.0,
  "summary_csf_p05": 230.98842468261716,
  "summary_csf_p95": 583.542413330078,
  "summary_csf_stdv": 158.54376220703125,
  "summary_gm_k": -0.047949449551832224,
  "summary_gm_mad": 66.6274686378406,
  "summary_gm_mean": 766.968505859375,
  "summary_gm_median": 763.5494995117188,
  "summary_gm_n": 54538.0,
  "summary_gm_p05": 664.4848236083985,
  "summary_gm_p95": 883.2136108398437,
  "summary_gm_stdv": 66.46092224121094,
  "summary_wm_k": 1.100023329860754,
  "summary_wm_mad": 41.43838814197093,
  "summary_wm_mean": 999.0371704101562,
  "summary_wm_median": 1000.025634765625,
  "summary_wm_n": 322356.0,
  "summary_wm_p05": 919.3962097167969,
  "summary_wm_p95": 1073.1336059570312,
  "summary_wm_stdv": 47.001625061035156,
  "tpm_overlap_csf": 0.16215786337852478,
  "tpm_overlap_gm": 0.4375762343406677,
  "tpm_overlap_wm": 0.48861435055732727,
  "wm2max": 0.5217085341277746
}