{
  "bids_meta": {
    "AcquisitionMatrixPE": 256,
    "AcquisitionNumber": 1,
    "AcquisitionTime": "09:33:13.177500",
    "BaseResolution": 256,
    "BodyPartExamined": "HEAD",
    "ConsistencyInfo": "N4_VE11C_LATEST_20160120",
    "ConversionSoftware": "dcm2niix",
    "ConversionSoftwareVersion": "v1.0.20200427",
    "DeviceSerialNumber": "45250",
    "DwellTime": 9.2e-06,
    "EchoTime": 0.00218,
    "FlipAngle": 8,
    "ImageOrientationPatientDICOM": [
      0.0653796,
      0.997844,
      0.00574401,
      0.0736208,
      0.000917097,
      -0.997286
    ],
    "ImageType": [
      "ORIGINAL",
      "PRIMARY",
      "M",
      "NORM",
      "DIS3D",
      "DIS2D"
    ],
    "ImagingFrequency": 123.24,
    "InPlanePhaseEncodingDirectionDICOM": "ROW",
    "InstitutionAddress": "Kopernikusstr._26_Graz_Graz_AT_8010",
    "InstitutionName": "KFU",
    "InstitutionalDepartmentName": "Department",
    "InversionTime": 1,
    "MRAcquisitionType": "3D",
    "MagneticFieldStrength": 3,
    "Manufacturer": "Siemens",
    "ManufacturersModelName": "Skyra",
    "Modality": "MR",
    "ParallelReductionFactorInPlane": 2,
    "PartialFourier": 1,
    "PatientPosition": "HFS",
    "PercentPhaseFOV": 100,
    "PercentSampling": 100,
    "PhaseEncodingSteps": 294,
    "PhaseOversampling": 0.15,
    "PhaseResolution": 1,
    "PixelBandwidth": 210,
    "ProcedureStepDescription": "KFU_BioPsy",
    "ProtocolName": "T1_Pat4_088mm_Pat2_224Sl",
    "PulseSequenceDetails": "%SiemensSeq%_tfl",
    "ReceiveCoilActiveElements": "HEA;HEP",
    "ReceiveCoilName": "Head_32",
    "ReconMatrixPE": 256,
    "RefLinesPE": 24,
    "RepetitionTime": 2.2,
    "SAR": 0.058577,
    "ScanOptions": "IR_WE",
    "ScanningSequence": "GR_IR",
    "SequenceName": "_tfl3d1_16ns",
    "SequenceVariant": "SK_SP_MP_OSP",
    "SeriesDescription": "T1_Pat4_088mm_Pat2_224Sl",
    "SeriesNumber": 9,
    "ShimSetting": [
      -1145,
      -2489,
      -4560,
      263,
      659,
      2233,
      99,
      -923
    ],
    "SliceThickness": 0.88,
    "SoftwareVersions": "syngo_MR_E11",
    "StationName": "FBMTMR1",
    "TxRefAmp": 323.661,
    "acq_id": "MPrageHiRes",
    "dataset": "<unset>",
    "modality": "T1w",
    "session_id": "2",
    "subject_id": "season122"
  },
  "cjv": 0.32588667348087563,
  "cnr": 3.9483422839558577,
  "efc": 0.5738946961138995,
  "fber": 3263.747314453125,
  "fwhm_avg": 3.8312072796525776,
  "fwhm_x": 3.834181838957732,
  "fwhm_y": 3.8115428571428573,
  "fwhm_z": 3.8478971428571427,
  "icvs_csf": 0.20390693661572953,
  "icvs_gm": 0.44321328041154867,
  "icvs_wm": 0.3528797829727218,
  "inu_med": 1.3217754364013672,
  "inu_range": 0.45639194250106807,
  "provenance": {
    "md5sum": "5ff119d8b660a1eea1173e257e6980ac",
    "settings": {
      "testing": false
    },
    "software": "mriqc",
    "version": "0.15.2",
    "warnings": {
      "large_rot_frame": true,
      "small_air_mask": false
    },
    "webapi_port": null,
    "webapi_url": "https://mriqc.nimh.nih.gov/api/v1"
  },
  "qi_1": 0.0003151027995719569,
  "qi_2": 0.001726303332358515,
  "rpve_csf": 20.59333114518461,
  "rpve_gm": 10.367619456559359,
  "rpve_wm": 14.684778771772347,
  "size_x": 224,
  "size_y": 256,
  "size_z": 256,
  "snr_csf": 1.004564497283251,
  "snr_gm": 12.892005415648558,
  "snr_total": 12.993686257754062,
  "snr_wm": 25.084488860330374,
  "snrd_csf": 64.64182716851862,
  "snrd_gm": 132.2284280371425,
  "snrd_total": 126.28935341971923,
  "snrd_wm": 181.99780505349656,
  "spacing_x": 0.8799999952316284,
  "spacing_y": 0.875,
  "spacing_z": 0.875,
  "summary_bg_k": 54.47585002790608,
  "summary_bg_mad": 3.5997542586627937,
  "summary_bg_mean": 7.921809673309326,
  "summary_bg_median": 6.450847625732422,
  "summary_bg_n": 2951584.0,
  "summary_bg_p05": 2.411222219467163,
  "summary_bg_p95": 17.45622749328614,
  "summary_bg_stdv": 5.636009216308594,
  "summary_csf_k": 19.867695129739975,
  "summary_csf_mad": 108.83756281737354,
  "summary_csf_mean": 445.47821044921875,
  "summary_csf_median": 355.18511962890625,
  "summary_csf_n": 63280.0,
  "summary_csf_p05": 237.11241455078124,
  "summary_csf_p95": 943.6293243408185,
  "summary_csf_stdv": 353.5684509277344,
  "summary_gm_k": 0.26856493097536793,
  "summary_gm_mad": 54.65874054155556,
  "summary_gm_mean": 724.572265625,
  "summary_gm_median": 726.55078125,
  "summary_gm_n": 65530.0,
  "summary_gm_p05": 629.5369720458984,
  "summary_gm_p95": 814.4774047851563,
  "summary_gm_stdv": 56.35626220703125,
  "summary_wm_k": 1.3553843319540944,
  "summary_wm_mad": 34.46018562243605,
  "summary_wm_mean": 997.63525390625,
  "summary_wm_median": 1000.0167846679688,
  "summary_wm_n": 335617.0,
  "summary_wm_p05": 927.592333984375,
  "summary_wm_p95": 1057.8978515625,
  "summary_wm_stdv": 39.865882873535156,
  "tpm_overlap_csf": 0.15459872782230377,
  "tpm_overlap_gm": 0.4420250356197357,
  "tpm_overlap_wm": 0.4739307761192322,
  "wm2max": 0.5065180983517036
}