{
  "bids_meta": {
    "AcquisitionMatrixPE": 256,
    "AcquisitionNumber": 1,
    "AcquisitionTime": "10:27:24.127500",
    "BaseResolution": 256,
    "BodyPartExamined": "HEAD",
    "ConsistencyInfo": "N4_VE11C_LATEST_20160120",
    "ConversionSoftware": "dcm2niix",
    "ConversionSoftwareVersion": "v1.0.20200427",
    "DeviceSerialNumber": "45250",
    "DwellTime": 9.2e-06,
    "EchoTime": 0.00218,
    "FlipAngle": 8,
    "ImageOrientationPatientDICOM": [
      0.0154927,
      0.99915,
      0.0381972,
      0.0296979,
      0.0377251,
      -0.998847
    ],
    "ImageType": [
      "ORIGINAL",
      "PRIMARY",
      "M",
      "NORM",
      "DIS3D",
      "DIS2D"
    ],
    "ImagingFrequency": 123.24,
    "InPlanePhaseEncodingDirectionDICOM": "ROW",
    "InstitutionAddress": "Kopernikusstr._26_Graz_Graz_AT_8010",
    "InstitutionName": "KFU",
    "InstitutionalDepartmentName": "Department",
    "InversionTime": 1,
    "MRAcquisitionType": "3D",
    "MagneticFieldStrength": 3,
    "Manufacturer": "Siemens",
    "ManufacturersModelName": "Skyra",
    "Modality": "MR",
    "ParallelReductionFactorInPlane": 2,
    "PartialFourier": 1,
    "PatientPosition": "HFS",
    "PercentPhaseFOV": 100,
    "PercentSampling": 100,
    "PhaseEncodingSteps": 294,
    "PhaseOversampling": 0.15,
    "PhaseResolution": 1,
    "PixelBandwidth": 210,
    "ProcedureStepDescription": "KFU_BioPsy",
    "ProtocolName": "T1_Pat4_088mm_Pat2_224Sl",
    "PulseSequenceDetails": "%SiemensSeq%_tfl",
    "ReceiveCoilActiveElements": "HEA;HEP",
    "ReceiveCoilName": "Head_32",
    "ReconMatrixPE": 256,
    "RefLinesPE": 24,
    "RepetitionTime": 2.2,
    "SAR": 0.0732889,
    "ScanOptions": "IR_WE",
    "ScanningSequence": "GR_IR",
    "SequenceName": "_tfl3d1_16ns",
    "SequenceVariant": "SK_SP_MP_OSP",
    "SeriesDescription": "T1_Pat4_088mm_Pat2_224Sl",
    "SeriesNumber": 9,
    "ShimSetting": [
      -1125,
      -3156,
      -4301,
      351,
      816,
      209,
      141,
      -958
    ],
    "SliceThickness": 0.88,
    "SoftwareVersions": "syngo_MR_E11",
    "StationName": "FBMTMR1",
    "TxRefAmp": 334.151,
    "acq_id": "MPrageHiRes",
    "dataset": "<unset>",
    "modality": "T1w",
    "session_id": "2",
    "subject_id": "season123"
  },
  "cjv": 0.3837349248765556,
  "cnr": 3.306007344947218,
  "efc": 0.6088779508895027,
  "fber": 4591.20068359375,
  "fwhm_avg": 4.242966046393249,
  "fwhm_x": 4.114829567751178,
  "fwhm_y": 4.36504,
  "fwhm_z": 4.249028571428572,
  "icvs_csf": 0.1780993344783047,
  "icvs_gm": 0.4332107467823933,
  "icvs_wm": 0.38868991873930203,
  "inu_med": 1.2874242067337036,
  "inu_range": 0.4971139669418334,
  "provenance": {
    "md5sum": "90c6116bb7e3f5a68c16404fe2c53381",
    "settings": {
      "testing": false
    },
    "software": "mriqc",
    "version": "0.15.2",
    "warnings": {
      "large_rot_frame": true,
      "small_air_mask": false
    },
    "webapi_port": null,
    "webapi_url": "https://mriqc.nimh.nih.gov/api/v1"
  },
  "qi_1": 0.0,
  "qi_2": 0.0014771639440373466,
  "rpve_csf": 21.382412931555518,
  "rpve_gm": 9.926435575170164,
  "rpve_wm": 12.986442478034066,
  "size_x": 224,
  "size_y": 256,
  "size_z": 256,
  "snr_csf": 2.3260592655605516,
  "snr_gm": 11.523117667713315,
  "snr_total": 12.468055453048885,
  "snr_wm": 23.554989425872787,
  "snrd_csf": 61.61742846528742,
  "snrd_gm": 135.9777324969424,
  "snrd_total": 126.79199229900729,
  "snrd_wm": 182.78081593479206,
  "spacing_x": 0.8799999952316284,
  "spacing_y": 0.875,
  "spacing_z": 0.875,
  "summary_bg_k": 12.846781250967126,
  "summary_bg_mad": 3.5843471296378104,
  "summary_bg_mean": 7.61553430557251,
  "summary_bg_median": 6.434880256652832,
  "summary_bg_n": 3108929.0,
  "summary_bg_p05": 2.400547504425049,
  "summary_bg_p95": 17.239638519287116,
  "summary_bg_stdv": 5.356992721557617,
  "summary_csf_k": 38.8501782465701,
  "summary_csf_mad": 94.6598623849105,
  "summary_csf_mean": 370.0423889160156,
  "summary_csf_median": 337.11798095703125,
  "summary_csf_n": 33028.0,
  "summary_csf_p05": 229.17145080566405,
  "summary_csf_p95": 590.6284606933592,
  "summary_csf_stdv": 144.9287567138672,
  "summary_gm_k": 0.40708381472397015,
  "summary_gm_mad": 61.0212432628292,
  "summary_gm_mean": 746.1935424804688,
  "summary_gm_median": 743.9541015625,
  "summary_gm_n": 61058.0,
  "summary_gm_p05": 644.7038543701173,
  "summary_gm_p95": 857.6391571044921,
  "summary_gm_stdv": 64.56134796142578,
  "summary_wm_k": 1.4621332997724714,
  "summary_wm_mad": 37.24042674556631,
  "summary_wm_mean": 998.1260375976562,
  "summary_wm_median": 1000.0206298828125,
  "summary_wm_n": 403814.0,
  "summary_wm_p05": 924.9608032226563,
  "summary_wm_p95": 1062.1846008300781,
  "summary_wm_stdv": 42.454673767089844,
  "tpm_overlap_csf": 0.16383717954158783,
  "tpm_overlap_gm": 0.4328916370868683,
  "tpm_overlap_wm": 0.48191359639167786,
  "wm2max": 0.47589759358815387
}