{
  "bids_meta": {
    "AcquisitionMatrixPE": 256,
    "AcquisitionNumber": 1,
    "AcquisitionTime": "09:13:11.900000",
    "BaseResolution": 256,
    "BodyPartExamined": "HEAD",
    "ConsistencyInfo": "N4_VE11C_LATEST_20160120",
    "ConversionSoftware": "dcm2niix",
    "ConversionSoftwareVersion": "v1.0.20200427",
    "DeviceSerialNumber": "45250",
    "DwellTime": 9.2e-06,
    "EchoTime": 0.00218,
    "FlipAngle": 8,
    "ImageOrientationPatientDICOM": [
      -0.0354883,
      0.999152,
      -0.0208802,
      -0.0762833,
      -0.0235407,
      -0.996808
    ],
    "ImageType": [
      "ORIGINAL",
      "PRIMARY",
      "M",
      "NORM",
      "DIS3D",
      "DIS2D"
    ],
    "ImagingFrequency": 123.239,
    "InPlanePhaseEncodingDirectionDICOM": "ROW",
    "InstitutionAddress": "Kopernikusstr._26_Graz_Graz_AT_8010",
    "InstitutionName": "KFU",
    "InstitutionalDepartmentName": "Department",
    "InversionTime": 1,
    "MRAcquisitionType": "3D",
    "MagneticFieldStrength": 3,
    "Manufacturer": "Siemens",
    "ManufacturersModelName": "Skyra",
    "Modality": "MR",
    "ParallelReductionFactorInPlane": 2,
    "PartialFourier": 1,
    "PatientPosition": "HFS",
    "PercentPhaseFOV": 100,
    "PercentSampling": 100,
    "PhaseEncodingSteps": 294,
    "PhaseOversampling": 0.15,
    "PhaseResolution": 1,
    "PixelBandwidth": 210,
    "ProcedureStepDescription": "BioPsy_2018",
    "ProtocolName": "anat-T1w",
    "PulseSequenceDetails": "%SiemensSeq%_tfl",
    "ReceiveCoilActiveElements": "HEA;HEP",
    "ReceiveCoilName": "Head_32",
    "ReconMatrixPE": 256,
    "RefLinesPE": 24,
    "RepetitionTime": 2.2,
    "SAR": 0.0631697,
    "ScanOptions": "IR_WE",
    "ScanningSequence": "GR_IR",
    "SequenceName": "_tfl3d1_16ns",
    "SequenceVariant": "SK_SP_MP_OSP",
    "SeriesDescription": "anat-T1w",
    "SeriesNumber": 9,
    "ShimSetting": [
      -1145,
      -3054,
      -4291,
      485,
      757,
      546,
      -384,
      -856
    ],
    "SliceThickness": 0.88,
    "SoftwareVersions": "syngo_MR_E11",
    "StationName": "FBMTMR1",
    "TxRefAmp": 339.358,
    "acq_id": "MPrageHiRes",
    "dataset": "<unset>",
    "modality": "T1w",
    "session_id": "2",
    "subject_id": "season218"
  },
  "cjv": 0.5925722223975184,
  "cnr": 2.2209871555846545,
  "efc": 0.6308596079914341,
  "fber": 2077.753173828125,
  "fwhm_avg": 4.088805548359542,
  "fwhm_x": 4.005090930792911,
  "fwhm_y": 4.13408,
  "fwhm_z": 4.127245714285714,
  "icvs_csf": 0.18223778672428947,
  "icvs_gm": 0.4343476062226026,
  "icvs_wm": 0.3834146070531079,
  "inu_med": 1.3586111068725586,
  "inu_range": 0.5367629766464233,
  "provenance": {
    "md5sum": "c2d47cd676233616054e2368a2ecaaa9",
    "settings": {
      "testing": false
    },
    "software": "mriqc",
    "version": "0.15.2",
    "warnings": {
      "large_rot_frame": true,
      "small_air_mask": false
    },
    "webapi_port": null,
    "webapi_url": "https://mriqc.nimh.nih.gov/api/v1"
  },
  "qi_1": 0.0,
  "qi_2": 0.0021515102805308712,
  "rpve_csf": 21.284219382119055,
  "rpve_gm": 9.995936991127376,
  "rpve_wm": 13.143336789923618,
  "size_x": 224,
  "size_y": 256,
  "size_z": 256,
  "snr_csf": 1.7149102544056456,
  "snr_gm": 10.928461403855302,
  "snr_total": 10.660865846129633,
  "snr_wm": 19.339225880127955,
  "snrd_csf": 46.59797259968937,
  "snrd_gm": 103.49986863403649,
  "snrd_total": 93.14446978743577,
  "snrd_wm": 129.33556812858146,
  "spacing_x": 0.8799999952316284,
  "spacing_y": 0.875,
  "spacing_z": 0.875,
  "summary_bg_k": 7.060853086779282,
  "summary_bg_mad": 5.065544618963949,
  "summary_bg_mean": 11.96375846862793,
  "summary_bg_median": 9.998682022094727,
  "summary_bg_n": 2865077.0,
  "summary_bg_p05": 3.317633104324341,
  "summary_bg_p95": 25.592501068115183,
  "summary_bg_stdv": 7.326901435852051,
  "summary_csf_k": 50.99055999016119,
  "summary_csf_mad": 97.23604662310849,
  "summary_csf_mean": 406.0898742675781,
  "summary_csf_median": 360.29766845703125,
  "summary_csf_n": 32871.0,
  "summary_csf_p05": 245.0106658935547,
  "summary_csf_p95": 639.6810913085938,
  "summary_csf_stdv": 210.09390258789062,
  "summary_gm_k": 0.2415547326580776,
  "summary_gm_mad": 68.7446379985136,
  "summary_gm_mean": 804.5846557617188,
  "summary_gm_median": 800.2657470703125,
  "summary_gm_n": 60791.0,
  "summary_gm_p05": 691.2030029296875,
  "summary_gm_p95": 935.0647583007812,
  "summary_gm_stdv": 73.22706604003906,
  "summary_wm_k": 0.46177621870183216,
  "summary_wm_mad": 49.629258650409234,
  "summary_wm_mean": 1001.3682250976562,
  "summary_wm_median": 1000.028564453125,
  "summary_wm_n": 418193.0,
  "summary_wm_p05": 918.3398193359375,
  "summary_wm_p95": 1087.1553222656248,
  "summary_wm_stdv": 51.70979309082031,
  "tpm_overlap_csf": 0.16135174036026,
  "tpm_overlap_gm": 0.4393307864665985,
  "tpm_overlap_wm": 0.49688002467155457,
  "wm2max": 0.4978034300311225
}