{
  "bids_meta": {
    "AcquisitionMatrixPE": 256,
    "AcquisitionNumber": 1,
    "AcquisitionTime": "10:18:27.210000",
    "BaseResolution": 256,
    "BodyPartExamined": "HEAD",
    "ConsistencyInfo": "N4_VE11C_LATEST_20160120",
    "ConversionSoftware": "dcm2niix",
    "ConversionSoftwareVersion": "v1.0.20200427",
    "DeviceSerialNumber": "45250",
    "DwellTime": 9.2e-06,
    "EchoTime": 0.00218,
    "FlipAngle": 8,
    "ImageOrientationPatientDICOM": [
      0.0067604,
      0.998422,
      -0.0557438,
      -0.0532008,
      -0.0553071,
      -0.997051
    ],
    "ImageType": [
      "ORIGINAL",
      "PRIMARY",
      "M",
      "NORM",
      "DIS3D",
      "DIS2D"
    ],
    "ImagingFrequency": 123.239,
    "InPlanePhaseEncodingDirectionDICOM": "ROW",
    "InstitutionAddress": "Kopernikusstr._26_Graz_Graz_AT_8010",
    "InstitutionName": "KFU",
    "InstitutionalDepartmentName": "Department",
    "InversionTime": 1,
    "MRAcquisitionType": "3D",
    "MagneticFieldStrength": 3,
    "Manufacturer": "Siemens",
    "ManufacturersModelName": "Skyra",
    "Modality": "MR",
    "ParallelReductionFactorInPlane": 2,
    "PartialFourier": 1,
    "PatientPosition": "HFS",
    "PercentPhaseFOV": 100,
    "PercentSampling": 100,
    "PhaseEncodingSteps": 294,
    "PhaseOversampling": 0.15,
    "PhaseResolution": 1,
    "PixelBandwidth": 210,
    "ProcedureStepDescription": "BioPsy_2018",
    "ProtocolName": "anat-T1w",
    "PulseSequenceDetails": "%SiemensSeq%_tfl",
    "ReceiveCoilActiveElements": "HEA;HEP",
    "ReceiveCoilName": "Head_32",
    "ReconMatrixPE": 256,
    "RefLinesPE": 24,
    "RepetitionTime": 2.2,
    "SAR": 0.055903,
    "ScanOptions": "IR_WE",
    "ScanningSequence": "GR_IR",
    "SequenceName": "_tfl3d1_16ns",
    "SequenceVariant": "SK_SP_MP_OSP",
    "SeriesDescription": "anat-T1w",
    "SeriesNumber": 9,
    "ShimSetting": [
      -1136,
      -3099,
      -4330,
      263,
      999,
      346,
      246,
      -903
    ],
    "SliceThickness": 0.88,
    "SoftwareVersions": "syngo_MR_E11",
    "StationName": "FBMTMR1",
    "TxRefAmp": 339.627,
    "acq_id": "MPrageHiRes",
    "dataset": "<unset>",
    "modality": "T1w",
    "session_id": "3",
    "subject_id": "season215"
  },
  "cjv": 0.6013513953580385,
  "cnr": 2.208403892632989,
  "efc": 0.6450787493503289,
  "fber": 3227.55029296875,
  "fwhm_avg": 4.391733384610357,
  "fwhm_x": 4.421977296688217,
  "fwhm_y": 4.425314285714285,
  "fwhm_z": 4.327908571428571,
  "icvs_csf": 0.1919205669652393,
  "icvs_gm": 0.4422760046051521,
  "icvs_wm": 0.3658034284296086,
  "inu_med": 1.4142770767211914,
  "inu_range": 0.6016104578971859,
  "provenance": {
    "md5sum": "b57fa4b92047b9d01109789abb78d419",
    "settings": {
      "testing": false
    },
    "software": "mriqc",
    "version": "0.15.2",
    "warnings": {
      "large_rot_frame": true,
      "small_air_mask": false
    },
    "webapi_port": null,
    "webapi_url": "https://mriqc.nimh.nih.gov/api/v1"
  },
  "qi_1": 0.0,
  "qi_2": 0.0012352342753189913,
  "rpve_csf": 20.65756943261203,
  "rpve_gm": 9.824310998468697,
  "rpve_wm": 13.45530132452169,
  "size_x": 224,
  "size_y": 256,
  "size_z": 256,
  "snr_csf": 2.830598286250166,
  "snr_gm": 9.638374643788817,
  "snr_total": 10.781968558790396,
  "snr_wm": 19.876932746332205,
  "snrd_csf": 45.914162289534154,
  "snrd_gm": 97.22124116762858,
  "snrd_total": 88.86016107417107,
  "snrd_wm": 123.44507976535048,
  "spacing_x": 0.8799999952316284,
  "spacing_y": 0.875,
  "spacing_z": 0.875,
  "summary_bg_k": 9.698627602545413,
  "summary_bg_mad": 5.307226612935079,
  "summary_bg_mean": 9.643728256225586,
  "summary_bg_median": 8.282880783081055,
  "summary_bg_n": 2689481.0,
  "summary_bg_p05": 2.8014769554138184,
  "summary_bg_p95": 22.210586547851562,
  "summary_bg_stdv": 6.736808776855469,
  "summary_csf_k": 29.74052758351391,
  "summary_csf_mad": 110.40402743858911,
  "summary_csf_mean": 397.397705078125,
  "summary_csf_median": 371.94830322265625,
  "summary_csf_n": 54916.0,
  "summary_csf_p05": 245.56808471679688,
  "summary_csf_p95": 614.4140319824219,
  "summary_csf_stdv": 131.40151977539062,
  "summary_gm_k": -0.003332480169988994,
  "summary_gm_mad": 80.065542041925,
  "summary_gm_mean": 794.625244140625,
  "summary_gm_median": 787.5843505859375,
  "summary_gm_n": 69910.0,
  "summary_gm_p05": 673.7870208740235,
  "summary_gm_p95": 944.4335876464845,
  "summary_gm_stdv": 81.71281433105469,
  "summary_wm_k": 0.7122607381618971,
  "summary_wm_mad": 47.68433863805932,
  "summary_wm_mean": 999.3086547851562,
  "summary_wm_median": 1000.0223388671875,
  "summary_wm_n": 380508.0,
  "summary_wm_p05": 915.8147064208983,
  "summary_wm_p95": 1079.0196472167968,
  "summary_wm_stdv": 50.310630798339844,
  "tpm_overlap_csf": 0.1578015834093094,
  "tpm_overlap_gm": 0.44324785470962524,
  "tpm_overlap_wm": 0.49077245593070984,
  "wm2max": 0.4829958215130607
}