{
  "bids_meta": {
    "AcquisitionMatrixPE": 256,
    "AcquisitionNumber": 1,
    "AcquisitionTime": "09:51:51.870000",
    "BaseResolution": 256,
    "BodyPartExamined": "HEAD",
    "ConsistencyInfo": "N4_VE11C_LATEST_20160120",
    "ConversionSoftware": "dcm2niix",
    "ConversionSoftwareVersion": "v1.0.20200427",
    "DeviceSerialNumber": "45250",
    "EchoTime": 0.00218,
    "FlipAngle": 8,
    "ImageOrientationPatientDICOM": [
      0.0820534,
      0.996531,
      0.0139304,
      -0.0660741,
      0.0193862,
      -0.997626
    ],
    "ImageType": [
      "ORIGINAL",
      "PRIMARY",
      "M",
      "NORM",
      "DIS3D",
      "DIS2D"
    ],
    "ImagingFrequency": 123.239,
    "InPlanePhaseEncodingDirectionDICOM": "ROW",
    "InstitutionAddress": "Kopernikusstr._26_Graz_Graz_AT_8010",
    "InstitutionName": "KFU",
    "InversionTime": 1,
    "MRAcquisitionType": "3D",
    "MagneticFieldStrength": 3,
    "Manufacturer": "Siemens",
    "ManufacturersModelName": "Skyra",
    "Modality": "MR",
    "ParallelReductionFactorInPlane": 2,
    "PartialFourier": 1,
    "PatientPosition": "HFS",
    "PercentPhaseFOV": 100,
    "PercentSampling": 100,
    "PhaseEncodingSteps": 294,
    "PhaseOversampling": 0.15,
    "PhaseResolution": 1,
    "PixelBandwidth": 210,
    "ProcedureStepDescription": "KFU_BioPsy",
    "ProtocolName": "anat-T1w",
    "PulseSequenceDetails": "%SiemensSeq%_tfl",
    "ReceiveCoilActiveElements": "HEA;HEP",
    "ReceiveCoilName": "Head_32",
    "ReconMatrixPE": 256,
    "RefLinesPE": 24,
    "RepetitionTime": 2.2,
    "SAR": 0.0538309,
    "ScanOptions": "IR_WE",
    "ScanningSequence": "GR_IR",
    "SequenceName": "_tfl3d1_16ns",
    "SequenceVariant": "SK_SP_MP_OSP",
    "SeriesDescription": "anat-T1w",
    "SeriesNumber": 9,
    "ShimSetting": [
      -1123,
      -3147,
      -4327,
      409,
      1043,
      219,
      288,
      -766
    ],
    "SliceThickness": 0.88,
    "SoftwareVersions": "syngo_MR_E11",
    "StationName": "FBMTMR1",
    "TxRefAmp": 318.747,
    "acq_id": "MPrageHiRes",
    "dataset": "<unset>",
    "modality": "T1w",
    "session_id": "1",
    "subject_id": "season205"
  },
  "cjv": 0.5410582614158718,
  "cnr": 2.391950736957509,
  "efc": 0.5562552728644208,
  "fber": 3144.84814453125,
  "fwhm_avg": 4.066410158943462,
  "fwhm_x": 4.112670476830387,
  "fwhm_y": 4.027291428571429,
  "fwhm_z": 4.0592685714285714,
  "icvs_csf": 0.20224968969918022,
  "icvs_gm": 0.42613636344684197,
  "icvs_wm": 0.3716139468539778,
  "inu_med": 1.4747751951217651,
  "inu_range": 0.5074144899845123,
  "provenance": {
    "md5sum": "50db4e09ef93e00faaec2bd1e1d2719b",
    "settings": {
      "testing": false
    },
    "software": "mriqc",
    "version": "0.15.2",
    "warnings": {
      "large_rot_frame": true,
      "small_air_mask": false
    },
    "webapi_port": null,
    "webapi_url": "https://mriqc.nimh.nih.gov/api/v1"
  },
  "qi_1": 0.0,
  "qi_2": 0.0031187398177621264,
  "rpve_csf": 25.681647181131776,
  "rpve_gm": 13.05245773659439,
  "rpve_wm": 17.59823502650598,
  "size_x": 224,
  "size_y": 256,
  "size_z": 256,
  "snr_csf": 2.3992272459367667,
  "snr_gm": 10.740762542382607,
  "snr_total": 12.203039682833955,
  "snr_wm": 23.469129260182495,
  "snrd_csf": 54.733180739673955,
  "snrd_gm": 112.13521609433559,
  "snrd_total": 102.62406844194152,
  "snrd_wm": 141.003808491815,
  "spacing_x": 0.8799999952316284,
  "spacing_y": 0.875,
  "spacing_z": 0.875,
  "summary_bg_k": 6.219816009194586,
  "summary_bg_mad": 4.6463704625807045,
  "summary_bg_mean": 9.61234188079834,
  "summary_bg_median": 8.370420455932617,
  "summary_bg_n": 3000385.0,
  "summary_bg_p05": 3.129058599472046,
  "summary_bg_p95": 19.63110656738281,
  "summary_bg_stdv": 5.362066745758057,
  "summary_csf_k": 34.746289214820564,
  "summary_csf_mad": 143.9799590187472,
  "summary_csf_mean": 422.952880859375,
  "summary_csf_median": 388.1796875,
  "summary_csf_n": 38870.0,
  "summary_csf_p05": 249.76210861206056,
  "summary_csf_p95": 628.6240447998046,
  "summary_csf_stdv": 161.7915496826172,
  "summary_gm_k": 0.08829687690668742,
  "summary_gm_mad": 72.32798548695374,
  "summary_gm_mean": 800.5004272460938,
  "summary_gm_median": 795.2874755859375,
  "summary_gm_n": 38119.0,
  "summary_gm_p05": 688.5499755859374,
  "summary_gm_p95": 933.9418395996092,
  "summary_gm_stdv": 74.04288482666016,
  "summary_wm_k": 0.7870959325071034,
  "summary_wm_mad": 38.44956559100527,
  "summary_wm_mean": 1000.4996337890625,
  "summary_wm_median": 1000.0298461914062,
  "summary_wm_n": 289199.0,
  "summary_wm_p05": 930.5695922851563,
  "summary_wm_p95": 1070.8327026367188,
  "summary_wm_stdv": 42.6103630065918,
  "tpm_overlap_csf": 0.17061783373355865,
  "tpm_overlap_gm": 0.455367773771286,
  "tpm_overlap_wm": 0.5022143125534058,
  "wm2max": 0.546944887790879
}