{
  "bids_meta": {
    "AcquisitionMatrixPE": 256,
    "AcquisitionNumber": 1,
    "AcquisitionTime": "11:08:25.110000",
    "BaseResolution": 256,
    "BodyPartExamined": "HEAD",
    "ConsistencyInfo": "N4_VE11C_LATEST_20160120",
    "ConversionSoftware": "dcm2niix",
    "ConversionSoftwareVersion": "v1.0.20200427",
    "DeviceSerialNumber": "45250",
    "DwellTime": 9.2e-06,
    "EchoTime": 0.00218,
    "FlipAngle": 8,
    "ImageOrientationPatientDICOM": [
      -0.0141137,
      0.994605,
      0.102772,
      0.0187906,
      0.103028,
      -0.994501
    ],
    "ImageType": [
      "ORIGINAL",
      "PRIMARY",
      "M",
      "NORM",
      "DIS3D",
      "DIS2D"
    ],
    "ImagingFrequency": 123.24,
    "InPlanePhaseEncodingDirectionDICOM": "ROW",
    "InstitutionAddress": "Kopernikusstr._26_Graz_Graz_AT_8010",
    "InstitutionName": "KFU",
    "InstitutionalDepartmentName": "Department",
    "InversionTime": 1,
    "MRAcquisitionType": "3D",
    "MagneticFieldStrength": 3,
    "Manufacturer": "Siemens",
    "ManufacturersModelName": "Skyra",
    "Modality": "MR",
    "ParallelReductionFactorInPlane": 2,
    "PartialFourier": 1,
    "PatientPosition": "HFS",
    "PercentPhaseFOV": 100,
    "PercentSampling": 100,
    "PhaseEncodingSteps": 294,
    "PhaseOversampling": 0.15,
    "PhaseResolution": 1,
    "PixelBandwidth": 210,
    "ProcedureStepDescription": "KFU_BioPsy",
    "ProtocolName": "T1_Pat4_088mm_Pat2_224Sl",
    "PulseSequenceDetails": "%SiemensSeq%_tfl",
    "ReceiveCoilActiveElements": "HEA;HEP",
    "ReceiveCoilName": "Head_32",
    "ReconMatrixPE": 256,
    "RefLinesPE": 24,
    "RepetitionTime": 2.2,
    "SAR": 0.0652182,
    "ScanOptions": "IR_WE",
    "ScanningSequence": "GR_IR",
    "SequenceName": "_tfl3d1_16ns",
    "SequenceVariant": "SK_SP_MP_OSP",
    "SeriesDescription": "T1_Pat4_088mm_Pat2_224Sl",
    "SeriesNumber": 9,
    "ShimSetting": [
      -1131,
      -3161,
      -4335,
      311,
      829,
      90,
      271,
      -781
    ],
    "SliceThickness": 0.88,
    "SoftwareVersions": "syngo_MR_E11",
    "StationName": "FBMTMR1",
    "TxRefAmp": 340.509,
    "acq_id": "MPrageHiRes",
    "dataset": "<unset>",
    "modality": "T1w",
    "session_id": "1",
    "subject_id": "season112"
  },
  "cjv": 0.5973584855177403,
  "cnr": 2.1687332312363035,
  "efc": 0.6691502402787403,
  "fber": 4094.582275390625,
  "fwhm_avg": 4.362461782534839,
  "fwhm_x": 4.231568204747375,
  "fwhm_y": 4.5157485714285714,
  "fwhm_z": 4.340068571428572,
  "icvs_csf": 0.21094751694952865,
  "icvs_gm": 0.4061131150052287,
  "icvs_wm": 0.38293936804524265,
  "inu_med": 1.4472801685333252,
  "inu_range": 0.5914578020572661,
  "provenance": {
    "md5sum": "7cdfdda2eac0555d7af8cb4a8b2c702b",
    "settings": {
      "testing": false
    },
    "software": "mriqc",
    "version": "0.15.2",
    "warnings": {
      "large_rot_frame": true,
      "small_air_mask": false
    },
    "webapi_port": null,
    "webapi_url": "https://mriqc.nimh.nih.gov/api/v1"
  },
  "qi_1": 0.0,
  "qi_2": 0.001364029913504143,
  "rpve_csf": 19.06014520884263,
  "rpve_gm": 10.256541562116277,
  "rpve_wm": 13.156272909459556,
  "size_x": 224,
  "size_y": 256,
  "size_z": 256,
  "snr_csf": 3.4603089804853604,
  "snr_gm": 9.746144074589415,
  "snr_total": 11.611773804023287,
  "snr_wm": 21.62886835699508,
  "snrd_csf": 56.78191783422616,
  "snrd_gm": 117.62981406462889,
  "snrd_total": 107.40118085836404,
  "snrd_wm": 147.79181067623708,
  "spacing_x": 0.8799999952316284,
  "spacing_y": 0.875,
  "spacing_z": 0.875,
  "summary_bg_k": 17.44490819398615,
  "summary_bg_mad": 4.432971810473089,
  "summary_bg_mean": 9.843632698059082,
  "summary_bg_median": 8.302823066711426,
  "summary_bg_n": 2386453.0,
  "summary_bg_p05": 2.827604579925537,
  "summary_bg_p95": 22.28418617248535,
  "summary_bg_stdv": 6.985875606536865,
  "summary_csf_k": 0.7655821188780707,
  "summary_csf_mad": 107.37351122477087,
  "summary_csf_mean": 399.096435546875,
  "summary_csf_median": 384.214111328125,
  "summary_csf_n": 49362.0,
  "summary_csf_p05": 246.33389587402343,
  "summary_csf_p95": 608.3657684326172,
  "summary_csf_stdv": 111.03350067138672,
  "summary_gm_k": 0.3586788513139254,
  "summary_gm_mad": 79.07172619324716,
  "summary_gm_mean": 801.7676391601562,
  "summary_gm_median": 795.9406127929688,
  "summary_gm_n": 41019.0,
  "summary_gm_p05": 679.7950317382813,
  "summary_gm_p95": 948.9328796386718,
  "summary_gm_stdv": 81.6662368774414,
  "summary_wm_k": 1.0527254339989476,
  "summary_wm_mad": 42.8436206768326,
  "summary_wm_mean": 1001.5728149414062,
  "summary_wm_median": 1000.0313720703125,
  "summary_wm_n": 402881.0,
  "summary_wm_p05": 929.5128173828125,
  "summary_wm_p95": 1078.272705078125,
  "summary_wm_stdv": 46.235897064208984,
  "tpm_overlap_csf": 0.1711251139640808,
  "tpm_overlap_gm": 0.4385402500629425,
  "tpm_overlap_wm": 0.5042659044265747,
  "wm2max": 0.4675356696522723
}