{
  "bids_meta": {
    "AcquisitionMatrixPE": 256,
    "AcquisitionNumber": 1,
    "AcquisitionTime": "12:56:43.150000",
    "BaseResolution": 256,
    "BodyPartExamined": "HEAD",
    "ConsistencyInfo": "N4_VE11C_LATEST_20160120",
    "ConversionSoftware": "dcm2niix",
    "ConversionSoftwareVersion": "v1.0.20200427",
    "DeviceSerialNumber": "45250",
    "DwellTime": 9.2e-06,
    "EchoTime": 0.00218,
    "FlipAngle": 8,
    "ImageOrientationPatientDICOM": [
      -0.0181803,
      0.99965,
      0.0191937,
      -0.0201275,
      0.018827,
      -0.99962
    ],
    "ImageType": [
      "ORIGINAL",
      "PRIMARY",
      "M",
      "NORM",
      "DIS3D",
      "DIS2D"
    ],
    "ImagingFrequency": 123.239,
    "InPlanePhaseEncodingDirectionDICOM": "ROW",
    "InstitutionAddress": "Kopernikusstr._26_Graz_Graz_AT_8010",
    "InstitutionName": "KFU",
    "InstitutionalDepartmentName": "Department",
    "InversionTime": 1,
    "MRAcquisitionType": "3D",
    "MagneticFieldStrength": 3,
    "Manufacturer": "Siemens",
    "ManufacturersModelName": "Skyra",
    "Modality": "MR",
    "ParallelReductionFactorInPlane": 2,
    "PartialFourier": 1,
    "PatientPosition": "HFS",
    "PercentPhaseFOV": 100,
    "PercentSampling": 100,
    "PhaseEncodingSteps": 294,
    "PhaseOversampling": 0.15,
    "PhaseResolution": 1,
    "PixelBandwidth": 210,
    "ProcedureStepDescription": "BioPsy_2018",
    "ProtocolName": "anat-T1w",
    "PulseSequenceDetails": "%SiemensSeq%_tfl",
    "ReceiveCoilActiveElements": "HEA;HEP",
    "ReceiveCoilName": "Head_32",
    "ReconMatrixPE": 256,
    "RefLinesPE": 24,
    "RepetitionTime": 2.2,
    "SAR": 0.0553852,
    "ScanOptions": "IR_WE",
    "ScanningSequence": "GR_IR",
    "SequenceName": "_tfl3d1_16ns",
    "SequenceVariant": "SK_SP_MP_OSP",
    "SeriesDescription": "anat-T1w",
    "SeriesNumber": 9,
    "ShimSetting": [
      -1125,
      -3169,
      -4358,
      474,
      976,
      125,
      304,
      -940
    ],
    "SliceThickness": 0.88,
    "SoftwareVersions": "syngo_MR_E11",
    "StationName": "FBMTMR1",
    "TxRefAmp": 325.702,
    "acq_id": "MPrageHiRes",
    "dataset": "<unset>",
    "modality": "T1w",
    "session_id": "1",
    "subject_id": "season204"
  },
  "cjv": 0.4346185425986774,
  "cnr": 3.0354841544956734,
  "efc": 0.571657059913969,
  "fber": 3724.854736328125,
  "fwhm_avg": 4.0965136869765955,
  "fwhm_x": 4.054318203786927,
  "fwhm_y": 4.1292,
  "fwhm_z": 4.1060228571428565,
  "icvs_csf": 0.1803008145231609,
  "icvs_gm": 0.4481768783417147,
  "icvs_wm": 0.3715223071351244,
  "inu_med": 1.4583836793899536,
  "inu_range": 0.5442599892616271,
  "provenance": {
    "md5sum": "e4e04950c00d5e129186be2836a12849",
    "settings": {
      "testing": false
    },
    "software": "mriqc",
    "version": "0.15.2",
    "warnings": {
      "large_rot_frame": true,
      "small_air_mask": false
    },
    "webapi_port": null,
    "webapi_url": "https://mriqc.nimh.nih.gov/api/v1"
  },
  "qi_1": 0.0,
  "qi_2": 0.0023986821870896806,
  "rpve_csf": 25.866849770351052,
  "rpve_gm": 11.685036532329617,
  "rpve_wm": 16.143490285065948,
  "size_x": 224,
  "size_y": 256,
  "size_z": 256,
  "snr_csf": 2.8503911488918727,
  "snr_gm": 11.766872290674371,
  "snr_total": 12.402698587754978,
  "snr_wm": 22.590832323698695,
  "snrd_csf": 55.1260644682788,
  "snrd_gm": 116.67855991032438,
  "snrd_total": 108.3456752626123,
  "snrd_wm": 153.23240140923372,
  "spacing_x": 0.8799999952316284,
  "spacing_y": 0.875,
  "spacing_z": 0.875,
  "summary_bg_k": 7.993732800547319,
  "summary_bg_mad": 4.275514889604004,
  "summary_bg_mean": 8.935498237609863,
  "summary_bg_median": 7.683481693267822,
  "summary_bg_n": 3222079.0,
  "summary_bg_p05": 2.872188091278076,
  "summary_bg_p95": 18.82418708801267,
  "summary_bg_stdv": 5.3959126472473145,
  "summary_csf_k": 21.736555514662996,
  "summary_csf_mad": 98.91125863300137,
  "summary_csf_mean": 387.19287109375,
  "summary_csf_median": 359.76068115234375,
  "summary_csf_n": 27447.0,
  "summary_csf_p05": 244.4795120239258,
  "summary_csf_p95": 598.0051208496093,
  "summary_csf_stdv": 126.21219635009766,
  "summary_gm_k": 0.11957445666212019,
  "summary_gm_mad": 64.35610285502811,
  "summary_gm_mean": 763.9678955078125,
  "summary_gm_median": 761.461181640625,
  "summary_gm_n": 52043.0,
  "summary_gm_p05": 663.4520935058595,
  "summary_gm_p95": 875.222296142578,
  "summary_gm_stdv": 64.71166229248047,
  "summary_wm_k": 0.911314803464208,
  "summary_wm_mad": 39.324612188475314,
  "summary_wm_mean": 998.5855712890625,
  "summary_wm_median": 1000.016845703125,
  "summary_wm_n": 310802.0,
  "summary_wm_p05": 921.3725738525391,
  "summary_wm_p95": 1068.280615234375,
  "summary_wm_stdv": 44.26641845703125,
  "tpm_overlap_csf": 0.16530822217464447,
  "tpm_overlap_gm": 0.45140933990478516,
  "tpm_overlap_wm": 0.4906473755836487,
  "wm2max": 0.5690602000795176
}