{
  "bids_meta": {
    "AcquisitionMatrixPE": 256,
    "AcquisitionNumber": 1,
    "AcquisitionTime": "10:35:32.087500",
    "BaseResolution": 256,
    "BodyPartExamined": "HEAD",
    "ConsistencyInfo": "N4_VE11C_LATEST_20160120",
    "ConversionSoftware": "dcm2niix",
    "ConversionSoftwareVersion": "v1.0.20200427",
    "DeviceSerialNumber": "45250",
    "DwellTime": 9.2e-06,
    "EchoTime": 0.00218,
    "FlipAngle": 8,
    "ImageOrientationPatientDICOM": [
      -0.0281398,
      0.999598,
      -0.00348649,
      -0.0487968,
      -0.00485739,
      -0.998797
    ],
    "ImageType": [
      "ORIGINAL",
      "PRIMARY",
      "M",
      "NORM",
      "DIS3D",
      "DIS2D"
    ],
    "ImagingFrequency": 123.24,
    "InPlanePhaseEncodingDirectionDICOM": "ROW",
    "InstitutionAddress": "Kopernikusstr._26_Graz_Graz_AT_8010",
    "InstitutionName": "KFU",
    "InstitutionalDepartmentName": "Department",
    "InversionTime": 1,
    "MRAcquisitionType": "3D",
    "MagneticFieldStrength": 3,
    "Manufacturer": "Siemens",
    "ManufacturersModelName": "Skyra",
    "Modality": "MR",
    "ParallelReductionFactorInPlane": 2,
    "PartialFourier": 1,
    "PatientPosition": "HFS",
    "PercentPhaseFOV": 100,
    "PercentSampling": 100,
    "PhaseEncodingSteps": 294,
    "PhaseOversampling": 0.15,
    "PhaseResolution": 1,
    "PixelBandwidth": 210,
    "ProcedureStepDescription": "KFU_BioPsy",
    "ProtocolName": "T1_Pat4_088mm_Pat2_224Sl",
    "PulseSequenceDetails": "%SiemensSeq%_tfl",
    "ReceiveCoilActiveElements": "HEA;HEP",
    "ReceiveCoilName": "Head_32",
    "ReconMatrixPE": 256,
    "RefLinesPE": 24,
    "RepetitionTime": 2.2,
    "SAR": 0.0571969,
    "ScanOptions": "IR_WE",
    "ScanningSequence": "GR_IR",
    "SequenceName": "_tfl3d1_16ns",
    "SequenceVariant": "SK_SP_MP_OSP",
    "SeriesDescription": "T1_Pat4_088mm_Pat2_224Sl",
    "SeriesNumber": 9,
    "ShimSetting": [
      -1143,
      -3115,
      -4350,
      377,
      848,
      140,
      31,
      -842
    ],
    "SliceThickness": 0.88,
    "SoftwareVersions": "syngo_MR_E11",
    "StationName": "FBMTMR1",
    "TxRefAmp": 313.097,
    "acq_id": "MPrageHiRes",
    "dataset": "<unset>",
    "modality": "T1w",
    "session_id": "3",
    "subject_id": "season108"
  },
  "cjv": 0.7115369394223983,
  "cnr": 1.9640884416651543,
  "efc": 0.5696825108485227,
  "fber": 1623.9036865234375,
  "fwhm_avg": 4.122717280131671,
  "fwhm_x": 4.099431840395016,
  "fwhm_y": 4.086365714285714,
  "fwhm_z": 4.182354285714285,
  "icvs_csf": 0.1814388436769603,
  "icvs_gm": 0.45089814147997886,
  "icvs_wm": 0.36766301484306085,
  "inu_med": 1.5319702625274658,
  "inu_range": 0.6470469653606412,
  "provenance": {
    "md5sum": "b215053cdfa291be15d140b871455332",
    "settings": {
      "testing": false
    },
    "software": "mriqc",
    "version": "0.15.2",
    "warnings": {
      "large_rot_frame": true,
      "small_air_mask": false
    },
    "webapi_port": null,
    "webapi_url": "https://mriqc.nimh.nih.gov/api/v1"
  },
  "qi_1": 0.0,
  "qi_2": 0.00228005303965298,
  "rpve_csf": 27.210635489345652,
  "rpve_gm": 12.356544866615534,
  "rpve_wm": 17.205137256800267,
  "size_x": 224,
  "size_y": 256,
  "size_z": 256,
  "snr_csf": 1.7935734863506014,
  "snr_gm": 10.295252366616316,
  "snr_total": 10.015030933447788,
  "snr_wm": 17.956266947376445,
  "snrd_csf": 34.070753081364124,
  "snrd_gm": 71.14936964203089,
  "snrd_total": 64.3577698159939,
  "snrd_wm": 87.8531867245867,
  "spacing_x": 0.8799999952316284,
  "spacing_y": 0.875,
  "spacing_z": 0.875,
  "summary_bg_k": 5.061560810415784,
  "summary_bg_mad": 7.457473917029273,
  "summary_bg_mean": 14.676352500915527,
  "summary_bg_median": 12.973365783691406,
  "summary_bg_n": 3114666.0,
  "summary_bg_p05": 3.9728046655654907,
  "summary_bg_p95": 32.1497688293457,
  "summary_bg_stdv": 9.044687271118164,
  "summary_csf_k": 37.65977314555539,
  "summary_csf_mad": 131.5948824845139,
  "summary_csf_mean": 429.269287109375,
  "summary_csf_median": 387.830322265625,
  "summary_csf_n": 22504.0,
  "summary_csf_p05": 237.80450744628905,
  "summary_csf_p95": 676.387252807617,
  "summary_csf_stdv": 216.22850036621094,
  "summary_gm_k": -0.2633595382487357,
  "summary_gm_mad": 82.2116684771782,
  "summary_gm_mean": 809.141845703125,
  "summary_gm_median": 809.8994140625,
  "summary_gm_n": 51751.0,
  "summary_gm_p05": 682.1145324707031,
  "summary_gm_p95": 938.8176574707031,
  "summary_gm_stdv": 78.66651153564453,
  "summary_wm_k": 0.3184700778569707,
  "summary_wm_mad": 53.0806704677934,
  "summary_wm_mean": 1002.3297729492188,
  "summary_wm_median": 1000.0404052734375,
  "summary_wm_n": 287049.0,
  "summary_wm_p05": 914.1447875976563,
  "summary_wm_p95": 1097.8423583984375,
  "summary_wm_stdv": 55.693016052246094,
  "tpm_overlap_csf": 0.1526411473751068,
  "tpm_overlap_gm": 0.46001794934272766,
  "tpm_overlap_wm": 0.49597257375717163,
  "wm2max": 0.4918245401279545
}