{
  "bids_meta": {
    "AcquisitionMatrixPE": 256,
    "AcquisitionNumber": 1,
    "AcquisitionTime": "11:33:5.130000",
    "BaseResolution": 256,
    "BodyPartExamined": "HEAD",
    "ConsistencyInfo": "N4_VE11C_LATEST_20160120",
    "ConversionSoftware": "dcm2niix",
    "ConversionSoftwareVersion": "v1.0.20200427",
    "DeviceSerialNumber": "45250",
    "DwellTime": 9.2e-06,
    "EchoTime": 0.00218,
    "FlipAngle": 8,
    "ImageOrientationPatientDICOM": [
      0.0435854,
      0.984763,
      0.16835,
      -0.0338148,
      0.169867,
      -0.984887
    ],
    "ImageType": [
      "ORIGINAL",
      "PRIMARY",
      "M",
      "NORM",
      "DIS3D",
      "DIS2D"
    ],
    "ImagingFrequency": 123.24,
    "InPlanePhaseEncodingDirectionDICOM": "ROW",
    "InstitutionAddress": "Kopernikusstr._26_Graz_Graz_AT_8010",
    "InstitutionName": "KFU",
    "InstitutionalDepartmentName": "Department",
    "InversionTime": 1,
    "MRAcquisitionType": "3D",
    "MagneticFieldStrength": 3,
    "Manufacturer": "Siemens",
    "ManufacturersModelName": "Skyra",
    "Modality": "MR",
    "ParallelReductionFactorInPlane": 2,
    "PartialFourier": 1,
    "PatientPosition": "HFS",
    "PercentPhaseFOV": 100,
    "PercentSampling": 100,
    "PhaseEncodingSteps": 294,
    "PhaseOversampling": 0.15,
    "PhaseResolution": 1,
    "PixelBandwidth": 210,
    "ProcedureStepDescription": "KFU_BioPsy",
    "ProtocolName": "T1_Pat4_088mm_Pat2_224Sl",
    "PulseSequenceDetails": "%SiemensSeq%_tfl",
    "ReceiveCoilActiveElements": "HEA;HEP",
    "ReceiveCoilName": "Head_32",
    "ReconMatrixPE": 256,
    "RefLinesPE": 24,
    "RepetitionTime": 2.2,
    "SAR": 0.06153,
    "ScanOptions": "IR_WE",
    "ScanningSequence": "GR_IR",
    "SequenceName": "_tfl3d1_16ns",
    "SequenceVariant": "SK_SP_MP_OSP",
    "SeriesDescription": "T1_Pat4_088mm_Pat2_224Sl",
    "SeriesNumber": 9,
    "ShimSetting": [
      -1130,
      -3247,
      -4256,
      467,
      921,
      15,
      653,
      -760
    ],
    "SliceThickness": 0.88,
    "SoftwareVersions": "syngo_MR_E11",
    "StationName": "FBMTMR1",
    "TxRefAmp": 325.465,
    "acq_id": "MPrageHiRes",
    "dataset": "<unset>",
    "modality": "T1w",
    "session_id": "3",
    "subject_id": "season113"
  },
  "cjv": 0.43828872097748334,
  "cnr": 2.8897597610024826,
  "efc": 0.5693318503234522,
  "fber": 2455.325439453125,
  "fwhm_avg": 4.15531892517885,
  "fwhm_x": 4.113568204107979,
  "fwhm_y": 4.2092,
  "fwhm_z": 4.143188571428571,
  "icvs_csf": 0.1908512869023314,
  "icvs_gm": 0.42352423800255196,
  "icvs_wm": 0.38562447509511666,
  "inu_med": 1.350841999053955,
  "inu_range": 0.5070053219795225,
  "provenance": {
    "md5sum": "952c55207483526a966bd7abb0f4ac3b",
    "settings": {
      "testing": false
    },
    "software": "mriqc",
    "version": "0.15.2",
    "warnings": {
      "large_rot_frame": true,
      "small_air_mask": false
    },
    "webapi_port": null,
    "webapi_url": "https://mriqc.nimh.nih.gov/api/v1"
  },
  "qi_1": 0.0,
  "qi_2": 0.0033967666551926873,
  "rpve_csf": 24.02999828430402,
  "rpve_gm": 11.764257574450843,
  "rpve_wm": 15.1400300697506,
  "size_x": 224,
  "size_y": 256,
  "size_z": 256,
  "snr_csf": 2.8528210150023257,
  "snr_gm": 12.113699800229288,
  "snr_total": 12.778489434043601,
  "snr_wm": 23.368947486899188,
  "snrd_csf": 60.63963103542368,
  "snrd_gm": 112.36782446025792,
  "snrd_total": 105.89409809381495,
  "snrd_wm": 144.67483878576326,
  "spacing_x": 0.8799999952316284,
  "spacing_y": 0.875,
  "spacing_z": 0.875,
  "summary_bg_k": 3.649940445976574,
  "summary_bg_mad": 4.528443907488616,
  "summary_bg_mean": 10.061928749084473,
  "summary_bg_median": 9.15118408203125,
  "summary_bg_n": 2803720.0,
  "summary_bg_p05": 3.0556549906730655,
  "summary_bg_p95": 20.266536903381347,
  "summary_bg_stdv": 5.429955005645752,
  "summary_csf_k": 17.004037735078768,
  "summary_csf_mad": 171.21209686253619,
  "summary_csf_mean": 429.7442626953125,
  "summary_csf_median": 419.1542053222656,
  "summary_csf_n": 37123.0,
  "summary_csf_p05": 236.49821014404296,
  "summary_csf_p95": 633.3090454101563,
  "summary_csf_stdv": 146.9242401123047,
  "summary_gm_k": 0.312946962349423,
  "summary_gm_mad": 61.13299947253711,
  "summary_gm_mean": 778.3753051757812,
  "summary_gm_median": 776.7106323242188,
  "summary_gm_n": 52256.0,
  "summary_gm_p05": 676.6687316894531,
  "summary_gm_p95": 888.4527740478516,
  "summary_gm_stdv": 64.11775207519531,
  "summary_wm_k": 1.3549634833694046,
  "summary_wm_mad": 36.74259128993224,
  "summary_wm_mean": 999.0366821289062,
  "summary_wm_median": 1000.023681640625,
  "summary_wm_n": 354558.0,
  "summary_wm_p05": 925.5268737792969,
  "summary_wm_p95": 1066.0790893554688,
  "summary_wm_stdv": 42.792781829833984,
  "tpm_overlap_csf": 0.15948055684566498,
  "tpm_overlap_gm": 0.43794670701026917,
  "tpm_overlap_wm": 0.4954908490180969,
  "wm2max": 0.5619858195117703
}