{
  "bids_meta": {
    "AcquisitionMatrixPE": 256,
    "AcquisitionNumber": 1,
    "AcquisitionTime": "12:01:39.310000",
    "BaseResolution": 256,
    "BodyPartExamined": "HEAD",
    "ConsistencyInfo": "N4_VE11C_LATEST_20160120",
    "ConversionSoftware": "dcm2niix",
    "ConversionSoftwareVersion": "v1.0.20200427",
    "DeviceSerialNumber": "45250",
    "DwellTime": 9.2e-06,
    "EchoTime": 0.00218,
    "FlipAngle": 8,
    "ImageOrientationPatientDICOM": [
      -0.0239812,
      0.992891,
      0.116587,
      0.0353431,
      0.11739,
      -0.992457
    ],
    "ImageType": [
      "ORIGINAL",
      "PRIMARY",
      "M",
      "NORM",
      "DIS3D",
      "DIS2D"
    ],
    "ImagingFrequency": 123.24,
    "InPlanePhaseEncodingDirectionDICOM": "ROW",
    "InstitutionAddress": "Kopernikusstr._26_Graz_Graz_AT_8010",
    "InstitutionName": "KFU",
    "InstitutionalDepartmentName": "Department",
    "InversionTime": 1,
    "MRAcquisitionType": "3D",
    "MagneticFieldStrength": 3,
    "Manufacturer": "Siemens",
    "ManufacturersModelName": "Skyra",
    "Modality": "MR",
    "ParallelReductionFactorInPlane": 2,
    "PartialFourier": 1,
    "PatientPosition": "HFS",
    "PercentPhaseFOV": 100,
    "PercentSampling": 100,
    "PhaseEncodingSteps": 294,
    "PhaseOversampling": 0.15,
    "PhaseResolution": 1,
    "PixelBandwidth": 210,
    "ProcedureStepDescription": "KFU_BioPsy",
    "ProtocolName": "T1_Pat4_088mm_Pat2_224Sl",
    "PulseSequenceDetails": "%SiemensSeq%_tfl",
    "ReceiveCoilActiveElements": "HEA;HEP",
    "ReceiveCoilName": "Head_32",
    "ReconMatrixPE": 256,
    "RefLinesPE": 24,
    "RepetitionTime": 2.2,
    "SAR": 0.0609635,
    "ScanOptions": "IR_WE",
    "ScanningSequence": "GR_IR",
    "SequenceName": "_tfl3d1_16ns",
    "SequenceVariant": "SK_SP_MP_OSP",
    "SeriesDescription": "T1_Pat4_088mm_Pat2_224Sl",
    "SeriesNumber": 9,
    "ShimSetting": [
      -1131,
      -3313,
      -4369,
      687,
      741,
      -156,
      628,
      -870
    ],
    "SliceThickness": 0.88,
    "SoftwareVersions": "syngo_MR_E11",
    "StationName": "FBMTMR1",
    "TxRefAmp": 325.068,
    "acq_id": "MPrageHiRes",
    "dataset": "<unset>",
    "modality": "T1w",
    "session_id": "3",
    "subject_id": "season105"
  },
  "cjv": 0.42188759479860927,
  "cnr": 3.073657928966199,
  "efc": 0.552191518794358,
  "fber": 4075.059326171875,
  "fwhm_avg": 4.065408513704827,
  "fwhm_x": 3.9925341125430527,
  "fwhm_y": 4.144685714285714,
  "fwhm_z": 4.059005714285714,
  "icvs_csf": 0.19468367383214205,
  "icvs_gm": 0.4530659144073805,
  "icvs_wm": 0.3522504117604775,
  "inu_med": 1.4750926494598389,
  "inu_range": 0.5631538331508636,
  "provenance": {
    "md5sum": "df734314c9c6de517154ed16fb438d34",
    "settings": {
      "testing": false
    },
    "software": "mriqc",
    "version": "0.15.2",
    "warnings": {
      "large_rot_frame": true,
      "small_air_mask": false
    },
    "webapi_port": null,
    "webapi_url": "https://mriqc.nimh.nih.gov/api/v1"
  },
  "qi_1": 0.0,
  "qi_2": 0.0034821144953706596,
  "rpve_csf": 24.77417818980704,
  "rpve_gm": 11.707838976017412,
  "rpve_wm": 16.861758737603907,
  "size_x": 224,
  "size_y": 256,
  "size_z": 256,
  "snr_csf": 2.9053882481017137,
  "snr_gm": 12.144384283326122,
  "snr_total": 12.274141282786099,
  "snr_wm": 21.772651316930467,
  "snrd_csf": 56.15882588057115,
  "snrd_gm": 123.15512820991243,
  "snrd_total": 113.72966575302657,
  "snrd_wm": 161.87504316859614,
  "spacing_x": 0.8799999952316284,
  "spacing_y": 0.875,
  "spacing_z": 0.875,
  "summary_bg_k": 6.932821569684636,
  "summary_bg_mad": 4.0472658393364425,
  "summary_bg_mean": 8.087172508239746,
  "summary_bg_median": 7.307593822479248,
  "summary_bg_n": 3561252.0,
  "summary_bg_p05": 2.7373398661613466,
  "summary_bg_p95": 16.742175292968746,
  "summary_bg_stdv": 4.709897518157959,
  "summary_csf_k": 31.00334686691283,
  "summary_csf_mad": 103.17193019404371,
  "summary_csf_mean": 372.3463439941406,
  "summary_csf_median": 346.9349365234375,
  "summary_csf_n": 35177.0,
  "summary_csf_p05": 234.69410400390623,
  "summary_csf_p95": 574.2656372070312,
  "summary_csf_stdv": 119.40917205810547,
  "summary_gm_k": 0.37633534744813035,
  "summary_gm_mad": 60.78234739754265,
  "summary_gm_mean": 761.2656860351562,
  "summary_gm_median": 760.821044921875,
  "summary_gm_n": 46148.0,
  "summary_gm_p05": 661.2091644287109,
  "summary_gm_p95": 865.128451538086,
  "summary_gm_stdv": 62.64729309082031,
  "summary_wm_k": 1.1605503141427427,
  "summary_wm_mad": 40.133917177562516,
  "summary_wm_mean": 997.8135375976562,
  "summary_wm_median": 1000.0228271484375,
  "summary_wm_n": 279432.0,
  "summary_wm_p05": 917.4526550292969,
  "summary_wm_p95": 1068.3363464355468,
  "summary_wm_stdv": 45.930145263671875,
  "tpm_overlap_csf": 0.1720229536294937,
  "tpm_overlap_gm": 0.4614546000957489,
  "tpm_overlap_wm": 0.4872477948665619,
  "wm2max": 0.5915908814962111
}