{
  "bids_meta": {
    "AcquisitionMatrixPE": 256,
    "AcquisitionNumber": 1,
    "AcquisitionTime": "11:19:35.187500",
    "BaseResolution": 256,
    "BodyPartExamined": "HEAD",
    "ConsistencyInfo": "N4_VE11C_LATEST_20160120",
    "ConversionSoftware": "dcm2niix",
    "ConversionSoftwareVersion": "v1.0.20200427",
    "DeviceSerialNumber": "45250",
    "DwellTime": 9.2e-06,
    "EchoTime": 0.00218,
    "FlipAngle": 8,
    "ImageOrientationPatientDICOM": [
      0.033528,
      0.993586,
      0.107995,
      -0.00505085,
      0.108223,
      -0.994114
    ],
    "ImageType": [
      "ORIGINAL",
      "PRIMARY",
      "M",
      "NORM",
      "DIS3D",
      "DIS2D"
    ],
    "ImagingFrequency": 123.239,
    "InPlanePhaseEncodingDirectionDICOM": "ROW",
    "InstitutionAddress": "Kopernikusstr._26_Graz_Graz_AT_8010",
    "InstitutionName": "KFU",
    "InstitutionalDepartmentName": "Department",
    "InversionTime": 1,
    "MRAcquisitionType": "3D",
    "MagneticFieldStrength": 3,
    "Manufacturer": "Siemens",
    "ManufacturersModelName": "Skyra",
    "Modality": "MR",
    "ParallelReductionFactorInPlane": 2,
    "PartialFourier": 1,
    "PatientPosition": "HFS",
    "PercentPhaseFOV": 100,
    "PercentSampling": 100,
    "PhaseEncodingSteps": 294,
    "PhaseOversampling": 0.15,
    "PhaseResolution": 1,
    "PixelBandwidth": 210,
    "ProcedureStepDescription": "BioPsy_2018",
    "ProtocolName": "anat-T1w",
    "PulseSequenceDetails": "%SiemensSeq%_tfl",
    "ReceiveCoilActiveElements": "HEA;HEP",
    "ReceiveCoilName": "Head_32",
    "ReconMatrixPE": 256,
    "RefLinesPE": 24,
    "RepetitionTime": 2.2,
    "SAR": 0.0483729,
    "ScanOptions": "IR_WE",
    "ScanningSequence": "GR_IR",
    "SequenceName": "_tfl3d1_16ns",
    "SequenceVariant": "SK_SP_MP_OSP",
    "SeriesDescription": "anat-T1w",
    "SeriesNumber": 9,
    "ShimSetting": [
      -1109,
      -3155,
      -4400,
      496,
      946,
      28,
      269,
      -818
    ],
    "SliceThickness": 0.88,
    "SoftwareVersions": "syngo_MR_E11",
    "StationName": "FBMTMR1",
    "TxRefAmp": 321.627,
    "acq_id": "MPrageHiRes",
    "dataset": "<unset>",
    "modality": "T1w",
    "session_id": "3",
    "subject_id": "season216"
  },
  "cjv": 0.4395498057769834,
  "cnr": 2.877396238157204,
  "efc": 0.5839878406561196,
  "fber": 2603.41748046875,
  "fwhm_avg": 4.296892713299238,
  "fwhm_x": 4.247329568469143,
  "fwhm_y": 4.384274285714286,
  "fwhm_z": 4.259074285714286,
  "icvs_csf": 0.19393094267476046,
  "icvs_gm": 0.4208124604645881,
  "icvs_wm": 0.38525659686065145,
  "inu_med": 1.389338493347168,
  "inu_range": 0.47719464302062975,
  "provenance": {
    "md5sum": "34e36f73d4842968be790c91f4a40441",
    "settings": {
      "testing": false
    },
    "software": "mriqc",
    "version": "0.15.2",
    "warnings": {
      "large_rot_frame": true,
      "small_air_mask": false
    },
    "webapi_port": null,
    "webapi_url": "https://mriqc.nimh.nih.gov/api/v1"
  },
  "qi_1": 0.0,
  "qi_2": 0.0018110985767766027,
  "rpve_csf": 24.605214309963635,
  "rpve_gm": 12.43498573990515,
  "rpve_wm": 16.03159980253559,
  "size_x": 224,
  "size_y": 256,
  "size_z": 256,
  "snr_csf": 2.909353666993583,
  "snr_gm": 11.93221005510458,
  "snr_total": 13.07230638069914,
  "snr_wm": 24.375355419999263,
  "snrd_csf": 49.316296028275545,
  "snrd_gm": 110.44891824686026,
  "snrd_total": 100.5974735932478,
  "snrd_wm": 142.0272065046076,
  "spacing_x": 0.8799999952316284,
  "spacing_y": 0.875,
  "spacing_z": 0.875,
  "summary_bg_k": 5.703110362195973,
  "summary_bg_mad": 4.612847841427302,
  "summary_bg_mean": 10.586174964904785,
  "summary_bg_median": 9.283374786376953,
  "summary_bg_n": 2567566.0,
  "summary_bg_p05": 3.097365379333496,
  "summary_bg_p95": 22.608854293823242,
  "summary_bg_stdv": 6.350270748138428,
  "summary_csf_k": 10.183606580899143,
  "summary_csf_mad": 96.15879820329648,
  "summary_csf_mean": 378.9465026855469,
  "summary_csf_median": 347.2384948730469,
  "summary_csf_n": 34821.0,
  "summary_csf_p05": 240.0948944091797,
  "summary_csf_p95": 594.1262817382812,
  "summary_csf_stdv": 119.35073852539062,
  "summary_gm_k": 0.4778572861170285,
  "summary_gm_mad": 60.04810457521877,
  "summary_gm_mean": 780.3275146484375,
  "summary_gm_median": 777.6763305664062,
  "summary_gm_n": 47657.0,
  "summary_gm_p05": 679.0744750976562,
  "summary_gm_p95": 896.5466064453125,
  "summary_gm_stdv": 65.17385864257812,
  "summary_wm_k": 0.7478281629078065,
  "summary_wm_mad": 37.68328900492705,
  "summary_wm_mean": 999.6188354492188,
  "summary_wm_median": 1000.0206298828125,
  "summary_wm_n": 366056.0,
  "summary_wm_p05": 931.4847106933594,
  "summary_wm_p95": 1065.702880859375,
  "summary_wm_stdv": 41.02583312988281,
  "tpm_overlap_csf": 0.16596217453479767,
  "tpm_overlap_gm": 0.4377077519893646,
  "tpm_overlap_wm": 0.502491295337677,
  "wm2max": 0.5511179199458318
}