{
  "bids_meta": {
    "AcquisitionMatrixPE": 256,
    "AcquisitionNumber": 1,
    "AcquisitionTime": "09:49:27.142500",
    "BaseResolution": 256,
    "BodyPartExamined": "HEAD",
    "ConsistencyInfo": "N4_VE11C_LATEST_20160120",
    "ConversionSoftware": "dcm2niix",
    "ConversionSoftwareVersion": "v1.0.20200427",
    "DeviceSerialNumber": "45250",
    "DwellTime": 9.2e-06,
    "EchoTime": 0.00218,
    "FlipAngle": 8,
    "ImageOrientationPatientDICOM": [
      -0.0467335,
      0.997917,
      0.0444752,
      -0.0288718,
      0.0431558,
      -0.998651
    ],
    "ImageType": [
      "ORIGINAL",
      "PRIMARY",
      "M",
      "NORM",
      "DIS3D",
      "DIS2D"
    ],
    "ImagingFrequency": 123.24,
    "InPlanePhaseEncodingDirectionDICOM": "ROW",
    "InstitutionAddress": "Kopernikusstr._26_Graz_Graz_AT_8010",
    "InstitutionName": "KFU",
    "InstitutionalDepartmentName": "Department",
    "InversionTime": 1,
    "MRAcquisitionType": "3D",
    "MagneticFieldStrength": 3,
    "Manufacturer": "Siemens",
    "ManufacturersModelName": "Skyra",
    "Modality": "MR",
    "ParallelReductionFactorInPlane": 2,
    "PartialFourier": 1,
    "PatientPosition": "HFS",
    "PercentPhaseFOV": 100,
    "PercentSampling": 100,
    "PhaseEncodingSteps": 294,
    "PhaseOversampling": 0.15,
    "PhaseResolution": 1,
    "PixelBandwidth": 210,
    "ProcedureStepDescription": "KFU_BioPsy",
    "ProtocolName": "T1_Pat4_088mm_Pat2_224Sl",
    "PulseSequenceDetails": "%SiemensSeq%_tfl",
    "ReceiveCoilActiveElements": "HEA;HEP",
    "ReceiveCoilName": "Head_32",
    "ReconMatrixPE": 256,
    "RefLinesPE": 24,
    "RepetitionTime": 2.2,
    "SAR": 0.0627486,
    "ScanOptions": "IR_WE",
    "ScanningSequence": "GR_IR",
    "SequenceName": "_tfl3d1_16ns",
    "SequenceVariant": "SK_SP_MP_OSP",
    "SeriesDescription": "T1_Pat4_088mm_Pat2_224Sl",
    "SeriesNumber": 9,
    "ShimSetting": [
      -1129,
      -3207,
      -4320,
      494,
      917,
      120,
      277,
      -908
    ],
    "SliceThickness": 0.88,
    "SoftwareVersions": "syngo_MR_E11",
    "StationName": "FBMTMR1",
    "TxRefAmp": 338.076,
    "acq_id": "MPrageHiRes",
    "dataset": "<unset>",
    "modality": "T1w",
    "session_id": "3",
    "subject_id": "season125"
  },
  "cjv": 0.48983504553632595,
  "cnr": 2.663393313400841,
  "efc": 0.5976350398455247,
  "fber": 4749.287109375,
  "fwhm_avg": 4.161067951087422,
  "fwhm_x": 4.07732956754798,
  "fwhm_y": 4.270948571428572,
  "fwhm_z": 4.134925714285714,
  "icvs_csf": 0.18543870856260794,
  "icvs_gm": 0.44896918345821857,
  "icvs_wm": 0.36559210797917346,
  "inu_med": 1.3973562717437744,
  "inu_range": 0.5669246017932892,
  "provenance": {
    "md5sum": "7da2edca5be8721d585c56fb6eaec589",
    "settings": {
      "testing": false
    },
    "software": "mriqc",
    "version": "0.15.2",
    "warnings": {
      "large_rot_frame": true,
      "small_air_mask": false
    },
    "webapi_port": null,
    "webapi_url": "https://mriqc.nimh.nih.gov/api/v1"
  },
  "qi_1": 0.0,
  "qi_2": 0.0020454795286916727,
  "rpve_csf": 23.612572897937213,
  "rpve_gm": 10.855744931230355,
  "rpve_wm": 14.967549056799689,
  "size_x": 224,
  "size_y": 256,
  "size_z": 256,
  "snr_csf": 2.9905594515147977,
  "snr_gm": 12.413385593714745,
  "snr_total": 11.329685524542969,
  "snr_wm": 18.585111528399366,
  "snrd_csf": 60.2525855312323,
  "snrd_gm": 131.37328340015466,
  "snrd_total": 120.06602189689058,
  "snrd_wm": 168.5721967592848,
  "spacing_x": 0.8799999952316284,
  "spacing_y": 0.875,
  "spacing_z": 0.875,
  "summary_bg_k": 11.004555379402616,
  "summary_bg_mad": 3.8865095369471985,
  "summary_bg_mean": 8.082018852233887,
  "summary_bg_median": 6.996068000793457,
  "summary_bg_n": 3110091.0,
  "summary_bg_p05": 2.6158595085144043,
  "summary_bg_p95": 17.709915161132812,
  "summary_bg_stdv": 5.298959255218506,
  "summary_csf_k": 8.397267513883794,
  "summary_csf_mad": 107.96495947307119,
  "summary_csf_mean": 383.6752014160156,
  "summary_csf_median": 357.4404602050781,
  "summary_csf_n": 32117.0,
  "summary_csf_p05": 238.11570739746094,
  "summary_csf_p95": 610.2948242187499,
  "summary_csf_stdv": 119.52108001708984,
  "summary_gm_k": 0.6828153857648078,
  "summary_gm_mad": 57.245512210146934,
  "summary_gm_mean": 781.1593017578125,
  "summary_gm_median": 779.3545532226562,
  "summary_gm_n": 58943.0,
  "summary_gm_p05": 682.2717468261718,
  "summary_gm_p95": 890.1034423828123,
  "summary_gm_stdv": 62.782867431640625,
  "summary_wm_k": 0.37356420412237545,
  "summary_wm_mad": 50.850116061967356,
  "summary_wm_mean": 998.2725830078125,
  "summary_wm_median": 1000.0321655273438,
  "summary_wm_n": 326444.0,
  "summary_wm_p05": 905.1047058105469,
  "summary_wm_p95": 1083.016339111328,
  "summary_wm_stdv": 53.80815887451172,
  "tpm_overlap_csf": 0.17137427628040314,
  "tpm_overlap_gm": 0.455552875995636,
  "tpm_overlap_wm": 0.508063554763794,
  "wm2max": 0.5140273017092006
}