{
  "bids_meta": {
    "AcquisitionMatrixPE": 256,
    "AcquisitionNumber": 1,
    "AcquisitionTime": "11:11:17.142500",
    "BaseResolution": 256,
    "BodyPartExamined": "HEAD",
    "ConsistencyInfo": "N4_VE11C_LATEST_20160120",
    "ConversionSoftware": "dcm2niix",
    "ConversionSoftwareVersion": "v1.0.20200427",
    "DeviceSerialNumber": "45250",
    "DwellTime": 9.2e-06,
    "EchoTime": 0.00218,
    "FlipAngle": 8,
    "ImageOrientationPatientDICOM": [
      -0.0498357,
      0.990201,
      0.130456,
      -0.0395351,
      0.12856,
      -0.990913
    ],
    "ImageType": [
      "ORIGINAL",
      "PRIMARY",
      "M",
      "NORM",
      "DIS3D",
      "DIS2D"
    ],
    "ImagingFrequency": 123.239,
    "InPlanePhaseEncodingDirectionDICOM": "ROW",
    "InstitutionAddress": "Kopernikusstr._26_Graz_Graz_AT_8010",
    "InstitutionName": "KFU",
    "InstitutionalDepartmentName": "Department",
    "InversionTime": 1,
    "MRAcquisitionType": "3D",
    "MagneticFieldStrength": 3,
    "Manufacturer": "Siemens",
    "ManufacturersModelName": "Skyra",
    "Modality": "MR",
    "ParallelReductionFactorInPlane": 2,
    "PartialFourier": 1,
    "PatientPosition": "HFS",
    "PercentPhaseFOV": 100,
    "PercentSampling": 100,
    "PhaseEncodingSteps": 294,
    "PhaseOversampling": 0.15,
    "PhaseResolution": 1,
    "PixelBandwidth": 210,
    "ProcedureStepDescription": "BioPsy_2018",
    "ProtocolName": "anat-T1w",
    "PulseSequenceDetails": "%SiemensSeq%_tfl",
    "ReceiveCoilActiveElements": "HEA;HEP",
    "ReceiveCoilName": "Head_32",
    "ReconMatrixPE": 256,
    "RefLinesPE": 24,
    "RepetitionTime": 2.2,
    "SAR": 0.0490384,
    "ScanOptions": "IR_WE",
    "ScanningSequence": "GR_IR",
    "SequenceName": "_tfl3d1_16ns",
    "SequenceVariant": "SK_SP_MP_OSP",
    "SeriesDescription": "anat-T1w",
    "SeriesNumber": 9,
    "ShimSetting": [
      -1107,
      -3155,
      -4378,
      535,
      970,
      175,
      369,
      -878
    ],
    "SliceThickness": 0.88,
    "SoftwareVersions": "syngo_MR_E11",
    "StationName": "FBMTMR1",
    "TxRefAmp": 323.06,
    "acq_id": "MPrageHiRes",
    "dataset": "<unset>",
    "modality": "T1w",
    "session_id": "1",
    "subject_id": "season216"
  },
  "cjv": 0.44797525655284576,
  "cnr": 2.8263917228708055,
  "efc": 0.5850226405453749,
  "fber": 2611.058837890625,
  "fwhm_avg": 4.271455592033813,
  "fwhm_x": 4.217818204672868,
  "fwhm_y": 4.366491428571428,
  "fwhm_z": 4.2300571428571425,
  "icvs_csf": 0.19036031453341573,
  "icvs_gm": 0.4231818351570494,
  "icvs_wm": 0.3864578503095349,
  "inu_med": 1.3978185653686523,
  "inu_range": 0.4743953704833985,
  "provenance": {
    "md5sum": "cd9763d83d06206153a560a12348cf33",
    "settings": {
      "testing": false
    },
    "software": "mriqc",
    "version": "0.15.2",
    "warnings": {
      "large_rot_frame": true,
      "small_air_mask": false
    },
    "webapi_port": null,
    "webapi_url": "https://mriqc.nimh.nih.gov/api/v1"
  },
  "qi_1": 0.0,
  "qi_2": 0.0018924947390928052,
  "rpve_csf": 24.822120996780896,
  "rpve_gm": 12.362189162701318,
  "rpve_wm": 15.988104963173413,
  "size_x": 224,
  "size_y": 256,
  "size_z": 256,
  "snr_csf": 2.7338741153364614,
  "snr_gm": 11.68634521286364,
  "snr_total": 12.74582012130278,
  "snr_wm": 23.817241035708236,
  "snrd_csf": 49.096451667593435,
  "snrd_gm": 109.33873540813522,
  "snrd_total": 99.72033658799938,
  "snrd_wm": 140.7258226882695,
  "spacing_x": 0.8799999952316284,
  "spacing_y": 0.875,
  "spacing_z": 0.875,
  "summary_bg_k": 345.8667220623146,
  "summary_bg_mad": 4.655491658289532,
  "summary_bg_mean": 10.857305526733398,
  "summary_bg_median": 9.34441089630127,
  "summary_bg_n": 2928877.0,
  "summary_bg_p05": 3.115327072143555,
  "summary_bg_p95": 23.176646423339843,
  "summary_bg_stdv": 6.647250652313232,
  "summary_csf_k": 15.329906300567195,
  "summary_csf_mad": 102.15671325743395,
  "summary_csf_mean": 381.3689880371094,
  "summary_csf_median": 348.8863220214844,
  "summary_csf_n": 31922.0,
  "summary_csf_p05": 234.26855545043946,
  "summary_csf_p95": 595.3419067382812,
  "summary_csf_stdv": 127.61408996582031,
  "summary_gm_k": 0.3636089410645007,
  "summary_gm_mad": 61.41171131537141,
  "summary_gm_mean": 779.1812744140625,
  "summary_gm_median": 776.9765014648438,
  "summary_gm_n": 47733.0,
  "summary_gm_p05": 675.3210693359374,
  "summary_gm_p95": 897.4596313476562,
  "summary_gm_stdv": 66.48514556884766,
  "summary_wm_k": 0.7879811325602972,
  "summary_wm_mad": 38.50517222328503,
  "summary_wm_mean": 999.671142578125,
  "summary_wm_median": 1000.017578125,
  "summary_wm_n": 366540.0,
  "summary_wm_p05": 930.29296875,
  "summary_wm_p95": 1067.535662841797,
  "summary_wm_stdv": 41.9870719909668,
  "tpm_overlap_csf": 0.16515401005744934,
  "tpm_overlap_gm": 0.4381271302700043,
  "tpm_overlap_wm": 0.5029683709144592,
  "wm2max": 0.5197612664630443
}