{
  "bids_meta": {
    "AcquisitionMatrixPE": 256,
    "AcquisitionNumber": 1,
    "AcquisitionTime": "11:23:28.202500",
    "BaseResolution": 256,
    "BodyPartExamined": "HEAD",
    "ConsistencyInfo": "N4_VE11C_LATEST_20160120",
    "ConversionSoftware": "dcm2niix",
    "ConversionSoftwareVersion": "v1.0.20200427",
    "DeviceSerialNumber": "45250",
    "DwellTime": 9.2e-06,
    "EchoTime": 0.00218,
    "FlipAngle": 8,
    "ImageOrientationPatientDICOM": [
      0.0751888,
      0.989479,
      0.123601,
      0.00953547,
      0.123233,
      -0.992332
    ],
    "ImageType": [
      "ORIGINAL",
      "PRIMARY",
      "M",
      "NORM",
      "DIS3D",
      "DIS2D"
    ],
    "ImagingFrequency": 123.24,
    "InPlanePhaseEncodingDirectionDICOM": "ROW",
    "InstitutionAddress": "Kopernikusstr._26_Graz_Graz_AT_8010",
    "InstitutionName": "KFU",
    "InstitutionalDepartmentName": "Department",
    "InversionTime": 1,
    "MRAcquisitionType": "3D",
    "MagneticFieldStrength": 3,
    "Manufacturer": "Siemens",
    "ManufacturersModelName": "Skyra",
    "Modality": "MR",
    "ParallelReductionFactorInPlane": 2,
    "PartialFourier": 1,
    "PatientPosition": "HFS",
    "PercentPhaseFOV": 100,
    "PercentSampling": 100,
    "PhaseEncodingSteps": 294,
    "PhaseOversampling": 0.15,
    "PhaseResolution": 1,
    "PixelBandwidth": 210,
    "ProcedureStepDescription": "KFU_BioPsy",
    "ProtocolName": "T1_Pat4_088mm_Pat2_224Sl",
    "PulseSequenceDetails": "%SiemensSeq%_tfl",
    "ReceiveCoilActiveElements": "HEA;HEP",
    "ReceiveCoilName": "Head_32",
    "ReconMatrixPE": 256,
    "RefLinesPE": 24,
    "RepetitionTime": 2.2,
    "SAR": 0.0655634,
    "ScanOptions": "IR_WE",
    "ScanningSequence": "GR_IR",
    "SequenceName": "_tfl3d1_16ns",
    "SequenceVariant": "SK_SP_MP_OSP",
    "SeriesDescription": "T1_Pat4_088mm_Pat2_224Sl",
    "SeriesNumber": 9,
    "ShimSetting": [
      -1116,
      -3137,
      -4278,
      338,
      1032,
      274,
      172,
      -885
    ],
    "SliceThickness": 0.88,
    "SoftwareVersions": "syngo_MR_E11",
    "StationName": "FBMTMR1",
    "TxRefAmp": 316.763,
    "acq_id": "MPrageHiRes",
    "dataset": "<unset>",
    "modality": "T1w",
    "session_id": "2",
    "subject_id": "season135"
  },
  "cjv": 0.39201016869448974,
  "cnr": 3.2727326650491495,
  "efc": 0.5687960587457848,
  "fber": 2429.110595703125,
  "fwhm_avg": 4.184109119949994,
  "fwhm_x": 4.094715931278554,
  "fwhm_y": 4.2768,
  "fwhm_z": 4.180811428571428,
  "icvs_csf": 0.19187408208364395,
  "icvs_gm": 0.4349680581773843,
  "icvs_wm": 0.3731578597389717,
  "inu_med": 1.3612618446350098,
  "inu_range": 0.4675735831260681,
  "provenance": {
    "md5sum": "4a1314f1a0514e23c85cf9091c18052a",
    "settings": {
      "testing": false
    },
    "software": "mriqc",
    "version": "0.15.2",
    "warnings": {
      "large_rot_frame": true,
      "small_air_mask": false
    },
    "webapi_port": null,
    "webapi_url": "https://mriqc.nimh.nih.gov/api/v1"
  },
  "qi_1": 0.0,
  "qi_2": 0.002186927614350632,
  "rpve_csf": 23.882530871488,
  "rpve_gm": 11.720162119555875,
  "rpve_wm": 15.912307504144216,
  "size_x": 224,
  "size_y": 256,
  "size_z": 256,
  "snr_csf": 2.028352223626946,
  "snr_gm": 12.21296110277807,
  "snr_total": 12.878971696145243,
  "snr_wm": 24.39560176203071,
  "snrd_csf": 50.40496345982366,
  "snrd_gm": 115.14798916317305,
  "snrd_total": 105.94293948488173,
  "snrd_wm": 152.27586583164847,
  "spacing_x": 0.8799999952316284,
  "spacing_y": 0.875,
  "spacing_z": 0.875,
  "summary_bg_k": 9.916031173430172,
  "summary_bg_mad": 4.302382190930798,
  "summary_bg_mean": 9.686551094055176,
  "summary_bg_median": 8.574169158935547,
  "summary_bg_n": 2962837.0,
  "summary_bg_p05": 2.861168384552002,
  "summary_bg_p95": 20.784743881225577,
  "summary_bg_stdv": 6.041592597961426,
  "summary_csf_k": 44.24924210768175,
  "summary_csf_mad": 99.68794166775685,
  "summary_csf_mean": 370.264892578125,
  "summary_csf_median": 331.0172119140625,
  "summary_csf_n": 37067.0,
  "summary_csf_p05": 224.24213562011718,
  "summary_csf_p95": 587.3344055175778,
  "summary_csf_stdv": 163.19293212890625,
  "summary_gm_k": 0.3129405568463035,
  "summary_gm_mad": 59.35227512214267,
  "summary_gm_mean": 756.9706420898438,
  "summary_gm_median": 756.1947021484375,
  "summary_gm_n": 58872.0,
  "summary_gm_p05": 657.1270690917969,
  "summary_gm_p95": 860.353204345703,
  "summary_gm_stdv": 61.916866302490234,
  "summary_wm_k": 1.1884856740579943,
  "summary_wm_mad": 36.229417633856485,
  "summary_wm_mean": 997.5593872070312,
  "summary_wm_median": 1000.0192260742188,
  "summary_wm_n": 333782.0,
  "summary_wm_p05": 925.6905029296876,
  "summary_wm_p95": 1059.3727966308593,
  "summary_wm_stdv": 40.991722106933594,
  "tpm_overlap_csf": 0.17170840501785278,
  "tpm_overlap_gm": 0.4504754841327667,
  "tpm_overlap_wm": 0.5033061504364014,
  "wm2max": 0.5625581335905718
}