{
  "bids_meta": {
    "AcquisitionMatrixPE": 256,
    "AcquisitionNumber": 1,
    "AcquisitionTime": "11:59:2.817500",
    "BaseResolution": 256,
    "BodyPartExamined": "HEAD",
    "ConsistencyInfo": "N4_VE11C_LATEST_20160120",
    "ConversionSoftware": "dcm2niix",
    "ConversionSoftwareVersion": "v1.0.20200427",
    "DeviceSerialNumber": "45250",
    "DwellTime": 9.2e-06,
    "EchoTime": 0.00218,
    "FlipAngle": 8,
    "ImageOrientationPatientDICOM": [
      0.0380208,
      0.993887,
      -0.103652,
      -0.017086,
      -0.103065,
      -0.994528
    ],
    "ImageType": [
      "ORIGINAL",
      "PRIMARY",
      "M",
      "NORM",
      "DIS3D",
      "DIS2D"
    ],
    "ImagingFrequency": 123.239,
    "InPlanePhaseEncodingDirectionDICOM": "ROW",
    "InstitutionAddress": "Kopernikusstr._26_Graz_Graz_AT_8010",
    "InstitutionName": "KFU",
    "InstitutionalDepartmentName": "Department",
    "InversionTime": 1,
    "MRAcquisitionType": "3D",
    "MagneticFieldStrength": 3,
    "Manufacturer": "Siemens",
    "ManufacturersModelName": "Skyra",
    "Modality": "MR",
    "ParallelReductionFactorInPlane": 2,
    "PartialFourier": 1,
    "PatientPosition": "HFS",
    "PercentPhaseFOV": 100,
    "PercentSampling": 100,
    "PhaseEncodingSteps": 294,
    "PhaseOversampling": 0.15,
    "PhaseResolution": 1,
    "PixelBandwidth": 210,
    "ProcedureStepDescription": "BioPsy_2018",
    "ProtocolName": "anat-T1w",
    "PulseSequenceDetails": "%SiemensSeq%_tfl",
    "ReceiveCoilActiveElements": "HEA;HEP",
    "ReceiveCoilName": "Head_32",
    "ReconMatrixPE": 256,
    "RefLinesPE": 24,
    "RepetitionTime": 2.2,
    "SAR": 0.0534793,
    "ScanOptions": "IR_WE",
    "ScanningSequence": "GR_IR",
    "SequenceName": "_tfl3d1_16ns",
    "SequenceVariant": "SK_SP_MP_OSP",
    "SeriesDescription": "anat-T1w",
    "SeriesNumber": 9,
    "ShimSetting": [
      -1134,
      -3083,
      -4308,
      322,
      850,
      370,
      -19,
      -861
    ],
    "SliceThickness": 0.88,
    "SoftwareVersions": "syngo_MR_E11",
    "StationName": "FBMTMR1",
    "TxRefAmp": 348.515,
    "acq_id": "MPrageHiRes",
    "dataset": "<unset>",
    "modality": "T1w",
    "session_id": "2",
    "subject_id": "season202"
  },
  "cjv": 0.5121958686535201,
  "cnr": 2.4584479357632176,
  "efc": 0.6304461524149131,
  "fber": 4553.365234375,
  "fwhm_avg": 4.109870916423676,
  "fwhm_x": 4.059772749271028,
  "fwhm_y": 4.109462857142857,
  "fwhm_z": 4.1603771428571426,
  "icvs_csf": 0.18386888652591496,
  "icvs_gm": 0.44375558756158545,
  "icvs_wm": 0.3723755259124996,
  "inu_med": 1.371891736984253,
  "inu_range": 0.5785141944885255,
  "provenance": {
    "md5sum": "070f7cfe20340bf0033bc148f9653af9",
    "settings": {
      "testing": false
    },
    "software": "mriqc",
    "version": "0.15.2",
    "warnings": {
      "large_rot_frame": true,
      "small_air_mask": false
    },
    "webapi_port": null,
    "webapi_url": "https://mriqc.nimh.nih.gov/api/v1"
  },
  "qi_1": 0.00033820997886567473,
  "qi_2": 0.0015392145015237061,
  "rpve_csf": 20.08476410121062,
  "rpve_gm": 9.366552241310458,
  "rpve_wm": 12.903098151753992,
  "size_x": 224,
  "size_y": 256,
  "size_z": 256,
  "snr_csf": 1.583768547994435,
  "snr_gm": 10.356549149140132,
  "snr_total": 10.249783912772083,
  "snr_wm": 18.80903404118168,
  "snrd_csf": 62.7987682922305,
  "snrd_gm": 128.54365823478452,
  "snrd_total": 119.13830220854861,
  "snrd_wm": 166.07248009863082,
  "spacing_x": 0.8799999952316284,
  "spacing_y": 0.875,
  "spacing_z": 0.875,
  "summary_bg_k": 18.171774171567346,
  "summary_bg_mad": 3.9449942026892684,
  "summary_bg_mean": 8.590755462646484,
  "summary_bg_median": 7.043802738189697,
  "summary_bg_n": 3016889.0,
  "summary_bg_p05": 2.6161511898040772,
  "summary_bg_p95": 19.71752967834473,
  "summary_bg_stdv": 6.078644275665283,
  "summary_csf_k": 30.197267955996537,
  "summary_csf_mad": 106.13378646930659,
  "summary_csf_mean": 429.86358642578125,
  "summary_csf_median": 378.1514587402344,
  "summary_csf_n": 33785.0,
  "summary_csf_p05": 250.06754455566406,
  "summary_csf_p95": 672.0755737304687,
  "summary_csf_stdv": 238.76333618164062,
  "summary_gm_k": 0.8493534054771295,
  "summary_gm_mad": 65.83589985693375,
  "summary_gm_mean": 780.545166015625,
  "summary_gm_median": 774.0433959960938,
  "summary_gm_n": 58385.0,
  "summary_gm_p05": 671.1616088867188,
  "summary_gm_p95": 920.6370239257812,
  "summary_gm_stdv": 74.7388687133789,
  "summary_wm_k": 0.9869462734800232,
  "summary_wm_mad": 49.912676017862815,
  "summary_wm_mean": 1000.1412963867188,
  "summary_wm_median": 1000.0283813476562,
  "summary_wm_n": 408143.0,
  "summary_wm_p05": 913.8999328613281,
  "summary_wm_p95": 1084.5632568359374,
  "summary_wm_stdv": 53.16738510131836,
  "tpm_overlap_csf": 0.16233786940574646,
  "tpm_overlap_gm": 0.4560372531414032,
  "tpm_overlap_wm": 0.5071386098861694,
  "wm2max": 0.4173054720076197
}