{
  "bids_meta": {
    "AcquisitionMatrixPE": 256,
    "AcquisitionNumber": 1,
    "AcquisitionTime": "08:56:51.137500",
    "BaseResolution": 256,
    "BodyPartExamined": "BRAIN",
    "ConsistencyInfo": "N4_VE11C_LATEST_20160120",
    "ConversionSoftware": "dcm2niix",
    "ConversionSoftwareVersion": "v1.0.20200427",
    "DeviceSerialNumber": "45250",
    "DwellTime": 9.2e-06,
    "EchoTime": 0.00218,
    "FlipAngle": 8,
    "ImageOrientationPatientDICOM": [
      -0.0636607,
      0.997791,
      0.0189935,
      -0.0567403,
      0.0153825,
      -0.99827
    ],
    "ImageType": [
      "ORIGINAL",
      "PRIMARY",
      "M",
      "NORM",
      "DIS3D",
      "DIS2D"
    ],
    "ImagingFrequency": 123.24,
    "InPlanePhaseEncodingDirectionDICOM": "ROW",
    "InstitutionAddress": "Kopernikusstr._26_Graz_Graz_AT_8010",
    "InstitutionName": "KFU",
    "InstitutionalDepartmentName": "Department",
    "InversionTime": 1,
    "MRAcquisitionType": "3D",
    "MagneticFieldStrength": 3,
    "Manufacturer": "Siemens",
    "ManufacturersModelName": "Skyra",
    "Modality": "MR",
    "ParallelReductionFactorInPlane": 2,
    "PartialFourier": 1,
    "PatientPosition": "HFS",
    "PercentPhaseFOV": 100,
    "PercentSampling": 100,
    "PhaseEncodingSteps": 294,
    "PhaseOversampling": 0.15,
    "PhaseResolution": 1,
    "PixelBandwidth": 210,
    "ProcedureStepDescription": "KFU_BioPsy",
    "ProtocolName": "T1_Pat4_088mm_Pat2_224Sl",
    "PulseSequenceDetails": "%SiemensSeq%_tfl",
    "ReceiveCoilActiveElements": "HEA;HEP",
    "ReceiveCoilName": "Head_32",
    "ReconMatrixPE": 256,
    "RefLinesPE": 24,
    "RepetitionTime": 2.2,
    "SAR": 0.0529885,
    "ScanOptions": "IR_WE",
    "ScanningSequence": "GR_IR",
    "SequenceName": "_tfl3d1_16ns",
    "SequenceVariant": "SK_SP_MP_OSP",
    "SeriesDescription": "T1_Pat4_088mm_Pat2_224Sl",
    "SeriesNumber": 9,
    "ShimSetting": [
      -1133,
      -3098,
      -4401,
      281,
      1027,
      224,
      122,
      -916
    ],
    "SliceThickness": 0.88,
    "SoftwareVersions": "syngo_MR_E11",
    "StationName": "FBMTMR1",
    "TxRefAmp": 334.045,
    "acq_id": "MPrageHiRes",
    "dataset": "<unset>",
    "modality": "T1w",
    "session_id": "1",
    "subject_id": "season121"
  },
  "cjv": 0.49555525408987,
  "cnr": 2.6246310591489745,
  "efc": 0.6361691652057776,
  "fber": 2575.272705078125,
  "fwhm_avg": 4.0658577777526625,
  "fwhm_x": 3.9806704761151317,
  "fwhm_y": 4.147657142857143,
  "fwhm_z": 4.069245714285715,
  "icvs_csf": 0.16978992811726365,
  "icvs_gm": 0.4592578298753626,
  "icvs_wm": 0.3709522420073737,
  "inu_med": 1.4385349750518799,
  "inu_range": 0.5370693206787109,
  "provenance": {
    "md5sum": "2b9bde9a5e734ecc46485f5471a01d6f",
    "settings": {
      "testing": false
    },
    "software": "mriqc",
    "version": "0.15.2",
    "warnings": {
      "large_rot_frame": true,
      "small_air_mask": false
    },
    "webapi_port": null,
    "webapi_url": "https://mriqc.nimh.nih.gov/api/v1"
  },
  "qi_1": 0.0,
  "qi_2": 0.0014505430986387921,
  "rpve_csf": 22.68469838973897,
  "rpve_gm": 9.735754595101481,
  "rpve_wm": 13.599761186443686,
  "size_x": 224,
  "size_y": 256,
  "size_z": 256,
  "snr_csf": 1.3444742264875498,
  "snr_gm": 9.955364545275433,
  "snr_total": 10.831592634343892,
  "snr_wm": 21.194939131268693,
  "snrd_csf": 44.158522351502995,
  "snrd_gm": 96.75682104629827,
  "snrd_total": 89.23728638977735,
  "snrd_wm": 126.79651577153078,
  "spacing_x": 0.8799999952316284,
  "spacing_y": 0.875,
  "spacing_z": 0.875,
  "summary_bg_k": 7.138654095079891,
  "summary_bg_mad": 5.1669799221338675,
  "summary_bg_mean": 10.72590160369873,
  "summary_bg_median": 9.521899223327637,
  "summary_bg_n": 2481263.0,
  "summary_bg_p05": 3.249892473220825,
  "summary_bg_p95": 23.484748458862306,
  "summary_bg_stdv": 6.816490650177002,
  "summary_csf_k": 37.99680810329503,
  "summary_csf_mad": 105.9916705767185,
  "summary_csf_mean": 410.6382141113281,
  "summary_csf_median": 348.2728271484375,
  "summary_csf_n": 45070.0,
  "summary_csf_p05": 238.7106086730957,
  "summary_csf_p95": 652.4389190673826,
  "summary_csf_stdv": 259.03729248046875,
  "summary_gm_k": 0.39015304770396675,
  "summary_gm_mad": 73.67448945493246,
  "summary_gm_mean": 769.9243774414062,
  "summary_gm_median": 763.109130859375,
  "summary_gm_n": 77822.0,
  "summary_gm_p05": 657.8411010742187,
  "summary_gm_p95": 911.0574066162108,
  "summary_gm_stdv": 76.6525650024414,
  "summary_wm_k": 0.6627707479868881,
  "summary_wm_mad": 43.73215041215404,
  "summary_wm_mean": 1000.05908203125,
  "summary_wm_median": 1000.0285034179688,
  "summary_wm_n": 384027.0,
  "summary_wm_p05": 922.5718566894532,
  "summary_wm_p95": 1076.8332763671874,
  "summary_wm_stdv": 47.18235778808594,
  "tpm_overlap_csf": 0.15674452483654022,
  "tpm_overlap_gm": 0.45518606901168823,
  "tpm_overlap_wm": 0.4888240396976471,
  "wm2max": 0.392814443598082
}