{
  "bids_meta": {
    "AcquisitionMatrixPE": 256,
    "AcquisitionNumber": 1,
    "AcquisitionTime": "09:11:13.852500",
    "BaseResolution": 256,
    "BodyPartExamined": "HEAD",
    "ConsistencyInfo": "N4_VE11C_LATEST_20160120",
    "ConversionSoftware": "dcm2niix",
    "ConversionSoftwareVersion": "v1.0.20200427",
    "DeviceSerialNumber": "45250",
    "DwellTime": 9.2e-06,
    "EchoTime": 0.00218,
    "FlipAngle": 8,
    "ImageOrientationPatientDICOM": [
      0.0554787,
      0.99577,
      -0.0732362,
      0.00329755,
      -0.0735315,
      -0.997287
    ],
    "ImageType": [
      "ORIGINAL",
      "PRIMARY",
      "M",
      "NORM",
      "DIS3D",
      "DIS2D"
    ],
    "ImagingFrequency": 123.239,
    "InPlanePhaseEncodingDirectionDICOM": "ROW",
    "InstitutionAddress": "Kopernikusstr._26_Graz_Graz_AT_8010",
    "InstitutionName": "KFU",
    "InstitutionalDepartmentName": "Department",
    "InversionTime": 1,
    "MRAcquisitionType": "3D",
    "MagneticFieldStrength": 3,
    "Manufacturer": "Siemens",
    "ManufacturersModelName": "Skyra",
    "Modality": "MR",
    "ParallelReductionFactorInPlane": 2,
    "PartialFourier": 1,
    "PatientPosition": "HFS",
    "PercentPhaseFOV": 100,
    "PercentSampling": 100,
    "PhaseEncodingSteps": 294,
    "PhaseOversampling": 0.15,
    "PhaseResolution": 1,
    "PixelBandwidth": 210,
    "ProcedureStepDescription": "BioPsy_2018",
    "ProtocolName": "anat-T1w",
    "PulseSequenceDetails": "%SiemensSeq%_tfl",
    "ReceiveCoilActiveElements": "HEA;HEP",
    "ReceiveCoilName": "Head_32",
    "ReconMatrixPE": 256,
    "RefLinesPE": 24,
    "RepetitionTime": 2.2,
    "SAR": 0.051645,
    "ScanOptions": "IR_WE",
    "ScanningSequence": "GR_IR",
    "SequenceName": "_tfl3d1_16ns",
    "SequenceVariant": "SK_SP_MP_OSP",
    "SeriesDescription": "anat-T1w",
    "SeriesNumber": 9,
    "ShimSetting": [
      -1153,
      -3117,
      -4337,
      272,
      880,
      11,
      298,
      -912
    ],
    "SliceThickness": 0.88,
    "SoftwareVersions": "syngo_MR_E11",
    "StationName": "FBMTMR1",
    "TxRefAmp": 346.24,
    "acq_id": "MPrageHiRes",
    "dataset": "<unset>",
    "modality": "T1w",
    "session_id": "1",
    "subject_id": "season201"
  },
  "cjv": 0.6328287576929149,
  "cnr": 2.0574420534867506,
  "efc": 0.6154081697692886,
  "fber": 2789.46142578125,
  "fwhm_avg": 4.178133622145448,
  "fwhm_x": 4.111852295007773,
  "fwhm_y": 4.223062857142858,
  "fwhm_z": 4.199485714285714,
  "icvs_csf": 0.1931680222263126,
  "icvs_gm": 0.4161705665686967,
  "icvs_wm": 0.3906614112049907,
  "inu_med": 1.4380452632904053,
  "inu_range": 0.5187747597694397,
  "provenance": {
    "md5sum": "6baf2f0f2c8d523c58e7299cc28ff798",
    "settings": {
      "testing": false
    },
    "software": "mriqc",
    "version": "0.15.2",
    "warnings": {
      "large_rot_frame": true,
      "small_air_mask": false
    },
    "webapi_port": null,
    "webapi_url": "https://mriqc.nimh.nih.gov/api/v1"
  },
  "qi_1": 0.0,
  "qi_2": 0.0015994544261487187,
  "rpve_csf": 24.2807186894604,
  "rpve_gm": 12.224522551396086,
  "rpve_wm": 15.6054341089669,
  "size_x": 224,
  "size_y": 256,
  "size_z": 256,
  "snr_csf": 2.1024355432821302,
  "snr_gm": 9.391346440431914,
  "snr_total": 11.651406537651326,
  "snr_wm": 23.460437629239937,
  "snrd_csf": 53.332245688656194,
  "snrd_gm": 115.54774941532301,
  "snrd_total": 104.25910996372022,
  "snrd_wm": 143.89733478718145,
  "spacing_x": 0.8799999952316284,
  "spacing_y": 0.875,
  "spacing_z": 0.875,
  "summary_bg_k": 6.939680641669584,
  "summary_bg_mad": 4.552928047233139,
  "summary_bg_mean": 10.38257122039795,
  "summary_bg_median": 9.112630844116211,
  "summary_bg_n": 3036620.0,
  "summary_bg_p05": 3.0440673828125,
  "summary_bg_p95": 22.449844074249263,
  "summary_bg_stdv": 6.462860584259033,
  "summary_csf_k": 28.270897049434744,
  "summary_csf_mad": 122.3580733931534,
  "summary_csf_mean": 412.8486022949219,
  "summary_csf_median": 370.63714599609375,
  "summary_csf_n": 34687.0,
  "summary_csf_p05": 242.59774322509764,
  "summary_csf_p95": 654.9649108886719,
  "summary_csf_stdv": 176.28688049316406,
  "summary_gm_k": -0.059375966799865676,
  "summary_gm_mad": 85.83976369493053,
  "summary_gm_mean": 809.7032470703125,
  "summary_gm_median": 803.00927734375,
  "summary_gm_n": 43418.0,
  "summary_gm_p05": 683.2358459472656,
  "summary_gm_p95": 966.0186767578125,
  "summary_gm_stdv": 85.5042495727539,
  "summary_wm_k": 1.0285219575481683,
  "summary_wm_mad": 38.838857262392665,
  "summary_wm_mean": 1001.2799682617188,
  "summary_wm_median": 1000.0272216796875,
  "summary_wm_n": 365705.0,
  "summary_wm_p05": 934.0430541992187,
  "summary_wm_p95": 1072.1920654296873,
  "summary_wm_stdv": 42.62605285644531,
  "tpm_overlap_csf": 0.16002094745635986,
  "tpm_overlap_gm": 0.4408499002456665,
  "tpm_overlap_wm": 0.4943825304508209,
  "wm2max": 0.440363271606431
}