{
  "bids_meta": {
    "AcquisitionMatrixPE": 256,
    "AcquisitionNumber": 1,
    "AcquisitionTime": "09:31:47.117500",
    "BaseResolution": 256,
    "BodyPartExamined": "HEAD",
    "ConsistencyInfo": "N4_VE11C_LATEST_20160120",
    "ConversionSoftware": "dcm2niix",
    "ConversionSoftwareVersion": "v1.0.20200427",
    "DeviceSerialNumber": "45250",
    "DwellTime": 9.2e-06,
    "EchoTime": 0.00218,
    "FlipAngle": 8,
    "ImageOrientationPatientDICOM": [
      0.0176985,
      0.988336,
      0.151259,
      0.00759072,
      0.151146,
      -0.988482
    ],
    "ImageType": [
      "ORIGINAL",
      "PRIMARY",
      "M",
      "NORM",
      "DIS3D",
      "DIS2D"
    ],
    "ImagingFrequency": 123.24,
    "InPlanePhaseEncodingDirectionDICOM": "ROW",
    "InstitutionAddress": "Kopernikusstr._26_Graz_Graz_AT_8010",
    "InstitutionName": "KFU",
    "InstitutionalDepartmentName": "Department",
    "InversionTime": 1,
    "MRAcquisitionType": "3D",
    "MagneticFieldStrength": 3,
    "Manufacturer": "Siemens",
    "ManufacturersModelName": "Skyra",
    "Modality": "MR",
    "ParallelReductionFactorInPlane": 2,
    "PartialFourier": 1,
    "PatientPosition": "HFS",
    "PercentPhaseFOV": 100,
    "PercentSampling": 100,
    "PhaseEncodingSteps": 294,
    "PhaseOversampling": 0.15,
    "PhaseResolution": 1,
    "PixelBandwidth": 210,
    "ProcedureStepDescription": "KFU_BioPsy",
    "ProtocolName": "T1_Pat4_088mm_Pat2_224Sl",
    "PulseSequenceDetails": "%SiemensSeq%_tfl",
    "ReceiveCoilActiveElements": "HEA;HEP",
    "ReceiveCoilName": "Head_32",
    "ReconMatrixPE": 256,
    "RefLinesPE": 24,
    "RepetitionTime": 2.2,
    "SAR": 0.0670354,
    "ScanOptions": "IR_WE",
    "ScanningSequence": "GR_IR",
    "SequenceName": "_tfl3d1_16ns",
    "SequenceVariant": "SK_SP_MP_OSP",
    "SeriesDescription": "T1_Pat4_088mm_Pat2_224Sl",
    "SeriesNumber": 9,
    "ShimSetting": [
      -1160,
      -3298,
      -4427,
      329,
      822,
      -330,
      330,
      -991
    ],
    "SliceThickness": 0.88,
    "SoftwareVersions": "syngo_MR_E11",
    "StationName": "FBMTMR1",
    "TxRefAmp": 317.292,
    "acq_id": "MPrageHiRes",
    "dataset": "<unset>",
    "modality": "T1w",
    "session_id": "3",
    "subject_id": "season129"
  },
  "cjv": 0.3987520667483071,
  "cnr": 3.19348936962864,
  "efc": 0.5532771054306779,
  "fber": 2880.329833984375,
  "fwhm_avg": 4.12026392505219,
  "fwhm_x": 4.043443203728,
  "fwhm_y": 4.185805714285714,
  "fwhm_z": 4.131542857142857,
  "icvs_csf": 0.1945645319986866,
  "icvs_gm": 0.4457761039901212,
  "icvs_wm": 0.35965936401119225,
  "inu_med": 1.418527603149414,
  "inu_range": 0.49057629704475403,
  "provenance": {
    "md5sum": "c92d357b91a25737a2cb1dedc45c7605",
    "settings": {
      "testing": false
    },
    "software": "mriqc",
    "version": "0.15.2",
    "warnings": {
      "large_rot_frame": true,
      "small_air_mask": false
    },
    "webapi_port": null,
    "webapi_url": "https://mriqc.nimh.nih.gov/api/v1"
  },
  "qi_1": 5.677780729322522e-05,
  "qi_2": 0.0028779127310562453,
  "rpve_csf": 24.644102586664953,
  "rpve_gm": 11.984788297313466,
  "rpve_wm": 17.127527272812713,
  "size_x": 224,
  "size_y": 256,
  "size_z": 256,
  "snr_csf": 3.110634174965995,
  "snr_gm": 12.274983163081487,
  "snr_total": 12.656339458107034,
  "snr_wm": 22.58340103627362,
  "snrd_csf": 52.15132567932987,
  "snrd_gm": 110.53453591452353,
  "snrd_total": 102.90336584874773,
  "snrd_wm": 146.02423595238974,
  "spacing_x": 0.8799999952316284,
  "spacing_y": 0.875,
  "spacing_z": 0.875,
  "summary_bg_k": 7.024397077395072,
  "summary_bg_mad": 4.486587643875467,
  "summary_bg_mean": 9.265887260437012,
  "summary_bg_median": 8.085774421691895,
  "summary_bg_n": 3194460.0,
  "summary_bg_p05": 3.025161027908325,
  "summary_bg_p95": 19.11136713027954,
  "summary_bg_stdv": 5.335196018218994,
  "summary_csf_k": 6.776666854575323,
  "summary_csf_mad": 109.82284990267894,
  "summary_csf_mean": 381.612548828125,
  "summary_csf_median": 357.1492919921875,
  "summary_csf_n": 28968.0,
  "summary_csf_p05": 236.88883590698242,
  "summary_csf_p95": 587.4174133300779,
  "summary_csf_stdv": 114.81360626220703,
  "summary_gm_k": 0.33422431358421933,
  "summary_gm_mad": 59.267620924424655,
  "summary_gm_mean": 758.2286987304688,
  "summary_gm_median": 756.9765625,
  "summary_gm_n": 52439.0,
  "summary_gm_p05": 659.4897155761719,
  "summary_gm_p95": 862.1338317871093,
  "summary_gm_stdv": 61.66764831542969,
  "summary_wm_k": 1.3456623710582765,
  "summary_wm_mad": 37.64709266170182,
  "summary_wm_mean": 997.4491577148438,
  "summary_wm_median": 1000.0216064453125,
  "summary_wm_n": 299132.0,
  "summary_wm_p05": 919.0774597167969,
  "summary_wm_p95": 1064.6538024902343,
  "summary_wm_stdv": 44.281192779541016,
  "tpm_overlap_csf": 0.16357289254665375,
  "tpm_overlap_gm": 0.4529421925544739,
  "tpm_overlap_wm": 0.5057583451271057,
  "wm2max": 0.5867171129522114
}