{
  "bids_meta": {
    "AcquisitionMatrixPE": 256,
    "AcquisitionNumber": 1,
    "AcquisitionTime": "12:36:35.085000",
    "BaseResolution": 256,
    "BodyPartExamined": "HEAD",
    "ConsistencyInfo": "N4_VE11C_LATEST_20160120",
    "ConversionSoftware": "dcm2niix",
    "ConversionSoftwareVersion": "v1.0.20200427",
    "DeviceSerialNumber": "45250",
    "DwellTime": 9.2e-06,
    "EchoTime": 0.00218,
    "FlipAngle": 8,
    "ImageOrientationPatientDICOM": [
      0.104296,
      0.994288,
      0.0226749,
      -0.0306063,
      0.0259972,
      -0.999193
    ],
    "ImageType": [
      "ORIGINAL",
      "PRIMARY",
      "M",
      "NORM",
      "DIS3D",
      "DIS2D"
    ],
    "ImagingFrequency": 123.239,
    "InPlanePhaseEncodingDirectionDICOM": "ROW",
    "InstitutionAddress": "Kopernikusstr._26_Graz_Graz_AT_8010",
    "InstitutionName": "KFU",
    "InstitutionalDepartmentName": "Department",
    "InversionTime": 1,
    "MRAcquisitionType": "3D",
    "MagneticFieldStrength": 3,
    "Manufacturer": "Siemens",
    "ManufacturersModelName": "Skyra",
    "Modality": "MR",
    "ParallelReductionFactorInPlane": 2,
    "PartialFourier": 1,
    "PatientPosition": "HFS",
    "PercentPhaseFOV": 100,
    "PercentSampling": 100,
    "PhaseEncodingSteps": 294,
    "PhaseOversampling": 0.15,
    "PhaseResolution": 1,
    "PixelBandwidth": 210,
    "ProcedureStepDescription": "BioPsy_2018",
    "ProtocolName": "anat-T1w",
    "PulseSequenceDetails": "%SiemensSeq%_tfl",
    "ReceiveCoilActiveElements": "HEA;HEP",
    "ReceiveCoilName": "Head_32",
    "ReconMatrixPE": 256,
    "RefLinesPE": 24,
    "RepetitionTime": 2.2,
    "SAR": 0.0594684,
    "ScanOptions": "IR_WE",
    "ScanningSequence": "GR_IR",
    "SequenceName": "_tfl3d1_16ns",
    "SequenceVariant": "SK_SP_MP_OSP",
    "SeriesDescription": "anat-T1w",
    "SeriesNumber": 9,
    "ShimSetting": [
      -1113,
      -3160,
      -4302,
      355,
      949,
      198,
      289,
      -765
    ],
    "SliceThickness": 0.88,
    "SoftwareVersions": "syngo_MR_E11",
    "StationName": "FBMTMR1",
    "TxRefAmp": 323.877,
    "acq_id": "MPrageHiRes",
    "dataset": "<unset>",
    "modality": "T1w",
    "session_id": "3",
    "subject_id": "season205"
  },
  "cjv": 0.4904384272584971,
  "cnr": 2.643494728595668,
  "efc": 0.5477283743514297,
  "fber": 5138.81787109375,
  "fwhm_avg": 4.012382041956961,
  "fwhm_x": 4.055431840156597,
  "fwhm_y": 3.979817142857143,
  "fwhm_z": 4.0018971428571435,
  "icvs_csf": 0.19618958098063644,
  "icvs_gm": 0.42796826478890054,
  "icvs_wm": 0.375842154230463,
  "inu_med": 1.4950838088989258,
  "inu_range": 0.5157958507537836,
  "provenance": {
    "md5sum": "b1151361880fb983c7fa9efd4313ef7e",
    "settings": {
      "testing": false
    },
    "software": "mriqc",
    "version": "0.15.2",
    "warnings": {
      "large_rot_frame": true,
      "small_air_mask": false
    },
    "webapi_port": null,
    "webapi_url": "https://mriqc.nimh.nih.gov/api/v1"
  },
  "qi_1": 0.0,
  "qi_2": 0.003079030614442534,
  "rpve_csf": 26.25184127149951,
  "rpve_gm": 13.007377033715496,
  "rpve_wm": 17.42554523760302,
  "size_x": 224,
  "size_y": 256,
  "size_z": 256,
  "snr_csf": 2.239239902329335,
  "snr_gm": 11.338570181972424,
  "snr_total": 12.350426977609581,
  "snr_wm": 23.47347084852699,
  "snrd_csf": 65.3173458744075,
  "snrd_gm": 130.97556924282577,
  "snrd_total": 121.05941778391332,
  "snrd_wm": 166.8853382345067,
  "spacing_x": 0.8799999952316284,
  "spacing_y": 0.875,
  "spacing_z": 0.875,
  "summary_bg_k": 85.39611571304263,
  "summary_bg_mad": 3.9258186242978375,
  "summary_bg_mean": 7.323077201843262,
  "summary_bg_median": 6.325953483581543,
  "summary_bg_n": 3181671.0,
  "summary_bg_p05": 1.8127874732017517,
  "summary_bg_p95": 15.352785110473633,
  "summary_bg_stdv": 4.467151165008545,
  "summary_csf_k": 35.49763387135251,
  "summary_csf_mad": 150.30370903005533,
  "summary_csf_mean": 427.3145446777344,
  "summary_csf_median": 391.4056091308594,
  "summary_csf_n": 34726.0,
  "summary_csf_p05": 246.99787521362305,
  "summary_csf_p95": 635.6077117919922,
  "summary_csf_stdv": 174.79144287109375,
  "summary_gm_k": 0.2725427317151814,
  "summary_gm_mad": 67.2610403805693,
  "summary_gm_mean": 789.5200805664062,
  "summary_gm_median": 784.8538818359375,
  "summary_gm_n": 36779.0,
  "summary_gm_p05": 683.8524353027343,
  "summary_gm_p95": 911.836260986328,
  "summary_gm_stdv": 69.21888732910156,
  "summary_wm_k": 0.8023555213927995,
  "summary_wm_mad": 38.27374185378869,
  "summary_wm_mean": 1000.4037475585938,
  "summary_wm_median": 1000.0384521484375,
  "summary_wm_n": 287316.0,
  "summary_wm_p05": 929.9319915771484,
  "summary_wm_p95": 1070.2730102539062,
  "summary_wm_stdv": 42.602848052978516,
  "tpm_overlap_csf": 0.1727958470582962,
  "tpm_overlap_gm": 0.4558672308921814,
  "tpm_overlap_wm": 0.503624677658081,
  "wm2max": 0.5654164335522642
}