{
  "bids_meta": {
    "AcquisitionMatrixPE": 256,
    "AcquisitionNumber": 1,
    "AcquisitionTime": "10:24:3.182500",
    "BaseResolution": 256,
    "BodyPartExamined": "HEAD",
    "ConsistencyInfo": "N4_VE11C_LATEST_20160120",
    "ConversionSoftware": "dcm2niix",
    "ConversionSoftwareVersion": "v1.0.20200427",
    "DeviceSerialNumber": "45250",
    "DwellTime": 9.2e-06,
    "EchoTime": 0.00218,
    "FlipAngle": 8,
    "ImageOrientationPatientDICOM": [
      0.0150108,
      0.998509,
      0.0524888,
      0.0294253,
      0.0520308,
      -0.998212
    ],
    "ImageType": [
      "ORIGINAL",
      "PRIMARY",
      "M",
      "NORM",
      "DIS3D",
      "DIS2D"
    ],
    "ImagingFrequency": 123.24,
    "InPlanePhaseEncodingDirectionDICOM": "ROW",
    "InstitutionAddress": "Kopernikusstr._26_Graz_Graz_AT_8010",
    "InstitutionName": "KFU",
    "InstitutionalDepartmentName": "Department",
    "InversionTime": 1,
    "MRAcquisitionType": "3D",
    "MagneticFieldStrength": 3,
    "Manufacturer": "Siemens",
    "ManufacturersModelName": "Skyra",
    "Modality": "MR",
    "ParallelReductionFactorInPlane": 2,
    "PartialFourier": 1,
    "PatientPosition": "HFS",
    "PercentPhaseFOV": 100,
    "PercentSampling": 100,
    "PhaseEncodingSteps": 294,
    "PhaseOversampling": 0.15,
    "PhaseResolution": 1,
    "PixelBandwidth": 210,
    "ProcedureStepDescription": "KFU_BioPsy",
    "ProtocolName": "T1_Pat4_088mm_Pat2_224Sl",
    "PulseSequenceDetails": "%SiemensSeq%_tfl",
    "ReceiveCoilActiveElements": "HEA;HEP",
    "ReceiveCoilName": "Head_32",
    "ReconMatrixPE": 256,
    "RefLinesPE": 24,
    "RepetitionTime": 2.2,
    "SAR": 0.0631895,
    "ScanOptions": "IR_WE",
    "ScanningSequence": "GR_IR",
    "SequenceName": "_tfl3d1_16ns",
    "SequenceVariant": "SK_SP_MP_OSP",
    "SeriesDescription": "T1_Pat4_088mm_Pat2_224Sl",
    "SeriesNumber": 9,
    "ShimSetting": [
      -1132,
      -3124,
      -4390,
      677,
      759,
      359,
      550,
      -880
    ],
    "SliceThickness": 0.88,
    "SoftwareVersions": "syngo_MR_E11",
    "StationName": "FBMTMR1",
    "TxRefAmp": 328.674,
    "acq_id": "MPrageHiRes",
    "dataset": "<unset>",
    "modality": "T1w",
    "session_id": "2",
    "subject_id": "season105"
  },
  "cjv": 0.4428342064025091,
  "cnr": 3.0030635084351043,
  "efc": 0.563370522894106,
  "fber": 3003.243408203125,
  "fwhm_avg": 4.092716976921037,
  "fwhm_x": 3.999590930763109,
  "fwhm_y": 4.197817142857143,
  "fwhm_z": 4.080742857142857,
  "icvs_csf": 0.1903355951378447,
  "icvs_gm": 0.46230614805928993,
  "icvs_wm": 0.34735825680286536,
  "inu_med": 1.4750831127166748,
  "inu_range": 0.5604920983314514,
  "provenance": {
    "md5sum": "5e3fc9f747873d4fde7b842d29447a87",
    "settings": {
      "testing": false
    },
    "software": "mriqc",
    "version": "0.15.2",
    "warnings": {
      "large_rot_frame": true,
      "small_air_mask": false
    },
    "webapi_port": null,
    "webapi_url": "https://mriqc.nimh.nih.gov/api/v1"
  },
  "qi_1": 0.0,
  "qi_2": 0.003472676370410492,
  "rpve_csf": 25.072983343657512,
  "rpve_gm": 11.51693060137617,
  "rpve_wm": 16.937909473211803,
  "size_x": 224,
  "size_y": 256,
  "size_z": 256,
  "snr_csf": 2.478011257366988,
  "snr_gm": 12.30331016894798,
  "snr_total": 11.879653150662229,
  "snr_wm": 20.85763802567172,
  "snrd_csf": 56.1225491515127,
  "snrd_gm": 119.21479802133004,
  "snrd_total": 110.47230640247444,
  "snrd_wm": 156.0795720345806,
  "spacing_x": 0.8799999952316284,
  "spacing_y": 0.875,
  "spacing_z": 0.875,
  "summary_bg_k": 5.947916723456647,
  "summary_bg_mad": 4.197537220507455,
  "summary_bg_mean": 10.208544731140137,
  "summary_bg_median": 9.154090881347656,
  "summary_bg_n": 3385319.0,
  "summary_bg_p05": 3.2136471271514893,
  "summary_bg_p95": 20.828442382812476,
  "summary_bg_stdv": 5.763370037078857,
  "summary_csf_k": 45.92092795345437,
  "summary_csf_mad": 109.42697502136744,
  "summary_csf_mean": 391.834716796875,
  "summary_csf_median": 359.5838928222656,
  "summary_csf_n": 36443.0,
  "summary_csf_p05": 244.53843383789064,
  "summary_csf_p95": 598.7260986328125,
  "summary_csf_stdv": 145.10787963867188,
  "summary_gm_k": 0.1988517140332804,
  "summary_gm_mad": 61.66879584312864,
  "summary_gm_mean": 765.2247924804688,
  "summary_gm_median": 763.823486328125,
  "summary_gm_n": 59501.0,
  "summary_gm_p05": 667.8568115234375,
  "summary_gm_p95": 869.9364013671875,
  "summary_gm_stdv": 62.08224105834961,
  "summary_wm_k": 0.8763077924941793,
  "summary_wm_mad": 42.92732472054095,
  "summary_wm_mean": 998.1865234375,
  "summary_wm_median": 1000.0205078125,
  "summary_wm_n": 281676.0,
  "summary_wm_p05": 915.4063262939453,
  "summary_wm_p95": 1073.338134765625,
  "summary_wm_stdv": 47.94496536254883,
  "tpm_overlap_csf": 0.16767698526382446,
  "tpm_overlap_gm": 0.4669105112552643,
  "tpm_overlap_wm": 0.4889855682849884,
  "wm2max": 0.551696277375906
}