{
  "bids_meta": {
    "AcquisitionMatrixPE": 256,
    "AcquisitionNumber": 1,
    "AcquisitionTime": "09:56:23.175000",
    "BaseResolution": 256,
    "BodyPartExamined": "HEAD",
    "ConsistencyInfo": "N4_VE11C_LATEST_20160120",
    "ConversionSoftware": "dcm2niix",
    "ConversionSoftwareVersion": "v1.0.20200427",
    "DeviceSerialNumber": "45250",
    "DwellTime": 9.2e-06,
    "EchoTime": 0.00218,
    "FlipAngle": 8,
    "ImageOrientationPatientDICOM": [
      0.0190256,
      0.998439,
      0.0525102,
      0.00246972,
      0.0524726,
      -0.998619
    ],
    "ImageType": [
      "ORIGINAL",
      "PRIMARY",
      "M",
      "NORM",
      "DIS3D",
      "DIS2D"
    ],
    "ImagingFrequency": 123.24,
    "InPlanePhaseEncodingDirectionDICOM": "ROW",
    "InstitutionAddress": "Kopernikusstr._26_Graz_Graz_AT_8010",
    "InstitutionName": "KFU",
    "InstitutionalDepartmentName": "Department",
    "InversionTime": 1,
    "MRAcquisitionType": "3D",
    "MagneticFieldStrength": 3,
    "Manufacturer": "Siemens",
    "ManufacturersModelName": "Skyra",
    "Modality": "MR",
    "ParallelReductionFactorInPlane": 2,
    "PartialFourier": 1,
    "PatientPosition": "HFS",
    "PercentPhaseFOV": 100,
    "PercentSampling": 100,
    "PhaseEncodingSteps": 294,
    "PhaseOversampling": 0.15,
    "PhaseResolution": 1,
    "PixelBandwidth": 210,
    "ProcedureStepDescription": "KFU_BioPsy",
    "ProtocolName": "T1_Pat4_088mm_Pat2_224Sl",
    "PulseSequenceDetails": "%SiemensSeq%_tfl",
    "ReceiveCoilActiveElements": "HEA;HEP",
    "ReceiveCoilName": "Head_32",
    "ReconMatrixPE": 256,
    "RefLinesPE": 24,
    "RepetitionTime": 2.2,
    "SAR": 0.0710063,
    "ScanOptions": "IR_WE",
    "ScanningSequence": "GR_IR",
    "SequenceName": "_tfl3d1_16ns",
    "SequenceVariant": "SK_SP_MP_OSP",
    "SeriesDescription": "T1_Pat4_088mm_Pat2_224Sl",
    "SeriesNumber": 9,
    "ShimSetting": [
      -1131,
      -3150,
      -4325,
      356,
      851,
      179,
      -9,
      -956
    ],
    "SliceThickness": 0.88,
    "SoftwareVersions": "syngo_MR_E11",
    "StationName": "FBMTMR1",
    "TxRefAmp": 334.05,
    "acq_id": "MPrageHiRes",
    "dataset": "<unset>",
    "modality": "T1w",
    "session_id": "1",
    "subject_id": "season123"
  },
  "cjv": 0.4536641438333461,
  "cnr": 2.8228796897845627,
  "efc": 0.6132946736977996,
  "fber": 3887.492431640625,
  "fwhm_avg": 4.23125827580624,
  "fwhm_x": 4.101409113133003,
  "fwhm_y": 4.36096,
  "fwhm_z": 4.231405714285715,
  "icvs_csf": 0.17397106964080838,
  "icvs_gm": 0.4386488129393788,
  "icvs_wm": 0.3873801174198128,
  "inu_med": 1.329093098640442,
  "inu_range": 0.5070642828941343,
  "provenance": {
    "md5sum": "3fc7e03d98a54fe572193af0bca31c8f",
    "settings": {
      "testing": false
    },
    "software": "mriqc",
    "version": "0.15.2",
    "warnings": {
      "large_rot_frame": true,
      "small_air_mask": false
    },
    "webapi_port": null,
    "webapi_url": "https://mriqc.nimh.nih.gov/api/v1"
  },
  "qi_1": 0.0,
  "qi_2": 0.001427593816380372,
  "rpve_csf": 21.876408178490102,
  "rpve_gm": 9.87258742513289,
  "rpve_wm": 12.98253468349913,
  "size_x": 224,
  "size_y": 256,
  "size_z": 256,
  "snr_csf": 2.626927686208382,
  "snr_gm": 10.604895868003958,
  "snr_total": 11.703993636193218,
  "snr_wm": 21.88015735436731,
  "snrd_csf": 55.988456295888895,
  "snrd_gm": 125.00061106783433,
  "snrd_total": 115.18599030790936,
  "snrd_wm": 164.56890356000488,
  "spacing_x": 0.8799999952316284,
  "spacing_y": 0.875,
  "spacing_z": 0.875,
  "summary_bg_k": 13.045538080801432,
  "summary_bg_mad": 3.98104597262955,
  "summary_bg_mean": 8.740189552307129,
  "summary_bg_median": 7.113097190856934,
  "summary_bg_n": 3094018.0,
  "summary_bg_p05": 2.6523313164710998,
  "summary_bg_p95": 19.44921579360962,
  "summary_bg_stdv": 5.99204158782959,
  "summary_csf_k": 31.562440509719124,
  "summary_csf_mad": 93.40525188329484,
  "summary_csf_mean": 370.3987731933594,
  "summary_csf_median": 340.2232360839844,
  "summary_csf_n": 34327.0,
  "summary_csf_p05": 232.02873687744142,
  "summary_csf_p95": 596.5868103027343,
  "summary_csf_stdv": 129.51185607910156,
  "summary_gm_k": 0.3677267327336402,
  "summary_gm_mad": 67.90732608885585,
  "summary_gm_mean": 764.8572387695312,
  "summary_gm_median": 759.587158203125,
  "summary_gm_n": 67028.0,
  "summary_gm_p05": 656.8662261962891,
  "summary_gm_p95": 892.6527069091794,
  "summary_gm_stdv": 71.62554931640625,
  "summary_wm_k": 1.2051011568169665,
  "summary_wm_mad": 41.173204682417065,
  "summary_wm_mean": 999.254150390625,
  "summary_wm_median": 1000.030517578125,
  "summary_wm_n": 408416.0,
  "summary_wm_p05": 922.9942779541016,
  "summary_wm_p95": 1070.695068359375,
  "summary_wm_stdv": 45.70484924316406,
  "tpm_overlap_csf": 0.1619715541601181,
  "tpm_overlap_gm": 0.4318312108516693,
  "tpm_overlap_wm": 0.4813682734966278,
  "wm2max": 0.49750077367188533
}