{
  "bids_meta": {
    "AcquisitionMatrixPE": 256,
    "AcquisitionNumber": 1,
    "AcquisitionTime": "10:40:11.085000",
    "BaseResolution": 256,
    "BodyPartExamined": "HEAD",
    "ConsistencyInfo": "N4_VE11C_LATEST_20160120",
    "ConversionSoftware": "dcm2niix",
    "ConversionSoftwareVersion": "v1.0.20200427",
    "DeviceSerialNumber": "45250",
    "DwellTime": 9.2e-06,
    "EchoTime": 0.00218,
    "FlipAngle": 8,
    "ImageOrientationPatientDICOM": [
      0.00918359,
      0.999952,
      0.00348126,
      -0.0731634,
      0.004144,
      -0.997311
    ],
    "ImageType": [
      "ORIGINAL",
      "PRIMARY",
      "M",
      "NORM",
      "DIS3D",
      "DIS2D"
    ],
    "ImagingFrequency": 123.239,
    "InPlanePhaseEncodingDirectionDICOM": "ROW",
    "InstitutionAddress": "Kopernikusstr._26_Graz_Graz_AT_8010",
    "InstitutionName": "KFU",
    "InstitutionalDepartmentName": "Department",
    "InversionTime": 1,
    "MRAcquisitionType": "3D",
    "MagneticFieldStrength": 3,
    "Manufacturer": "Siemens",
    "ManufacturersModelName": "Skyra",
    "Modality": "MR",
    "ParallelReductionFactorInPlane": 2,
    "PartialFourier": 1,
    "PatientPosition": "HFS",
    "PercentPhaseFOV": 100,
    "PercentSampling": 100,
    "PhaseEncodingSteps": 294,
    "PhaseOversampling": 0.15,
    "PhaseResolution": 1,
    "PixelBandwidth": 210,
    "ProcedureStepDescription": "BioPsy_2018",
    "ProtocolName": "anat-T1w",
    "PulseSequenceDetails": "%SiemensSeq%_tfl",
    "ReceiveCoilActiveElements": "HEA;HEP",
    "ReceiveCoilName": "Head_32",
    "ReconMatrixPE": 256,
    "RefLinesPE": 24,
    "RepetitionTime": 2.2,
    "SAR": 0.0536722,
    "ScanOptions": "IR_WE",
    "ScanningSequence": "GR_IR",
    "SequenceName": "_tfl3d1_16ns",
    "SequenceVariant": "SK_SP_MP_OSP",
    "SeriesDescription": "anat-T1w",
    "SeriesNumber": 9,
    "ShimSetting": [
      -1144,
      -3082,
      -4339,
      265,
      1046,
      447,
      195,
      -931
    ],
    "SliceThickness": 0.88,
    "SoftwareVersions": "syngo_MR_E11",
    "StationName": "FBMTMR1",
    "TxRefAmp": 337.164,
    "acq_id": "MPrageHiRes",
    "dataset": "<unset>",
    "modality": "T1w",
    "session_id": "1",
    "subject_id": "season215"
  },
  "cjv": 0.5851200152384352,
  "cnr": 2.2741292948196983,
  "efc": 0.6509443494936579,
  "fber": 2215.923095703125,
  "fwhm_avg": 4.260778622516397,
  "fwhm_x": 4.317227296120619,
  "fwhm_y": 4.25184,
  "fwhm_z": 4.213268571428571,
  "icvs_csf": 0.18363351856479782,
  "icvs_gm": 0.4508041827485884,
  "icvs_wm": 0.3655622986866138,
  "inu_med": 1.4185984134674072,
  "inu_range": 0.6049157440662385,
  "provenance": {
    "md5sum": "550b74e65e9be8940cd1af41e03519c9",
    "settings": {
      "testing": false
    },
    "software": "mriqc",
    "version": "0.15.2",
    "warnings": {
      "large_rot_frame": true,
      "small_air_mask": false
    },
    "webapi_port": null,
    "webapi_url": "https://mriqc.nimh.nih.gov/api/v1"
  },
  "qi_1": 0.0,
  "qi_2": 0.0012845675290443883,
  "rpve_csf": 21.313624494183568,
  "rpve_gm": 9.741312183207427,
  "rpve_wm": 13.497415797688044,
  "size_x": 224,
  "size_y": 256,
  "size_z": 256,
  "snr_csf": 1.752018754420235,
  "snr_gm": 9.963806665512694,
  "snr_total": 10.269630769467826,
  "snr_wm": 19.09306688847055,
  "snrd_csf": 48.76295683304322,
  "snrd_gm": 103.74823310318624,
  "snrd_total": 94.92886855387862,
  "snrd_wm": 132.27541572540642,
  "spacing_x": 0.8799999952316284,
  "spacing_y": 0.875,
  "spacing_z": 0.875,
  "summary_bg_k": 8.148882217965795,
  "summary_bg_mad": 4.95296338713604,
  "summary_bg_mean": 11.23701000213623,
  "summary_bg_median": 9.549378395080566,
  "summary_bg_n": 2398767.0,
  "summary_bg_p05": 3.1884827613830566,
  "summary_bg_p95": 24.929576873779247,
  "summary_bg_stdv": 7.339585781097412,
  "summary_csf_k": 36.5670084624288,
  "summary_csf_mad": 111.39877081856208,
  "summary_csf_mean": 414.41845703125,
  "summary_csf_median": 368.6578063964844,
  "summary_csf_n": 48197.0,
  "summary_csf_p05": 243.66373291015623,
  "summary_csf_p95": 644.676708984375,
  "summary_csf_stdv": 210.41668701171875,
  "summary_gm_k": -0.022018099993685425,
  "summary_gm_mad": 77.48750274113672,
  "summary_gm_mean": 788.4453735351562,
  "summary_gm_median": 784.3576049804688,
  "summary_gm_n": 76363.0,
  "summary_gm_p05": 668.1959350585938,
  "summary_gm_p95": 929.2994201660156,
  "summary_gm_stdv": 78.72016143798828,
  "summary_wm_k": 0.6620494888677042,
  "summary_wm_mad": 48.706070916449626,
  "summary_wm_mean": 999.206787109375,
  "summary_wm_median": 1000.0288696289062,
  "summary_wm_n": 383305.0,
  "summary_wm_p05": 911.4141845703125,
  "summary_wm_p95": 1083.2859130859374,
  "summary_wm_stdv": 52.3764762878418,
  "tpm_overlap_csf": 0.15324866771697998,
  "tpm_overlap_gm": 0.44004693627357483,
  "tpm_overlap_wm": 0.48920100927352905,
  "wm2max": 0.4251857989487254
}