{
  "bids_meta": {
    "AcquisitionMatrixPE": 256,
    "AcquisitionNumber": 1,
    "AcquisitionTime": "12:50:18.132500",
    "BaseResolution": 256,
    "BodyPartExamined": "HEAD",
    "ConsistencyInfo": "N4_VE11C_LATEST_20160120",
    "ConversionSoftware": "dcm2niix",
    "ConversionSoftwareVersion": "v1.0.20200427",
    "DeviceSerialNumber": "45250",
    "DwellTime": 9.2e-06,
    "EchoTime": 0.00218,
    "FlipAngle": 8,
    "ImageOrientationPatientDICOM": [
      -0.0591806,
      0.992198,
      0.109731,
      0.00164226,
      0.11002,
      -0.993928
    ],
    "ImageType": [
      "ORIGINAL",
      "PRIMARY",
      "M",
      "NORM",
      "DIS3D",
      "DIS2D"
    ],
    "ImagingFrequency": 123.24,
    "InPlanePhaseEncodingDirectionDICOM": "ROW",
    "InstitutionAddress": "Kopernikusstr._26_Graz_Graz_AT_8010",
    "InstitutionName": "KFU",
    "InstitutionalDepartmentName": "Department",
    "InversionTime": 1,
    "MRAcquisitionType": "3D",
    "MagneticFieldStrength": 3,
    "Manufacturer": "Siemens",
    "ManufacturersModelName": "Skyra",
    "Modality": "MR",
    "ParallelReductionFactorInPlane": 2,
    "PartialFourier": 1,
    "PatientPosition": "HFS",
    "PercentPhaseFOV": 100,
    "PercentSampling": 100,
    "PhaseEncodingSteps": 294,
    "PhaseOversampling": 0.15,
    "PhaseResolution": 1,
    "PixelBandwidth": 210,
    "ProcedureStepDescription": "KFU_BioPsy",
    "ProtocolName": "T1_Pat4_088mm_Pat2_224Sl",
    "PulseSequenceDetails": "%SiemensSeq%_tfl",
    "ReceiveCoilActiveElements": "HEA;HEP",
    "ReceiveCoilName": "Head_32",
    "ReconMatrixPE": 256,
    "RefLinesPE": 24,
    "RepetitionTime": 2.2,
    "SAR": 0.065098,
    "ScanOptions": "IR_WE",
    "ScanningSequence": "GR_IR",
    "SequenceName": "_tfl3d1_16ns",
    "SequenceVariant": "SK_SP_MP_OSP",
    "SeriesDescription": "T1_Pat4_088mm_Pat2_224Sl",
    "SeriesNumber": 9,
    "ShimSetting": [
      -1150,
      -3299,
      -4320,
      568,
      758,
      -43,
      217,
      -880
    ],
    "SliceThickness": 0.88,
    "SoftwareVersions": "syngo_MR_E11",
    "StationName": "FBMTMR1",
    "TxRefAmp": 339.456,
    "acq_id": "MPrageHiRes",
    "dataset": "<unset>",
    "modality": "T1w",
    "session_id": "2",
    "subject_id": "season115"
  },
  "cjv": 0.688815131259449,
  "cnr": 1.9648014293888452,
  "efc": 0.6006362099554661,
  "fber": 1717.5439453125,
  "fwhm_avg": 4.0663961111896265,
  "fwhm_x": 4.038045476426024,
  "fwhm_y": 4.072445714285714,
  "fwhm_z": 4.088697142857143,
  "icvs_csf": 0.19380116610576179,
  "icvs_gm": 0.4477545999171384,
  "icvs_wm": 0.3584442339770998,
  "inu_med": 1.5234383344650269,
  "inu_range": 0.6551524519920346,
  "provenance": {
    "md5sum": "73c0d9cc359525b77fdbec224daa989b",
    "settings": {
      "testing": false
    },
    "software": "mriqc",
    "version": "0.15.2",
    "warnings": {
      "large_rot_frame": true,
      "small_air_mask": false
    },
    "webapi_port": null,
    "webapi_url": "https://mriqc.nimh.nih.gov/api/v1"
  },
  "qi_1": 0.00031329618443054177,
  "qi_2": 0.0015813518506782303,
  "rpve_csf": 25.991199543574382,
  "rpve_gm": 12.241545975474782,
  "rpve_wm": 17.067677436363105,
  "size_x": 224,
  "size_y": 256,
  "size_z": 256,
  "snr_csf": 2.5531377186489075,
  "snr_gm": 10.88076668939505,
  "snr_total": 10.291000948041011,
  "snr_wm": 17.439098436079078,
  "snrd_csf": 36.2087137858211,
  "snrd_gm": 72.9505026643535,
  "snrd_total": 66.27016995222287,
  "snrd_wm": 89.65129340649402,
  "spacing_x": 0.8799999952316284,
  "spacing_y": 0.875,
  "spacing_z": 0.875,
  "summary_bg_k": 84.78562885181097,
  "summary_bg_mad": 7.307770224600641,
  "summary_bg_mean": 14.743358612060547,
  "summary_bg_median": 12.76229476928711,
  "summary_bg_n": 3329201.0,
  "summary_bg_p05": 4.880321025848389,
  "summary_bg_p95": 30.493337631225586,
  "summary_bg_stdv": 10.416131019592285,
  "summary_csf_k": 21.324153800278783,
  "summary_csf_mad": 132.42466103023787,
  "summary_csf_mean": 439.6170349121094,
  "summary_csf_median": 403.8929443359375,
  "summary_csf_n": 39832.0,
  "summary_csf_p05": 259.858935546875,
  "summary_csf_p95": 694.9127502441406,
  "summary_csf_stdv": 158.1927490234375,
  "summary_gm_k": -0.01899775713654339,
  "summary_gm_mad": 74.40909424068859,
  "summary_gm_mean": 815.0050659179688,
  "summary_gm_median": 813.7321166992188,
  "summary_gm_n": 48087.0,
  "summary_gm_p05": 697.2798217773437,
  "summary_gm_p95": 945.5652282714843,
  "summary_gm_stdv": 74.78550720214844,
  "summary_wm_k": 0.3616959948657845,
  "summary_wm_mad": 53.9104716362319,
  "summary_wm_mean": 998.3125,
  "summary_wm_median": 1000.0223999023438,
  "summary_wm_n": 284105.0,
  "summary_wm_p05": 899.1233520507812,
  "summary_wm_p95": 1089.3422607421876,
  "summary_wm_stdv": 57.343597412109375,
  "tpm_overlap_csf": 0.1572829633951187,
  "tpm_overlap_gm": 0.4597400724887848,
  "tpm_overlap_wm": 0.48771631717681885,
  "wm2max": 0.4644553659351258
}