{
  "bids_meta": {
    "AcquisitionMatrixPE": 256,
    "AcquisitionNumber": 1,
    "AcquisitionTime": "09:54:46.880000",
    "BaseResolution": 256,
    "BodyPartExamined": "HEAD",
    "ConsistencyInfo": "N4_VE11C_LATEST_20160120",
    "ConversionSoftware": "dcm2niix",
    "ConversionSoftwareVersion": "v1.0.20200427",
    "DeviceSerialNumber": "45250",
    "DwellTime": 9.2e-06,
    "EchoTime": 0.00218,
    "FlipAngle": 8,
    "ImageOrientationPatientDICOM": [
      0.016427,
      0.987206,
      0.1586,
      -0.0284614,
      0.159019,
      -0.986865
    ],
    "ImageType": [
      "ORIGINAL",
      "PRIMARY",
      "M",
      "NORM",
      "DIS3D",
      "DIS2D"
    ],
    "ImagingFrequency": 123.239,
    "InPlanePhaseEncodingDirectionDICOM": "ROW",
    "InstitutionAddress": "Kopernikusstr._26_Graz_Graz_AT_8010",
    "InstitutionName": "KFU",
    "InstitutionalDepartmentName": "Department",
    "InversionTime": 1,
    "MRAcquisitionType": "3D",
    "MagneticFieldStrength": 3,
    "Manufacturer": "Siemens",
    "ManufacturersModelName": "Skyra",
    "Modality": "MR",
    "ParallelReductionFactorInPlane": 2,
    "PartialFourier": 1,
    "PatientPosition": "HFS",
    "PercentPhaseFOV": 100,
    "PercentSampling": 100,
    "PhaseEncodingSteps": 294,
    "PhaseOversampling": 0.15,
    "PhaseResolution": 1,
    "PixelBandwidth": 210,
    "ProcedureStepDescription": "BioPsy_2018",
    "ProtocolName": "anat-T1w",
    "PulseSequenceDetails": "%SiemensSeq%_tfl",
    "ReceiveCoilActiveElements": "HEA;HEP",
    "ReceiveCoilName": "Head_32",
    "ReconMatrixPE": 256,
    "RefLinesPE": 24,
    "RepetitionTime": 2.2,
    "SAR": 0.0601925,
    "ScanOptions": "IR_WE",
    "ScanningSequence": "GR_IR",
    "SequenceName": "_tfl3d1_16ns",
    "SequenceVariant": "SK_SP_MP_OSP",
    "SeriesDescription": "anat-T1w",
    "SeriesNumber": 9,
    "ShimSetting": [
      -1129,
      -3251,
      -4367,
      441,
      968,
      217,
      477,
      -780
    ],
    "SliceThickness": 0.88,
    "SoftwareVersions": "syngo_MR_E11",
    "StationName": "FBMTMR1",
    "TxRefAmp": 317.34,
    "acq_id": "MPrageHiRes",
    "dataset": "<unset>",
    "modality": "T1w",
    "session_id": "1",
    "subject_id": "season214"
  },
  "cjv": 0.40631817091394373,
  "cnr": 3.178867575924027,
  "efc": 0.5651181543485788,
  "fber": 4101.36572265625,
  "fwhm_avg": 4.247461132995155,
  "fwhm_x": 4.126909113271177,
  "fwhm_y": 4.342594285714286,
  "fwhm_z": 4.27288,
  "icvs_csf": 0.17772519174138252,
  "icvs_gm": 0.44927891572873047,
  "icvs_wm": 0.3729958925298871,
  "inu_med": 1.3999794721603394,
  "inu_range": 0.5435956239700317,
  "provenance": {
    "md5sum": "f47f42a02636631402a86c4877807271",
    "settings": {
      "testing": false
    },
    "software": "mriqc",
    "version": "0.15.2",
    "warnings": {
      "large_rot_frame": true,
      "small_air_mask": false
    },
    "webapi_port": null,
    "webapi_url": "https://mriqc.nimh.nih.gov/api/v1"
  },
  "qi_1": 0.0,
  "qi_2": 0.002807218603431183,
  "rpve_csf": 25.192801789690595,
  "rpve_gm": 11.41212153751286,
  "rpve_wm": 15.830588554822238,
  "size_x": 224,
  "size_y": 256,
  "size_z": 256,
  "snr_csf": 2.272214282769253,
  "snr_gm": 12.141146427237908,
  "snr_total": 12.632227590035681,
  "snr_wm": 23.483322060099884,
  "snrd_csf": 64.13183259070266,
  "snrd_gm": 125.61981481258947,
  "snrd_total": 118.41338537023977,
  "snrd_wm": 165.48850870742714,
  "spacing_x": 0.8799999952316284,
  "spacing_y": 0.875,
  "spacing_z": 0.875,
  "summary_bg_k": 6.0486338899326135,
  "summary_bg_mad": 3.9588576849284642,
  "summary_bg_mean": 7.919457912445068,
  "summary_bg_median": 7.139627933502197,
  "summary_bg_n": 3090899.0,
  "summary_bg_p05": 2.674875712394714,
  "summary_bg_p95": 16.441237640380873,
  "summary_bg_stdv": 4.6214470863342285,
  "summary_csf_k": 37.40094827709654,
  "summary_csf_mad": 156.78061481863523,
  "summary_csf_mean": 420.304931640625,
  "summary_csf_median": 387.5357971191406,
  "summary_csf_n": 33433.0,
  "summary_csf_p05": 240.73552856445315,
  "summary_csf_p95": 626.2003784179688,
  "summary_csf_stdv": 170.55169677734375,
  "summary_gm_k": 0.5602114908750697,
  "summary_gm_mad": 60.07443741491513,
  "summary_gm_mean": 761.0318603515625,
  "summary_gm_median": 759.0953369140625,
  "summary_gm_n": 57212.0,
  "summary_gm_p05": 663.9542510986328,
  "summary_gm_p95": 867.0475982666015,
  "summary_gm_stdv": 62.521995544433594,
  "summary_wm_k": 0.8597149528475772,
  "summary_wm_mad": 37.81513418512497,
  "summary_wm_mean": 997.8746948242188,
  "summary_wm_median": 1000.0138549804688,
  "summary_wm_n": 331069.0,
  "summary_wm_p05": 922.8305297851563,
  "summary_wm_p95": 1063.9070800781249,
  "summary_wm_stdv": 42.58393859863281,
  "tpm_overlap_csf": 0.1542554795742035,
  "tpm_overlap_gm": 0.4543098509311676,
  "tpm_overlap_wm": 0.49001938104629517,
  "wm2max": 0.49911633709545444
}