{
  "bids_meta": {
    "AcquisitionMatrixPE": 256,
    "AcquisitionNumber": 1,
    "AcquisitionTime": "12:33:8.140000",
    "BaseResolution": 256,
    "BodyPartExamined": "HEAD",
    "ConsistencyInfo": "N4_VE11C_LATEST_20160120",
    "ConversionSoftware": "dcm2niix",
    "ConversionSoftwareVersion": "v1.0.20200427",
    "DeviceSerialNumber": "45250",
    "DwellTime": 9.2e-06,
    "EchoTime": 0.00218,
    "FlipAngle": 8,
    "ImageOrientationPatientDICOM": [
      0.0747834,
      0.994998,
      0.0662313,
      0.0407956,
      0.063309,
      -0.99716
    ],
    "ImageType": [
      "ORIGINAL",
      "PRIMARY",
      "M",
      "NORM",
      "DIS3D",
      "DIS2D"
    ],
    "ImagingFrequency": 123.24,
    "InPlanePhaseEncodingDirectionDICOM": "ROW",
    "InstitutionAddress": "Kopernikusstr._26_Graz_Graz_AT_8010",
    "InstitutionName": "KFU",
    "InstitutionalDepartmentName": "Department",
    "InversionTime": 1,
    "MRAcquisitionType": "3D",
    "MagneticFieldStrength": 3,
    "Manufacturer": "Siemens",
    "ManufacturersModelName": "Skyra",
    "Modality": "MR",
    "ParallelReductionFactorInPlane": 2,
    "PartialFourier": 1,
    "PatientPosition": "HFS",
    "PercentPhaseFOV": 100,
    "PercentSampling": 100,
    "PhaseEncodingSteps": 294,
    "PhaseOversampling": 0.15,
    "PhaseResolution": 1,
    "PixelBandwidth": 210,
    "ProcedureStepDescription": "KFU_BioPsy",
    "ProtocolName": "T1_Pat4_088mm_Pat2_224Sl",
    "PulseSequenceDetails": "%SiemensSeq%_tfl",
    "ReceiveCoilActiveElements": "HEA;HEP",
    "ReceiveCoilName": "Head_32",
    "ReconMatrixPE": 256,
    "RefLinesPE": 24,
    "RepetitionTime": 2.2,
    "SAR": 0.0648043,
    "ScanOptions": "IR_WE",
    "ScanningSequence": "GR_IR",
    "SequenceName": "_tfl3d1_16ns",
    "SequenceVariant": "SK_SP_MP_OSP",
    "SeriesDescription": "T1_Pat4_088mm_Pat2_224Sl",
    "SeriesNumber": 9,
    "ShimSetting": [
      -1100,
      -3127,
      -4291,
      313,
      915,
      182,
      137,
      -880
    ],
    "SliceThickness": 0.88,
    "SoftwareVersions": "syngo_MR_E11",
    "StationName": "FBMTMR1",
    "TxRefAmp": 319.035,
    "acq_id": "MPrageHiRes",
    "dataset": "<unset>",
    "modality": "T1w",
    "session_id": "1",
    "subject_id": "season135"
  },
  "cjv": 0.40932158579383515,
  "cnr": 3.1427461020249856,
  "efc": 0.5695345276280875,
  "fber": 2674.604736328125,
  "fwhm_avg": 4.130503015976593,
  "fwhm_x": 4.051920476501207,
  "fwhm_y": 4.198182857142857,
  "fwhm_z": 4.141405714285715,
  "icvs_csf": 0.18475918521468385,
  "icvs_gm": 0.44177357764397135,
  "icvs_wm": 0.37346723714134483,
  "inu_med": 1.4224793910980225,
  "inu_range": 0.4837476909160614,
  "provenance": {
    "md5sum": "096eb5b5b7de211560217985118642d2",
    "settings": {
      "testing": false
    },
    "software": "mriqc",
    "version": "0.15.2",
    "warnings": {
      "large_rot_frame": true,
      "small_air_mask": false
    },
    "webapi_port": null,
    "webapi_url": "https://mriqc.nimh.nih.gov/api/v1"
  },
  "qi_1": 0.0,
  "qi_2": 0.002350185725994942,
  "rpve_csf": 24.614658524919594,
  "rpve_gm": 11.647620328911646,
  "rpve_wm": 15.85759305991288,
  "size_x": 224,
  "size_y": 256,
  "size_z": 256,
  "snr_csf": 1.6172903740454465,
  "snr_gm": 11.971465564980628,
  "snr_total": 12.38379059865887,
  "snr_wm": 23.562615856950533,
  "snrd_csf": 50.16538141555583,
  "snrd_gm": 112.23952370183919,
  "snrd_total": 103.39653096183157,
  "snrd_wm": 147.7846877680997,
  "spacing_x": 0.8799999952316284,
  "spacing_y": 0.875,
  "spacing_z": 0.875,
  "summary_bg_k": 6.3688062348741035,
  "summary_bg_mad": 4.4331513782695575,
  "summary_bg_mean": 9.401274681091309,
  "summary_bg_median": 7.900009632110596,
  "summary_bg_n": 2851753.0,
  "summary_bg_p05": 2.937289619445801,
  "summary_bg_p95": 19.75705986022949,
  "summary_bg_stdv": 5.592550277709961,
  "summary_csf_k": 40.365678749591986,
  "summary_csf_mad": 103.89382101424198,
  "summary_csf_mean": 389.14459228515625,
  "summary_csf_median": 339.4571533203125,
  "summary_csf_n": 37741.0,
  "summary_csf_p05": 227.98916625976562,
  "summary_csf_p95": 610.2484741210938,
  "summary_csf_stdv": 209.88973999023438,
  "summary_gm_k": 0.299429047691786,
  "summary_gm_mad": 60.73791638623368,
  "summary_gm_mean": 760.9701538085938,
  "summary_gm_median": 759.498046875,
  "summary_gm_n": 64247.0,
  "summary_gm_p05": 659.8419555664062,
  "summary_gm_p95": 869.6882202148438,
  "summary_gm_stdv": 63.44186782836914,
  "summary_wm_k": 1.101793561723663,
  "summary_wm_mad": 37.71441786010075,
  "summary_wm_mean": 998.2606201171875,
  "summary_wm_median": 1000.023681640625,
  "summary_wm_n": 335809.0,
  "summary_wm_p05": 925.2661010742188,
  "summary_wm_p95": 1063.99013671875,
  "summary_wm_stdv": 42.4410514831543,
  "tpm_overlap_csf": 0.1710544377565384,
  "tpm_overlap_gm": 0.4542863667011261,
  "tpm_overlap_wm": 0.5032012462615967,
  "wm2max": 0.517871215303736
}