{
  "bids_meta": {
    "AcquisitionMatrixPE": 256,
    "AcquisitionNumber": 1,
    "AcquisitionTime": "09:44:0.190000",
    "BaseResolution": 256,
    "BodyPartExamined": "HEAD",
    "ConsistencyInfo": "N4_VE11C_LATEST_20160120",
    "ConversionSoftware": "dcm2niix",
    "ConversionSoftwareVersion": "v1.0.20200427",
    "DeviceSerialNumber": "45250",
    "DwellTime": 9.2e-06,
    "EchoTime": 0.00218,
    "FlipAngle": 8,
    "ImageOrientationPatientDICOM": [
      -0.0134004,
      0.999483,
      0.0292404,
      0.0720518,
      0.0301322,
      -0.996946
    ],
    "ImageType": [
      "ORIGINAL",
      "PRIMARY",
      "M",
      "NORM",
      "DIS3D",
      "DIS2D"
    ],
    "ImagingFrequency": 123.239,
    "InPlanePhaseEncodingDirectionDICOM": "ROW",
    "InstitutionAddress": "Kopernikusstr._26_Graz_Graz_AT_8010",
    "InstitutionName": "KFU",
    "InstitutionalDepartmentName": "Department",
    "InversionTime": 1,
    "MRAcquisitionType": "3D",
    "MagneticFieldStrength": 3,
    "Manufacturer": "Siemens",
    "ManufacturersModelName": "Skyra",
    "Modality": "MR",
    "ParallelReductionFactorInPlane": 2,
    "PartialFourier": 1,
    "PatientPosition": "HFS",
    "PercentPhaseFOV": 100,
    "PercentSampling": 100,
    "PhaseEncodingSteps": 294,
    "PhaseOversampling": 0.15,
    "PhaseResolution": 1,
    "PixelBandwidth": 210,
    "ProcedureStepDescription": "BioPsy_2018",
    "ProtocolName": "anat-T1w",
    "PulseSequenceDetails": "%SiemensSeq%_tfl",
    "ReceiveCoilActiveElements": "HEA;HEP",
    "ReceiveCoilName": "Head_32",
    "ReconMatrixPE": 256,
    "RefLinesPE": 24,
    "RepetitionTime": 2.2,
    "SAR": 0.0583251,
    "ScanOptions": "IR_WE",
    "ScanningSequence": "GR_IR",
    "SequenceName": "_tfl3d1_16ns",
    "SequenceVariant": "SK_SP_MP_OSP",
    "SeriesDescription": "anat-T1w",
    "SeriesNumber": 9,
    "ShimSetting": [
      -1091,
      -3180,
      -4219,
      495,
      906,
      306,
      203,
      -944
    ],
    "SliceThickness": 0.88,
    "SoftwareVersions": "syngo_MR_E11",
    "StationName": "FBMTMR1",
    "TxRefAmp": 328.433,
    "acq_id": "MPrageHiRes",
    "dataset": "<unset>",
    "modality": "T1w",
    "session_id": "2",
    "subject_id": "season220"
  },
  "cjv": 0.6623266654394775,
  "cnr": 2.1088342268435136,
  "efc": 0.5993577341169294,
  "fber": 2033.058837890625,
  "fwhm_avg": 4.431348492680256,
  "fwhm_x": 4.336045478040768,
  "fwhm_y": 4.550217142857143,
  "fwhm_z": 4.407782857142857,
  "icvs_csf": 0.19604759195318516,
  "icvs_gm": 0.43762130076501793,
  "icvs_wm": 0.3663311072817969,
  "inu_med": 1.497997760772705,
  "inu_range": 0.6697946190834045,
  "provenance": {
    "md5sum": "1223d3b0e0387f589702daa98688d3a7",
    "settings": {
      "testing": false
    },
    "software": "mriqc",
    "version": "0.15.2",
    "warnings": {
      "large_rot_frame": true,
      "small_air_mask": false
    },
    "webapi_port": null,
    "webapi_url": "https://mriqc.nimh.nih.gov/api/v1"
  },
  "qi_1": 0.0,
  "qi_2": 0.001926094827428384,
  "rpve_csf": 22.14846909652721,
  "rpve_gm": 10.793685218862022,
  "rpve_wm": 14.776215709013805,
  "size_x": 224,
  "size_y": 256,
  "size_z": 256,
  "snr_csf": 3.144853794282387,
  "snr_gm": 11.053474584398884,
  "snr_total": 10.874169628103617,
  "snr_wm": 18.424180505629582,
  "snrd_csf": 57.774963144774226,
  "snrd_gm": 102.92735493829564,
  "snrd_total": 96.05930839031048,
  "snrd_wm": 127.47560708786156,
  "spacing_x": 0.8799999952316284,
  "spacing_y": 0.875,
  "spacing_z": 0.875,
  "summary_bg_k": 17.73632307279153,
  "summary_bg_mad": 5.139483426559605,
  "summary_bg_mean": 11.220025062561035,
  "summary_bg_median": 9.130355834960938,
  "summary_bg_n": 2762586.0,
  "summary_bg_p05": 3.3884358406066895,
  "summary_bg_p95": 24.53101634979248,
  "summary_bg_stdv": 7.550595283508301,
  "summary_csf_k": 17.692879244141327,
  "summary_csf_mad": 162.4324023406814,
  "summary_csf_mean": 463.20806884765625,
  "summary_csf_median": 453.2391662597656,
  "summary_csf_n": 35927.0,
  "summary_csf_p05": 264.8889556884766,
  "summary_csf_p95": 667.712530517578,
  "summary_csf_stdv": 144.118896484375,
  "summary_gm_k": -0.22417572667173813,
  "summary_gm_mad": 76.44821523628218,
  "summary_gm_mean": 806.8045654296875,
  "summary_gm_median": 807.4554443359375,
  "summary_gm_n": 58216.0,
  "summary_gm_p05": 688.7861480712891,
  "summary_gm_p95": 926.6196746826172,
  "summary_gm_stdv": 73.0492935180664,
  "summary_wm_k": 0.6695369974032213,
  "summary_wm_mad": 51.101816383669835,
  "summary_wm_mean": 1001.7048950195312,
  "summary_wm_median": 1000.0341796875,
  "summary_wm_n": 344341.0,
  "summary_wm_p05": 914.9039916992188,
  "summary_wm_p95": 1091.90673828125,
  "summary_wm_stdv": 54.27827453613281,
  "tpm_overlap_csf": 0.1603008657693863,
  "tpm_overlap_gm": 0.4633653461933136,
  "tpm_overlap_wm": 0.5046070218086243,
  "wm2max": 0.4984173220254094
}