{
  "bids_meta": {
    "AcquisitionMatrixPE": 256,
    "AcquisitionNumber": 1,
    "AcquisitionTime": "11:18:58.185000",
    "BaseResolution": 256,
    "BodyPartExamined": "HEAD",
    "ConsistencyInfo": "N4_VE11C_LATEST_20160120",
    "ConversionSoftware": "dcm2niix",
    "ConversionSoftwareVersion": "v1.0.20200427",
    "DeviceSerialNumber": "45250",
    "DwellTime": 9.2e-06,
    "EchoTime": 0.00218,
    "FlipAngle": 8,
    "ImageOrientationPatientDICOM": [
      -0.058503,
      0.997334,
      -0.0436178,
      -0.00610239,
      -0.0440491,
      -0.999011
    ],
    "ImageType": [
      "ORIGINAL",
      "PRIMARY",
      "M",
      "NORM",
      "DIS3D",
      "DIS2D"
    ],
    "ImagingFrequency": 123.24,
    "InPlanePhaseEncodingDirectionDICOM": "ROW",
    "InstitutionAddress": "Kopernikusstr._26_Graz_Graz_AT_8010",
    "InstitutionName": "KFU",
    "InstitutionalDepartmentName": "Department",
    "InversionTime": 1,
    "MRAcquisitionType": "3D",
    "MagneticFieldStrength": 3,
    "Manufacturer": "Siemens",
    "ManufacturersModelName": "Skyra",
    "Modality": "MR",
    "ParallelReductionFactorInPlane": 2,
    "PartialFourier": 1,
    "PatientPosition": "HFS",
    "PercentPhaseFOV": 100,
    "PercentSampling": 100,
    "PhaseEncodingSteps": 294,
    "PhaseOversampling": 0.15,
    "PhaseResolution": 1,
    "PixelBandwidth": 210,
    "ProcedureStepDescription": "KFU_BioPsy",
    "ProtocolName": "T1_Pat4_088mm_Pat2_224Sl",
    "PulseSequenceDetails": "%SiemensSeq%_tfl",
    "ReceiveCoilActiveElements": "HEA;HEP",
    "ReceiveCoilName": "Head_32",
    "ReconMatrixPE": 256,
    "RefLinesPE": 24,
    "RepetitionTime": 2.2,
    "SAR": 0.0565755,
    "ScanOptions": "IR_WE",
    "ScanningSequence": "GR_IR",
    "SequenceName": "_tfl3d1_16ns",
    "SequenceVariant": "SK_SP_MP_OSP",
    "SeriesDescription": "T1_Pat4_088mm_Pat2_224Sl",
    "SeriesNumber": 9,
    "ShimSetting": [
      -1108,
      -3141,
      -4372,
      312,
      1006,
      -106,
      228,
      -971
    ],
    "SliceThickness": 0.88,
    "SoftwareVersions": "syngo_MR_E11",
    "StationName": "FBMTMR1",
    "TxRefAmp": 337.542,
    "acq_id": "MPrageHiRes",
    "dataset": "<unset>",
    "modality": "T1w",
    "session_id": "3",
    "subject_id": "season126"
  },
  "cjv": 0.7046124487951532,
  "cnr": 1.9212867287385957,
  "efc": 0.6193099454160319,
  "fber": 3422.277099609375,
  "fwhm_avg": 4.0635197257892175,
  "fwhm_x": 3.9721477487962233,
  "fwhm_y": 4.135794285714286,
  "fwhm_z": 4.082617142857143,
  "icvs_csf": 0.1844691233898774,
  "icvs_gm": 0.4425998606056189,
  "icvs_wm": 0.37293101600450373,
  "inu_med": 1.510715126991272,
  "inu_range": 0.6063774824142456,
  "provenance": {
    "md5sum": "39a0ae1c1c5eae6e528aa7cd0c5e9a50",
    "settings": {
      "testing": false
    },
    "software": "mriqc",
    "version": "0.15.2",
    "warnings": {
      "large_rot_frame": true,
      "small_air_mask": false
    },
    "webapi_port": null,
    "webapi_url": "https://mriqc.nimh.nih.gov/api/v1"
  },
  "qi_1": 0.0,
  "qi_2": 0.0017631046719826762,
  "rpve_csf": 24.15004660295937,
  "rpve_gm": 11.313646459925137,
  "rpve_wm": 15.420461919728822,
  "size_x": 224,
  "size_y": 256,
  "size_z": 256,
  "snr_csf": 1.674841469417967,
  "snr_gm": 9.274349119044619,
  "snr_total": 9.495105179031924,
  "snr_wm": 17.536124948633187,
  "snrd_csf": 52.008978751430696,
  "snrd_gm": 111.8156930179752,
  "snrd_total": 101.15040697317744,
  "snrd_wm": 139.6265491501264,
  "spacing_x": 0.8799999952316284,
  "spacing_y": 0.875,
  "spacing_z": 0.875,
  "summary_bg_k": 7.292419528014584,
  "summary_bg_mad": 4.69227901993149,
  "summary_bg_mean": 9.93411636352539,
  "summary_bg_median": 8.437835693359375,
  "summary_bg_n": 3005799.0,
  "summary_bg_p05": 3.1553470611572263,
  "summary_bg_p95": 21.714117813110352,
  "summary_bg_stdv": 6.3139753341674805,
  "summary_csf_k": 33.383504785376104,
  "summary_csf_mad": 116.70533571709758,
  "summary_csf_mean": 420.14697265625,
  "summary_csf_median": 372.5035705566406,
  "summary_csf_n": 32959.0,
  "summary_csf_p05": 241.54828491210938,
  "summary_csf_p95": 667.2498596191406,
  "summary_csf_stdv": 222.40786743164062,
  "summary_gm_k": -0.13650175349103222,
  "summary_gm_mad": 87.17961658484163,
  "summary_gm_mean": 807.6978759765625,
  "summary_gm_median": 800.8568115234375,
  "summary_gm_n": 52822.0,
  "summary_gm_p05": 677.8893310546875,
  "summary_gm_p95": 962.3446136474608,
  "summary_gm_stdv": 86.35099029541016,
  "summary_wm_k": 0.6029055835224977,
  "summary_wm_mad": 53.17179476186293,
  "summary_wm_mean": 1002.0449829101562,
  "summary_wm_median": 1000.0463256835938,
  "summary_wm_n": 323461.0,
  "summary_wm_p05": 910.539306640625,
  "summary_wm_p95": 1098.14453125,
  "summary_wm_stdv": 57.02769470214844,
  "tpm_overlap_csf": 0.1666078269481659,
  "tpm_overlap_gm": 0.4641591012477875,
  "tpm_overlap_wm": 0.5039785504341125,
  "wm2max": 0.46903024298302587
}