{
  "bids_meta": {
    "AcquisitionMatrixPE": 256,
    "AcquisitionNumber": 1,
    "AcquisitionTime": "12:16:7.152500",
    "BaseResolution": 256,
    "BodyPartExamined": "HEAD",
    "ConsistencyInfo": "N4_VE11C_LATEST_20160120",
    "ConversionSoftware": "dcm2niix",
    "ConversionSoftwareVersion": "v1.0.20200427",
    "DeviceSerialNumber": "45250",
    "DwellTime": 9.2e-06,
    "EchoTime": 0.00218,
    "FlipAngle": 8,
    "ImageOrientationPatientDICOM": [
      -0.0254574,
      0.987926,
      0.152822,
      -0.0507882,
      0.151396,
      -0.987168
    ],
    "ImageType": [
      "ORIGINAL",
      "PRIMARY",
      "M",
      "NORM",
      "DIS3D",
      "DIS2D"
    ],
    "ImagingFrequency": 123.239,
    "InPlanePhaseEncodingDirectionDICOM": "ROW",
    "InstitutionAddress": "Kopernikusstr._26_Graz_Graz_AT_8010",
    "InstitutionName": "KFU",
    "InstitutionalDepartmentName": "Department",
    "InversionTime": 1,
    "MRAcquisitionType": "3D",
    "MagneticFieldStrength": 3,
    "Manufacturer": "Siemens",
    "ManufacturersModelName": "Skyra",
    "Modality": "MR",
    "ParallelReductionFactorInPlane": 2,
    "PartialFourier": 1,
    "PatientPosition": "HFS",
    "PercentPhaseFOV": 100,
    "PercentSampling": 100,
    "PhaseEncodingSteps": 294,
    "PhaseOversampling": 0.15,
    "PhaseResolution": 1,
    "PixelBandwidth": 210,
    "ProcedureStepDescription": "BioPsy_2018",
    "ProtocolName": "anat-T1w",
    "PulseSequenceDetails": "%SiemensSeq%_tfl",
    "ReceiveCoilActiveElements": "HEA;HEP",
    "ReceiveCoilName": "Head_32",
    "ReconMatrixPE": 256,
    "RefLinesPE": 24,
    "RepetitionTime": 2.2,
    "SAR": 0.0596936,
    "ScanOptions": "IR_WE",
    "ScanningSequence": "GR_IR",
    "SequenceName": "_tfl3d1_16ns",
    "SequenceVariant": "SK_SP_MP_OSP",
    "SeriesDescription": "anat-T1w",
    "SeriesNumber": 9,
    "ShimSetting": [
      -1121,
      -3207,
      -4354,
      481,
      1054,
      323,
      305,
      -845
    ],
    "SliceThickness": 0.88,
    "SoftwareVersions": "syngo_MR_E11",
    "StationName": "FBMTMR1",
    "TxRefAmp": 321.724,
    "acq_id": "MPrageHiRes",
    "dataset": "<unset>",
    "modality": "T1w",
    "session_id": "2",
    "subject_id": "season214"
  },
  "cjv": 0.4389113636443538,
  "cnr": 2.9663485754667356,
  "efc": 0.5712153786484049,
  "fber": 2684.584228515625,
  "fwhm_avg": 4.153673773529506,
  "fwhm_x": 4.039272749159947,
  "fwhm_y": 4.242674285714286,
  "fwhm_z": 4.179074285714286,
  "icvs_csf": 0.17252440269902772,
  "icvs_gm": 0.4553377260645713,
  "icvs_wm": 0.372137871236401,
  "inu_med": 1.4225895404815674,
  "inu_range": 0.5192093610763548,
  "provenance": {
    "md5sum": "a81dde73ffb2a9dc5673f70a078932fd",
    "settings": {
      "testing": false
    },
    "software": "mriqc",
    "version": "0.15.2",
    "warnings": {
      "large_rot_frame": true,
      "small_air_mask": false
    },
    "webapi_port": null,
    "webapi_url": "https://mriqc.nimh.nih.gov/api/v1"
  },
  "qi_1": 0.0,
  "qi_2": 0.0036672757492987092,
  "rpve_csf": 25.928431946711573,
  "rpve_gm": 11.344381544207359,
  "rpve_wm": 15.80017089790802,
  "size_x": 224,
  "size_y": 256,
  "size_z": 256,
  "snr_csf": 2.1044281957193163,
  "snr_gm": 11.526726118466403,
  "snr_total": 12.080603069833108,
  "snr_wm": 22.6106548953136,
  "snrd_csf": 55.66222286748495,
  "snrd_gm": 104.94319333530322,
  "snrd_total": 99.36755311302439,
  "snrd_wm": 137.497243136285,
  "spacing_x": 0.8799999952316284,
  "spacing_y": 0.875,
  "spacing_z": 0.875,
  "summary_bg_k": 3.4655918942605206,
  "summary_bg_mad": 4.764810977468197,
  "summary_bg_mean": 10.472443580627441,
  "summary_bg_median": 9.660017967224121,
  "summary_bg_n": 3116243.0,
  "summary_bg_p05": 3.230126166343689,
  "summary_bg_p95": 20.57750415802002,
  "summary_bg_stdv": 5.498147964477539,
  "summary_csf_k": 39.00875887052469,
  "summary_csf_mad": 168.6988942615501,
  "summary_csf_mean": 434.9188537597656,
  "summary_csf_median": 404.8316955566406,
  "summary_csf_n": 35045.0,
  "summary_csf_p05": 242.65288391113282,
  "summary_csf_p95": 635.8999389648434,
  "summary_csf_stdv": 192.3686065673828,
  "summary_gm_k": 0.48412270180582295,
  "summary_gm_mad": 63.75519831206019,
  "summary_gm_mean": 765.9271240234375,
  "summary_gm_median": 763.2525024414062,
  "summary_gm_n": 64796.0,
  "summary_gm_p05": 664.6328430175781,
  "summary_gm_p95": 880.8463592529297,
  "summary_gm_stdv": 66.21538543701172,
  "summary_wm_k": 0.7182619635909155,
  "summary_wm_mad": 40.16400538786849,
  "summary_wm_mean": 998.1502685546875,
  "summary_wm_median": 1000.018310546875,
  "summary_wm_n": 334101.0,
  "summary_wm_p05": 921.2710571289062,
  "summary_wm_p95": 1067.5301513671875,
  "summary_wm_stdv": 44.22768020629883,
  "tpm_overlap_csf": 0.15221671760082245,
  "tpm_overlap_gm": 0.4593977630138397,
  "tpm_overlap_wm": 0.4899997115135193,
  "wm2max": 0.4861183078913276
}