{
  "bids_meta": {
    "AcquisitionMatrixPE": 256,
    "AcquisitionNumber": 1,
    "AcquisitionTime": "12:27:52.182500",
    "BaseResolution": 256,
    "BodyPartExamined": "HEAD",
    "ConsistencyInfo": "N4_VE11C_LATEST_20160120",
    "ConversionSoftware": "dcm2niix",
    "ConversionSoftwareVersion": "v1.0.20200427",
    "DeviceSerialNumber": "45250",
    "DwellTime": 9.2e-06,
    "EchoTime": 0.00218,
    "FlipAngle": 8,
    "ImageOrientationPatientDICOM": [
      -0.0204937,
      0.991683,
      0.127063,
      -0.0079867,
      0.126923,
      -0.99188
    ],
    "ImageType": [
      "ORIGINAL",
      "PRIMARY",
      "M",
      "NORM",
      "DIS3D",
      "DIS2D"
    ],
    "ImagingFrequency": 123.239,
    "InPlanePhaseEncodingDirectionDICOM": "ROW",
    "InstitutionAddress": "Kopernikusstr._26_Graz_Graz_AT_8010",
    "InstitutionName": "KFU",
    "InstitutionalDepartmentName": "Department",
    "InversionTime": 1,
    "MRAcquisitionType": "3D",
    "MagneticFieldStrength": 3,
    "Manufacturer": "Siemens",
    "ManufacturersModelName": "Skyra",
    "Modality": "MR",
    "ParallelReductionFactorInPlane": 2,
    "PartialFourier": 1,
    "PatientPosition": "HFS",
    "PercentPhaseFOV": 100,
    "PercentSampling": 100,
    "PhaseEncodingSteps": 294,
    "PhaseOversampling": 0.15,
    "PhaseResolution": 1,
    "PixelBandwidth": 210,
    "ProcedureStepDescription": "BioPsy_2018",
    "ProtocolName": "anat-T1w",
    "PulseSequenceDetails": "%SiemensSeq%_tfl",
    "ReceiveCoilActiveElements": "HEA;HEP",
    "ReceiveCoilName": "Head_32",
    "ReconMatrixPE": 256,
    "RefLinesPE": 24,
    "RepetitionTime": 2.2,
    "SAR": 0.0547856,
    "ScanOptions": "IR_WE",
    "ScanningSequence": "GR_IR",
    "SequenceName": "_tfl3d1_16ns",
    "SequenceVariant": "SK_SP_MP_OSP",
    "SeriesDescription": "anat-T1w",
    "SeriesNumber": 9,
    "ShimSetting": [
      -1123,
      -3176,
      -4324,
      467,
      997,
      130,
      341,
      -947
    ],
    "SliceThickness": 0.88,
    "SoftwareVersions": "syngo_MR_E11",
    "StationName": "FBMTMR1",
    "TxRefAmp": 322.09,
    "acq_id": "MPrageHiRes",
    "dataset": "<unset>",
    "modality": "T1w",
    "session_id": "2",
    "subject_id": "season204"
  },
  "cjv": 0.44763311366318936,
  "cnr": 2.972260697590333,
  "efc": 0.5722795093904585,
  "fber": 3065.228515625,
  "fwhm_avg": 3.9882689681785055,
  "fwhm_x": 3.952795475964088,
  "fwhm_y": 4.016628571428571,
  "fwhm_z": 3.9953828571428573,
  "icvs_csf": 0.18100962196588843,
  "icvs_gm": 0.44471542640919054,
  "icvs_wm": 0.374274951624921,
  "inu_med": 1.4384839534759521,
  "inu_range": 0.5442049741744994,
  "provenance": {
    "md5sum": "1b652d4d0642235b51592a3531f7a903",
    "settings": {
      "testing": false
    },
    "software": "mriqc",
    "version": "0.15.2",
    "warnings": {
      "large_rot_frame": true,
      "small_air_mask": false
    },
    "webapi_port": null,
    "webapi_url": "https://mriqc.nimh.nih.gov/api/v1"
  },
  "qi_1": 0.0,
  "qi_2": 0.0026234729755064087,
  "rpve_csf": 25.865048100735493,
  "rpve_gm": 11.741918143698378,
  "rpve_wm": 16.03172081108798,
  "size_x": 224,
  "size_y": 256,
  "size_z": 256,
  "snr_csf": 2.6971512077958963,
  "snr_gm": 11.634863891725947,
  "snr_total": 11.921021929802293,
  "snr_wm": 21.431050689885037,
  "snrd_csf": 55.321160588684684,
  "snrd_gm": 113.76582191909922,
  "snrd_total": 106.21421720689501,
  "snrd_wm": 149.55566911290114,
  "spacing_x": 0.8799999952316284,
  "spacing_y": 0.875,
  "spacing_z": 0.875,
  "summary_bg_k": 7.248933668934207,
  "summary_bg_mad": 4.3806391091596515,
  "summary_bg_mean": 9.236576080322266,
  "summary_bg_median": 7.87277889251709,
  "summary_bg_n": 3094338.0,
  "summary_bg_p05": 2.9430766105651855,
  "summary_bg_p95": 19.559148216247557,
  "summary_bg_stdv": 5.539583683013916,
  "summary_csf_k": 23.168210121731775,
  "summary_csf_mad": 117.04350005367934,
  "summary_csf_mean": 396.0792236328125,
  "summary_csf_median": 369.91082763671875,
  "summary_csf_n": 28033.0,
  "summary_csf_p05": 236.94847106933594,
  "summary_csf_p95": 608.3379150390622,
  "summary_csf_stdv": 137.14627075195312,
  "summary_gm_k": 0.014681116187245546,
  "summary_gm_mad": 66.16248136368343,
  "summary_gm_mean": 762.0892333984375,
  "summary_gm_median": 760.707275390625,
  "summary_gm_n": 49679.0,
  "summary_gm_p05": 658.3180786132812,
  "summary_gm_p95": 872.0791442871093,
  "summary_gm_stdv": 65.38105010986328,
  "summary_wm_k": 1.009991560335485,
  "summary_wm_mad": 40.96177279255266,
  "summary_wm_mean": 998.3749389648438,
  "summary_wm_median": 1000.0198974609375,
  "summary_wm_n": 308479.0,
  "summary_wm_p05": 916.2576965332031,
  "summary_wm_p95": 1071.176416015625,
  "summary_wm_stdv": 46.6621208190918,
  "tpm_overlap_csf": 0.16666433215141296,
  "tpm_overlap_gm": 0.45123329758644104,
  "tpm_overlap_wm": 0.49351048469543457,
  "wm2max": 0.5653836967337519
}