{
  "bids_meta": {
    "AcquisitionMatrixPE": 256,
    "AcquisitionNumber": 1,
    "AcquisitionTime": "12:24:6.177500",
    "BaseResolution": 256,
    "BodyPartExamined": "HEAD",
    "ConsistencyInfo": "N4_VE11C_LATEST_20160120",
    "ConversionSoftware": "dcm2niix",
    "ConversionSoftwareVersion": "v1.0.20200427",
    "DeviceSerialNumber": "45250",
    "DwellTime": 9.2e-06,
    "EchoTime": 0.00218,
    "FlipAngle": 8,
    "ImageOrientationPatientDICOM": [
      0.0109976,
      0.99972,
      0.0209409,
      0.0124586,
      0.0208035,
      -0.999706
    ],
    "ImageType": [
      "ORIGINAL",
      "PRIMARY",
      "M",
      "NORM",
      "DIS3D",
      "DIS2D"
    ],
    "ImagingFrequency": 123.239,
    "InPlanePhaseEncodingDirectionDICOM": "ROW",
    "InstitutionAddress": "Kopernikusstr._26_Graz_Graz_AT_8010",
    "InstitutionName": "KFU",
    "InstitutionalDepartmentName": "Department",
    "InversionTime": 1,
    "MRAcquisitionType": "3D",
    "MagneticFieldStrength": 3,
    "Manufacturer": "Siemens",
    "ManufacturersModelName": "Skyra",
    "Modality": "MR",
    "ParallelReductionFactorInPlane": 2,
    "PartialFourier": 1,
    "PatientPosition": "HFS",
    "PercentPhaseFOV": 100,
    "PercentSampling": 100,
    "PhaseEncodingSteps": 294,
    "PhaseOversampling": 0.15,
    "PhaseResolution": 1,
    "PixelBandwidth": 210,
    "ProcedureStepDescription": "BioPsy_2018",
    "ProtocolName": "anat-T1w",
    "PulseSequenceDetails": "%SiemensSeq%_tfl",
    "ReceiveCoilActiveElements": "HEA;HEP",
    "ReceiveCoilName": "Head_32",
    "ReconMatrixPE": 256,
    "RefLinesPE": 24,
    "RepetitionTime": 2.2,
    "SAR": 0.0576043,
    "ScanOptions": "IR_WE",
    "ScanningSequence": "GR_IR",
    "SequenceName": "_tfl3d1_16ns",
    "SequenceVariant": "SK_SP_MP_OSP",
    "SeriesDescription": "anat-T1w",
    "SeriesNumber": 9,
    "ShimSetting": [
      -1095,
      -3107,
      -4411,
      423,
      934,
      499,
      191,
      -906
    ],
    "SliceThickness": 0.88,
    "SoftwareVersions": "syngo_MR_E11",
    "StationName": "FBMTMR1",
    "TxRefAmp": 319.372,
    "acq_id": "MPrageHiRes",
    "dataset": "<unset>",
    "modality": "T1w",
    "session_id": "1",
    "subject_id": "season203"
  },
  "cjv": 0.5557302240343529,
  "cnr": 2.4224430095464595,
  "efc": 0.5726095734446048,
  "fber": 1824.5845947265625,
  "fwhm_avg": 4.05913682551711,
  "fwhm_x": 4.06117047655133,
  "fwhm_y": 4.126057142857143,
  "fwhm_z": 3.9901828571428575,
  "icvs_csf": 0.18457927016870307,
  "icvs_gm": 0.463785821884938,
  "icvs_wm": 0.35163490794635893,
  "inu_med": 1.4789206981658936,
  "inu_range": 0.5870085775852203,
  "provenance": {
    "md5sum": "98b791bdc399fdf030a97e9ad43bcb4c",
    "settings": {
      "testing": false
    },
    "software": "mriqc",
    "version": "0.15.2",
    "warnings": {
      "large_rot_frame": true,
      "small_air_mask": false
    },
    "webapi_port": null,
    "webapi_url": "https://mriqc.nimh.nih.gov/api/v1"
  },
  "qi_1": 0.0,
  "qi_2": 0.0020742317294960453,
  "rpve_csf": 28.10667347863388,
  "rpve_gm": 12.793272225289895,
  "rpve_wm": 18.868477550518612,
  "size_x": 224,
  "size_y": 256,
  "size_z": 256,
  "snr_csf": 1.6898963044122797,
  "snr_gm": 10.452817400772437,
  "snr_total": 10.014478000568301,
  "snr_wm": 17.900720296520184,
  "snrd_csf": 35.838272046754234,
  "snrd_gm": 76.67132574860248,
  "snrd_total": 70.5063746971964,
  "snrd_wm": 99.00952629623252,
  "spacing_x": 0.8799999952316284,
  "spacing_y": 0.875,
  "spacing_z": 0.875,
  "summary_bg_k": 6.150308765182601,
  "summary_bg_mad": 6.6170337101299035,
  "summary_bg_mean": 13.600321769714355,
  "summary_bg_median": 11.749654769897461,
  "summary_bg_n": 3248746.0,
  "summary_bg_p05": 4.64668345451355,
  "summary_bg_p95": 28.91517400741577,
  "summary_bg_stdv": 8.080538749694824,
  "summary_csf_k": 40.103051197997935,
  "summary_csf_mad": 117.65675659877287,
  "summary_csf_mean": 405.0055847167969,
  "summary_csf_median": 361.97509765625,
  "summary_csf_n": 21179.0,
  "summary_csf_p05": 228.14191436767578,
  "summary_csf_p95": 645.1545654296873,
  "summary_csf_stdv": 214.1945343017578,
  "summary_gm_k": -0.26496351103155913,
  "summary_gm_mad": 76.28750347236213,
  "summary_gm_mean": 777.0564575195312,
  "summary_gm_median": 774.398681640625,
  "summary_gm_n": 50844.0,
  "summary_gm_p05": 660.6483978271484,
  "summary_gm_p95": 904.8157440185547,
  "summary_gm_stdv": 74.08443450927734,
  "summary_wm_k": 0.762319709802687,
  "summary_wm_mad": 49.09699142328216,
  "summary_wm_mean": 997.4332885742188,
  "summary_wm_median": 1000.0198364257812,
  "summary_wm_n": 267198.0,
  "summary_wm_p05": 896.9217590332031,
  "summary_wm_p95": 1084.4714294433593,
  "summary_wm_stdv": 55.86467742919922,
  "tpm_overlap_csf": 0.1640082746744156,
  "tpm_overlap_gm": 0.4611321985721588,
  "tpm_overlap_wm": 0.5034069418907166,
  "wm2max": 0.4945857846975835
}