{
  "bids_meta": {
    "AcquisitionMatrixPE": 256,
    "AcquisitionNumber": 1,
    "AcquisitionTime": "10:40:26.185000",
    "BaseResolution": 256,
    "BodyPartExamined": "HEAD",
    "ConsistencyInfo": "N4_VE11C_LATEST_20160120",
    "ConversionSoftware": "dcm2niix",
    "ConversionSoftwareVersion": "v1.0.20200427",
    "DeviceSerialNumber": "45250",
    "DwellTime": 9.2e-06,
    "EchoTime": 0.00218,
    "FlipAngle": 8,
    "ImageOrientationPatientDICOM": [
      0.0559923,
      0.998089,
      0.0261522,
      0.0448343,
      0.0236534,
      -0.998714
    ],
    "ImageType": [
      "ORIGINAL",
      "PRIMARY",
      "M",
      "NORM",
      "DIS3D",
      "DIS2D"
    ],
    "ImagingFrequency": 123.24,
    "InPlanePhaseEncodingDirectionDICOM": "ROW",
    "InstitutionAddress": "Kopernikusstr._26_Graz_Graz_AT_8010",
    "InstitutionName": "KFU",
    "InstitutionalDepartmentName": "Department",
    "InversionTime": 1,
    "MRAcquisitionType": "3D",
    "MagneticFieldStrength": 3,
    "Manufacturer": "Siemens",
    "ManufacturersModelName": "Skyra",
    "Modality": "MR",
    "ParallelReductionFactorInPlane": 2,
    "PartialFourier": 1,
    "PatientPosition": "HFS",
    "PercentPhaseFOV": 100,
    "PercentSampling": 100,
    "PhaseEncodingSteps": 294,
    "PhaseOversampling": 0.15,
    "PhaseResolution": 1,
    "PixelBandwidth": 210,
    "ProcedureStepDescription": "KFU_BioPsy",
    "ProtocolName": "T1_Pat4_088mm_Pat2_224Sl",
    "PulseSequenceDetails": "%SiemensSeq%_tfl",
    "ReceiveCoilActiveElements": "HEA;HEP",
    "ReceiveCoilName": "Head_32",
    "ReconMatrixPE": 256,
    "RefLinesPE": 24,
    "RepetitionTime": 2.2,
    "SAR": 0.057302,
    "ScanOptions": "IR_WE",
    "ScanningSequence": "GR_IR",
    "SequenceName": "_tfl3d1_16ns",
    "SequenceVariant": "SK_SP_MP_OSP",
    "SeriesDescription": "T1_Pat4_088mm_Pat2_224Sl",
    "SeriesNumber": 9,
    "ShimSetting": [
      -1115,
      -3081,
      -4291,
      463,
      846,
      326,
      -42,
      -777
    ],
    "SliceThickness": 0.88,
    "SoftwareVersions": "syngo_MR_E11",
    "StationName": "FBMTMR1",
    "TxRefAmp": 320.993,
    "acq_id": "MPrageHiRes",
    "dataset": "<unset>",
    "modality": "T1w",
    "session_id": "1",
    "subject_id": "season104"
  },
  "cjv": 0.4335755498977502,
  "cnr": 2.9290511212858443,
  "efc": 0.6298359209084619,
  "fber": 3337.167724609375,
  "fwhm_avg": 4.110100829860379,
  "fwhm_x": 4.069068203866851,
  "fwhm_y": 4.180788571428571,
  "fwhm_z": 4.080445714285714,
  "icvs_csf": 0.17300857160373823,
  "icvs_gm": 0.456801596823649,
  "icvs_wm": 0.37018983157261276,
  "inu_med": 1.2613427639007568,
  "inu_range": 0.45960265994071947,
  "provenance": {
    "md5sum": "58499cdc2df20e19bae335b9e9597c01",
    "settings": {
      "testing": false
    },
    "software": "mriqc",
    "version": "0.15.2",
    "warnings": {
      "large_rot_frame": true,
      "small_air_mask": false
    },
    "webapi_port": null,
    "webapi_url": "https://mriqc.nimh.nih.gov/api/v1"
  },
  "qi_1": 0.0,
  "qi_2": 0.00393618768627316,
  "rpve_csf": 26.276069382507227,
  "rpve_gm": 11.4476961719989,
  "rpve_wm": 15.96390573511884,
  "size_x": 224,
  "size_y": 256,
  "size_z": 256,
  "snr_csf": 1.8320961205678317,
  "snr_gm": 11.850808252493277,
  "snr_total": 12.06874212503042,
  "snr_wm": 22.523322002030156,
  "snrd_csf": 48.101734726559606,
  "snrd_gm": 103.0413578980028,
  "snrd_total": 95.03980784298085,
  "snrd_wm": 133.97633090438015,
  "spacing_x": 0.8799999952316284,
  "spacing_y": 0.875,
  "spacing_z": 0.875,
  "summary_bg_k": 2.7041239163201034,
  "summary_bg_mad": 4.890016390955735,
  "summary_bg_mean": 10.617986679077148,
  "summary_bg_median": 9.964274406433105,
  "summary_bg_n": 2409854.0,
  "summary_bg_p05": 3.359788095951081,
  "summary_bg_p95": 21.086893367767335,
  "summary_bg_stdv": 5.5922393798828125,
  "summary_csf_k": 30.556419661626407,
  "summary_csf_mad": 134.45633915275576,
  "summary_csf_mean": 412.2029724121094,
  "summary_csf_median": 359.037109375,
  "summary_csf_n": 33099.0,
  "summary_csf_p05": 234.10369110107422,
  "summary_csf_p95": 629.5737915039062,
  "summary_csf_stdv": 195.96771240234375,
  "summary_gm_k": 0.5696361582729543,
  "summary_gm_mad": 60.37758178942647,
  "summary_gm_mean": 771.4789428710938,
  "summary_gm_median": 769.113037109375,
  "summary_gm_n": 72174.0,
  "summary_gm_p05": 670.7350891113281,
  "summary_gm_p95": 884.2870971679683,
  "summary_gm_stdv": 64.89917755126953,
  "summary_wm_k": 1.0707118783559855,
  "summary_wm_mad": 39.73602887465913,
  "summary_wm_mean": 998.7212524414062,
  "summary_wm_median": 1000.015380859375,
  "summary_wm_n": 333038.0,
  "summary_wm_p05": 923.0727569580079,
  "summary_wm_p95": 1068.0945739746094,
  "summary_wm_stdv": 44.39904022216797,
  "tpm_overlap_csf": 0.1634574979543686,
  "tpm_overlap_gm": 0.4641842842102051,
  "tpm_overlap_wm": 0.5020803213119507,
  "wm2max": 0.6308164927555038
}