{
  "bids_meta": {
    "AcquisitionMatrixPE": 256,
    "AcquisitionNumber": 1,
    "AcquisitionTime": "11:20:30.182500",
    "BaseResolution": 256,
    "BodyPartExamined": "HEAD",
    "ConsistencyInfo": "N4_VE11C_LATEST_20160120",
    "ConversionSoftware": "dcm2niix",
    "ConversionSoftwareVersion": "v1.0.20200427",
    "DeviceSerialNumber": "45250",
    "DwellTime": 9.2e-06,
    "EchoTime": 0.00218,
    "FlipAngle": 8,
    "ImageOrientationPatientDICOM": [
      -0.0464288,
      0.99892,
      0.0015708,
      0.00452717,
      0.0017829,
      -0.999988
    ],
    "ImageType": [
      "ORIGINAL",
      "PRIMARY",
      "M",
      "NORM",
      "DIS3D",
      "DIS2D"
    ],
    "ImagingFrequency": 123.24,
    "InPlanePhaseEncodingDirectionDICOM": "ROW",
    "InstitutionAddress": "Kopernikusstr._26_Graz_Graz_AT_8010",
    "InstitutionName": "KFU",
    "InstitutionalDepartmentName": "Department",
    "InversionTime": 1,
    "MRAcquisitionType": "3D",
    "MagneticFieldStrength": 3,
    "Manufacturer": "Siemens",
    "ManufacturersModelName": "Skyra",
    "Modality": "MR",
    "ParallelReductionFactorInPlane": 2,
    "PartialFourier": 1,
    "PatientPosition": "HFS",
    "PercentPhaseFOV": 100,
    "PercentSampling": 100,
    "PhaseEncodingSteps": 294,
    "PhaseOversampling": 0.15,
    "PhaseResolution": 1,
    "PixelBandwidth": 210,
    "ProcedureStepDescription": "KFU_BioPsy",
    "ProtocolName": "T1_Pat4_088mm_Pat2_224Sl",
    "PulseSequenceDetails": "%SiemensSeq%_tfl",
    "ReceiveCoilActiveElements": "HEA;HEP",
    "ReceiveCoilName": "Head_32",
    "ReconMatrixPE": 256,
    "RefLinesPE": 24,
    "RepetitionTime": 2.2,
    "SAR": 0.0605423,
    "ScanOptions": "IR_WE",
    "ScanningSequence": "GR_IR",
    "SequenceName": "_tfl3d1_16ns",
    "SequenceVariant": "SK_SP_MP_OSP",
    "SeriesDescription": "T1_Pat4_088mm_Pat2_224Sl",
    "SeriesNumber": 9,
    "ShimSetting": [
      -1136,
      -3188,
      -4372,
      450,
      823,
      63,
      294,
      -928
    ],
    "SliceThickness": 0.88,
    "SoftwareVersions": "syngo_MR_E11",
    "StationName": "FBMTMR1",
    "TxRefAmp": 335.744,
    "acq_id": "MPrageHiRes",
    "dataset": "<unset>",
    "modality": "T1w",
    "session_id": "2",
    "subject_id": "season125"
  },
  "cjv": 0.5249412313082953,
  "cnr": 2.5044412874861597,
  "efc": 0.6029344915115172,
  "fber": 3783.798828125,
  "fwhm_avg": 4.126894596027808,
  "fwhm_x": 4.032340930940568,
  "fwhm_y": 4.251268571428572,
  "fwhm_z": 4.097074285714286,
  "icvs_csf": 0.18743042423438908,
  "icvs_gm": 0.4510961652861323,
  "icvs_wm": 0.3614734104794787,
  "inu_med": 1.4221687316894531,
  "inu_range": 0.5753790140151978,
  "provenance": {
    "md5sum": "431b5fd5c9307bb387333bf803f7ba6a",
    "settings": {
      "testing": false
    },
    "software": "mriqc",
    "version": "0.15.2",
    "warnings": {
      "large_rot_frame": true,
      "small_air_mask": false
    },
    "webapi_port": null,
    "webapi_url": "https://mriqc.nimh.nih.gov/api/v1"
  },
  "qi_1": 0.0,
  "qi_2": 0.0022597322415476196,
  "rpve_csf": 23.27645665440201,
  "rpve_gm": 10.769999709238824,
  "rpve_wm": 15.0404267143778,
  "size_x": 224,
  "size_y": 256,
  "size_z": 256,
  "snr_csf": 2.881793226463205,
  "snr_gm": 11.923085888029307,
  "snr_total": 10.988348565180404,
  "snr_wm": 18.1601665810487,
  "snrd_csf": 55.82457882616183,
  "snrd_gm": 120.46557247992239,
  "snrd_total": 109.93790314058607,
  "snrd_wm": 153.523558115674,
  "spacing_x": 0.8799999952316284,
  "spacing_y": 0.875,
  "spacing_z": 0.875,
  "summary_bg_k": 8.33586576569581,
  "summary_bg_mad": 4.267489481629535,
  "summary_bg_mean": 9.015443801879883,
  "summary_bg_median": 7.663398265838623,
  "summary_bg_n": 2944011.0,
  "summary_bg_p05": 2.8606295585632324,
  "summary_bg_p95": 18.92525005340576,
  "summary_bg_stdv": 5.3931779861450195,
  "summary_csf_k": 11.883904037538757,
  "summary_csf_mad": 116.5290595255907,
  "summary_csf_mean": 390.8250732421875,
  "summary_csf_median": 363.63543701171875,
  "summary_csf_n": 33933.0,
  "summary_csf_p05": 234.6569763183594,
  "summary_csf_p95": 617.09814453125,
  "summary_csf_stdv": 126.18187713623047,
  "summary_gm_k": 0.5264481275553803,
  "summary_gm_mad": 60.98527314674912,
  "summary_gm_mean": 786.404052734375,
  "summary_gm_median": 784.7000732421875,
  "summary_gm_n": 60978.0,
  "summary_gm_p05": 683.0119873046875,
  "summary_gm_p95": 902.0026519775389,
  "summary_gm_stdv": 65.8129653930664,
  "summary_wm_k": 0.4934856775901908,
  "summary_wm_mad": 52.05359922877737,
  "summary_wm_mean": 998.759521484375,
  "summary_wm_median": 1000.0363159179688,
  "summary_wm_n": 326565.0,
  "summary_wm_p05": 905.0164184570312,
  "summary_wm_p95": 1085.6686279296875,
  "summary_wm_stdv": 55.06748962402344,
  "tpm_overlap_csf": 0.17249636352062225,
  "tpm_overlap_gm": 0.4637286365032196,
  "tpm_overlap_wm": 0.5083162188529968,
  "wm2max": 0.4638168286300405
}