{
  "bids_meta": {
    "AcquisitionMatrixPE": 256,
    "AcquisitionNumber": 1,
    "AcquisitionTime": "12:20:23.155000",
    "BaseResolution": 256,
    "BodyPartExamined": "HEAD",
    "ConsistencyInfo": "N4_VE11C_LATEST_20160120",
    "ConversionSoftware": "dcm2niix",
    "ConversionSoftwareVersion": "v1.0.20200427",
    "DeviceSerialNumber": "45250",
    "DwellTime": 9.2e-06,
    "EchoTime": 0.00218,
    "FlipAngle": 8,
    "ImageOrientationPatientDICOM": [
      0.00757531,
      0.999235,
      0.0383793,
      -0.0208644,
      0.03853,
      -0.99904
    ],
    "ImageType": [
      "ORIGINAL",
      "PRIMARY",
      "M",
      "NORM",
      "DIS3D",
      "DIS2D"
    ],
    "ImagingFrequency": 123.24,
    "InPlanePhaseEncodingDirectionDICOM": "ROW",
    "InstitutionAddress": "Kopernikusstr._26_Graz_Graz_AT_8010",
    "InstitutionName": "KFU",
    "InstitutionalDepartmentName": "Department",
    "InversionTime": 1,
    "MRAcquisitionType": "3D",
    "MagneticFieldStrength": 3,
    "Manufacturer": "Siemens",
    "ManufacturersModelName": "Skyra",
    "Modality": "MR",
    "ParallelReductionFactorInPlane": 2,
    "PartialFourier": 1,
    "PatientPosition": "HFS",
    "PercentPhaseFOV": 100,
    "PercentSampling": 100,
    "PhaseEncodingSteps": 294,
    "PhaseOversampling": 0.15,
    "PhaseResolution": 1,
    "PixelBandwidth": 210,
    "ProcedureStepDescription": "KFU_BioPsy",
    "ProtocolName": "T1_Pat4_088mm_Pat2_224Sl",
    "PulseSequenceDetails": "%SiemensSeq%_tfl",
    "ReceiveCoilActiveElements": "HEA;HEP",
    "ReceiveCoilName": "Head_32",
    "ReconMatrixPE": 256,
    "RefLinesPE": 24,
    "RepetitionTime": 2.2,
    "SAR": 0.0585644,
    "ScanOptions": "IR_WE",
    "ScanningSequence": "GR_IR",
    "SequenceName": "_tfl3d1_16ns",
    "SequenceVariant": "SK_SP_MP_OSP",
    "SeriesDescription": "T1_Pat4_088mm_Pat2_224Sl",
    "SeriesNumber": 9,
    "ShimSetting": [
      -1119,
      -3166,
      -4346,
      346,
      904,
      140,
      -14,
      -855
    ],
    "SliceThickness": 0.88,
    "SoftwareVersions": "syngo_MR_E11",
    "StationName": "FBMTMR1",
    "TxRefAmp": 313.229,
    "acq_id": "MPrageHiRes",
    "dataset": "<unset>",
    "modality": "T1w",
    "session_id": "2",
    "subject_id": "season108"
  },
  "cjv": 0.6235572394851521,
  "cnr": 2.2095512503718493,
  "efc": 0.5568880213408861,
  "fber": 2433.650634765625,
  "fwhm_avg": 4.096611955455075,
  "fwhm_x": 4.098727294936653,
  "fwhm_y": 4.053142857142857,
  "fwhm_z": 4.1379657142857145,
  "icvs_csf": 0.18058972337679058,
  "icvs_gm": 0.45535875022701444,
  "icvs_wm": 0.364051526396195,
  "inu_med": 1.5749804973602295,
  "inu_range": 0.6673117458820346,
  "provenance": {
    "md5sum": "a690af66f588b1eb5a6a8c8fcc112bdc",
    "settings": {
      "testing": false
    },
    "software": "mriqc",
    "version": "0.15.2",
    "warnings": {
      "large_rot_frame": true,
      "small_air_mask": false
    },
    "webapi_port": null,
    "webapi_url": "https://mriqc.nimh.nih.gov/api/v1"
  },
  "qi_1": 1.7326795355885712e-05,
  "qi_2": 0.0025602220575388127,
  "rpve_csf": 27.490041110356792,
  "rpve_gm": 12.356369310935332,
  "rpve_wm": 17.46149072787388,
  "size_x": 224,
  "size_y": 256,
  "size_z": 256,
  "snr_csf": 1.5668937638596394,
  "snr_gm": 10.796648396278602,
  "snr_total": 10.306454778377883,
  "snr_wm": 18.55582217499541,
  "snrd_csf": 45.22320279725692,
  "snrd_gm": 93.46927069237317,
  "snrd_total": 85.30284113378535,
  "snrd_wm": 117.21604991172593,
  "spacing_x": 0.8799999952316284,
  "spacing_y": 0.875,
  "spacing_z": 0.875,
  "summary_bg_k": 8.235384565528546,
  "summary_bg_mad": 5.589304291513433,
  "summary_bg_mean": 11.759674072265625,
  "summary_bg_median": 10.059303283691406,
  "summary_bg_n": 3491465.0,
  "summary_bg_p05": 3.7574682235717773,
  "summary_bg_p95": 24.45985450744628,
  "summary_bg_stdv": 6.904628753662109,
  "summary_csf_k": 31.467261481401913,
  "summary_csf_mad": 142.6739497097517,
  "summary_csf_mean": 440.95477294921875,
  "summary_csf_median": 385.82232666015625,
  "summary_csf_n": 23498.0,
  "summary_csf_p05": 239.67850036621095,
  "summary_csf_p95": 691.9933105468749,
  "summary_csf_stdv": 246.2286376953125,
  "summary_gm_k": -0.03812129348263049,
  "summary_gm_mad": 75.30051968346805,
  "summary_gm_mean": 799.4910278320312,
  "summary_gm_median": 797.4342651367188,
  "summary_gm_n": 52712.0,
  "summary_gm_p05": 685.0904907226562,
  "summary_gm_p95": 925.4377899169922,
  "summary_gm_stdv": 73.85872650146484,
  "summary_wm_k": 0.4597010244373285,
  "summary_wm_mad": 51.02964992436452,
  "summary_wm_mean": 1000.6758422851562,
  "summary_wm_median": 1000.0302124023438,
  "summary_wm_n": 284984.0,
  "summary_wm_p05": 912.5759002685547,
  "summary_wm_p95": 1089.33369140625,
  "summary_wm_stdv": 53.892974853515625,
  "tpm_overlap_csf": 0.14795075356960297,
  "tpm_overlap_gm": 0.45480775833129883,
  "tpm_overlap_wm": 0.49541541934013367,
  "wm2max": 0.49252920146351986
}