{
  "bids_meta": {
    "AcquisitionMatrixPE": 256,
    "AcquisitionNumber": 1,
    "AcquisitionTime": "09:07:2.840000",
    "BaseResolution": 256,
    "BodyPartExamined": "HEAD",
    "ConsistencyInfo": "N4_VE11C_LATEST_20160120",
    "ConversionSoftware": "dcm2niix",
    "ConversionSoftwareVersion": "v1.0.20200427",
    "DeviceSerialNumber": "45250",
    "DwellTime": 9.2e-06,
    "EchoTime": 0.00218,
    "FlipAngle": 8,
    "ImageOrientationPatientDICOM": [
      0.00982428,
      0.994292,
      0.106239,
      -0.0208268,
      0.106424,
      -0.994103
    ],
    "ImageType": [
      "ORIGINAL",
      "PRIMARY",
      "M",
      "NORM",
      "DIS3D",
      "DIS2D"
    ],
    "ImagingFrequency": 123.24,
    "InPlanePhaseEncodingDirectionDICOM": "ROW",
    "InstitutionAddress": "Kopernikusstr._26_Graz_Graz_AT_8010",
    "InstitutionName": "KFU",
    "InstitutionalDepartmentName": "Department",
    "InversionTime": 1,
    "MRAcquisitionType": "3D",
    "MagneticFieldStrength": 3,
    "Manufacturer": "Siemens",
    "ManufacturersModelName": "Skyra",
    "Modality": "MR",
    "ParallelReductionFactorInPlane": 2,
    "PartialFourier": 1,
    "PatientPosition": "HFS",
    "PercentPhaseFOV": 100,
    "PercentSampling": 100,
    "PhaseEncodingSteps": 294,
    "PhaseOversampling": 0.15,
    "PhaseResolution": 1,
    "PixelBandwidth": 210,
    "ProcedureStepDescription": "KFU_BioPsy",
    "ProtocolName": "T1_Pat4_088mm_Pat2_224Sl",
    "PulseSequenceDetails": "%SiemensSeq%_tfl",
    "ReceiveCoilActiveElements": "HEA;HEP",
    "ReceiveCoilName": "Head_32",
    "ReconMatrixPE": 256,
    "RefLinesPE": 24,
    "RepetitionTime": 2.2,
    "SAR": 0.0662,
    "ScanOptions": "IR_WE",
    "ScanningSequence": "GR_IR",
    "SequenceName": "_tfl3d1_16ns",
    "SequenceVariant": "SK_SP_MP_OSP",
    "SeriesDescription": "T1_Pat4_088mm_Pat2_224Sl",
    "SeriesNumber": 9,
    "ShimSetting": [
      -1147,
      -3296,
      -4437,
      453,
      978,
      -432,
      584,
      -894
    ],
    "SliceThickness": 0.88,
    "SoftwareVersions": "syngo_MR_E11",
    "StationName": "FBMTMR1",
    "TxRefAmp": 316.82,
    "acq_id": "MPrageHiRes",
    "dataset": "<unset>",
    "modality": "T1w",
    "session_id": "1",
    "subject_id": "season129"
  },
  "cjv": 0.41034858837708277,
  "cnr": 3.1300525853146426,
  "efc": 0.5478194465749301,
  "fber": 2742.05029296875,
  "fwhm_avg": 4.0826088167637415,
  "fwhm_x": 4.008375021719797,
  "fwhm_y": 4.146045714285714,
  "fwhm_z": 4.093405714285714,
  "icvs_csf": 0.19566571800236449,
  "icvs_gm": 0.44680385126375655,
  "icvs_wm": 0.35753043073387897,
  "inu_med": 1.4201194047927856,
  "inu_range": 0.5013867139816284,
  "provenance": {
    "md5sum": "9f713e98d9bfcdd4b1db8a57d8df5b38",
    "settings": {
      "testing": false
    },
    "software": "mriqc",
    "version": "0.15.2",
    "warnings": {
      "large_rot_frame": true,
      "small_air_mask": false
    },
    "webapi_port": null,
    "webapi_url": "https://mriqc.nimh.nih.gov/api/v1"
  },
  "qi_1": 0.0,
  "qi_2": 0.0033790912358250256,
  "rpve_csf": 24.368403613348907,
  "rpve_gm": 11.921611172023775,
  "rpve_wm": 17.171405317481163,
  "size_x": 224,
  "size_y": 256,
  "size_z": 256,
  "snr_csf": 2.822935696949004,
  "snr_gm": 12.34600559772081,
  "snr_total": 12.121833731471966,
  "snr_wm": 21.196559899746084,
  "snrd_csf": 51.877582734189865,
  "snrd_gm": 107.24440062732349,
  "snrd_total": 100.25425396708998,
  "snrd_wm": 141.64077853975655,
  "spacing_x": 0.8799999952316284,
  "spacing_y": 0.875,
  "spacing_z": 0.875,
  "summary_bg_k": 4.453399084694326,
  "summary_bg_mad": 4.625440916854473,
  "summary_bg_mean": 10.318535804748535,
  "summary_bg_median": 9.348569869995117,
  "summary_bg_n": 3457578.0,
  "summary_bg_p05": 3.122556686401367,
  "summary_bg_p95": 20.841044616699214,
  "summary_bg_stdv": 5.702699184417725,
  "summary_csf_k": 25.928975410065778,
  "summary_csf_mad": 122.93201166041854,
  "summary_csf_mean": 389.7015075683594,
  "summary_csf_median": 366.26983642578125,
  "summary_csf_n": 26727.0,
  "summary_csf_p05": 230.1905746459961,
  "summary_csf_p95": 595.1646850585937,
  "summary_csf_stdv": 129.74542236328125,
  "summary_gm_k": 0.19922205439122065,
  "summary_gm_mad": 59.65474081521854,
  "summary_gm_mean": 757.3701782226562,
  "summary_gm_median": 757.1746215820312,
  "summary_gm_n": 51461.0,
  "summary_gm_p05": 657.1546630859375,
  "summary_gm_p95": 858.4769287109375,
  "summary_gm_stdv": 61.32892608642578,
  "summary_wm_k": 1.3595193332978557,
  "summary_wm_mad": 39.99750220903242,
  "summary_wm_mean": 997.625244140625,
  "summary_wm_median": 1000.0223999023438,
  "summary_wm_n": 296283.0,
  "summary_wm_p05": 914.3839294433594,
  "summary_wm_p95": 1069.7139648437499,
  "summary_wm_stdv": 47.178443908691406,
  "tpm_overlap_csf": 0.16191913187503815,
  "tpm_overlap_gm": 0.4554269015789032,
  "tpm_overlap_wm": 0.5017192363739014,
  "wm2max": 0.5406140598125014
}