{
  "bids_meta": {
    "AcquisitionMatrixPE": 256,
    "AcquisitionNumber": 1,
    "AcquisitionTime": "09:58:14.197500",
    "BaseResolution": 256,
    "BodyPartExamined": "HEAD",
    "ConsistencyInfo": "N4_VE11C_LATEST_20160120",
    "ConversionSoftware": "dcm2niix",
    "ConversionSoftwareVersion": "v1.0.20200427",
    "DeviceSerialNumber": "45250",
    "DwellTime": 9.2e-06,
    "EchoTime": 0.00218,
    "FlipAngle": 8,
    "ImageOrientationPatientDICOM": [
      0.0325143,
      0.995393,
      0.0901959,
      -0.0416257,
      0.0915139,
      -0.994933
    ],
    "ImageType": [
      "ORIGINAL",
      "PRIMARY",
      "M",
      "NORM",
      "DIS3D",
      "DIS2D"
    ],
    "ImagingFrequency": 123.24,
    "InPlanePhaseEncodingDirectionDICOM": "ROW",
    "InstitutionAddress": "Kopernikusstr._26_Graz_Graz_AT_8010",
    "InstitutionName": "KFU",
    "InstitutionalDepartmentName": "Department",
    "InversionTime": 1,
    "MRAcquisitionType": "3D",
    "MagneticFieldStrength": 3,
    "Manufacturer": "Siemens",
    "ManufacturersModelName": "Skyra",
    "Modality": "MR",
    "ParallelReductionFactorInPlane": 2,
    "PartialFourier": 1,
    "PatientPosition": "HFS",
    "PercentPhaseFOV": 100,
    "PercentSampling": 100,
    "PhaseEncodingSteps": 294,
    "PhaseOversampling": 0.15,
    "PhaseResolution": 1,
    "PixelBandwidth": 210,
    "ProcedureStepDescription": "KFU_BioPsy",
    "ProtocolName": "T1_Pat4_088mm_Pat2_224Sl",
    "PulseSequenceDetails": "%SiemensSeq%_tfl",
    "ReceiveCoilActiveElements": "HEA;HEP",
    "ReceiveCoilName": "Head_32",
    "ReconMatrixPE": 256,
    "RefLinesPE": 24,
    "RepetitionTime": 2.2,
    "SAR": 0.0664068,
    "ScanOptions": "IR_WE",
    "ScanningSequence": "GR_IR",
    "SequenceName": "_tfl3d1_16ns",
    "SequenceVariant": "SK_SP_MP_OSP",
    "SeriesDescription": "T1_Pat4_088mm_Pat2_224Sl",
    "SeriesNumber": 9,
    "ShimSetting": [
      -1162,
      -3299,
      -4411,
      450,
      962,
      -429,
      595,
      -817
    ],
    "SliceThickness": 0.88,
    "SoftwareVersions": "syngo_MR_E11",
    "StationName": "FBMTMR1",
    "TxRefAmp": 314.943,
    "acq_id": "MPrageHiRes",
    "dataset": "<unset>",
    "modality": "T1w",
    "session_id": "2",
    "subject_id": "season129"
  },
  "cjv": 0.3659064311572973,
  "cnr": 3.393560987017423,
  "efc": 0.5375690619600809,
  "fber": 4656.80859375,
  "fwhm_avg": 4.159255072259376,
  "fwhm_x": 4.055090931063841,
  "fwhm_y": 4.296674285714286,
  "fwhm_z": 4.126,
  "icvs_csf": 0.2043689920493311,
  "icvs_gm": 0.4391793968860777,
  "icvs_wm": 0.35645161106459117,
  "inu_med": 1.4417767524719238,
  "inu_range": 0.4787537097930905,
  "provenance": {
    "md5sum": "15275a9c6971eca4437deafa80e503bc",
    "settings": {
      "testing": false
    },
    "software": "mriqc",
    "version": "0.15.2",
    "warnings": {
      "large_rot_frame": true,
      "small_air_mask": false
    },
    "webapi_port": null,
    "webapi_url": "https://mriqc.nimh.nih.gov/api/v1"
  },
  "qi_1": 0.0,
  "qi_2": 0.0036562532821220986,
  "rpve_csf": 23.597899654859926,
  "rpve_gm": 12.044822888850934,
  "rpve_wm": 17.30065646449016,
  "size_x": 224,
  "size_y": 256,
  "size_z": 256,
  "snr_csf": 3.0589850111803565,
  "snr_gm": 12.356094962628934,
  "snr_total": 13.070389104865493,
  "snr_wm": 23.79608734078719,
  "snrd_csf": 61.186140312676436,
  "snrd_gm": 126.40073982270312,
  "snrd_total": 118.76771638660257,
  "snrd_wm": 168.7162690244282,
  "spacing_x": 0.8799999952316284,
  "spacing_y": 0.875,
  "spacing_z": 0.875,
  "summary_bg_k": 6.896216022973041,
  "summary_bg_mad": 3.883127441127091,
  "summary_bg_mean": 7.565057277679443,
  "summary_bg_median": 6.330051898956299,
  "summary_bg_n": 3726551.0,
  "summary_bg_p05": 2.684382438659668,
  "summary_bg_p95": 15.933849334716797,
  "summary_bg_stdv": 4.469120025634766,
  "summary_csf_k": 14.240871180596127,
  "summary_csf_mad": 114.99831617059553,
  "summary_csf_mean": 385.79229736328125,
  "summary_csf_median": 362.66278076171875,
  "summary_csf_n": 29749.0,
  "summary_csf_p05": 236.4689178466797,
  "summary_csf_p95": 585.4224243164062,
  "summary_csf_stdv": 118.55458068847656,
  "summary_gm_k": 0.4690339933371801,
  "summary_gm_mad": 56.64021886056295,
  "summary_gm_mean": 751.1661987304688,
  "summary_gm_median": 749.2030639648438,
  "summary_gm_n": 48843.0,
  "summary_gm_p05": 654.7009643554687,
  "summary_gm_p95": 855.1427856445313,
  "summary_gm_stdv": 60.633670806884766,
  "summary_wm_k": 1.5962006677241014,
  "summary_wm_mad": 35.133799569857665,
  "summary_wm_mean": 996.3853759765625,
  "summary_wm_median": 1000.015869140625,
  "summary_wm_n": 295411.0,
  "summary_wm_p05": 919.2521362304688,
  "summary_wm_p95": 1057.3667602539062,
  "summary_wm_stdv": 42.02431106567383,
  "tpm_overlap_csf": 0.1614244431257248,
  "tpm_overlap_gm": 0.4529392123222351,
  "tpm_overlap_wm": 0.5021911263465881,
  "wm2max": 0.5804863053466458
}