{
  "bids_meta": {
    "AcquisitionMatrixPE": 256,
    "AcquisitionNumber": 1,
    "AcquisitionTime": "11:00:37.090000",
    "BaseResolution": 256,
    "BodyPartExamined": "HEAD",
    "ConsistencyInfo": "N4_VE11C_LATEST_20160120",
    "ConversionSoftware": "dcm2niix",
    "ConversionSoftwareVersion": "v1.0.20200427",
    "DeviceSerialNumber": "45250",
    "DwellTime": 9.2e-06,
    "EchoTime": 0.00218,
    "FlipAngle": 8,
    "ImageOrientationPatientDICOM": [
      0.0742867,
      0.994794,
      0.0697543,
      -0.00260183,
      0.0701407,
      -0.997534
    ],
    "ImageType": [
      "ORIGINAL",
      "PRIMARY",
      "M",
      "NORM",
      "DIS3D",
      "DIS2D"
    ],
    "ImagingFrequency": 123.24,
    "InPlanePhaseEncodingDirectionDICOM": "ROW",
    "InstitutionAddress": "Kopernikusstr._26_Graz_Graz_AT_8010",
    "InstitutionName": "KFU",
    "InstitutionalDepartmentName": "Department",
    "InversionTime": 1,
    "MRAcquisitionType": "3D",
    "MagneticFieldStrength": 3,
    "Manufacturer": "Siemens",
    "ManufacturersModelName": "Skyra",
    "Modality": "MR",
    "ParallelReductionFactorInPlane": 2,
    "PartialFourier": 1,
    "PatientPosition": "HFS",
    "PercentPhaseFOV": 100,
    "PercentSampling": 100,
    "PhaseEncodingSteps": 294,
    "PhaseOversampling": 0.15,
    "PhaseResolution": 1,
    "PixelBandwidth": 210,
    "ProcedureStepDescription": "KFU_BioPsy",
    "ProtocolName": "T1_Pat4_088mm_Pat2_224Sl",
    "PulseSequenceDetails": "%SiemensSeq%_tfl",
    "ReceiveCoilActiveElements": "HEA;HEP",
    "ReceiveCoilName": "Head_32",
    "ReconMatrixPE": 256,
    "RefLinesPE": 24,
    "RepetitionTime": 2.2,
    "SAR": 0.0592775,
    "ScanOptions": "IR_WE",
    "ScanningSequence": "GR_IR",
    "SequenceName": "_tfl3d1_16ns",
    "SequenceVariant": "SK_SP_MP_OSP",
    "SeriesDescription": "T1_Pat4_088mm_Pat2_224Sl",
    "SeriesNumber": 9,
    "ShimSetting": [
      -1124,
      -3109,
      -4316,
      421,
      868,
      279,
      161,
      -794
    ],
    "SliceThickness": 0.88,
    "SoftwareVersions": "syngo_MR_E11",
    "StationName": "FBMTMR1",
    "TxRefAmp": 322.388,
    "acq_id": "MPrageHiRes",
    "dataset": "<unset>",
    "modality": "T1w",
    "session_id": "3",
    "subject_id": "season104"
  },
  "cjv": 0.45728914936521714,
  "cnr": 2.82548130326408,
  "efc": 0.563842536566674,
  "fber": 2987.734619140625,
  "fwhm_avg": 4.075717929335403,
  "fwhm_x": 4.018090930863353,
  "fwhm_y": 4.189017142857143,
  "fwhm_z": 4.020045714285714,
  "icvs_csf": 0.18200603614506178,
  "icvs_gm": 0.4492877523822799,
  "icvs_wm": 0.36870621147265825,
  "inu_med": 1.3975856304168701,
  "inu_range": 0.5142570257186887,
  "provenance": {
    "md5sum": "fd9ff7e267cfc9729b087e384ab9e292",
    "settings": {
      "testing": false
    },
    "software": "mriqc",
    "version": "0.15.2",
    "warnings": {
      "large_rot_frame": true,
      "small_air_mask": false
    },
    "webapi_port": null,
    "webapi_url": "https://mriqc.nimh.nih.gov/api/v1"
  },
  "qi_1": 0.0,
  "qi_2": 0.004020639294449752,
  "rpve_csf": 24.93080663963204,
  "rpve_gm": 11.444884953510373,
  "rpve_wm": 15.943645897391567,
  "size_x": 224,
  "size_y": 256,
  "size_z": 256,
  "snr_csf": 1.6855701451746343,
  "snr_gm": 12.076257821795846,
  "snr_total": 11.915925058296388,
  "snr_wm": 21.985947207918684,
  "snrd_csf": 52.075039575679476,
  "snrd_gm": 113.16168235967355,
  "snrd_total": 103.6299713673652,
  "snrd_wm": 145.65319216674257,
  "spacing_x": 0.8799999952316284,
  "spacing_y": 0.875,
  "spacing_z": 0.875,
  "summary_bg_k": 4.3343211216321125,
  "summary_bg_mad": 4.498019184304218,
  "summary_bg_mean": 9.266965866088867,
  "summary_bg_median": 8.108514785766602,
  "summary_bg_n": 2927649.0,
  "summary_bg_p05": 3.031345844268799,
  "summary_bg_p95": 18.682424545288097,
  "summary_bg_stdv": 5.057722091674805,
  "summary_csf_k": 36.98996940663337,
  "summary_csf_mad": 122.36739395153391,
  "summary_csf_mean": 408.9574279785156,
  "summary_csf_median": 357.5355224609375,
  "summary_csf_n": 36168.0,
  "summary_csf_p05": 233.03987274169924,
  "summary_csf_p95": 625.7061523437501,
  "summary_csf_stdv": 212.112548828125,
  "summary_gm_k": 0.29700109771832395,
  "summary_gm_mad": 61.423384636061556,
  "summary_gm_mean": 777.726318359375,
  "summary_gm_median": 776.9426879882812,
  "summary_gm_n": 66153.0,
  "summary_gm_p05": 674.3637817382812,
  "summary_gm_p95": 886.8334716796875,
  "summary_gm_stdv": 64.33589172363281,
  "summary_wm_k": 0.9229824431415263,
  "summary_wm_mad": 40.58840751218436,
  "summary_wm_mean": 998.0786743164062,
  "summary_wm_median": 1000.0220947265625,
  "summary_wm_n": 332308.0,
  "summary_wm_p05": 918.0935516357422,
  "summary_wm_p95": 1068.5658203125,
  "summary_wm_stdv": 45.484535217285156,
  "tpm_overlap_csf": 0.162522554397583,
  "tpm_overlap_gm": 0.46424600481987,
  "tpm_overlap_wm": 0.5021002888679504,
  "wm2max": 0.5190212128876762
}