{
  "bids_meta": {
    "AcquisitionMatrixPE": 256,
    "AcquisitionNumber": 1,
    "AcquisitionTime": "13:47:15.142500",
    "BaseResolution": 256,
    "BodyPartExamined": "HEAD",
    "ConsistencyInfo": "N4_VE11C_LATEST_20160120",
    "ConversionSoftware": "dcm2niix",
    "ConversionSoftwareVersion": "v1.0.20200427",
    "DeviceSerialNumber": "45250",
    "DwellTime": 9.2e-06,
    "EchoTime": 0.00218,
    "FlipAngle": 8,
    "ImageOrientationPatientDICOM": [
      -0.0135665,
      0.999609,
      -0.0244312,
      0.00925526,
      -0.0243069,
      -0.999662
    ],
    "ImageType": [
      "ORIGINAL",
      "PRIMARY",
      "M",
      "NORM",
      "DIS3D",
      "DIS2D"
    ],
    "ImagingFrequency": 123.24,
    "InPlanePhaseEncodingDirectionDICOM": "ROW",
    "InstitutionAddress": "Kopernikusstr._26_Graz_Graz_AT_8010",
    "InstitutionName": "KFU",
    "InstitutionalDepartmentName": "Department",
    "InversionTime": 1,
    "MRAcquisitionType": "3D",
    "MagneticFieldStrength": 3,
    "Manufacturer": "Siemens",
    "ManufacturersModelName": "Skyra",
    "Modality": "MR",
    "ParallelReductionFactorInPlane": 2,
    "PartialFourier": 1,
    "PatientPosition": "HFS",
    "PercentPhaseFOV": 100,
    "PercentSampling": 100,
    "PhaseEncodingSteps": 294,
    "PhaseOversampling": 0.15,
    "PhaseResolution": 1,
    "PixelBandwidth": 210,
    "ProcedureStepDescription": "KFU_BioPsy",
    "ProtocolName": "T1_Pat4_088mm_Pat2_224Sl",
    "PulseSequenceDetails": "%SiemensSeq%_tfl",
    "ReceiveCoilActiveElements": "HEA;HEP",
    "ReceiveCoilName": "Head_32",
    "ReconMatrixPE": 256,
    "RefLinesPE": 24,
    "RepetitionTime": 2.2,
    "SAR": 0.063419,
    "ScanOptions": "IR_WE",
    "ScanningSequence": "GR_IR",
    "SequenceName": "_tfl3d1_16ns",
    "SequenceVariant": "SK_SP_MP_OSP",
    "SeriesDescription": "T1_Pat4_088mm_Pat2_224Sl",
    "SeriesNumber": 9,
    "ShimSetting": [
      -1116,
      -3098,
      -4295,
      375,
      889,
      367,
      -166,
      -842
    ],
    "SliceThickness": 0.88,
    "SoftwareVersions": "syngo_MR_E11",
    "StationName": "FBMTMR1",
    "TxRefAmp": 339.868,
    "acq_id": "MPrageHiRes",
    "dataset": "<unset>",
    "modality": "T1w",
    "session_id": "2",
    "subject_id": "season131"
  },
  "cjv": 0.5519823339998176,
  "cnr": 2.3370220332054275,
  "efc": 0.6146388968660977,
  "fber": 3661.335205078125,
  "fwhm_avg": 4.227725332243678,
  "fwhm_x": 4.190204568159605,
  "fwhm_y": 4.252228571428572,
  "fwhm_z": 4.240742857142857,
  "icvs_csf": 0.19756058006203883,
  "icvs_gm": 0.41692105114427847,
  "icvs_wm": 0.3855183687936827,
  "inu_med": 1.3767462968826294,
  "inu_range": 0.542544651031494,
  "provenance": {
    "md5sum": "877a5e04f59dcdadd843dd346cde2c7a",
    "settings": {
      "testing": false
    },
    "software": "mriqc",
    "version": "0.15.2",
    "warnings": {
      "large_rot_frame": true,
      "small_air_mask": false
    },
    "webapi_port": null,
    "webapi_url": "https://mriqc.nimh.nih.gov/api/v1"
  },
  "qi_1": 0.0,
  "qi_2": 0.0022107265645470464,
  "rpve_csf": 21.042180654809684,
  "rpve_gm": 10.693504408683516,
  "rpve_wm": 13.712779294812682,
  "size_x": 224,
  "size_y": 256,
  "size_z": 256,
  "snr_csf": 2.4895092268599064,
  "snr_gm": 10.550316482657701,
  "snr_total": 11.742131739308872,
  "snr_wm": 22.18656950840901,
  "snrd_csf": 61.206036319118084,
  "snrd_gm": 123.66637408770401,
  "snrd_total": 113.51266129517474,
  "snrd_wm": 155.66557347870213,
  "spacing_x": 0.8799999952316284,
  "spacing_y": 0.875,
  "spacing_z": 0.875,
  "summary_bg_k": 8.533766494219645,
  "summary_bg_mad": 4.208747482509848,
  "summary_bg_mean": 9.128557205200195,
  "summary_bg_median": 7.538961410522461,
  "summary_bg_n": 3027814.0,
  "summary_bg_p05": 2.816986083984375,
  "summary_bg_p95": 20.28228769302369,
  "summary_bg_stdv": 5.955528259277344,
  "summary_csf_k": 30.507419184645315,
  "summary_csf_mad": 125.3674373688994,
  "summary_csf_mean": 420.0049133300781,
  "summary_csf_median": 393.20172119140625,
  "summary_csf_n": 43084.0,
  "summary_csf_p05": 247.41475677490234,
  "summary_csf_p95": 637.8996582031249,
  "summary_csf_stdv": 157.94163513183594,
  "summary_gm_k": 0.2775021582311812,
  "summary_gm_mad": 71.90181879090564,
  "summary_gm_mean": 799.179443359375,
  "summary_gm_median": 794.4613647460938,
  "summary_gm_n": 47660.0,
  "summary_gm_p05": 685.8238281250001,
  "summary_gm_p95": 936.9025634765625,
  "summary_gm_stdv": 75.30134582519531,
  "summary_wm_k": 0.7995514622230386,
  "summary_wm_mad": 41.56932841358822,
  "summary_wm_mean": 1000.2769165039062,
  "summary_wm_median": 1000.0316162109375,
  "summary_wm_n": 396078.0,
  "summary_wm_p05": 926.8985198974609,
  "summary_wm_p95": 1073.8700256347656,
  "summary_wm_stdv": 45.07368087768555,
  "tpm_overlap_csf": 0.17736944556236267,
  "tpm_overlap_gm": 0.45670944452285767,
  "tpm_overlap_wm": 0.5231748223304749,
  "wm2max": 0.42184343085836673
}