{
  "bids_meta": {
    "AcquisitionMatrixPE": 256,
    "AcquisitionNumber": 1,
    "AcquisitionTime": "10:28:0.160000",
    "BaseResolution": 256,
    "BodyPartExamined": "HEAD",
    "ConsistencyInfo": "N4_VE11C_LATEST_20160120",
    "ConversionSoftware": "dcm2niix",
    "ConversionSoftwareVersion": "v1.0.20200427",
    "DeviceSerialNumber": "45250",
    "DwellTime": 9.2e-06,
    "EchoTime": 0.00218,
    "FlipAngle": 8,
    "ImageOrientationPatientDICOM": [
      -0.0641185,
      0.997269,
      0.0366425,
      0.005738,
      0.0370859,
      -0.999296
    ],
    "ImageType": [
      "ORIGINAL",
      "PRIMARY",
      "M",
      "NORM",
      "DIS3D",
      "DIS2D"
    ],
    "ImagingFrequency": 123.24,
    "InPlanePhaseEncodingDirectionDICOM": "ROW",
    "InstitutionAddress": "Kopernikusstr._26_Graz_Graz_AT_8010",
    "InstitutionName": "KFU",
    "InstitutionalDepartmentName": "Department",
    "InversionTime": 1,
    "MRAcquisitionType": "3D",
    "MagneticFieldStrength": 3,
    "Manufacturer": "Siemens",
    "ManufacturersModelName": "Skyra",
    "Modality": "MR",
    "ParallelReductionFactorInPlane": 2,
    "PartialFourier": 1,
    "PatientPosition": "HFS",
    "PercentPhaseFOV": 100,
    "PercentSampling": 100,
    "PhaseEncodingSteps": 294,
    "PhaseOversampling": 0.15,
    "PhaseResolution": 1,
    "PixelBandwidth": 210,
    "ProcedureStepDescription": "KFU_BioPsy",
    "ProtocolName": "T1_Pat4_088mm_Pat2_224Sl",
    "PulseSequenceDetails": "%SiemensSeq%_tfl",
    "ReceiveCoilActiveElements": "HEA;HEP",
    "ReceiveCoilName": "Head_32",
    "ReconMatrixPE": 256,
    "RefLinesPE": 24,
    "RepetitionTime": 2.2,
    "SAR": 0.0552818,
    "ScanOptions": "IR_WE",
    "ScanningSequence": "GR_IR",
    "SequenceName": "_tfl3d1_16ns",
    "SequenceVariant": "SK_SP_MP_OSP",
    "SeriesDescription": "T1_Pat4_088mm_Pat2_224Sl",
    "SeriesNumber": 9,
    "ShimSetting": [
      -1121,
      -3206,
      -4363,
      404,
      888,
      3,
      422,
      -934
    ],
    "SliceThickness": 0.88,
    "SoftwareVersions": "syngo_MR_E11",
    "StationName": "FBMTMR1",
    "TxRefAmp": 339.165,
    "acq_id": "MPrageHiRes",
    "dataset": "<unset>",
    "modality": "T1w",
    "session_id": "1",
    "subject_id": "season124"
  },
  "cjv": 0.5732970287565601,
  "cnr": 2.3499958353896298,
  "efc": 0.6226883965465009,
  "fber": 2301.413330078125,
  "fwhm_avg": 4.207648124351288,
  "fwhm_x": 4.134738658768148,
  "fwhm_y": 4.240868571428572,
  "fwhm_z": 4.247337142857143,
  "icvs_csf": 0.17911203736554265,
  "icvs_gm": 0.46014353822520554,
  "icvs_wm": 0.36074442440925186,
  "inu_med": 1.5071580410003662,
  "inu_range": 0.6387961804866791,
  "provenance": {
    "md5sum": "30ec3fd3bafda74bd2c14b0f1af4cb4a",
    "settings": {
      "testing": false
    },
    "software": "mriqc",
    "version": "0.15.2",
    "warnings": {
      "large_rot_frame": true,
      "small_air_mask": false
    },
    "webapi_port": null,
    "webapi_url": "https://mriqc.nimh.nih.gov/api/v1"
  },
  "qi_1": 0.0,
  "qi_2": 0.002126310111531631,
  "rpve_csf": 23.889377801403082,
  "rpve_gm": 10.689945909783528,
  "rpve_wm": 15.231483060110433,
  "size_x": 224,
  "size_y": 256,
  "size_z": 256,
  "snr_csf": 2.5573453474772094,
  "snr_gm": 10.805830261391927,
  "snr_total": 10.133223824021217,
  "snr_wm": 17.036495863194517,
  "snrd_csf": 43.800547685985066,
  "snrd_gm": 93.69420210623969,
  "snrd_total": 85.84005001493068,
  "snrd_wm": 120.02540025256731,
  "spacing_x": 0.8799999952316284,
  "spacing_y": 0.875,
  "spacing_z": 0.875,
  "summary_bg_k": 6.760726597188784,
  "summary_bg_mad": 5.458458045553354,
  "summary_bg_mean": 11.917019844055176,
  "summary_bg_median": 10.761200904846191,
  "summary_bg_n": 3003357.0,
  "summary_bg_p05": 3.6540349960327148,
  "summary_bg_p95": 25.262517547607388,
  "summary_bg_stdv": 7.130472660064697,
  "summary_csf_k": 24.069503110469945,
  "summary_csf_mad": 110.35844266883981,
  "summary_csf_mean": 393.45709228515625,
  "summary_csf_median": 364.9369201660156,
  "summary_csf_n": 33159.0,
  "summary_csf_p05": 234.9211196899414,
  "summary_csf_p95": 624.1100646972657,
  "summary_csf_stdv": 142.69931030273438,
  "summary_gm_k": 0.28032582138695306,
  "summary_gm_mad": 67.63042406318282,
  "summary_gm_mean": 786.0910034179688,
  "summary_gm_median": 780.6403198242188,
  "summary_gm_n": 75749.0,
  "summary_gm_p05": 676.7207275390625,
  "summary_gm_p95": 917.3410034179688,
  "summary_gm_stdv": 72.24203491210938,
  "summary_wm_k": 0.2491221246003179,
  "summary_wm_mad": 58.14291004955856,
  "summary_wm_mean": 1000.2681884765625,
  "summary_wm_median": 1000.0263061523438,
  "summary_wm_n": 340598.0,
  "summary_wm_p05": 904.5621337890625,
  "summary_wm_p95": 1095.5578979492186,
  "summary_wm_stdv": 58.698974609375,
  "tpm_overlap_csf": 0.1582949012517929,
  "tpm_overlap_gm": 0.4597257375717163,
  "tpm_overlap_wm": 0.5027104020118713,
  "wm2max": 0.4244543084713087
}