{
  "bids_meta": {
    "AcquisitionMatrixPE": 256,
    "AcquisitionNumber": 1,
    "AcquisitionTime": "09:57:27.160000",
    "BaseResolution": 256,
    "BodyPartExamined": "HEAD",
    "ConsistencyInfo": "N4_VE11C_LATEST_20160120",
    "ConversionSoftware": "dcm2niix",
    "ConversionSoftwareVersion": "v1.0.20200427",
    "DeviceSerialNumber": "45250",
    "DwellTime": 9.2e-06,
    "EchoTime": 0.00218,
    "FlipAngle": 8,
    "ImageOrientationPatientDICOM": [
      -0.00574184,
      0.999945,
      0.00872642,
      -0.00494762,
      0.00869805,
      -0.99995
    ],
    "ImageType": [
      "ORIGINAL",
      "PRIMARY",
      "M",
      "NORM",
      "DIS3D",
      "DIS2D"
    ],
    "ImagingFrequency": 123.24,
    "InPlanePhaseEncodingDirectionDICOM": "ROW",
    "InstitutionAddress": "Kopernikusstr._26_Graz_Graz_AT_8010",
    "InstitutionName": "KFU",
    "InstitutionalDepartmentName": "Department",
    "InversionTime": 1,
    "MRAcquisitionType": "3D",
    "MagneticFieldStrength": 3,
    "Manufacturer": "Siemens",
    "ManufacturersModelName": "Skyra",
    "Modality": "MR",
    "ParallelReductionFactorInPlane": 2,
    "PartialFourier": 1,
    "PatientPosition": "HFS",
    "PercentPhaseFOV": 100,
    "PercentSampling": 100,
    "PhaseEncodingSteps": 294,
    "PhaseOversampling": 0.15,
    "PhaseResolution": 1,
    "PixelBandwidth": 210,
    "ProcedureStepDescription": "KFU_BioPsy",
    "ProtocolName": "T1_Pat4_088mm_Pat2_224Sl",
    "PulseSequenceDetails": "%SiemensSeq%_tfl",
    "ReceiveCoilActiveElements": "HEA;HEP",
    "ReceiveCoilName": "Head_32",
    "ReconMatrixPE": 256,
    "RefLinesPE": 24,
    "RepetitionTime": 2.2,
    "SAR": 0.0675435,
    "ScanOptions": "IR_WE",
    "ScanningSequence": "GR_IR",
    "SequenceName": "_tfl3d1_16ns",
    "SequenceVariant": "SK_SP_MP_OSP",
    "SeriesDescription": "T1_Pat4_088mm_Pat2_224Sl",
    "SeriesNumber": 9,
    "ShimSetting": [
      -1116,
      -3193,
      -4351,
      353,
      900,
      -17,
      336,
      -829
    ],
    "SliceThickness": 0.88,
    "SoftwareVersions": "syngo_MR_E11",
    "StationName": "FBMTMR1",
    "TxRefAmp": 334.821,
    "acq_id": "MPrageHiRes",
    "dataset": "<unset>",
    "modality": "T1w",
    "session_id": "2",
    "subject_id": "season109"
  },
  "cjv": 0.47937100587751597,
  "cnr": 2.6950704464674815,
  "efc": 0.6186315874607057,
  "fber": 3989.56005859375,
  "fwhm_avg": 4.285621349611336,
  "fwhm_x": 4.218795477405437,
  "fwhm_y": 4.33904,
  "fwhm_z": 4.299028571428571,
  "icvs_csf": 0.1753795824624084,
  "icvs_gm": 0.44784273659863366,
  "icvs_wm": 0.37677768093895797,
  "inu_med": 1.3571685552597046,
  "inu_range": 0.5944700002670289,
  "provenance": {
    "md5sum": "1ea31e522df9ac7b42d45af6f408a5b8",
    "settings": {
      "testing": false
    },
    "software": "mriqc",
    "version": "0.15.2",
    "warnings": {
      "large_rot_frame": true,
      "small_air_mask": false
    },
    "webapi_port": null,
    "webapi_url": "https://mriqc.nimh.nih.gov/api/v1"
  },
  "qi_1": 0.0,
  "qi_2": 0.00260676477241007,
  "rpve_csf": 21.04935122064865,
  "rpve_gm": 9.416592298556061,
  "rpve_wm": 12.719656889408135,
  "size_x": 224,
  "size_y": 256,
  "size_z": 256,
  "snr_csf": 1.9431713505901247,
  "snr_gm": 12.249411173614044,
  "snr_total": 11.267089972170178,
  "snr_wm": 19.60868739230637,
  "snrd_csf": 62.759329536458125,
  "snrd_gm": 124.17585930473919,
  "snrd_total": 115.39473804558115,
  "snrd_wm": 159.24902529554615,
  "spacing_x": 0.8799999952316284,
  "spacing_y": 0.875,
  "spacing_z": 0.875,
  "summary_bg_k": 6.45477025167121,
  "summary_bg_mad": 4.114026883792141,
  "summary_bg_mean": 8.620131492614746,
  "summary_bg_median": 7.393827438354492,
  "summary_bg_n": 3008995.0,
  "summary_bg_p05": 2.7613343477249144,
  "summary_bg_p95": 17.899321937561027,
  "summary_bg_stdv": 5.023574352264404,
  "summary_csf_k": 25.400443716702995,
  "summary_csf_mad": 154.63263332079174,
  "summary_csf_mean": 435.7567443847656,
  "summary_csf_median": 394.1065979003906,
  "summary_csf_n": 36431.0,
  "summary_csf_p05": 239.1498794555664,
  "summary_csf_p95": 664.7926635742188,
  "summary_csf_stdv": 202.8134002685547,
  "summary_gm_k": 0.5858063022454001,
  "summary_gm_mad": 59.71573165355306,
  "summary_gm_mean": 782.403564453125,
  "summary_gm_median": 779.7808837890625,
  "summary_gm_n": 80140.0,
  "summary_gm_p05": 683.8994201660156,
  "summary_gm_p95": 894.0345001220704,
  "summary_gm_stdv": 63.65824508666992,
  "summary_wm_k": 1.0734020447466746,
  "summary_wm_mad": 45.864386500694536,
  "summary_wm_mean": 999.3849487304688,
  "summary_wm_median": 1000.028076171875,
  "summary_wm_n": 425101.0,
  "summary_wm_p05": 913.6113891601562,
  "summary_wm_p95": 1080.3194580078125,
  "summary_wm_stdv": 50.999176025390625,
  "tpm_overlap_csf": 0.1601230353116989,
  "tpm_overlap_gm": 0.45095667243003845,
  "tpm_overlap_wm": 0.5015591382980347,
  "wm2max": 0.47339968946115696
}