{
  "bids_meta": {
    "AcquisitionMatrixPE": 256,
    "AcquisitionNumber": 1,
    "AcquisitionTime": "12:03:20.190000",
    "BaseResolution": 256,
    "BodyPartExamined": "HEAD",
    "ConsistencyInfo": "N4_VE11C_LATEST_20160120",
    "ConversionSoftware": "dcm2niix",
    "ConversionSoftwareVersion": "v1.0.20200427",
    "DeviceSerialNumber": "45250",
    "DwellTime": 9.2e-06,
    "EchoTime": 0.00218,
    "FlipAngle": 8,
    "ImageOrientationPatientDICOM": [
      0.0670697,
      0.996552,
      0.0488426,
      -0.0137835,
      0.0498736,
      -0.99866
    ],
    "ImageType": [
      "ORIGINAL",
      "PRIMARY",
      "M",
      "NORM",
      "DIS3D",
      "DIS2D"
    ],
    "ImagingFrequency": 123.24,
    "InPlanePhaseEncodingDirectionDICOM": "ROW",
    "InstitutionAddress": "Kopernikusstr._26_Graz_Graz_AT_8010",
    "InstitutionName": "KFU",
    "InstitutionalDepartmentName": "Department",
    "InversionTime": 1,
    "MRAcquisitionType": "3D",
    "MagneticFieldStrength": 3,
    "Manufacturer": "Siemens",
    "ManufacturersModelName": "Skyra",
    "Modality": "MR",
    "ParallelReductionFactorInPlane": 2,
    "PartialFourier": 1,
    "PatientPosition": "HFS",
    "PercentPhaseFOV": 100,
    "PercentSampling": 100,
    "PhaseEncodingSteps": 294,
    "PhaseOversampling": 0.15,
    "PhaseResolution": 1,
    "PixelBandwidth": 210,
    "ProcedureStepDescription": "KFU_BioPsy",
    "ProtocolName": "T1_Pat4_088mm_Pat2_224Sl",
    "PulseSequenceDetails": "%SiemensSeq%_tfl",
    "ReceiveCoilActiveElements": "HEA;HEP",
    "ReceiveCoilName": "Head_32",
    "ReconMatrixPE": 256,
    "RefLinesPE": 24,
    "RepetitionTime": 2.2,
    "SAR": 0.0549508,
    "ScanOptions": "IR_WE",
    "ScanningSequence": "GR_IR",
    "SequenceName": "_tfl3d1_16ns",
    "SequenceVariant": "SK_SP_MP_OSP",
    "SeriesDescription": "T1_Pat4_088mm_Pat2_224Sl",
    "SeriesNumber": 9,
    "ShimSetting": [
      -1125,
      -3159,
      -4206,
      595,
      871,
      476,
      39,
      -842
    ],
    "SliceThickness": 0.88,
    "SoftwareVersions": "syngo_MR_E11",
    "StationName": "FBMTMR1",
    "TxRefAmp": 339.758,
    "acq_id": "MPrageHiRes",
    "dataset": "<unset>",
    "modality": "T1w",
    "session_id": "1",
    "subject_id": "season134"
  },
  "cjv": 0.45749746259112684,
  "cnr": 2.862120493245737,
  "efc": 0.6232105819637612,
  "fber": 3674.666015625,
  "fwhm_avg": 4.319777648348656,
  "fwhm_x": 4.238738659331683,
  "fwhm_y": 4.404468571428572,
  "fwhm_z": 4.316125714285714,
  "icvs_csf": 0.21175039895982636,
  "icvs_gm": 0.4469592450198067,
  "icvs_wm": 0.34129035602036695,
  "inu_med": 1.411306381225586,
  "inu_range": 0.6222780406475066,
  "provenance": {
    "md5sum": "320eb5fdc75268500c83df6be18c55d3",
    "settings": {
      "testing": false
    },
    "software": "mriqc",
    "version": "0.15.2",
    "warnings": {
      "large_rot_frame": true,
      "small_air_mask": false
    },
    "webapi_port": null,
    "webapi_url": "https://mriqc.nimh.nih.gov/api/v1"
  },
  "qi_1": 0.0,
  "qi_2": 0.00188736796704256,
  "rpve_csf": 19.886738218064178,
  "rpve_gm": 10.002851882353267,
  "rpve_wm": 14.435909825103085,
  "size_x": 224,
  "size_y": 256,
  "size_z": 256,
  "snr_csf": 2.995410582382241,
  "snr_gm": 12.543222261392343,
  "snr_total": 11.55142073468683,
  "snr_wm": 19.115629360285908,
  "snrd_csf": 57.8893213418556,
  "snrd_gm": 123.8678897673564,
  "snrd_total": 114.2943669236793,
  "snrd_wm": 161.12588966182588,
  "spacing_x": 0.8799999952316284,
  "spacing_y": 0.875,
  "spacing_z": 0.875,
  "summary_bg_k": 11.805920046821798,
  "summary_bg_mad": 4.066090765652879,
  "summary_bg_mean": 8.722887992858887,
  "summary_bg_median": 7.297881126403809,
  "summary_bg_n": 3193731.0,
  "summary_bg_p05": 2.7269673347473145,
  "summary_bg_p95": 19.29653835296631,
  "summary_bg_stdv": 5.857797145843506,
  "summary_csf_k": 25.68575688580359,
  "summary_csf_mad": 116.1202670742907,
  "summary_csf_mean": 386.16741943359375,
  "summary_csf_median": 359.2889099121094,
  "summary_csf_n": 74137.0,
  "summary_csf_p05": 243.27456970214843,
  "summary_csf_p95": 591.887841796875,
  "summary_csf_stdv": 119.9456558227539,
  "summary_gm_k": 0.2910086512433283,
  "summary_gm_mad": 57.9988033580931,
  "summary_gm_mean": 768.0438232421875,
  "summary_gm_median": 768.7835693359375,
  "summary_gm_n": 60032.0,
  "summary_gm_p05": 666.9135711669921,
  "summary_gm_p95": 870.3016632080078,
  "summary_gm_stdv": 61.290245056152344,
  "summary_wm_k": 0.8156170095078372,
  "summary_wm_mad": 47.79338012202534,
  "summary_wm_mean": 998.8258666992188,
  "summary_wm_median": 1000.0245971679688,
  "summary_wm_n": 321071.0,
  "summary_wm_p05": 909.8899536132812,
  "summary_wm_p95": 1081.5626220703125,
  "summary_wm_stdv": 52.31441879272461,
  "tpm_overlap_csf": 0.15566308796405792,
  "tpm_overlap_gm": 0.44417428970336914,
  "tpm_overlap_wm": 0.48436108231544495,
  "wm2max": 0.533737622114599
}