{
  "bids_meta": {
    "AcquisitionMatrixPE": 256,
    "AcquisitionNumber": 1,
    "AcquisitionTime": "12:05:9.200000",
    "BaseResolution": 256,
    "BodyPartExamined": "HEAD",
    "ConsistencyInfo": "N4_VE11C_LATEST_20160120",
    "ConversionSoftware": "dcm2niix",
    "ConversionSoftwareVersion": "v1.0.20200427",
    "DeviceSerialNumber": "45250",
    "DwellTime": 9.2e-06,
    "EchoTime": 0.00218,
    "FlipAngle": 8,
    "ImageOrientationPatientDICOM": [
      0.0572356,
      0.982236,
      0.178707,
      -0.0226507,
      0.180232,
      -0.983363
    ],
    "ImageType": [
      "ORIGINAL",
      "PRIMARY",
      "M",
      "NORM",
      "DIS3D",
      "DIS2D"
    ],
    "ImagingFrequency": 123.239,
    "InPlanePhaseEncodingDirectionDICOM": "ROW",
    "InstitutionAddress": "Kopernikusstr._26_Graz_Graz_AT_8010",
    "InstitutionName": "KFU",
    "InstitutionalDepartmentName": "Department",
    "InversionTime": 1,
    "MRAcquisitionType": "3D",
    "MagneticFieldStrength": 3,
    "Manufacturer": "Siemens",
    "ManufacturersModelName": "Skyra",
    "Modality": "MR",
    "ParallelReductionFactorInPlane": 2,
    "PartialFourier": 1,
    "PatientPosition": "HFS",
    "PercentPhaseFOV": 100,
    "PercentSampling": 100,
    "PhaseEncodingSteps": 294,
    "PhaseOversampling": 0.15,
    "PhaseResolution": 1,
    "PixelBandwidth": 210,
    "ProcedureStepDescription": "BioPsy_2018",
    "ProtocolName": "anat-T1w",
    "PulseSequenceDetails": "%SiemensSeq%_tfl",
    "ReceiveCoilActiveElements": "HEA;HEP",
    "ReceiveCoilName": "Head_32",
    "ReconMatrixPE": 256,
    "RefLinesPE": 24,
    "RepetitionTime": 2.2,
    "SAR": 0.0554405,
    "ScanOptions": "IR_WE",
    "ScanningSequence": "GR_IR",
    "SequenceName": "_tfl3d1_16ns",
    "SequenceVariant": "SK_SP_MP_OSP",
    "SeriesDescription": "anat-T1w",
    "SeriesNumber": 9,
    "ShimSetting": [
      -1119,
      -3257,
      -4373,
      175,
      824,
      112,
      247,
      -908
    ],
    "SliceThickness": 0.88,
    "SoftwareVersions": "syngo_MR_E11",
    "StationName": "FBMTMR1",
    "TxRefAmp": 315.423,
    "acq_id": "MPrageHiRes",
    "dataset": "<unset>",
    "modality": "T1w",
    "session_id": "3",
    "subject_id": "season206"
  },
  "cjv": 0.4309707662846159,
  "cnr": 2.9766006791788557,
  "efc": 0.5506385060923016,
  "fber": 2873.487548828125,
  "fwhm_avg": 4.12885706354168,
  "fwhm_x": 4.0220454763393265,
  "fwhm_y": 4.232708571428572,
  "fwhm_z": 4.131817142857143,
  "icvs_csf": 0.20304765287303805,
  "icvs_gm": 0.4479004742197668,
  "icvs_wm": 0.34905187290719514,
  "inu_med": 1.4631801843643188,
  "inu_range": 0.5488246560096741,
  "provenance": {
    "md5sum": "c6eab2776f3e6ec55ece180e00d6a511",
    "settings": {
      "testing": false
    },
    "software": "mriqc",
    "version": "0.15.2",
    "warnings": {
      "large_rot_frame": true,
      "small_air_mask": false
    },
    "webapi_port": null,
    "webapi_url": "https://mriqc.nimh.nih.gov/api/v1"
  },
  "qi_1": 0.0,
  "qi_2": 0.0030257958568583325,
  "rpve_csf": 26.472779770281928,
  "rpve_gm": 13.000452524439911,
  "rpve_wm": 18.766355248456637,
  "size_x": 224,
  "size_y": 256,
  "size_z": 256,
  "snr_csf": 2.976684113762685,
  "snr_gm": 12.401442569254293,
  "snr_total": 12.070684758901285,
  "snr_wm": 20.833927593686877,
  "snrd_csf": 57.35924571704832,
  "snrd_gm": 113.357356997088,
  "snrd_total": 106.20158519926322,
  "snrd_wm": 147.88815288365336,
  "spacing_x": 0.8799999952316284,
  "spacing_y": 0.875,
  "spacing_z": 0.875,
  "summary_bg_k": 6.298355451321182,
  "summary_bg_mad": 4.4300266158270665,
  "summary_bg_mean": 8.997858047485352,
  "summary_bg_median": 7.986361503601074,
  "summary_bg_n": 3353957.0,
  "summary_bg_p05": 2.9915165424346926,
  "summary_bg_p95": 19.00900382995605,
  "summary_bg_stdv": 5.410460948944092,
  "summary_csf_k": -0.33431465369012114,
  "summary_csf_mad": 151.02349593780363,
  "summary_csf_mean": 415.8204345703125,
  "summary_csf_median": 387.86273193359375,
  "summary_csf_n": 34368.0,
  "summary_csf_p05": 245.40124740600584,
  "summary_csf_p95": 626.9261627197263,
  "summary_csf_stdv": 130.29837036132812,
  "summary_gm_k": 0.2806039116006045,
  "summary_gm_mad": 58.53799313586199,
  "summary_gm_mean": 768.9042358398438,
  "summary_gm_median": 766.521484375,
  "summary_gm_n": 42255.0,
  "summary_gm_p05": 672.0461242675781,
  "summary_gm_p95": 877.1339477539061,
  "summary_gm_stdv": 61.808326721191406,
  "summary_wm_k": 0.8040492167225195,
  "summary_wm_mad": 42.09236557319286,
  "summary_wm_mean": 997.66162109375,
  "summary_wm_median": 1000.0184326171875,
  "summary_wm_n": 251471.0,
  "summary_wm_p05": 911.7459716796875,
  "summary_wm_p95": 1072.5284423828125,
  "summary_wm_stdv": 47.999420166015625,
  "tpm_overlap_csf": 0.15362435579299927,
  "tpm_overlap_gm": 0.4488444924354553,
  "tpm_overlap_wm": 0.48441362380981445,
  "wm2max": 0.5640680262593746
}