{
  "bids_meta": {
    "AcquisitionMatrixPE": 256,
    "AcquisitionNumber": 1,
    "AcquisitionTime": "08:51:14.902500",
    "BaseResolution": 256,
    "BodyPartExamined": "HEAD",
    "ConsistencyInfo": "N4_VE11C_LATEST_20160120",
    "ConversionSoftware": "dcm2niix",
    "ConversionSoftwareVersion": "v1.0.20200427",
    "DeviceSerialNumber": "45250",
    "DwellTime": 9.2e-06,
    "EchoTime": 0.00218,
    "FlipAngle": 8,
    "ImageOrientationPatientDICOM": [
      0.109075,
      0.993642,
      0.027881,
      -0.0505926,
      0.0335613,
      -0.998155
    ],
    "ImageType": [
      "ORIGINAL",
      "PRIMARY",
      "M",
      "NORM",
      "DIS3D",
      "DIS2D"
    ],
    "ImagingFrequency": 123.24,
    "InPlanePhaseEncodingDirectionDICOM": "ROW",
    "InstitutionAddress": "Kopernikusstr._26_Graz_Graz_AT_8010",
    "InstitutionName": "KFU",
    "InstitutionalDepartmentName": "Department",
    "InversionTime": 1,
    "MRAcquisitionType": "3D",
    "MagneticFieldStrength": 3,
    "Manufacturer": "Siemens",
    "ManufacturersModelName": "Skyra",
    "Modality": "MR",
    "ParallelReductionFactorInPlane": 2,
    "PartialFourier": 1,
    "PatientPosition": "HFS",
    "PercentPhaseFOV": 100,
    "PercentSampling": 100,
    "PhaseEncodingSteps": 294,
    "PhaseOversampling": 0.15,
    "PhaseResolution": 1,
    "PixelBandwidth": 210,
    "ProcedureStepDescription": "KFU_BioPsy",
    "ProtocolName": "T1_Pat4_088mm_Pat2_224Sl",
    "PulseSequenceDetails": "%SiemensSeq%_tfl",
    "ReceiveCoilActiveElements": "HEA;HEP",
    "ReceiveCoilName": "Head_32",
    "ReconMatrixPE": 256,
    "RefLinesPE": 24,
    "RepetitionTime": 2.2,
    "SAR": 0.0596317,
    "ScanOptions": "IR_WE",
    "ScanningSequence": "GR_IR",
    "SequenceName": "_tfl3d1_16ns",
    "SequenceVariant": "SK_SP_MP_OSP",
    "SeriesDescription": "T1_Pat4_088mm_Pat2_224Sl",
    "SeriesNumber": 9,
    "ShimSetting": [
      -1136,
      -2315,
      -4789,
      -256,
      866,
      2988,
      -784,
      -913
    ],
    "SliceThickness": 0.88,
    "SoftwareVersions": "syngo_MR_E11",
    "StationName": "FBMTMR1",
    "TxRefAmp": 325.282,
    "acq_id": "MPrageHiRes",
    "dataset": "<unset>",
    "modality": "T1w",
    "session_id": "1",
    "subject_id": "season101"
  },
  "cjv": 0.4119732112758968,
  "cnr": 3.1628427989698458,
  "efc": 0.6012097395168116,
  "fber": 3743.014404296875,
  "fwhm_avg": 3.911863015850159,
  "fwhm_x": 3.981920476121905,
  "fwhm_y": 3.8411885714285714,
  "fwhm_z": 3.91248,
  "icvs_csf": 0.1940915939494821,
  "icvs_gm": 0.4368021391848826,
  "icvs_wm": 0.36910626686563536,
  "inu_med": 1.1135048866271973,
  "inu_range": 0.3487878561019898,
  "provenance": {
    "md5sum": "56165c325f14c4b77651dc21390e5003",
    "settings": {
      "testing": false
    },
    "software": "mriqc",
    "version": "0.15.2",
    "warnings": {
      "large_rot_frame": true,
      "small_air_mask": false
    },
    "webapi_port": null,
    "webapi_url": "https://mriqc.nimh.nih.gov/api/v1"
  },
  "qi_1": 0.0,
  "qi_2": 0.0031267043357121873,
  "rpve_csf": 26.34280446806203,
  "rpve_gm": 12.871567389758178,
  "rpve_wm": 17.72835395209057,
  "size_x": 224,
  "size_y": 256,
  "size_z": 256,
  "snr_csf": 1.711962352239432,
  "snr_gm": 12.560191463977143,
  "snr_total": 12.844166730099543,
  "snr_wm": 24.26034637408205,
  "snrd_csf": 57.72753595514978,
  "snrd_gm": 112.10974386610762,
  "snrd_total": 105.37008424537521,
  "snrd_wm": 146.2729729148682,
  "spacing_x": 0.8799999952316284,
  "spacing_y": 0.875,
  "spacing_z": 0.875,
  "summary_bg_k": 4.166908478441631,
  "summary_bg_mad": 4.478964496043481,
  "summary_bg_mean": 10.279465675354004,
  "summary_bg_median": 8.976092338562012,
  "summary_bg_n": 2296194.0,
  "summary_bg_p05": 2.990271806716919,
  "summary_bg_p95": 20.5002272605896,
  "summary_bg_stdv": 5.514930248260498,
  "summary_csf_k": 32.944428495406754,
  "summary_csf_mad": 159.7489185675351,
  "summary_csf_mean": 438.5196228027344,
  "summary_csf_median": 394.665283203125,
  "summary_csf_n": 32308.0,
  "summary_csf_p05": 238.26164627075195,
  "summary_csf_p95": 643.5121704101558,
  "summary_csf_stdv": 230.53028869628906,
  "summary_gm_k": 0.2166705352819731,
  "summary_gm_mad": 59.80567956646777,
  "summary_gm_mean": 767.98583984375,
  "summary_gm_median": 766.4595947265625,
  "summary_gm_n": 39000.0,
  "summary_gm_p05": 670.623373413086,
  "summary_gm_p95": 870.0211059570311,
  "summary_gm_stdv": 61.02214050292969,
  "summary_wm_k": 1.1091054930933675,
  "summary_wm_mad": 36.41619076489869,
  "summary_wm_mean": 999.3868408203125,
  "summary_wm_median": 1000.0230102539062,
  "summary_wm_n": 279996.0,
  "summary_wm_p05": 930.0688781738281,
  "summary_wm_p95": 1064.8573608398438,
  "summary_wm_stdv": 41.220401763916016,
  "tpm_overlap_csf": 0.17442664504051208,
  "tpm_overlap_gm": 0.45826858282089233,
  "tpm_overlap_wm": 0.5005067586898804,
  "wm2max": 0.5678214493332919
}