{
  "bids_meta": {
    "AcquisitionMatrixPE": 256,
    "AcquisitionNumber": 1,
    "AcquisitionTime": "13:00:39.180000",
    "BaseResolution": 256,
    "BodyPartExamined": "HEAD",
    "ConsistencyInfo": "N4_VE11C_LATEST_20160120",
    "ConversionSoftware": "dcm2niix",
    "ConversionSoftwareVersion": "v1.0.20200427",
    "DeviceSerialNumber": "45250",
    "DwellTime": 9.2e-06,
    "EchoTime": 0.00218,
    "FlipAngle": 8,
    "ImageOrientationPatientDICOM": [
      0.0297618,
      0.97733,
      0.209617,
      0.00299927,
      0.209622,
      -0.977778
    ],
    "ImageType": [
      "ORIGINAL",
      "PRIMARY",
      "M",
      "NORM",
      "DIS3D",
      "DIS2D"
    ],
    "ImagingFrequency": 123.24,
    "InPlanePhaseEncodingDirectionDICOM": "ROW",
    "InstitutionAddress": "Kopernikusstr._26_Graz_Graz_AT_8010",
    "InstitutionName": "KFU",
    "InstitutionalDepartmentName": "Department",
    "InversionTime": 1,
    "MRAcquisitionType": "3D",
    "MagneticFieldStrength": 3,
    "Manufacturer": "Siemens",
    "ManufacturersModelName": "Skyra",
    "Modality": "MR",
    "ParallelReductionFactorInPlane": 2,
    "PartialFourier": 1,
    "PatientPosition": "HFS",
    "PercentPhaseFOV": 100,
    "PercentSampling": 100,
    "PhaseEncodingSteps": 294,
    "PhaseOversampling": 0.15,
    "PhaseResolution": 1,
    "PixelBandwidth": 210,
    "ProcedureStepDescription": "KFU_BioPsy",
    "ProtocolName": "T1_Pat4_088mm_Pat2_224Sl",
    "PulseSequenceDetails": "%SiemensSeq%_tfl",
    "ReceiveCoilActiveElements": "HEA;HEP",
    "ReceiveCoilName": "Head_32",
    "ReconMatrixPE": 256,
    "RefLinesPE": 24,
    "RepetitionTime": 2.2,
    "SAR": 0.061814,
    "ScanOptions": "IR_WE",
    "ScanningSequence": "GR_IR",
    "SequenceName": "_tfl3d1_16ns",
    "SequenceVariant": "SK_SP_MP_OSP",
    "SeriesDescription": "T1_Pat4_088mm_Pat2_224Sl",
    "SeriesNumber": 9,
    "ShimSetting": [
      -1094,
      -3238,
      -4245,
      538,
      904,
      194,
      432,
      -867
    ],
    "SliceThickness": 0.88,
    "SoftwareVersions": "syngo_MR_E11",
    "StationName": "FBMTMR1",
    "TxRefAmp": 316.577,
    "acq_id": "MPrageHiRes",
    "dataset": "<unset>",
    "modality": "T1w",
    "session_id": "1",
    "subject_id": "season136"
  },
  "cjv": 0.4714227046991066,
  "cnr": 2.768360971930538,
  "efc": 0.5416199113575644,
  "fber": 2907.285400390625,
  "fwhm_avg": 4.1724837737512175,
  "fwhm_x": 4.162022749825081,
  "fwhm_y": 4.2445257142857145,
  "fwhm_z": 4.1109028571428565,
  "icvs_csf": 0.18107778470301455,
  "icvs_gm": 0.4560678367605862,
  "icvs_wm": 0.3628543785363993,
  "inu_med": 1.4621400833129883,
  "inu_range": 0.5458517432212828,
  "provenance": {
    "md5sum": "99107c3e9c923e003c89063b46ffb24b",
    "settings": {
      "testing": false
    },
    "software": "mriqc",
    "version": "0.15.2",
    "warnings": {
      "large_rot_frame": true,
      "small_air_mask": false
    },
    "webapi_port": null,
    "webapi_url": "https://mriqc.nimh.nih.gov/api/v1"
  },
  "qi_1": 0.0,
  "qi_2": 0.0016587653928748492,
  "rpve_csf": 29.27225361105422,
  "rpve_gm": 13.160943201595936,
  "rpve_wm": 18.74898162292274,
  "size_x": 224,
  "size_y": 256,
  "size_z": 256,
  "snr_csf": 3.2813741252848208,
  "snr_gm": 11.79215538401668,
  "snr_total": 11.518793822828215,
  "snr_wm": 19.482851959183144,
  "snrd_csf": 60.75436286851089,
  "snrd_gm": 107.56877323292002,
  "snrd_total": 102.71475455632935,
  "snrd_wm": 139.8211275675571,
  "spacing_x": 0.8799999952316284,
  "spacing_y": 0.875,
  "spacing_z": 0.875,
  "summary_bg_k": 10.176921092524617,
  "summary_bg_mad": 4.685659048096313,
  "summary_bg_mean": 10.2658052444458,
  "summary_bg_median": 8.423914909362793,
  "summary_bg_n": 3146409.0,
  "summary_bg_p05": 3.1525410175323487,
  "summary_bg_p95": 23.898899841308587,
  "summary_bg_stdv": 7.211435317993164,
  "summary_csf_k": 1.05869598656433,
  "summary_csf_mad": 160.4853784158815,
  "summary_csf_mean": 442.3196716308594,
  "summary_csf_median": 434.52667236328125,
  "summary_csf_n": 19360.0,
  "summary_csf_p05": 248.53372116088866,
  "summary_csf_p95": 649.0091003417967,
  "summary_csf_stdv": 132.4187469482422,
  "summary_gm_k": 0.2715124233819717,
  "summary_gm_mad": 62.98851451712069,
  "summary_gm_mean": 770.3660888671875,
  "summary_gm_median": 769.3521728515625,
  "summary_gm_n": 43421.0,
  "summary_gm_p05": 666.1691284179688,
  "summary_gm_p95": 880.8330078125,
  "summary_gm_stdv": 65.24195861816406,
  "summary_wm_k": 0.7377040968392548,
  "summary_wm_mad": 45.75688336131559,
  "summary_wm_mean": 999.9481811523438,
  "summary_wm_median": 1000.027099609375,
  "summary_wm_n": 259475.0,
  "summary_wm_p05": 913.0942504882812,
  "summary_wm_p95": 1084.212158203125,
  "summary_wm_stdv": 51.3284797668457,
  "tpm_overlap_csf": 0.15180546045303345,
  "tpm_overlap_gm": 0.4620499014854431,
  "tpm_overlap_wm": 0.4914531409740448,
  "wm2max": 0.5911777641517457
}