{
  "bids_meta": {
    "AcquisitionMatrixPE": 256,
    "AcquisitionNumber": 1,
    "AcquisitionTime": "11:47:49.152500",
    "BaseResolution": 256,
    "BodyPartExamined": "HEAD",
    "ConsistencyInfo": "N4_VE11C_LATEST_20160120",
    "ConversionSoftware": "dcm2niix",
    "ConversionSoftwareVersion": "v1.0.20200427",
    "DeviceSerialNumber": "45250",
    "DwellTime": 9.2e-06,
    "EchoTime": 0.00218,
    "FlipAngle": 8,
    "ImageOrientationPatientDICOM": [
      0.100626,
      0.993547,
      0.0523269,
      0.0238288,
      0.0501721,
      -0.998456
    ],
    "ImageType": [
      "ORIGINAL",
      "PRIMARY",
      "M",
      "NORM",
      "DIS3D",
      "DIS2D"
    ],
    "ImagingFrequency": 123.24,
    "InPlanePhaseEncodingDirectionDICOM": "ROW",
    "InstitutionAddress": "Kopernikusstr._26_Graz_Graz_AT_8010",
    "InstitutionName": "KFU",
    "InstitutionalDepartmentName": "Department",
    "InversionTime": 1,
    "MRAcquisitionType": "3D",
    "MagneticFieldStrength": 3,
    "Manufacturer": "Siemens",
    "ManufacturersModelName": "Skyra",
    "Modality": "MR",
    "ParallelReductionFactorInPlane": 2,
    "PartialFourier": 1,
    "PatientPosition": "HFS",
    "PercentPhaseFOV": 100,
    "PercentSampling": 100,
    "PhaseEncodingSteps": 294,
    "PhaseOversampling": 0.15,
    "PhaseResolution": 1,
    "PixelBandwidth": 210,
    "ProcedureStepDescription": "KFU_BioPsy",
    "ProtocolName": "T1_Pat4_088mm_Pat2_224Sl",
    "PulseSequenceDetails": "%SiemensSeq%_tfl",
    "ReceiveCoilActiveElements": "HEA;HEP",
    "ReceiveCoilName": "Head_32",
    "ReconMatrixPE": 256,
    "RefLinesPE": 24,
    "RepetitionTime": 2.2,
    "SAR": 0.0532031,
    "ScanOptions": "IR_WE",
    "ScanningSequence": "GR_IR",
    "SequenceName": "_tfl3d1_16ns",
    "SequenceVariant": "SK_SP_MP_OSP",
    "SeriesDescription": "T1_Pat4_088mm_Pat2_224Sl",
    "SeriesNumber": 9,
    "ShimSetting": [
      -1102,
      -3223,
      -4311,
      191,
      970,
      4,
      489,
      -865
    ],
    "SliceThickness": 0.88,
    "SoftwareVersions": "syngo_MR_E11",
    "StationName": "FBMTMR1",
    "TxRefAmp": 334.284,
    "acq_id": "MPrageHiRes",
    "dataset": "<unset>",
    "modality": "T1w",
    "session_id": "3",
    "subject_id": "season106"
  },
  "cjv": 0.5393745876336486,
  "cnr": 2.429135540154393,
  "efc": 0.6128025363181803,
  "fber": 3028.80810546875,
  "fwhm_avg": 4.208411262798783,
  "fwhm_x": 4.090090931253492,
  "fwhm_y": 4.314582857142857,
  "fwhm_z": 4.22056,
  "icvs_csf": 0.19217650246354365,
  "icvs_gm": 0.43593674807967164,
  "icvs_wm": 0.37188674945678474,
  "inu_med": 1.4763778448104858,
  "inu_range": 0.6064891934394836,
  "provenance": {
    "md5sum": "4368ed61693b6a9becb041a64f537f35",
    "settings": {
      "testing": false
    },
    "software": "mriqc",
    "version": "0.15.2",
    "warnings": {
      "large_rot_frame": true,
      "small_air_mask": false
    },
    "webapi_port": null,
    "webapi_url": "https://mriqc.nimh.nih.gov/api/v1"
  },
  "qi_1": 0.0,
  "qi_2": 0.0016211626148114255,
  "rpve_csf": 25.687419887759113,
  "rpve_gm": 12.37743435717739,
  "rpve_wm": 16.87253008812266,
  "size_x": 224,
  "size_y": 256,
  "size_z": 256,
  "snr_csf": 3.0042775734647993,
  "snr_gm": 10.063359292398346,
  "snr_total": 11.187985195017886,
  "snr_wm": 20.496318719190512,
  "snrd_csf": 56.097129368975985,
  "snrd_gm": 112.44308117767793,
  "snrd_total": 104.387074411305,
  "snrd_wm": 144.62101268726107,
  "spacing_x": 0.8799999952316284,
  "spacing_y": 0.875,
  "spacing_z": 0.875,
  "summary_bg_k": 28.532503205352462,
  "summary_bg_mad": 4.530199288743074,
  "summary_bg_mean": 9.694500923156738,
  "summary_bg_median": 8.139213562011719,
  "summary_bg_n": 3142199.0,
  "summary_bg_p05": 3.0433435440063477,
  "summary_bg_p95": 21.429359436035163,
  "summary_bg_stdv": 6.351247310638428,
  "summary_csf_k": 1.4830618258122472,
  "summary_csf_mad": 131.17973305043495,
  "summary_csf_mean": 416.92156982421875,
  "summary_csf_median": 387.90576171875,
  "summary_csf_n": 32990.0,
  "summary_csf_p05": 247.93431396484377,
  "summary_csf_p95": 639.5848083496094,
  "summary_csf_stdv": 129.11585998535156,
  "summary_gm_k": 0.0072817649956586905,
  "summary_gm_mad": 76.58716394883804,
  "summary_gm_mean": 782.5928344726562,
  "summary_gm_median": 777.5321044921875,
  "summary_gm_n": 37736.0,
  "summary_gm_p05": 664.8738403320312,
  "summary_gm_p95": 920.1396026611328,
  "summary_gm_stdv": 77.26264953613281,
  "summary_wm_k": 0.8880817748874898,
  "summary_wm_mad": 43.42746769305563,
  "summary_wm_mean": 1000.2448120117188,
  "summary_wm_median": 1000.0391235351562,
  "summary_wm_n": 300194.0,
  "summary_wm_p05": 919.1031127929687,
  "summary_wm_p95": 1079.9407043457031,
  "summary_wm_stdv": 48.79107666015625,
  "tpm_overlap_csf": 0.16668355464935303,
  "tpm_overlap_gm": 0.46037232875823975,
  "tpm_overlap_wm": 0.5128572583198547,
  "wm2max": 0.575774333080423
}