{
  "bids_meta": {
    "AcquisitionMatrixPE": 256,
    "AcquisitionNumber": 1,
    "AcquisitionTime": "09:32:46.157500",
    "BaseResolution": 256,
    "BodyPartExamined": "HEAD",
    "ConsistencyInfo": "N4_VE11C_LATEST_20160120",
    "ConversionSoftware": "dcm2niix",
    "ConversionSoftwareVersion": "v1.0.20200427",
    "DeviceSerialNumber": "45250",
    "DwellTime": 9.2e-06,
    "EchoTime": 0.00218,
    "FlipAngle": 8,
    "ImageOrientationPatientDICOM": [
      0.0821413,
      0.996429,
      0.0195459,
      0.00904644,
      0.0188659,
      -0.999781
    ],
    "ImageType": [
      "ORIGINAL",
      "PRIMARY",
      "M",
      "NORM",
      "DIS3D",
      "DIS2D"
    ],
    "ImagingFrequency": 123.24,
    "InPlanePhaseEncodingDirectionDICOM": "ROW",
    "InstitutionAddress": "Kopernikusstr._26_Graz_Graz_AT_8010",
    "InstitutionName": "KFU",
    "InstitutionalDepartmentName": "Department",
    "InversionTime": 1,
    "MRAcquisitionType": "3D",
    "MagneticFieldStrength": 3,
    "Manufacturer": "Siemens",
    "ManufacturersModelName": "Skyra",
    "Modality": "MR",
    "ParallelReductionFactorInPlane": 2,
    "PartialFourier": 1,
    "PatientPosition": "HFS",
    "PercentPhaseFOV": 100,
    "PercentSampling": 100,
    "PhaseEncodingSteps": 294,
    "PhaseOversampling": 0.15,
    "PhaseResolution": 1,
    "PixelBandwidth": 210,
    "ProcedureStepDescription": "KFU_BioPsy",
    "ProtocolName": "T1_Pat4_088mm_Pat2_224Sl",
    "PulseSequenceDetails": "%SiemensSeq%_tfl",
    "ReceiveCoilActiveElements": "HEA;HEP",
    "ReceiveCoilName": "Head_32",
    "ReconMatrixPE": 256,
    "RefLinesPE": 24,
    "RepetitionTime": 2.2,
    "SAR": 0.05729,
    "ScanOptions": "IR_WE",
    "ScanningSequence": "GR_IR",
    "SequenceName": "_tfl3d1_16ns",
    "SequenceVariant": "SK_SP_MP_OSP",
    "SeriesDescription": "T1_Pat4_088mm_Pat2_224Sl",
    "SeriesNumber": 9,
    "ShimSetting": [
      -1083,
      -3169,
      -4342,
      378,
      996,
      219,
      408,
      -869
    ],
    "SliceThickness": 0.88,
    "SoftwareVersions": "syngo_MR_E11",
    "StationName": "FBMTMR1",
    "TxRefAmp": 315.321,
    "acq_id": "MPrageHiRes",
    "dataset": "<unset>",
    "modality": "T1w",
    "session_id": "2",
    "subject_id": "season138"
  },
  "cjv": 0.3997176555664454,
  "cnr": 3.1394901620386007,
  "efc": 0.5696041321119126,
  "fber": 3693.771240234375,
  "fwhm_avg": 4.274560592116673,
  "fwhm_x": 4.263693204921447,
  "fwhm_y": 4.236582857142857,
  "fwhm_z": 4.323405714285714,
  "icvs_csf": 0.18879301435557888,
  "icvs_gm": 0.4485038911409424,
  "icvs_wm": 0.3627030945034787,
  "inu_med": 1.4542219638824463,
  "inu_range": 0.5525979399681087,
  "provenance": {
    "md5sum": "c55d5366d5ecb76ce5830e623b6b3ae9",
    "settings": {
      "testing": false
    },
    "software": "mriqc",
    "version": "0.15.2",
    "warnings": {
      "large_rot_frame": true,
      "small_air_mask": false
    },
    "webapi_port": null,
    "webapi_url": "https://mriqc.nimh.nih.gov/api/v1"
  },
  "qi_1": 0.0,
  "qi_2": 0.0020113669600759,
  "rpve_csf": 25.737856669757583,
  "rpve_gm": 12.083321571945039,
  "rpve_wm": 16.960653818538123,
  "size_x": 224,
  "size_y": 256,
  "size_z": 256,
  "snr_csf": 3.196522446551347,
  "snr_gm": 12.122850223190788,
  "snr_total": 12.629649163424327,
  "snr_wm": 22.56957482053085,
  "snrd_csf": 51.57996155089693,
  "snrd_gm": 119.26412973869304,
  "snrd_total": 109.34907469571164,
  "snrd_wm": 157.20313279754492,
  "spacing_x": 0.8799999952316284,
  "spacing_y": 0.875,
  "spacing_z": 0.875,
  "summary_bg_k": 8.077055150833482,
  "summary_bg_mad": 4.167495669550167,
  "summary_bg_mean": 8.868611335754395,
  "summary_bg_median": 7.488473892211914,
  "summary_bg_n": 3391877.0,
  "summary_bg_p05": 2.799357843399048,
  "summary_bg_p95": 18.944394302368146,
  "summary_bg_stdv": 5.454878807067871,
  "summary_csf_k": 16.18084534477115,
  "summary_csf_mad": 78.75451049030701,
  "summary_csf_mean": 351.85418701171875,
  "summary_csf_median": 328.11376953125,
  "summary_csf_n": 33120.0,
  "summary_csf_p05": 231.21519775390627,
  "summary_csf_p95": 560.2666229248047,
  "summary_csf_stdv": 102.64555358886719,
  "summary_gm_k": 0.6282730623036676,
  "summary_gm_mad": 57.458437199169374,
  "summary_gm_mean": 761.5653076171875,
  "summary_gm_median": 758.670654296875,
  "summary_gm_n": 55383.0,
  "summary_gm_p05": 665.5240600585938,
  "summary_gm_p95": 872.8589477539061,
  "summary_gm_stdv": 62.58130645751953,
  "summary_wm_k": 1.1132557695366803,
  "summary_wm_mad": 39.009432529841575,
  "summary_wm_mean": 997.2769775390625,
  "summary_wm_median": 1000.0106811523438,
  "summary_wm_n": 311269.0,
  "summary_wm_p05": 918.2833129882813,
  "summary_wm_p95": 1064.1841552734375,
  "summary_wm_stdv": 44.307838439941406,
  "tpm_overlap_csf": 0.16864906251430511,
  "tpm_overlap_gm": 0.45172253251075745,
  "tpm_overlap_wm": 0.5086742043495178,
  "wm2max": 0.6044677601697285
}