{
  "bids_meta": {
    "AcquisitionMatrixPE": 256,
    "AcquisitionNumber": 1,
    "AcquisitionTime": "11:24:0.132500",
    "BaseResolution": 256,
    "BodyPartExamined": "HEAD",
    "ConsistencyInfo": "N4_VE11C_LATEST_20160120",
    "ConversionSoftware": "dcm2niix",
    "ConversionSoftwareVersion": "v1.0.20200427",
    "DeviceSerialNumber": "45250",
    "DwellTime": 9.2e-06,
    "EchoTime": 0.00218,
    "FlipAngle": 8,
    "ImageOrientationPatientDICOM": [
      0.00169043,
      0.979583,
      0.201035,
      -0.0206772,
      0.201027,
      -0.979367
    ],
    "ImageType": [
      "ORIGINAL",
      "PRIMARY",
      "M",
      "NORM",
      "DIS3D",
      "DIS2D"
    ],
    "ImagingFrequency": 123.24,
    "InPlanePhaseEncodingDirectionDICOM": "ROW",
    "InstitutionAddress": "Kopernikusstr._26_Graz_Graz_AT_8010",
    "InstitutionName": "KFU",
    "InstitutionalDepartmentName": "Department",
    "InversionTime": 1,
    "MRAcquisitionType": "3D",
    "MagneticFieldStrength": 3,
    "Manufacturer": "Siemens",
    "ManufacturersModelName": "Skyra",
    "Modality": "MR",
    "ParallelReductionFactorInPlane": 2,
    "PartialFourier": 1,
    "PatientPosition": "HFS",
    "PercentPhaseFOV": 100,
    "PercentSampling": 100,
    "PhaseEncodingSteps": 294,
    "PhaseOversampling": 0.15,
    "PhaseResolution": 1,
    "PixelBandwidth": 210,
    "ProcedureStepDescription": "KFU_BioPsy",
    "ProtocolName": "T1_Pat4_088mm_Pat2_224Sl",
    "PulseSequenceDetails": "%SiemensSeq%_tfl",
    "ReceiveCoilActiveElements": "HEA;HEP",
    "ReceiveCoilName": "Head_32",
    "ReconMatrixPE": 256,
    "RefLinesPE": 24,
    "RepetitionTime": 2.2,
    "SAR": 0.0596909,
    "ScanOptions": "IR_WE",
    "ScanningSequence": "GR_IR",
    "SequenceName": "_tfl3d1_16ns",
    "SequenceVariant": "SK_SP_MP_OSP",
    "SeriesDescription": "T1_Pat4_088mm_Pat2_224Sl",
    "SeriesNumber": 9,
    "ShimSetting": [
      -1101,
      -3193,
      -4293,
      539,
      911,
      287,
      258,
      -882
    ],
    "SliceThickness": 0.88,
    "SoftwareVersions": "syngo_MR_E11",
    "StationName": "FBMTMR1",
    "TxRefAmp": 315.376,
    "acq_id": "MPrageHiRes",
    "dataset": "<unset>",
    "modality": "T1w",
    "session_id": "3",
    "subject_id": "season136"
  },
  "cjv": 0.48945632220128854,
  "cnr": 2.7118329761579925,
  "efc": 0.5469476463852027,
  "fber": 2026.1439208984375,
  "fwhm_avg": 4.103677280095547,
  "fwhm_x": 4.079431840286644,
  "fwhm_y": 4.173908571428571,
  "fwhm_z": 4.057691428571428,
  "icvs_csf": 0.18112248445865964,
  "icvs_gm": 0.4585811260880834,
  "icvs_wm": 0.360296389453257,
  "inu_med": 1.4950305223464966,
  "inu_range": 0.5459470987319945,
  "provenance": {
    "md5sum": "ea002e8b5dc097f4a19baf7f445c37cd",
    "settings": {
      "testing": false
    },
    "software": "mriqc",
    "version": "0.15.2",
    "warnings": {
      "large_rot_frame": true,
      "small_air_mask": false
    },
    "webapi_port": null,
    "webapi_url": "https://mriqc.nimh.nih.gov/api/v1"
  },
  "qi_1": 0.0,
  "qi_2": 0.0019137619803634223,
  "rpve_csf": 29.35656433269513,
  "rpve_gm": 13.14649068193328,
  "rpve_wm": 18.891946336546958,
  "size_x": 224,
  "size_y": 256,
  "size_z": 256,
  "snr_csf": 3.254331286100756,
  "snr_gm": 11.447170935892819,
  "snr_total": 11.565834033301803,
  "snr_wm": 19.995999877911828,
  "snrd_csf": 57.33864238994193,
  "snrd_gm": 94.05233577731158,
  "snrd_total": 91.09760566107623,
  "snrd_wm": 121.90183881597515,
  "spacing_x": 0.8799999952316284,
  "spacing_y": 0.875,
  "spacing_z": 0.875,
  "summary_bg_k": 5.71249580835863,
  "summary_bg_mad": 5.374430921203321,
  "summary_bg_mean": 12.441412925720215,
  "summary_bg_median": 10.828814506530762,
  "summary_bg_n": 2963183.0,
  "summary_bg_p05": 3.6124823570251468,
  "summary_bg_p95": 26.242718696594235,
  "summary_bg_stdv": 7.3180694580078125,
  "summary_csf_k": 21.00398711575083,
  "summary_csf_mad": 156.50466294697185,
  "summary_csf_mean": 461.9192199707031,
  "summary_csf_median": 470.3792724609375,
  "summary_csf_n": 20795.0,
  "summary_csf_p05": 255.69046630859378,
  "summary_csf_p95": 654.277294921875,
  "summary_csf_stdv": 144.53598022460938,
  "summary_gm_k": 0.21941444669590338,
  "summary_gm_mad": 66.42657893294054,
  "summary_gm_mean": 773.2002563476562,
  "summary_gm_median": 771.5611572265625,
  "summary_gm_n": 43380.0,
  "summary_gm_p05": 667.7123779296876,
  "summary_gm_p95": 889.919937133789,
  "summary_gm_stdv": 67.40113067626953,
  "summary_wm_k": 0.5883529694588168,
  "summary_wm_mad": 45.39668450079547,
  "summary_wm_mean": 999.2850341796875,
  "summary_wm_median": 1000.025390625,
  "summary_wm_n": 263140.0,
  "summary_wm_p05": 913.6053619384766,
  "summary_wm_p95": 1080.6708740234374,
  "summary_wm_stdv": 50.01117706298828,
  "tpm_overlap_csf": 0.15019424259662628,
  "tpm_overlap_gm": 0.463865727186203,
  "tpm_overlap_wm": 0.491421103477478,
  "wm2max": 0.5275560092739554
}