{
  "bids_meta": {
    "AcquisitionMatrixPE": 256,
    "AcquisitionNumber": 1,
    "AcquisitionTime": "11:20:7.137500",
    "BaseResolution": 256,
    "BodyPartExamined": "HEAD",
    "ConsistencyInfo": "N4_VE11C_LATEST_20160120",
    "ConversionSoftware": "dcm2niix",
    "ConversionSoftwareVersion": "v1.0.20200427",
    "DeviceSerialNumber": "45250",
    "DwellTime": 9.2e-06,
    "EchoTime": 0.00218,
    "FlipAngle": 8,
    "ImageOrientationPatientDICOM": [
      0.0726578,
      0.997172,
      0.0191881,
      -0.0296729,
      0.0213917,
      -0.999331
    ],
    "ImageType": [
      "ORIGINAL",
      "PRIMARY",
      "M",
      "NORM",
      "DIS3D",
      "DIS2D"
    ],
    "ImagingFrequency": 123.24,
    "InPlanePhaseEncodingDirectionDICOM": "ROW",
    "InstitutionAddress": "Kopernikusstr._26_Graz_Graz_AT_8010",
    "InstitutionName": "KFU",
    "InstitutionalDepartmentName": "Department",
    "InversionTime": 1,
    "MRAcquisitionType": "3D",
    "MagneticFieldStrength": 3,
    "Manufacturer": "Siemens",
    "ManufacturersModelName": "Skyra",
    "Modality": "MR",
    "ParallelReductionFactorInPlane": 2,
    "PartialFourier": 1,
    "PatientPosition": "HFS",
    "PercentPhaseFOV": 100,
    "PercentSampling": 100,
    "PhaseEncodingSteps": 294,
    "PhaseOversampling": 0.15,
    "PhaseResolution": 1,
    "PixelBandwidth": 210,
    "ProcedureStepDescription": "KFU_BioPsy",
    "ProtocolName": "T1_Pat4_088mm_Pat2_224Sl",
    "PulseSequenceDetails": "%SiemensSeq%_tfl",
    "ReceiveCoilActiveElements": "HEA;HEP",
    "ReceiveCoilName": "Head_32",
    "ReconMatrixPE": 256,
    "RefLinesPE": 24,
    "RepetitionTime": 2.2,
    "SAR": 0.0499502,
    "ScanOptions": "IR_WE",
    "ScanningSequence": "GR_IR",
    "SequenceName": "_tfl3d1_16ns",
    "SequenceVariant": "SK_SP_MP_OSP",
    "SeriesDescription": "T1_Pat4_088mm_Pat2_224Sl",
    "SeriesNumber": 9,
    "ShimSetting": [
      -1128,
      -3208,
      -4302,
      268,
      1059,
      36,
      463,
      -820
    ],
    "SliceThickness": 0.88,
    "SoftwareVersions": "syngo_MR_E11",
    "StationName": "FBMTMR1",
    "TxRefAmp": 333.258,
    "acq_id": "MPrageHiRes",
    "dataset": "<unset>",
    "modality": "T1w",
    "session_id": "2",
    "subject_id": "season106"
  },
  "cjv": 0.5434663212673049,
  "cnr": 2.40956024227756,
  "efc": 0.6116428688900204,
  "fber": 2759.3720703125,
  "fwhm_avg": 4.23536383861036,
  "fwhm_x": 4.119988658688223,
  "fwhm_y": 4.334262857142857,
  "fwhm_z": 4.25184,
  "icvs_csf": 0.18979998752483201,
  "icvs_gm": 0.43768222401381657,
  "icvs_wm": 0.3725177884613514,
  "inu_med": 1.488904356956482,
  "inu_range": 0.6110439002513881,
  "provenance": {
    "md5sum": "4c080e957a75a0dc777a52d242a878a1",
    "settings": {
      "testing": false
    },
    "software": "mriqc",
    "version": "0.15.2",
    "warnings": {
      "large_rot_frame": true,
      "small_air_mask": false
    },
    "webapi_port": null,
    "webapi_url": "https://mriqc.nimh.nih.gov/api/v1"
  },
  "qi_1": 0.0,
  "qi_2": 0.0017462893877415813,
  "rpve_csf": 26.041020242943922,
  "rpve_gm": 12.410425534470129,
  "rpve_wm": 16.866818498485152,
  "size_x": 224,
  "size_y": 256,
  "size_z": 256,
  "snr_csf": 2.99775671064185,
  "snr_gm": 10.181157894889592,
  "snr_total": 11.20591579229306,
  "snr_wm": 20.438832771347737,
  "snrd_csf": 54.5290364577642,
  "snrd_gm": 105.89281963905319,
  "snrd_total": 98.70779759625316,
  "snrd_wm": 135.7015366919421,
  "spacing_x": 0.8799999952316284,
  "spacing_y": 0.875,
  "spacing_z": 0.875,
  "summary_bg_k": 7.934374603998727,
  "summary_bg_mad": 4.827880277698854,
  "summary_bg_mean": 10.369974136352539,
  "summary_bg_median": 8.551437377929688,
  "summary_bg_n": 3179810.0,
  "summary_bg_p05": 3.167933917045593,
  "summary_bg_p95": 22.45906467437744,
  "summary_bg_stdv": 6.531560897827148,
  "summary_csf_k": 1.7481680418374017,
  "summary_csf_mad": 150.38178001784925,
  "summary_csf_mean": 430.2994079589844,
  "summary_csf_median": 401.8394775390625,
  "summary_csf_n": 33189.0,
  "summary_csf_p05": 252.47030334472657,
  "summary_csf_p95": 649.1532470703123,
  "summary_csf_stdv": 134.04470825195312,
  "summary_gm_k": 0.01921298516947534,
  "summary_gm_mad": 76.01584991645674,
  "summary_gm_mean": 784.2098388671875,
  "summary_gm_median": 780.3533325195312,
  "summary_gm_n": 38221.0,
  "summary_gm_p05": 666.3208618164062,
  "summary_gm_p95": 920.339599609375,
  "summary_gm_stdv": 76.64581298828125,
  "summary_wm_k": 0.9994612325356922,
  "summary_wm_mad": 43.366657836437234,
  "summary_wm_mean": 999.9528198242188,
  "summary_wm_median": 1000.02197265625,
  "summary_wm_n": 303103.0,
  "summary_wm_p05": 918.645196533203,
  "summary_wm_p95": 1079.0386230468748,
  "summary_wm_stdv": 48.927467346191406,
  "tpm_overlap_csf": 0.16686032712459564,
  "tpm_overlap_gm": 0.46137765049934387,
  "tpm_overlap_wm": 0.5129656195640564,
  "wm2max": 0.6014793176615982
}