{
  "bids_meta": {
    "AcquisitionMatrixPE": 256,
    "AcquisitionNumber": 1,
    "AcquisitionTime": "13:03:50.162500",
    "BaseResolution": 256,
    "BodyPartExamined": "HEAD",
    "ConsistencyInfo": "N4_VE11C_LATEST_20160120",
    "ConversionSoftware": "dcm2niix",
    "ConversionSoftwareVersion": "v1.0.20200427",
    "DeviceSerialNumber": "45250",
    "DwellTime": 9.2e-06,
    "EchoTime": 0.00218,
    "FlipAngle": 8,
    "ImageOrientationPatientDICOM": [
      0.0457471,
      0.998802,
      0.0173957,
      0.0812375,
      0.0136366,
      -0.996601
    ],
    "ImageType": [
      "ORIGINAL",
      "PRIMARY",
      "M",
      "NORM",
      "DIS3D",
      "DIS2D"
    ],
    "ImagingFrequency": 123.239,
    "InPlanePhaseEncodingDirectionDICOM": "ROW",
    "InstitutionAddress": "Kopernikusstr._26_Graz_Graz_AT_8010",
    "InstitutionName": "KFU",
    "InstitutionalDepartmentName": "Department",
    "InversionTime": 1,
    "MRAcquisitionType": "3D",
    "MagneticFieldStrength": 3,
    "Manufacturer": "Siemens",
    "ManufacturersModelName": "Skyra",
    "Modality": "MR",
    "ParallelReductionFactorInPlane": 2,
    "PartialFourier": 1,
    "PatientPosition": "HFS",
    "PercentPhaseFOV": 100,
    "PercentSampling": 100,
    "PhaseEncodingSteps": 294,
    "PhaseOversampling": 0.15,
    "PhaseResolution": 1,
    "PixelBandwidth": 210,
    "ProcedureStepDescription": "BioPsy_2018",
    "ProtocolName": "anat-T1w",
    "PulseSequenceDetails": "%SiemensSeq%_tfl",
    "ReceiveCoilActiveElements": "HEA;HEP",
    "ReceiveCoilName": "Head_32",
    "ReconMatrixPE": 256,
    "RefLinesPE": 24,
    "RepetitionTime": 2.2,
    "SAR": 0.0583159,
    "ScanOptions": "IR_WE",
    "ScanningSequence": "GR_IR",
    "SequenceName": "_tfl3d1_16ns",
    "SequenceVariant": "SK_SP_MP_OSP",
    "SeriesDescription": "anat-T1w",
    "SeriesNumber": 9,
    "ShimSetting": [
      -1087,
      -3210,
      -4247,
      532,
      947,
      173,
      381,
      -964
    ],
    "SliceThickness": 0.88,
    "SoftwareVersions": "syngo_MR_E11",
    "StationName": "FBMTMR1",
    "TxRefAmp": 329.885,
    "acq_id": "MPrageHiRes",
    "dataset": "<unset>",
    "modality": "T1w",
    "session_id": "1",
    "subject_id": "season220"
  },
  "cjv": 0.6233692400115463,
  "cnr": 2.2056053297131992,
  "efc": 0.5935758077135791,
  "fber": 2462.43115234375,
  "fwhm_avg": 4.262499726138717,
  "fwhm_x": 4.165647749844723,
  "fwhm_y": 4.371188571428571,
  "fwhm_z": 4.250662857142857,
  "icvs_csf": 0.18040274247844762,
  "icvs_gm": 0.4529296627914632,
  "icvs_wm": 0.3666675947300892,
  "inu_med": 1.4486509561538696,
  "inu_range": 0.6191973686218262,
  "provenance": {
    "md5sum": "6c6f30a558fb7acf084c06014196cb28",
    "settings": {
      "testing": false
    },
    "software": "mriqc",
    "version": "0.15.2",
    "warnings": {
      "large_rot_frame": true,
      "small_air_mask": false
    },
    "webapi_port": null,
    "webapi_url": "https://mriqc.nimh.nih.gov/api/v1"
  },
  "qi_1": 0.00020086559055651447,
  "qi_2": 0.0018966673312242508,
  "rpve_csf": 23.161076934096283,
  "rpve_gm": 10.525124453066802,
  "rpve_wm": 14.797142119272902,
  "size_x": 224,
  "size_y": 256,
  "size_z": 256,
  "snr_csf": 1.6104570724657723,
  "snr_gm": 10.977059207163212,
  "snr_total": 10.366999418345754,
  "snr_wm": 18.513481975408283,
  "snrd_csf": 51.73160856342397,
  "snrd_gm": 109.75449965429969,
  "snrd_total": 99.59800052651082,
  "snrd_wm": 137.30789336180877,
  "spacing_x": 0.8799999952316284,
  "spacing_y": 0.875,
  "spacing_z": 0.875,
  "summary_bg_k": 37.68822213789122,
  "summary_bg_mad": 4.771445795459776,
  "summary_bg_mean": 10.617365837097168,
  "summary_bg_median": 8.529184341430664,
  "summary_bg_n": 2742709.0,
  "summary_bg_p05": 3.1811368465423584,
  "summary_bg_p95": 23.44487571716309,
  "summary_bg_stdv": 7.587923049926758,
  "summary_csf_k": 26.42809038852555,
  "summary_csf_mad": 115.75475187585937,
  "summary_csf_mean": 430.2253112792969,
  "summary_csf_median": 376.7682189941406,
  "summary_csf_n": 23522.0,
  "summary_csf_p05": 241.28985443115235,
  "summary_csf_p95": 675.8392181396486,
  "summary_csf_stdv": 233.94613647460938,
  "summary_gm_k": -0.20652954646562893,
  "summary_gm_mad": 75.20315152019216,
  "summary_gm_mean": 799.546630859375,
  "summary_gm_median": 799.356689453125,
  "summary_gm_n": 66779.0,
  "summary_gm_p05": 681.8975646972656,
  "summary_gm_p95": 921.1274841308593,
  "summary_gm_stdv": 72.82011413574219,
  "summary_wm_k": 1.0278290569766257,
  "summary_wm_mad": 49.89150115707606,
  "summary_wm_mean": 1000.5493774414062,
  "summary_wm_median": 1000.03173828125,
  "summary_wm_n": 346329.0,
  "summary_wm_p05": 912.3547241210937,
  "summary_wm_p95": 1087.8952880859374,
  "summary_wm_stdv": 54.016326904296875,
  "tpm_overlap_csf": 0.16017727553844452,
  "tpm_overlap_gm": 0.46079757809638977,
  "tpm_overlap_wm": 0.5024539232254028,
  "wm2max": 0.4755304224520394
}