{
  "bids_meta": {
    "AcquisitionMatrixPE": 256,
    "AcquisitionNumber": 1,
    "AcquisitionTime": "12:14:46.182500",
    "BaseResolution": 256,
    "BodyPartExamined": "HEAD",
    "ConsistencyInfo": "N4_VE11C_LATEST_20160120",
    "ConversionSoftware": "dcm2niix",
    "ConversionSoftwareVersion": "v1.0.20200427",
    "DeviceSerialNumber": "45250",
    "DwellTime": 9.2e-06,
    "EchoTime": 0.00218,
    "FlipAngle": 8,
    "ImageOrientationPatientDICOM": [
      0.0567901,
      0.987641,
      0.146083,
      0.0109774,
      0.145692,
      -0.989269
    ],
    "ImageType": [
      "ORIGINAL",
      "PRIMARY",
      "M",
      "NORM",
      "DIS3D",
      "DIS2D"
    ],
    "ImagingFrequency": 123.24,
    "InPlanePhaseEncodingDirectionDICOM": "ROW",
    "InstitutionAddress": "Kopernikusstr._26_Graz_Graz_AT_8010",
    "InstitutionName": "KFU",
    "InstitutionalDepartmentName": "Department",
    "InversionTime": 1,
    "MRAcquisitionType": "3D",
    "MagneticFieldStrength": 3,
    "Manufacturer": "Siemens",
    "ManufacturersModelName": "Skyra",
    "Modality": "MR",
    "ParallelReductionFactorInPlane": 2,
    "PartialFourier": 1,
    "PatientPosition": "HFS",
    "PercentPhaseFOV": 100,
    "PercentSampling": 100,
    "PhaseEncodingSteps": 294,
    "PhaseOversampling": 0.15,
    "PhaseResolution": 1,
    "PixelBandwidth": 210,
    "ProcedureStepDescription": "KFU_BioPsy",
    "ProtocolName": "T1_Pat4_088mm_Pat2_224Sl",
    "PulseSequenceDetails": "%SiemensSeq%_tfl",
    "ReceiveCoilActiveElements": "HEA;HEP",
    "ReceiveCoilName": "Head_32",
    "ReconMatrixPE": 256,
    "RefLinesPE": 24,
    "RepetitionTime": 2.2,
    "SAR": 0.0536214,
    "ScanOptions": "IR_WE",
    "ScanningSequence": "GR_IR",
    "SequenceName": "_tfl3d1_16ns",
    "SequenceVariant": "SK_SP_MP_OSP",
    "SeriesDescription": "T1_Pat4_088mm_Pat2_224Sl",
    "SeriesNumber": 9,
    "ShimSetting": [
      -1082,
      -3161,
      -4277,
      487,
      978,
      209,
      207,
      -824
    ],
    "SliceThickness": 0.88,
    "SoftwareVersions": "syngo_MR_E11",
    "StationName": "FBMTMR1",
    "TxRefAmp": 321.4,
    "acq_id": "MPrageHiRes",
    "dataset": "<unset>",
    "modality": "T1w",
    "session_id": "3",
    "subject_id": "season127"
  },
  "cjv": 0.4875802579885532,
  "cnr": 2.6452470836728974,
  "efc": 0.6167463415625442,
  "fber": 3209.188720703125,
  "fwhm_avg": 4.302411219819447,
  "fwhm_x": 4.262113659458342,
  "fwhm_y": 4.377051428571429,
  "fwhm_z": 4.2680685714285715,
  "icvs_csf": 0.18490075711923476,
  "icvs_gm": 0.4350867167866921,
  "icvs_wm": 0.38001252609407316,
  "inu_med": 1.4084986448287964,
  "inu_range": 0.574982476234436,
  "provenance": {
    "md5sum": "039ce8cb1ce3ff958f481e0bac525965",
    "settings": {
      "testing": false
    },
    "software": "mriqc",
    "version": "0.15.2",
    "warnings": {
      "large_rot_frame": true,
      "small_air_mask": false
    },
    "webapi_port": null,
    "webapi_url": "https://mriqc.nimh.nih.gov/api/v1"
  },
  "qi_1": 1.4740394023015897e-05,
  "qi_2": 0.0013832560164638496,
  "rpve_csf": 22.432282512842335,
  "rpve_gm": 10.591880079905616,
  "rpve_wm": 14.121054576957517,
  "size_x": 224,
  "size_y": 256,
  "size_z": 256,
  "snr_csf": 2.9990083000144763,
  "snr_gm": 11.344787370834691,
  "snr_total": 11.986879871862527,
  "snr_wm": 21.616843944738417,
  "snrd_csf": 57.898971432678124,
  "snrd_gm": 117.58587396974387,
  "snrd_total": 108.74151417468727,
  "snrd_wm": 150.73969712163978,
  "spacing_x": 0.8799999952316284,
  "spacing_y": 0.875,
  "spacing_z": 0.875,
  "summary_bg_k": 67.36986707283307,
  "summary_bg_mad": 4.346245513497393,
  "summary_bg_mean": 9.40585994720459,
  "summary_bg_median": 7.797309398651123,
  "summary_bg_n": 2994061.0,
  "summary_bg_p05": 2.914132595062256,
  "summary_bg_p95": 20.8144474029541,
  "summary_bg_stdv": 6.742440223693848,
  "summary_csf_k": 4.238431621494837,
  "summary_csf_mad": 129.41237872431935,
  "summary_csf_mean": 409.9574890136719,
  "summary_csf_median": 384.1080322265625,
  "summary_csf_n": 27851.0,
  "summary_csf_p05": 241.07828521728516,
  "summary_csf_p95": 628.5614013671875,
  "summary_csf_stdv": 128.0760498046875,
  "summary_gm_k": 0.3429713672018031,
  "summary_gm_mad": 66.45612419809814,
  "summary_gm_mean": 780.996826171875,
  "summary_gm_median": 780.077392578125,
  "summary_gm_n": 52342.0,
  "summary_gm_p05": 672.6679138183594,
  "summary_gm_p95": 898.4739196777344,
  "summary_gm_stdv": 68.76020812988281,
  "summary_wm_k": 1.3268979775493195,
  "summary_wm_mad": 40.78522512847158,
  "summary_wm_mean": 998.5452270507812,
  "summary_wm_median": 1000.0234375,
  "summary_wm_n": 382296.0,
  "summary_wm_p05": 919.1665496826172,
  "summary_wm_p95": 1070.4861450195312,
  "summary_wm_stdv": 46.26124572753906,
  "tpm_overlap_csf": 0.17318429052829742,
  "tpm_overlap_gm": 0.4710139036178589,
  "tpm_overlap_wm": 0.5281331539154053,
  "wm2max": 0.5017431726242353
}