{
  "bids_meta": {
    "AcquisitionMatrixPE": 256,
    "AcquisitionNumber": 1,
    "AcquisitionTime": "13:17:32.082500",
    "BaseResolution": 256,
    "BodyPartExamined": "HEAD",
    "ConsistencyInfo": "N4_VE11C_LATEST_20160120",
    "ConversionSoftware": "dcm2niix",
    "ConversionSoftwareVersion": "v1.0.20200427",
    "DeviceSerialNumber": "45250",
    "DwellTime": 9.2e-06,
    "EchoTime": 0.00218,
    "FlipAngle": 8,
    "ImageOrientationPatientDICOM": [
      -0.0612908,
      0.998045,
      0.0122163,
      0.0101257,
      0.0128604,
      -0.999866
    ],
    "ImageType": [
      "ORIGINAL",
      "PRIMARY",
      "M",
      "NORM",
      "DIS3D",
      "DIS2D"
    ],
    "ImagingFrequency": 123.24,
    "InPlanePhaseEncodingDirectionDICOM": "ROW",
    "InstitutionAddress": "Kopernikusstr._26_Graz_Graz_AT_8010",
    "InstitutionName": "KFU",
    "InstitutionalDepartmentName": "Department",
    "InversionTime": 1,
    "MRAcquisitionType": "3D",
    "MagneticFieldStrength": 3,
    "Manufacturer": "Siemens",
    "ManufacturersModelName": "Skyra",
    "Modality": "MR",
    "ParallelReductionFactorInPlane": 2,
    "PartialFourier": 1,
    "PatientPosition": "HFS",
    "PercentPhaseFOV": 100,
    "PercentSampling": 100,
    "PhaseEncodingSteps": 294,
    "PhaseOversampling": 0.15,
    "PhaseResolution": 1,
    "PixelBandwidth": 210,
    "ProcedureStepDescription": "KFU_BioPsy",
    "ProtocolName": "T1_Pat4_088mm_Pat2_224Sl",
    "PulseSequenceDetails": "%SiemensSeq%_tfl",
    "ReceiveCoilActiveElements": "HEA;HEP",
    "ReceiveCoilName": "Head_32",
    "ReconMatrixPE": 256,
    "RefLinesPE": 24,
    "RepetitionTime": 2.2,
    "SAR": 0.0567025,
    "ScanOptions": "IR_WE",
    "ScanningSequence": "GR_IR",
    "SequenceName": "_tfl3d1_16ns",
    "SequenceVariant": "SK_SP_MP_OSP",
    "SeriesDescription": "T1_Pat4_088mm_Pat2_224Sl",
    "SeriesNumber": 9,
    "ShimSetting": [
      -1141,
      -3127,
      -4395,
      413,
      782,
      106,
      263,
      -946
    ],
    "SliceThickness": 0.88,
    "SoftwareVersions": "syngo_MR_E11",
    "StationName": "FBMTMR1",
    "TxRefAmp": 316.259,
    "acq_id": "MPrageHiRes",
    "dataset": "<unset>",
    "modality": "T1w",
    "session_id": "2",
    "subject_id": "season132"
  },
  "cjv": 0.5270685902591292,
  "cnr": 2.4113396567910073,
  "efc": 0.5470437480810831,
  "fber": 3017.568359375,
  "fwhm_avg": 4.093144076379353,
  "fwhm_x": 3.9393636577094884,
  "fwhm_y": 4.211291428571429,
  "fwhm_z": 4.128777142857143,
  "icvs_csf": 0.20135789493899295,
  "icvs_gm": 0.4476522210657893,
  "icvs_wm": 0.35098988399521774,
  "inu_med": 1.594314694404602,
  "inu_range": 0.6043115854263301,
  "provenance": {
    "md5sum": "686502fc07e19e65dc5ae012973eba80",
    "settings": {
      "testing": false
    },
    "software": "mriqc",
    "version": "0.15.2",
    "warnings": {
      "large_rot_frame": true,
      "small_air_mask": false
    },
    "webapi_port": null,
    "webapi_url": "https://mriqc.nimh.nih.gov/api/v1"
  },
  "qi_1": 0.0,
  "qi_2": 0.0027540550260248416,
  "rpve_csf": 27.038879357513146,
  "rpve_gm": 13.381335429631894,
  "rpve_wm": 19.42014997510179,
  "size_x": 224,
  "size_y": 256,
  "size_z": 256,
  "snr_csf": 2.4225898050082844,
  "snr_gm": 11.525682196839522,
  "snr_total": 11.143690271338576,
  "snr_wm": 19.482798812167914,
  "snrd_csf": 51.42263857871678,
  "snrd_gm": 106.9678831893106,
  "snrd_total": 97.7789657667521,
  "snrd_wm": 134.94637553222893,
  "spacing_x": 0.8799999952316284,
  "spacing_y": 0.875,
  "spacing_z": 0.875,
  "summary_bg_k": 5.385736180240542,
  "summary_bg_mad": 4.854950476496461,
  "summary_bg_mean": 9.48195743560791,
  "summary_bg_median": 8.812024116516113,
  "summary_bg_n": 3151299.0,
  "summary_bg_p05": 3.30879545211792,
  "summary_bg_p95": 19.40213260650631,
  "summary_bg_stdv": 5.343116283416748,
  "summary_csf_k": 30.330740137814082,
  "summary_csf_mad": 141.77220830915306,
  "summary_csf_mean": 415.4884033203125,
  "summary_csf_median": 381.0723571777344,
  "summary_csf_n": 27530.0,
  "summary_csf_p05": 240.2086524963379,
  "summary_csf_p95": 641.8858978271484,
  "summary_csf_stdv": 157.29672241210938,
  "summary_gm_k": 0.4916503773745937,
  "summary_gm_mad": 64.69671044477757,
  "summary_gm_mean": 794.771728515625,
  "summary_gm_median": 792.6956787109375,
  "summary_gm_n": 41418.0,
  "summary_gm_p05": 687.5834045410156,
  "summary_gm_p95": 914.2848327636718,
  "summary_gm_stdv": 68.775634765625,
  "summary_wm_k": 0.8620461101502213,
  "summary_wm_mad": 44.58425757710509,
  "summary_wm_mean": 1000.94384765625,
  "summary_wm_median": 1000.032958984375,
  "summary_wm_n": 254146.0,
  "summary_wm_p05": 915.6097259521484,
  "summary_wm_p95": 1087.6796569824219,
  "summary_wm_stdv": 51.32891845703125,
  "tpm_overlap_csf": 0.1688125878572464,
  "tpm_overlap_gm": 0.46018683910369873,
  "tpm_overlap_wm": 0.5017541646957397,
  "wm2max": 0.5061267546830941
}