{
  "bids_meta": {
    "AcquisitionMatrixPE": 256,
    "AcquisitionNumber": 1,
    "AcquisitionTime": "09:20:50.180000",
    "BaseResolution": 256,
    "BodyPartExamined": "BRAIN",
    "ConsistencyInfo": "N4_VE11C_LATEST_20160120",
    "ConversionSoftware": "dcm2niix",
    "ConversionSoftwareVersion": "v1.0.20200427",
    "DeviceSerialNumber": "45250",
    "DwellTime": 9.2e-06,
    "EchoTime": 0.00218,
    "FlipAngle": 8,
    "ImageOrientationPatientDICOM": [
      -0.0077511,
      0.995532,
      0.0941065,
      0.00551855,
      0.0941505,
      -0.995543
    ],
    "ImageType": [
      "ORIGINAL",
      "PRIMARY",
      "M",
      "NORM",
      "DIS3D",
      "DIS2D"
    ],
    "ImagingFrequency": 123.24,
    "InPlanePhaseEncodingDirectionDICOM": "ROW",
    "InstitutionAddress": "Kopernikusstr._26_Graz_Graz_AT_8010",
    "InstitutionName": "KFU",
    "InstitutionalDepartmentName": "Department",
    "InversionTime": 1,
    "MRAcquisitionType": "3D",
    "MagneticFieldStrength": 3,
    "Manufacturer": "Siemens",
    "ManufacturersModelName": "Skyra",
    "Modality": "MR",
    "ParallelReductionFactorInPlane": 2,
    "PartialFourier": 1,
    "PatientPosition": "HFS",
    "PercentPhaseFOV": 100,
    "PercentSampling": 100,
    "PhaseEncodingSteps": 294,
    "PhaseOversampling": 0.15,
    "PhaseResolution": 1,
    "PixelBandwidth": 210,
    "ProcedureStepDescription": "KFU_BioPsy",
    "ProtocolName": "T1_Pat4_088mm_Pat2_224Sl",
    "PulseSequenceDetails": "%SiemensSeq%_tfl",
    "ReceiveCoilActiveElements": "HEA;HEP",
    "ReceiveCoilName": "Head_32",
    "ReconMatrixPE": 256,
    "RefLinesPE": 24,
    "RepetitionTime": 2.2,
    "SAR": 0.0648485,
    "ScanOptions": "IR_WE",
    "ScanningSequence": "GR_IR",
    "SequenceName": "_tfl3d1_16ns",
    "SequenceVariant": "SK_SP_MP_OSP",
    "SeriesDescription": "T1_Pat4_088mm_Pat2_224Sl",
    "SeriesNumber": 9,
    "ShimSetting": [
      -1133,
      -3152,
      -4224,
      461,
      839,
      245,
      141,
      -910
    ],
    "SliceThickness": 0.88,
    "SoftwareVersions": "syngo_MR_E11",
    "StationName": "FBMTMR1",
    "TxRefAmp": 324.01,
    "acq_id": "MPrageHiRes",
    "dataset": "<unset>",
    "modality": "T1w",
    "session_id": "3",
    "subject_id": "season102"
  },
  "cjv": 0.4401447690785182,
  "cnr": 2.888174277923486,
  "efc": 0.5978972850167364,
  "fber": 3622.984375,
  "fwhm_avg": 4.328747237051641,
  "fwhm_x": 4.215704568297779,
  "fwhm_y": 4.450331428571428,
  "fwhm_z": 4.320205714285715,
  "icvs_csf": 0.18792530110356714,
  "icvs_gm": 0.4246014541373812,
  "icvs_wm": 0.38747324475905165,
  "inu_med": 1.3256642818450928,
  "inu_range": 0.5269074797630309,
  "provenance": {
    "md5sum": "30e6c149b74d35a57cadd6a00ea8cd41",
    "settings": {
      "testing": false
    },
    "software": "mriqc",
    "version": "0.15.2",
    "warnings": {
      "large_rot_frame": true,
      "small_air_mask": false
    },
    "webapi_port": null,
    "webapi_url": "https://mriqc.nimh.nih.gov/api/v1"
  },
  "qi_1": 0.00013384077002198398,
  "qi_2": 0.002209218578635298,
  "rpve_csf": 20.714854379721153,
  "rpve_gm": 10.122482139923012,
  "rpve_wm": 13.094820481259942,
  "size_x": 224,
  "size_y": 256,
  "size_z": 256,
  "snr_csf": 2.876906155230035,
  "snr_gm": 11.52640641397373,
  "snr_total": 12.641042390476734,
  "snr_wm": 23.519814602226436,
  "snrd_csf": 56.98939665640178,
  "snrd_gm": 123.8951622571172,
  "snrd_total": 113.90368261650387,
  "snrd_wm": 160.82648893599264,
  "spacing_x": 0.8799999952316284,
  "spacing_y": 0.875,
  "spacing_z": 0.875,
  "summary_bg_k": 174.5807654326253,
  "summary_bg_mad": 4.073661598457547,
  "summary_bg_mean": 8.391975402832031,
  "summary_bg_median": 7.358869552612305,
  "summary_bg_n": 2847210.0,
  "summary_bg_p05": 2.758717751502991,
  "summary_bg_p95": 17.455642414092992,
  "summary_bg_stdv": 6.861029148101807,
  "summary_csf_k": 13.678837726666714,
  "summary_csf_mad": 111.32266800693104,
  "summary_csf_mean": 379.61627197265625,
  "summary_csf_median": 354.36212158203125,
  "summary_csf_n": 36131.0,
  "summary_csf_p05": 230.45169830322266,
  "summary_csf_p95": 598.5081787109375,
  "summary_csf_stdv": 123.17301940917969,
  "summary_gm_k": 0.3058943495219517,
  "summary_gm_mad": 63.97418618857286,
  "summary_gm_mean": 773.3414306640625,
  "summary_gm_median": 770.3845825195312,
  "summary_gm_n": 60988.0,
  "summary_gm_p05": 669.5014495849609,
  "summary_gm_p95": 889.504473876953,
  "summary_gm_stdv": 66.83594512939453,
  "summary_wm_k": 1.273068475606955,
  "summary_wm_mad": 37.10079935157496,
  "summary_wm_mean": 998.7553100585938,
  "summary_wm_median": 1000.02490234375,
  "summary_wm_n": 408550.0,
  "summary_wm_p05": 925.5857910156251,
  "summary_wm_p95": 1064.737127685547,
  "summary_wm_stdv": 42.518348693847656,
  "tpm_overlap_csf": 0.16325514018535614,
  "tpm_overlap_gm": 0.4402502477169037,
  "tpm_overlap_wm": 0.5025842785835266,
  "wm2max": 0.5785835171481114
}