{
  "bids_meta": {
    "AcquisitionMatrixPE": 256,
    "AcquisitionNumber": 1,
    "AcquisitionTime": "10:59:14.120000",
    "BaseResolution": 256,
    "BodyPartExamined": "HEAD",
    "ConsistencyInfo": "N4_VE11C_LATEST_20160120",
    "ConversionSoftware": "dcm2niix",
    "ConversionSoftwareVersion": "v1.0.20200427",
    "DeviceSerialNumber": "45250",
    "DwellTime": 9.2e-06,
    "EchoTime": 0.00218,
    "FlipAngle": 8,
    "ImageOrientationPatientDICOM": [
      -0.0295365,
      0.996055,
      0.0836731,
      -0.0131701,
      0.0833146,
      -0.996436
    ],
    "ImageType": [
      "ORIGINAL",
      "PRIMARY",
      "M",
      "NORM",
      "DIS3D",
      "DIS2D"
    ],
    "ImagingFrequency": 123.24,
    "InPlanePhaseEncodingDirectionDICOM": "ROW",
    "InstitutionAddress": "Kopernikusstr._26_Graz_Graz_AT_8010",
    "InstitutionName": "KFU",
    "InstitutionalDepartmentName": "Department",
    "InversionTime": 1,
    "MRAcquisitionType": "3D",
    "MagneticFieldStrength": 3,
    "Manufacturer": "Siemens",
    "ManufacturersModelName": "Skyra",
    "Modality": "MR",
    "ParallelReductionFactorInPlane": 2,
    "PartialFourier": 1,
    "PatientPosition": "HFS",
    "PercentPhaseFOV": 100,
    "PercentSampling": 100,
    "PhaseEncodingSteps": 294,
    "PhaseOversampling": 0.15,
    "PhaseResolution": 1,
    "PixelBandwidth": 210,
    "ProcedureStepDescription": "KFU_BioPsy",
    "ProtocolName": "T1_Pat4_088mm_Pat2_224Sl",
    "PulseSequenceDetails": "%SiemensSeq%_tfl",
    "ReceiveCoilActiveElements": "HEA;HEP",
    "ReceiveCoilName": "Head_32",
    "ReconMatrixPE": 256,
    "RefLinesPE": 24,
    "RepetitionTime": 2.2,
    "SAR": 0.057449,
    "ScanOptions": "IR_WE",
    "ScanningSequence": "GR_IR",
    "SequenceName": "_tfl3d1_16ns",
    "SequenceVariant": "SK_SP_MP_OSP",
    "SeriesDescription": "T1_Pat4_088mm_Pat2_224Sl",
    "SeriesNumber": 9,
    "ShimSetting": [
      -1147,
      -3177,
      -4395,
      424,
      859,
      18,
      326,
      -865
    ],
    "SliceThickness": 0.88,
    "SoftwareVersions": "syngo_MR_E11",
    "StationName": "FBMTMR1",
    "TxRefAmp": 318.972,
    "acq_id": "MPrageHiRes",
    "dataset": "<unset>",
    "modality": "T1w",
    "session_id": "1",
    "subject_id": "season132"
  },
  "cjv": 0.461850229602088,
  "cnr": 2.73479900930885,
  "efc": 0.5417916041076337,
  "fber": 4405.95654296875,
  "fwhm_avg": 4.081032496268533,
  "fwhm_x": 3.9259432030913133,
  "fwhm_y": 4.208354285714286,
  "fwhm_z": 4.1088000000000005,
  "icvs_csf": 0.19787589985385523,
  "icvs_gm": 0.4449646052438612,
  "icvs_wm": 0.35715949490228355,
  "inu_med": 1.5705680847167969,
  "inu_range": 0.592218667268753,
  "provenance": {
    "md5sum": "a3266b88db5731dfe5ad6ef7c9c1614b",
    "settings": {
      "testing": false
    },
    "software": "mriqc",
    "version": "0.15.2",
    "warnings": {
      "large_rot_frame": true,
      "small_air_mask": false
    },
    "webapi_port": null,
    "webapi_url": "https://mriqc.nimh.nih.gov/api/v1"
  },
  "qi_1": 0.0,
  "qi_2": 0.0024847762292183767,
  "rpve_csf": 27.29281402820319,
  "rpve_gm": 13.339213240753192,
  "rpve_wm": 18.952651300987682,
  "size_x": 224,
  "size_y": 256,
  "size_z": 256,
  "snr_csf": 1.8848566351606564,
  "snr_gm": 11.89426614573101,
  "snr_total": 11.422232563524554,
  "snr_wm": 20.487574909682003,
  "snrd_csf": 61.56243141700175,
  "snrd_gm": 122.53664346614704,
  "snrd_total": 113.95741960991212,
  "snrd_wm": 157.7731839465876,
  "spacing_x": 0.8799999952316284,
  "spacing_y": 0.875,
  "spacing_z": 0.875,
  "summary_bg_k": 9.218387943987382,
  "summary_bg_mad": 4.15247507081148,
  "summary_bg_mean": 7.742912292480469,
  "summary_bg_median": 6.639985084533691,
  "summary_bg_n": 3292122.0,
  "summary_bg_p05": 1.902604842185974,
  "summary_bg_p95": 16.483273887634276,
  "summary_bg_stdv": 4.805706977844238,
  "summary_csf_k": 41.624488152418905,
  "summary_csf_mad": 147.70465322748188,
  "summary_csf_mean": 427.06414794921875,
  "summary_csf_median": 390.20343017578125,
  "summary_csf_n": 27921.0,
  "summary_csf_p05": 238.1044158935547,
  "summary_csf_p95": 641.7598876953125,
  "summary_csf_stdv": 207.01651000976562,
  "summary_gm_k": 0.6351593652438319,
  "summary_gm_mad": 60.50390702728254,
  "summary_gm_mean": 778.22607421875,
  "summary_gm_median": 776.6785278320312,
  "summary_gm_n": 38313.0,
  "summary_gm_p05": 675.4524780273438,
  "summary_gm_p95": 890.0728759765625,
  "summary_gm_stdv": 65.29771423339844,
  "summary_wm_k": 0.876404875651744,
  "summary_wm_mad": 42.64621486996798,
  "summary_wm_mean": 999.856689453125,
  "summary_wm_median": 1000.0195922851562,
  "summary_wm_n": 254684.0,
  "summary_wm_p05": 917.1140960693359,
  "summary_wm_p95": 1080.0223693847656,
  "summary_wm_stdv": 48.81093215942383,
  "tpm_overlap_csf": 0.1678774356842041,
  "tpm_overlap_gm": 0.46029624342918396,
  "tpm_overlap_wm": 0.5022009015083313,
  "wm2max": 0.5073997301820775
}