{
  "bids_meta": {
    "AcquisitionMatrixPE": 256,
    "AcquisitionNumber": 1,
    "AcquisitionTime": "09:44:59.182500",
    "BaseResolution": 256,
    "BodyPartExamined": "HEAD",
    "ConsistencyInfo": "N4_VE11C_LATEST_20160120",
    "ConversionSoftware": "dcm2niix",
    "ConversionSoftwareVersion": "v1.0.20200427",
    "DeviceSerialNumber": "45250",
    "DwellTime": 9.2e-06,
    "EchoTime": 0.00218,
    "FlipAngle": 8,
    "ImageOrientationPatientDICOM": [
      0.0224521,
      0.994631,
      0.101018,
      0.0298075,
      0.100333,
      -0.994507
    ],
    "ImageType": [
      "ORIGINAL",
      "PRIMARY",
      "M",
      "NORM",
      "DIS3D",
      "DIS2D"
    ],
    "ImagingFrequency": 123.24,
    "InPlanePhaseEncodingDirectionDICOM": "ROW",
    "InstitutionAddress": "Kopernikusstr._26_Graz_Graz_AT_8010",
    "InstitutionName": "KFU",
    "InstitutionalDepartmentName": "Department",
    "InversionTime": 1,
    "MRAcquisitionType": "3D",
    "MagneticFieldStrength": 3,
    "Manufacturer": "Siemens",
    "ManufacturersModelName": "Skyra",
    "Modality": "MR",
    "ParallelReductionFactorInPlane": 2,
    "PartialFourier": 1,
    "PatientPosition": "HFS",
    "PercentPhaseFOV": 100,
    "PercentSampling": 100,
    "PhaseEncodingSteps": 294,
    "PhaseOversampling": 0.15,
    "PhaseResolution": 1,
    "PixelBandwidth": 210,
    "ProcedureStepDescription": "KFU_BioPsy",
    "ProtocolName": "T1_Pat4_088mm_Pat2_224Sl",
    "PulseSequenceDetails": "%SiemensSeq%_tfl",
    "ReceiveCoilActiveElements": "HEA;HEP",
    "ReceiveCoilName": "Head_32",
    "ReconMatrixPE": 256,
    "RefLinesPE": 24,
    "RepetitionTime": 2.2,
    "SAR": 0.0678699,
    "ScanOptions": "IR_WE",
    "ScanningSequence": "GR_IR",
    "SequenceName": "_tfl3d1_16ns",
    "SequenceVariant": "SK_SP_MP_OSP",
    "SeriesDescription": "T1_Pat4_088mm_Pat2_224Sl",
    "SeriesNumber": 9,
    "ShimSetting": [
      -1102,
      -3200,
      -4323,
      368,
      932,
      75,
      267,
      -852
    ],
    "SliceThickness": 0.88,
    "SoftwareVersions": "syngo_MR_E11",
    "StationName": "FBMTMR1",
    "TxRefAmp": 332.972,
    "acq_id": "MPrageHiRes",
    "dataset": "<unset>",
    "modality": "T1w",
    "session_id": "1",
    "subject_id": "season109"
  },
  "cjv": 0.4424179212481747,
  "cnr": 2.9221534622153,
  "efc": 0.6463952942975577,
  "fber": 5646.87255859375,
  "fwhm_avg": 4.392270267543255,
  "fwhm_x": 4.3201136597726215,
  "fwhm_y": 4.449657142857143,
  "fwhm_z": 4.40704,
  "icvs_csf": 0.173729651245095,
  "icvs_gm": 0.4464993637564721,
  "icvs_wm": 0.3797709849984329,
  "inu_med": 1.2689353227615356,
  "inu_range": 0.5766041636466981,
  "provenance": {
    "md5sum": "20d1e65b04357480948fc39372568e54",
    "settings": {
      "testing": false
    },
    "software": "mriqc",
    "version": "0.15.2",
    "warnings": {
      "large_rot_frame": true,
      "small_air_mask": false
    },
    "webapi_port": null,
    "webapi_url": "https://mriqc.nimh.nih.gov/api/v1"
  },
  "qi_1": 0.0,
  "qi_2": 0.002241441408711796,
  "rpve_csf": 21.05514194871082,
  "rpve_gm": 9.40303522384319,
  "rpve_wm": 12.620215684181568,
  "size_x": 224,
  "size_y": 256,
  "size_z": 256,
  "snr_csf": 1.9652799255631976,
  "snr_gm": 12.697089335860321,
  "snr_total": 11.625052793284711,
  "snr_wm": 20.212789118430614,
  "snrd_csf": 63.89233880482077,
  "snrd_gm": 133.70682809027846,
  "snrd_total": 123.69403386281563,
  "snrd_wm": 173.4829346933477,
  "spacing_x": 0.8799999952316284,
  "spacing_y": 0.875,
  "spacing_z": 0.875,
  "summary_bg_k": 9.20170966794582,
  "summary_bg_mad": 3.776460281745485,
  "summary_bg_mean": 7.908835411071777,
  "summary_bg_median": 6.80222749710083,
  "summary_bg_n": 2756860.0,
  "summary_bg_p05": 2.545055365562439,
  "summary_bg_p95": 17.024313545227052,
  "summary_bg_stdv": 4.922632694244385,
  "summary_csf_k": 27.963053571186933,
  "summary_csf_mad": 126.49850522654442,
  "summary_csf_mean": 407.8017578125,
  "summary_csf_median": 368.30023193359375,
  "summary_csf_n": 33504.0,
  "summary_csf_p05": 233.66877059936522,
  "summary_csf_p95": 637.3340026855468,
  "summary_csf_stdv": 187.40065002441406,
  "summary_gm_k": 0.5457638537672747,
  "summary_gm_mad": 56.8125586997441,
  "summary_gm_mean": 772.9354248046875,
  "summary_gm_median": 770.738037109375,
  "summary_gm_n": 75736.0,
  "summary_gm_p05": 677.6998291015625,
  "summary_gm_p95": 878.2406311035156,
  "summary_gm_stdv": 60.70154571533203,
  "summary_wm_k": 0.9542196448042461,
  "summary_wm_mad": 44.627195489256025,
  "summary_wm_mean": 999.85302734375,
  "summary_wm_median": 1000.02294921875,
  "summary_wm_n": 425338.0,
  "summary_wm_p05": 917.7694610595703,
  "summary_wm_p95": 1079.2216735839843,
  "summary_wm_stdv": 49.47470474243164,
  "tpm_overlap_csf": 0.1583682894706726,
  "tpm_overlap_gm": 0.4440830647945404,
  "tpm_overlap_wm": 0.5015894174575806,
  "wm2max": 0.5054550718351051
}