{
  "bids_meta": {
    "AcquisitionMatrixPE": 256,
    "AcquisitionNumber": 1,
    "AcquisitionTime": "10:52:10.157500",
    "BaseResolution": 256,
    "BodyPartExamined": "HEAD",
    "ConsistencyInfo": "N4_VE11C_LATEST_20160120",
    "ConversionSoftware": "dcm2niix",
    "ConversionSoftwareVersion": "v1.0.20200427",
    "DeviceSerialNumber": "45250",
    "DwellTime": 9.2e-06,
    "EchoTime": 0.00218,
    "FlipAngle": 8,
    "ImageOrientationPatientDICOM": [
      0.0481873,
      0.996485,
      -0.0685195,
      0.019721,
      -0.069535,
      -0.997385
    ],
    "ImageType": [
      "ORIGINAL",
      "PRIMARY",
      "M",
      "NORM",
      "DIS3D",
      "DIS2D"
    ],
    "ImagingFrequency": 123.239,
    "InPlanePhaseEncodingDirectionDICOM": "ROW",
    "InstitutionAddress": "Kopernikusstr._26_Graz_Graz_AT_8010",
    "InstitutionName": "KFU",
    "InstitutionalDepartmentName": "Department",
    "InversionTime": 1,
    "MRAcquisitionType": "3D",
    "MagneticFieldStrength": 3,
    "Manufacturer": "Siemens",
    "ManufacturersModelName": "Skyra",
    "Modality": "MR",
    "ParallelReductionFactorInPlane": 2,
    "PartialFourier": 1,
    "PatientPosition": "HFS",
    "PercentPhaseFOV": 100,
    "PercentSampling": 100,
    "PhaseEncodingSteps": 294,
    "PhaseOversampling": 0.15,
    "PhaseResolution": 1,
    "PixelBandwidth": 210,
    "ProcedureStepDescription": "BioPsy_2018",
    "ProtocolName": "anat-T1w",
    "PulseSequenceDetails": "%SiemensSeq%_tfl",
    "ReceiveCoilActiveElements": "HEA;HEP",
    "ReceiveCoilName": "Head_32",
    "ReconMatrixPE": 256,
    "RefLinesPE": 24,
    "RepetitionTime": 2.2,
    "SAR": 0.0546021,
    "ScanOptions": "IR_WE",
    "ScanningSequence": "GR_IR",
    "SequenceName": "_tfl3d1_16ns",
    "SequenceVariant": "SK_SP_MP_OSP",
    "SeriesDescription": "anat-T1w",
    "SeriesNumber": 9,
    "ShimSetting": [
      -1106,
      -3118,
      -4330,
      310,
      874,
      262,
      94,
      -840
    ],
    "SliceThickness": 0.88,
    "SoftwareVersions": "syngo_MR_E11",
    "StationName": "FBMTMR1",
    "TxRefAmp": 348.447,
    "acq_id": "MPrageHiRes",
    "dataset": "<unset>",
    "modality": "T1w",
    "session_id": "3",
    "subject_id": "season202"
  },
  "cjv": 0.5020188494467152,
  "cnr": 2.4831079847247217,
  "efc": 0.6281899855264386,
  "fber": 4957.73193359375,
  "fwhm_avg": 4.2095099425702145,
  "fwhm_x": 4.15528411342493,
  "fwhm_y": 4.202342857142857,
  "fwhm_z": 4.270902857142857,
  "icvs_csf": 0.1875975933765431,
  "icvs_gm": 0.4404203286799576,
  "icvs_wm": 0.3719820779434993,
  "inu_med": 1.3780676126480103,
  "inu_range": 0.5801501035690309,
  "provenance": {
    "md5sum": "2af8e0de446b17bc1eb299c5bbe0fa2d",
    "settings": {
      "testing": false
    },
    "software": "mriqc",
    "version": "0.15.2",
    "warnings": {
      "large_rot_frame": true,
      "small_air_mask": false
    },
    "webapi_port": null,
    "webapi_url": "https://mriqc.nimh.nih.gov/api/v1"
  },
  "qi_1": 0.0,
  "qi_2": 0.0015510811227804852,
  "rpve_csf": 19.79038462847844,
  "rpve_gm": 9.402965271093896,
  "rpve_wm": 12.920004618773538,
  "size_x": 224,
  "size_y": 256,
  "size_z": 256,
  "snr_csf": 2.418036375944871,
  "snr_gm": 10.238652151414305,
  "snr_total": 10.737724038580879,
  "snr_wm": 19.556483588383458,
  "snrd_csf": 64.99961399487991,
  "snrd_gm": 133.48917565650672,
  "snrd_total": 123.71892476212922,
  "snrd_wm": 172.66798463500103,
  "spacing_x": 0.8799999952316284,
  "spacing_y": 0.875,
  "spacing_z": 0.875,
  "summary_bg_k": 13.222203592433388,
  "summary_bg_mad": 3.794268953308283,
  "summary_bg_mean": 8.244647979736328,
  "summary_bg_median": 6.7677321434021,
  "summary_bg_n": 3101881.0,
  "summary_bg_p05": 1.6972784996032715,
  "summary_bg_p95": 18.877046585083008,
  "summary_bg_stdv": 5.833812713623047,
  "summary_csf_k": 30.85385460418516,
  "summary_csf_mad": 103.83595211051065,
  "summary_csf_mean": 408.749755859375,
  "summary_csf_median": 376.44989013671875,
  "summary_csf_n": 33092.0,
  "summary_csf_p05": 250.83163681030274,
  "summary_csf_p95": 642.6707122802734,
  "summary_csf_stdv": 155.68177795410156,
  "summary_gm_k": 0.828078768270156,
  "summary_gm_mad": 66.49946931911037,
  "summary_gm_mean": 780.3201293945312,
  "summary_gm_median": 773.112060546875,
  "summary_gm_n": 56174.0,
  "summary_gm_p05": 670.9626525878906,
  "summary_gm_p95": 923.1742645263671,
  "summary_gm_stdv": 75.50849151611328,
  "summary_wm_k": 1.0760053316093332,
  "summary_wm_mad": 47.4120516461475,
  "summary_wm_mean": 1000.9137573242188,
  "summary_wm_median": 1000.0189208984375,
  "summary_wm_n": 408466.0,
  "summary_wm_p05": 918.9952392578125,
  "summary_wm_p95": 1083.2169189453125,
  "summary_wm_stdv": 51.13484191894531,
  "tpm_overlap_csf": 0.1627236008644104,
  "tpm_overlap_gm": 0.45497140288352966,
  "tpm_overlap_wm": 0.5060771703720093,
  "wm2max": 0.43938290113540496
}