{
  "bids_meta": {
    "AcquisitionMatrixPE": 256,
    "AcquisitionNumber": 1,
    "AcquisitionTime": "14:21:54.135000",
    "BaseResolution": 256,
    "BodyPartExamined": "HEAD",
    "ConsistencyInfo": "N4_VE11C_LATEST_20160120",
    "ConversionSoftware": "dcm2niix",
    "ConversionSoftwareVersion": "v1.0.20200427",
    "DeviceSerialNumber": "45250",
    "DwellTime": 9.2e-06,
    "EchoTime": 0.00218,
    "FlipAngle": 8,
    "ImageOrientationPatientDICOM": [
      -0.0523459,
      0.998505,
      0.0157071,
      0.00457174,
      0.0159681,
      -0.999862
    ],
    "ImageType": [
      "ORIGINAL",
      "PRIMARY",
      "M",
      "NORM",
      "DIS3D",
      "DIS2D"
    ],
    "ImagingFrequency": 123.24,
    "InPlanePhaseEncodingDirectionDICOM": "ROW",
    "InstitutionAddress": "Kopernikusstr._26_Graz_Graz_AT_8010",
    "InstitutionName": "KFU",
    "InstitutionalDepartmentName": "Department",
    "InversionTime": 1,
    "MRAcquisitionType": "3D",
    "MagneticFieldStrength": 3,
    "Manufacturer": "Siemens",
    "ManufacturersModelName": "Skyra",
    "Modality": "MR",
    "ParallelReductionFactorInPlane": 2,
    "PartialFourier": 1,
    "PatientPosition": "HFS",
    "PercentPhaseFOV": 100,
    "PercentSampling": 100,
    "PhaseEncodingSteps": 294,
    "PhaseOversampling": 0.15,
    "PhaseResolution": 1,
    "PixelBandwidth": 210,
    "ProcedureStepDescription": "KFU_BioPsy",
    "ProtocolName": "T1_Pat4_088mm_Pat2_224Sl",
    "PulseSequenceDetails": "%SiemensSeq%_tfl",
    "ReceiveCoilActiveElements": "HEA;HEP",
    "ReceiveCoilName": "Head_32",
    "ReconMatrixPE": 256,
    "RefLinesPE": 24,
    "RepetitionTime": 2.2,
    "SAR": 0.0615426,
    "ScanOptions": "IR_WE",
    "ScanningSequence": "GR_IR",
    "SequenceName": "_tfl3d1_16ns",
    "SequenceVariant": "SK_SP_MP_OSP",
    "SeriesDescription": "T1_Pat4_088mm_Pat2_224Sl",
    "SeriesNumber": 9,
    "ShimSetting": [
      -1114,
      -3150,
      -4398,
      312,
      989,
      -71,
      150,
      -925
    ],
    "SliceThickness": 0.88,
    "SoftwareVersions": "syngo_MR_E11",
    "StationName": "FBMTMR1",
    "TxRefAmp": 323.819,
    "acq_id": "MPrageHiRes",
    "dataset": "<unset>",
    "modality": "T1w",
    "session_id": "2",
    "subject_id": "season137"
  },
  "cjv": 0.44513762399526813,
  "cnr": 2.871001475303396,
  "efc": 0.5739456029104849,
  "fber": 2499.140625,
  "fwhm_avg": 4.264649314972652,
  "fwhm_x": 4.215113659203668,
  "fwhm_y": 4.282217142857143,
  "fwhm_z": 4.2966171428571425,
  "icvs_csf": 0.18923624415581672,
  "icvs_gm": 0.4277051549751109,
  "icvs_wm": 0.3830586008690724,
  "inu_med": 1.3394949436187744,
  "inu_range": 0.4561450481414795,
  "provenance": {
    "md5sum": "dd3bf2d8bea87e13c72305be2ee2f428",
    "settings": {
      "testing": false
    },
    "software": "mriqc",
    "version": "0.15.2",
    "warnings": {
      "large_rot_frame": true,
      "small_air_mask": false
    },
    "webapi_port": null,
    "webapi_url": "https://mriqc.nimh.nih.gov/api/v1"
  },
  "qi_1": 0.0,
  "qi_2": 0.002485597053076678,
  "rpve_csf": 25.158893208276414,
  "rpve_gm": 12.27029060304606,
  "rpve_wm": 16.11685510519723,
  "size_x": 224,
  "size_y": 256,
  "size_z": 256,
  "snr_csf": 3.055998882027309,
  "snr_gm": 11.441960971028848,
  "snr_total": 13.038145631767009,
  "snr_wm": 24.61647704224487,
  "snrd_csf": 55.10562847623331,
  "snrd_gm": 112.3406413725132,
  "snrd_total": 104.25795128235389,
  "snrd_wm": 145.32758399831516,
  "spacing_x": 0.8799999952316284,
  "spacing_y": 0.875,
  "spacing_z": 0.875,
  "summary_bg_k": 4.633196937793694,
  "summary_bg_mad": 4.508102552339794,
  "summary_bg_mean": 10.268438339233398,
  "summary_bg_median": 9.067344665527344,
  "summary_bg_n": 2856584.0,
  "summary_bg_p05": 3.026218724250793,
  "summary_bg_p95": 21.669153594970705,
  "summary_bg_stdv": 6.010995388031006,
  "summary_csf_k": -0.051203460889286845,
  "summary_csf_mad": 126.0767499598269,
  "summary_csf_mean": 410.3098449707031,
  "summary_csf_median": 379.1910095214844,
  "summary_csf_n": 35479.0,
  "summary_csf_p05": 249.1090042114258,
  "summary_csf_p95": 622.5921142578123,
  "summary_csf_stdv": 124.0791244506836,
  "summary_gm_k": 0.31647737701395107,
  "summary_gm_mad": 65.02600667726914,
  "summary_gm_mean": 776.3946533203125,
  "summary_gm_median": 773.03466796875,
  "summary_gm_n": 43778.0,
  "summary_gm_p05": 672.788687133789,
  "summary_gm_p95": 895.9587707519531,
  "summary_gm_stdv": 67.56060791015625,
  "summary_wm_k": 0.934571513467295,
  "summary_wm_mad": 36.015180527392125,
  "summary_wm_mean": 999.4136352539062,
  "summary_wm_median": 1000.0233154296875,
  "summary_wm_n": 339533.0,
  "summary_wm_p05": 930.4562744140625,
  "summary_wm_p95": 1064.4928955078126,
  "summary_wm_stdv": 40.62408447265625,
  "tpm_overlap_csf": 0.16817285120487213,
  "tpm_overlap_gm": 0.4483623802661896,
  "tpm_overlap_wm": 0.5050801038742065,
  "wm2max": 0.6022861024776879
}