{
  "bids_meta": {
    "AcquisitionMatrixPE": 256,
    "AcquisitionNumber": 1,
    "AcquisitionTime": "12:12:43.225000",
    "BaseResolution": 256,
    "BodyPartExamined": "HEAD",
    "ConsistencyInfo": "N4_VE11C_LATEST_20160120",
    "ConversionSoftware": "dcm2niix",
    "ConversionSoftwareVersion": "v1.0.20200427",
    "DeviceSerialNumber": "45250",
    "DwellTime": 9.2e-06,
    "EchoTime": 0.00218,
    "FlipAngle": 8,
    "ImageOrientationPatientDICOM": [
      0.0424965,
      0.998425,
      0.0366397,
      -0.0131816,
      0.03723,
      -0.99922
    ],
    "ImageType": [
      "ORIGINAL",
      "PRIMARY",
      "M",
      "NORM",
      "DIS3D",
      "DIS2D"
    ],
    "ImagingFrequency": 123.24,
    "InPlanePhaseEncodingDirectionDICOM": "ROW",
    "InstitutionAddress": "Kopernikusstr._26_Graz_Graz_AT_8010",
    "InstitutionName": "KFU",
    "InstitutionalDepartmentName": "Department",
    "InversionTime": 1,
    "MRAcquisitionType": "3D",
    "MagneticFieldStrength": 3,
    "Manufacturer": "Siemens",
    "ManufacturersModelName": "Skyra",
    "Modality": "MR",
    "ParallelReductionFactorInPlane": 2,
    "PartialFourier": 1,
    "PatientPosition": "HFS",
    "PercentPhaseFOV": 100,
    "PercentSampling": 100,
    "PhaseEncodingSteps": 294,
    "PhaseOversampling": 0.15,
    "PhaseResolution": 1,
    "PixelBandwidth": 210,
    "ProcedureStepDescription": "KFU_BioPsy",
    "ProtocolName": "T1_Pat4_088mm_Pat2_224Sl",
    "PulseSequenceDetails": "%SiemensSeq%_tfl",
    "ReceiveCoilActiveElements": "HEA;HEP",
    "ReceiveCoilName": "Head_32",
    "ReconMatrixPE": 256,
    "RefLinesPE": 24,
    "RepetitionTime": 2.2,
    "SAR": 0.0514471,
    "ScanOptions": "IR_WE",
    "ScanningSequence": "GR_IR",
    "SequenceName": "_tfl3d1_16ns",
    "SequenceVariant": "SK_SP_MP_OSP",
    "SeriesDescription": "T1_Pat4_088mm_Pat2_224Sl",
    "SeriesNumber": 9,
    "ShimSetting": [
      -1132,
      -3221,
      -4309,
      248,
      943,
      14,
      521,
      -897
    ],
    "SliceThickness": 0.88,
    "SoftwareVersions": "syngo_MR_E11",
    "StationName": "FBMTMR1",
    "TxRefAmp": 330.911,
    "acq_id": "MPrageHiRes",
    "dataset": "<unset>",
    "modality": "T1w",
    "session_id": "1",
    "subject_id": "season106"
  },
  "cjv": 0.48020072691845606,
  "cnr": 2.6697813693987262,
  "efc": 0.6484356197432396,
  "fber": 3406.00439453125,
  "fwhm_avg": 4.127679444501737,
  "fwhm_x": 4.026295476362356,
  "fwhm_y": 4.210948571428571,
  "fwhm_z": 4.1457942857142855,
  "icvs_csf": 0.1895019445512758,
  "icvs_gm": 0.43876307297826744,
  "icvs_wm": 0.3717349824704568,
  "inu_med": 1.3500922918319702,
  "inu_range": 0.519407081604004,
  "provenance": {
    "md5sum": "df2214359e78857cd52dc7ee44155ac8",
    "settings": {
      "testing": false
    },
    "software": "mriqc",
    "version": "0.15.2",
    "warnings": {
      "large_rot_frame": true,
      "small_air_mask": false
    },
    "webapi_port": null,
    "webapi_url": "https://mriqc.nimh.nih.gov/api/v1"
  },
  "qi_1": 0.0,
  "qi_2": 0.001512934738946587,
  "rpve_csf": 25.858171626159997,
  "rpve_gm": 12.37051961134761,
  "rpve_wm": 17.01387045758271,
  "size_x": 224,
  "size_y": 256,
  "size_z": 256,
  "snr_csf": 2.786570618470776,
  "snr_gm": 10.310645501962702,
  "snr_total": 11.49197508634723,
  "snr_wm": 21.37870913860821,
  "snrd_csf": 50.25218807378464,
  "snrd_gm": 101.51178404033074,
  "snrd_total": 94.81520442218994,
  "snrd_wm": 132.68164115245443,
  "spacing_x": 0.8799999952316284,
  "spacing_y": 0.875,
  "spacing_z": 0.875,
  "summary_bg_k": 6.853275176721031,
  "summary_bg_mad": 4.9378033405711586,
  "summary_bg_mean": 11.369125366210938,
  "summary_bg_median": 9.821100234985352,
  "summary_bg_n": 2874069.0,
  "summary_bg_p05": 3.30525426864624,
  "summary_bg_p95": 24.409655380249028,
  "summary_bg_stdv": 6.996050834655762,
  "summary_csf_k": 7.814852907637269,
  "summary_csf_mad": 134.13052681829961,
  "summary_csf_mean": 409.75921630859375,
  "summary_csf_median": 378.75384521484375,
  "summary_csf_n": 26896.0,
  "summary_csf_p05": 238.40372467041016,
  "summary_csf_p95": 630.745849609375,
  "summary_csf_stdv": 135.91860961914062,
  "summary_gm_k": 0.19120487234211492,
  "summary_gm_mad": 72.27387195383201,
  "summary_gm_mean": 769.210693359375,
  "summary_gm_median": 765.1005859375,
  "summary_gm_n": 36351.0,
  "summary_gm_p05": 656.1089477539062,
  "summary_gm_p95": 901.2575988769531,
  "summary_gm_stdv": 74.20389556884766,
  "summary_wm_k": 1.2050441041573094,
  "summary_wm_mad": 40.53927097625611,
  "summary_wm_mean": 998.4994506835938,
  "summary_wm_median": 1000.0297241210938,
  "summary_wm_n": 299300.0,
  "summary_wm_p05": 918.0912170410156,
  "summary_wm_p95": 1071.3723510742188,
  "summary_wm_stdv": 46.77682113647461,
  "tpm_overlap_csf": 0.16571199893951416,
  "tpm_overlap_gm": 0.45724794268608093,
  "tpm_overlap_wm": 0.511029839515686,
  "wm2max": 0.6225093534217578
}