{
  "bids_meta": {
    "AcquisitionMatrixPE": 256,
    "AcquisitionNumber": 1,
    "AcquisitionTime": "09:13:46.832500",
    "BaseResolution": 256,
    "BodyPartExamined": "HEAD",
    "ConsistencyInfo": "N4_VE11C_LATEST_20160120",
    "ConversionSoftware": "dcm2niix",
    "ConversionSoftwareVersion": "v1.0.20200427",
    "DeviceSerialNumber": "45250",
    "DwellTime": 9.2e-06,
    "EchoTime": 0.00218,
    "FlipAngle": 8,
    "ImageOrientationPatientDICOM": [
      0.0994089,
      0.991922,
      0.0787978,
      0.0231965,
      0.0768584,
      -0.996772
    ],
    "ImageType": [
      "ORIGINAL",
      "PRIMARY",
      "M",
      "NORM",
      "DIS3D",
      "DIS2D"
    ],
    "ImagingFrequency": 123.24,
    "InPlanePhaseEncodingDirectionDICOM": "ROW",
    "InstitutionAddress": "Kopernikusstr._26_Graz_Graz_AT_8010",
    "InstitutionName": "KFU",
    "InstitutionalDepartmentName": "Department",
    "InversionTime": 1,
    "MRAcquisitionType": "3D",
    "MagneticFieldStrength": 3,
    "Manufacturer": "Siemens",
    "ManufacturersModelName": "Skyra",
    "Modality": "MR",
    "ParallelReductionFactorInPlane": 2,
    "PartialFourier": 1,
    "PatientPosition": "HFS",
    "PercentPhaseFOV": 100,
    "PercentSampling": 100,
    "PhaseEncodingSteps": 294,
    "PhaseOversampling": 0.15,
    "PhaseResolution": 1,
    "PixelBandwidth": 210,
    "ProcedureStepDescription": "KFU_BioPsy",
    "ProtocolName": "T1_Pat4_088mm_Pat2_224Sl",
    "PulseSequenceDetails": "%SiemensSeq%_tfl",
    "ReceiveCoilActiveElements": "HEA;HEP",
    "ReceiveCoilName": "Head_32",
    "ReconMatrixPE": 256,
    "RefLinesPE": 24,
    "RepetitionTime": 2.2,
    "SAR": 0.0708636,
    "ScanOptions": "IR_WE",
    "ScanningSequence": "GR_IR",
    "SequenceName": "_tfl3d1_16ns",
    "SequenceVariant": "SK_SP_MP_OSP",
    "SeriesDescription": "T1_Pat4_088mm_Pat2_224Sl",
    "SeriesNumber": 9,
    "ShimSetting": [
      -1100,
      -3218,
      -4303,
      113,
      903,
      97,
      707,
      -772
    ],
    "SliceThickness": 0.88,
    "SoftwareVersions": "syngo_MR_E11",
    "StationName": "FBMTMR1",
    "TxRefAmp": 326.511,
    "acq_id": "MPrageHiRes",
    "dataset": "<unset>",
    "modality": "T1w",
    "session_id": "3",
    "subject_id": "season114"
  },
  "cjv": 0.7100602792484588,
  "cnr": 1.9017255235518873,
  "efc": 0.5830537491469491,
  "fber": 3585.5751953125,
  "fwhm_avg": 4.132909964086975,
  "fwhm_x": 4.084272749403784,
  "fwhm_y": 4.207565714285715,
  "fwhm_z": 4.106891428571428,
  "icvs_csf": 0.1878889638165872,
  "icvs_gm": 0.45008360850414597,
  "icvs_wm": 0.36202742767926677,
  "inu_med": 1.4679250717163086,
  "inu_range": 0.65549059510231,
  "provenance": {
    "md5sum": "0ab0e59c36e6d02cdb89ad93545100f8",
    "settings": {
      "testing": false
    },
    "software": "mriqc",
    "version": "0.15.2",
    "warnings": {
      "large_rot_frame": true,
      "small_air_mask": false
    },
    "webapi_port": null,
    "webapi_url": "https://mriqc.nimh.nih.gov/api/v1"
  },
  "qi_1": 0.0,
  "qi_2": 0.0015034016415913767,
  "rpve_csf": 26.062547388449378,
  "rpve_gm": 12.20768685496325,
  "rpve_wm": 17.011740309719997,
  "size_x": 224,
  "size_y": 256,
  "size_z": 256,
  "snr_csf": 1.8163409245826405,
  "snr_gm": 11.222424914737852,
  "snr_total": 9.42877231587338,
  "snr_wm": 15.247551108299643,
  "snrd_csf": 54.235138306225984,
  "snrd_gm": 121.76057967406616,
  "snrd_total": 108.54538427782192,
  "snrd_wm": 149.6404348531736,
  "spacing_x": 0.8799999952316284,
  "spacing_y": 0.875,
  "spacing_z": 0.875,
  "summary_bg_k": 14.72893612123903,
  "summary_bg_mad": 4.378173940237261,
  "summary_bg_mean": 9.344779014587402,
  "summary_bg_median": 7.844681262969971,
  "summary_bg_n": 2973646.0,
  "summary_bg_p05": 2.9250593781471252,
  "summary_bg_p95": 20.740501880645752,
  "summary_bg_stdv": 6.317923545837402,
  "summary_csf_k": 46.07918596712709,
  "summary_csf_mad": 113.35898378592466,
  "summary_csf_mean": 403.32293701171875,
  "summary_csf_median": 362.4449462890625,
  "summary_csf_n": 21909.0,
  "summary_csf_p05": 232.67159423828127,
  "summary_csf_p95": 642.7006469726562,
  "summary_csf_stdv": 199.54220581054688,
  "summary_gm_k": 0.20761929628893983,
  "summary_gm_mad": 68.34548282359732,
  "summary_gm_mean": 816.1253051757812,
  "summary_gm_median": 813.7069091796875,
  "summary_gm_n": 51517.0,
  "summary_gm_p05": 701.2585693359374,
  "summary_gm_p95": 942.3131347656249,
  "summary_gm_stdv": 72.50652313232422,
  "summary_wm_k": 0.22157542903475314,
  "summary_wm_mad": 63.950613320047424,
  "summary_wm_mean": 1002.0061645507812,
  "summary_wm_median": 1000.0236206054688,
  "summary_wm_n": 292207.0,
  "summary_wm_p05": 897.3766052246093,
  "summary_wm_p95": 1112.96904296875,
  "summary_wm_stdv": 65.58573913574219,
  "tpm_overlap_csf": 0.16551604866981506,
  "tpm_overlap_gm": 0.4527050256729126,
  "tpm_overlap_wm": 0.5025944709777832,
  "wm2max": 0.5403796764319339
}