{
  "bids_meta": {
    "AcquisitionMatrixPE": 256,
    "AcquisitionNumber": 1,
    "AcquisitionTime": "13:31:0.190000",
    "BaseResolution": 256,
    "BodyPartExamined": "HEAD",
    "ConsistencyInfo": "N4_VE11C_LATEST_20160120",
    "ConversionSoftware": "dcm2niix",
    "ConversionSoftwareVersion": "v1.0.20200427",
    "DeviceSerialNumber": "45250",
    "DwellTime": 9.2e-06,
    "EchoTime": 0.00218,
    "FlipAngle": 8,
    "ImageOrientationPatientDICOM": [
      0.125168,
      0.990147,
      0.0627866,
      -0.00320535,
      0.0636876,
      -0.997965
    ],
    "ImageType": [
      "ORIGINAL",
      "PRIMARY",
      "M",
      "NORM",
      "DIS3D",
      "DIS2D"
    ],
    "ImagingFrequency": 123.239,
    "InPlanePhaseEncodingDirectionDICOM": "ROW",
    "InstitutionAddress": "Kopernikusstr._26_Graz_Graz_AT_8010",
    "InstitutionName": "KFU",
    "InstitutionalDepartmentName": "Department",
    "InversionTime": 1,
    "MRAcquisitionType": "3D",
    "MagneticFieldStrength": 3,
    "Manufacturer": "Siemens",
    "ManufacturersModelName": "Skyra",
    "Modality": "MR",
    "ParallelReductionFactorInPlane": 2,
    "PartialFourier": 1,
    "PatientPosition": "HFS",
    "PercentPhaseFOV": 100,
    "PercentSampling": 100,
    "PhaseEncodingSteps": 294,
    "PhaseOversampling": 0.15,
    "PhaseResolution": 1,
    "PixelBandwidth": 210,
    "ProcedureStepDescription": "BioPsy_2018",
    "ProtocolName": "anat-T1w",
    "PulseSequenceDetails": "%SiemensSeq%_tfl",
    "ReceiveCoilActiveElements": "HEA;HEP",
    "ReceiveCoilName": "Head_32",
    "ReconMatrixPE": 256,
    "RefLinesPE": 24,
    "RepetitionTime": 2.2,
    "SAR": 0.0530588,
    "ScanOptions": "IR_WE",
    "ScanningSequence": "GR_IR",
    "SequenceName": "_tfl3d1_16ns",
    "SequenceVariant": "SK_SP_MP_OSP",
    "SeriesDescription": "anat-T1w",
    "SeriesNumber": 9,
    "ShimSetting": [
      -1091,
      -3259,
      -4339,
      630,
      960,
      64,
      416,
      -828
    ],
    "SliceThickness": 0.88,
    "SoftwareVersions": "syngo_MR_E11",
    "StationName": "FBMTMR1",
    "TxRefAmp": 318.564,
    "acq_id": "MPrageHiRes",
    "dataset": "<unset>",
    "modality": "T1w",
    "session_id": "3",
    "subject_id": "season217"
  },
  "cjv": 0.3923577533344242,
  "cnr": 3.257331423433893,
  "efc": 0.5483980160967954,
  "fber": 4207.189453125,
  "fwhm_avg": 4.136362431665419,
  "fwhm_x": 4.109727294996258,
  "fwhm_y": 4.136022857142857,
  "fwhm_z": 4.163337142857143,
  "icvs_csf": 0.19413807445760098,
  "icvs_gm": 0.4254226720650882,
  "icvs_wm": 0.38043925347731083,
  "inu_med": 1.3633416891098022,
  "inu_range": 0.4113968670368193,
  "provenance": {
    "md5sum": "ab09015cdcbbffa9b6018942efa7b21d",
    "settings": {
      "testing": false
    },
    "software": "mriqc",
    "version": "0.15.2",
    "warnings": {
      "large_rot_frame": true,
      "small_air_mask": false
    },
    "webapi_port": null,
    "webapi_url": "https://mriqc.nimh.nih.gov/api/v1"
  },
  "qi_1": 3.323770108116702e-06,
  "qi_2": 0.0022844241395895957,
  "rpve_csf": 26.176460233263697,
  "rpve_gm": 13.121915304475635,
  "rpve_wm": 17.414763868361298,
  "size_x": 224,
  "size_y": 256,
  "size_z": 256,
  "snr_csf": 2.6079948408663154,
  "snr_gm": 12.056354035670823,
  "snr_total": 13.701640489285765,
  "snr_wm": 26.44057259132016,
  "snrd_csf": 61.19933038948538,
  "snrd_gm": 128.96643340474657,
  "snrd_total": 119.95144347022658,
  "snrd_wm": 169.6885666164478,
  "spacing_x": 0.8799999952316284,
  "spacing_y": 0.875,
  "spacing_z": 0.875,
  "summary_bg_k": 8.081495889572016,
  "summary_bg_mad": 3.860886484918773,
  "summary_bg_mean": 8.17611312866211,
  "summary_bg_median": 6.937852382659912,
  "summary_bg_n": 3350341.0,
  "summary_bg_p05": 2.5908193588256836,
  "summary_bg_p95": 17.105464935302734,
  "summary_bg_stdv": 4.868082046508789,
  "summary_csf_k": 23.49908343656042,
  "summary_csf_mad": 125.32044999085014,
  "summary_csf_mean": 391.1458740234375,
  "summary_csf_median": 360.663330078125,
  "summary_csf_n": 28862.0,
  "summary_csf_p05": 235.35773391723632,
  "summary_csf_p95": 589.6594757080078,
  "summary_csf_stdv": 138.28903198242188,
  "summary_gm_k": 0.19085407118703346,
  "summary_gm_mad": 60.85740956430598,
  "summary_gm_mean": 763.3919067382812,
  "summary_gm_median": 760.0322265625,
  "summary_gm_n": 45514.0,
  "summary_gm_p05": 665.9318603515625,
  "summary_gm_p95": 874.1282348632812,
  "summary_gm_stdv": 63.03927993774414,
  "summary_wm_k": 1.1994149784683383,
  "summary_wm_mad": 33.30294328409627,
  "summary_wm_mean": 997.984619140625,
  "summary_wm_median": 1000.0181884765625,
  "summary_wm_n": 322866.0,
  "summary_wm_p05": 931.7537231445312,
  "summary_wm_p95": 1055.094970703125,
  "summary_wm_stdv": 37.821292877197266,
  "tpm_overlap_csf": 0.16765423119068146,
  "tpm_overlap_gm": 0.44082486629486084,
  "tpm_overlap_wm": 0.5081585645675659,
  "wm2max": 0.6122864114698937
}