{
  "bids_meta": {
    "AcquisitionMatrixPE": 256,
    "AcquisitionNumber": 1,
    "AcquisitionTime": "13:30:15.202500",
    "BaseResolution": 256,
    "BodyPartExamined": "HEAD",
    "ConsistencyInfo": "N4_VE11C_LATEST_20160120",
    "ConversionSoftware": "dcm2niix",
    "ConversionSoftwareVersion": "v1.0.20200427",
    "DeviceSerialNumber": "45250",
    "DwellTime": 9.2e-06,
    "EchoTime": 0.00218,
    "FlipAngle": 8,
    "ImageOrientationPatientDICOM": [
      0.0351956,
      0.993126,
      0.111629,
      0.0194164,
      0.110998,
      -0.993631
    ],
    "ImageType": [
      "ORIGINAL",
      "PRIMARY",
      "M",
      "NORM",
      "DIS3D",
      "DIS2D"
    ],
    "ImagingFrequency": 123.24,
    "InPlanePhaseEncodingDirectionDICOM": "ROW",
    "InstitutionAddress": "Kopernikusstr._26_Graz_Graz_AT_8010",
    "InstitutionName": "KFU",
    "InstitutionalDepartmentName": "Department",
    "InversionTime": 1,
    "MRAcquisitionType": "3D",
    "MagneticFieldStrength": 3,
    "Manufacturer": "Siemens",
    "ManufacturersModelName": "Skyra",
    "Modality": "MR",
    "ParallelReductionFactorInPlane": 2,
    "PartialFourier": 1,
    "PatientPosition": "HFS",
    "PercentPhaseFOV": 100,
    "PercentSampling": 100,
    "PhaseEncodingSteps": 294,
    "PhaseOversampling": 0.15,
    "PhaseResolution": 1,
    "PixelBandwidth": 210,
    "ProcedureStepDescription": "KFU_BioPsy",
    "ProtocolName": "T1_Pat4_088mm_Pat2_224Sl",
    "PulseSequenceDetails": "%SiemensSeq%_tfl",
    "ReceiveCoilActiveElements": "HEA;HEP",
    "ReceiveCoilName": "Head_32",
    "ReconMatrixPE": 256,
    "RefLinesPE": 24,
    "RepetitionTime": 2.2,
    "SAR": 0.0650039,
    "ScanOptions": "IR_WE",
    "ScanningSequence": "GR_IR",
    "SequenceName": "_tfl3d1_16ns",
    "SequenceVariant": "SK_SP_MP_OSP",
    "SeriesDescription": "T1_Pat4_088mm_Pat2_224Sl",
    "SeriesNumber": 9,
    "ShimSetting": [
      -1095,
      -3193,
      -4284,
      353,
      906,
      141,
      423,
      -752
    ],
    "SliceThickness": 0.88,
    "SoftwareVersions": "syngo_MR_E11",
    "StationName": "FBMTMR1",
    "TxRefAmp": 334.747,
    "acq_id": "MPrageHiRes",
    "dataset": "<unset>",
    "modality": "T1w",
    "session_id": "2",
    "subject_id": "season112"
  },
  "cjv": 0.5806692717239524,
  "cnr": 2.2106308207253456,
  "efc": 0.6157657758156705,
  "fber": 4504.8623046875,
  "fwhm_avg": 4.345480050968164,
  "fwhm_x": 4.250977295761635,
  "fwhm_y": 4.448971428571428,
  "fwhm_z": 4.336491428571429,
  "icvs_csf": 0.20754983864404028,
  "icvs_gm": 0.40368077701418564,
  "icvs_wm": 0.38876938434177405,
  "inu_med": 1.3605886697769165,
  "inu_range": 0.5822767615318298,
  "provenance": {
    "md5sum": "9edf619069dfdbbb5b45a9020536c7ed",
    "settings": {
      "testing": false
    },
    "software": "mriqc",
    "version": "0.15.2",
    "warnings": {
      "large_rot_frame": true,
      "small_air_mask": false
    },
    "webapi_port": null,
    "webapi_url": "https://mriqc.nimh.nih.gov/api/v1"
  },
  "qi_1": 0.0,
  "qi_2": 0.0017260109514349532,
  "rpve_csf": 19.521249254765472,
  "rpve_gm": 10.401260596683393,
  "rpve_wm": 13.066154790934197,
  "size_x": 224,
  "size_y": 256,
  "size_z": 256,
  "snr_csf": 3.0049529545124143,
  "snr_gm": 9.69639301272132,
  "snr_total": 11.473901536341629,
  "snr_wm": 21.72035864179115,
  "snrd_csf": 68.98833190440921,
  "snrd_gm": 145.19193877731755,
  "snrd_total": 132.47956843574977,
  "snrd_wm": 183.2584346255225,
  "spacing_x": 0.8799999952316284,
  "spacing_y": 0.875,
  "spacing_z": 0.875,
  "summary_bg_k": 11.488392533346447,
  "summary_bg_mad": 3.575064747088058,
  "summary_bg_mean": 8.055814743041992,
  "summary_bg_median": 6.384023189544678,
  "summary_bg_n": 3025352.0,
  "summary_bg_p05": 2.3803582191467285,
  "summary_bg_p95": 18.96158790588378,
  "summary_bg_stdv": 5.787027835845947,
  "summary_csf_k": 11.586476150455656,
  "summary_csf_mad": 115.10781010885185,
  "summary_csf_mean": 396.7371520996094,
  "summary_csf_median": 376.4678039550781,
  "summary_csf_n": 45242.0,
  "summary_csf_p05": 237.26056594848635,
  "summary_csf_p95": 615.8865295410156,
  "summary_csf_stdv": 125.28104400634766,
  "summary_gm_k": 0.3033989554325518,
  "summary_gm_mad": 78.51484545272693,
  "summary_gm_mean": 798.11572265625,
  "summary_gm_median": 792.3092041015625,
  "summary_gm_n": 39092.0,
  "summary_gm_p05": 674.8077178955078,
  "summary_gm_p95": 945.777783203125,
  "summary_gm_stdv": 81.71070098876953,
  "summary_wm_k": 1.1870687019569175,
  "summary_wm_mad": 42.10643690162166,
  "summary_wm_mean": 1001.9093627929688,
  "summary_wm_median": 1000.0372314453125,
  "summary_wm_n": 402348.0,
  "summary_wm_p05": 930.8165893554688,
  "summary_wm_p95": 1078.7660034179687,
  "summary_wm_stdv": 46.041412353515625,
  "tpm_overlap_csf": 0.17191213369369507,
  "tpm_overlap_gm": 0.43554434180259705,
  "tpm_overlap_wm": 0.5045246481895447,
  "wm2max": 0.41733919224363375
}